{
  "aor": 0.0019567788461538464,
  "aqi": 0.011040370384615382,
  "bids_meta": {
    "AcquisitionMatrixPE": 64,
    "AcquisitionNumber": 1,
    "BandwidthPerPixelPhaseEncode": 30.637,
    "BaseResolution": 64,
    "ConversionSoftware": "dcm2niix",
    "ConversionSoftwareVersion": "v1.0.20171215 GCC4.4.7",
    "DerivedVendorReportedEchoSpacing": 0.000510004,
    "DeviceSerialNumber": "35119",
    "DwellTime": 3.5e-06,
    "EchoTime": 0.03,
    "EffectiveEchoSpacing": 0.000510004,
    "FlipAngle": 78,
    "ImageComments": "V",
    "ImageOrientationPatientDICOM": [
      0.999864,
      0.005398,
      0.015583,
      0,
      0.94491,
      -0.32733
    ],
    "ImageType": [
      "ORIGINAL",
      "PRIMARY",
      "M",
      "ND",
      "MOSAIC"
    ],
    "InPlanePhaseEncodingDirectionDICOM": "COL",
    "InstitutionAddress": "15 Chaucer Road, Cambridge CB2 7EF, UK",
    "InstitutionName": "MRC Cognition and Brain Sciences Unit",
    "MRAcquisitionType": "2D",
    "MagneticFieldStrength": 3,
    "Manufacturer": "Siemens",
    "ManufacturersModelName": "TrioTim",
    "Modality": "MR",
    "NumberOfVolumesDiscardedByScanner": 3,
    "NumberOfVolumesDiscardedByuser": 2,
    "PartialFourier": 1,
    "PatientPosition": "HFS",
    "PercentPhaseFOV": 100,
    "PhaseEncodingDirection": "j-",
    "PhaseEncodingSteps": 64,
    "PhaseResolution": 1,
    "PixelBandwidth": 2230,
    "ProcedureStepDescription": "CBU_Neuroimaging",
    "ProtocolName": "CBU_DWEPI_BOLD210",
    "PulseSequenceDetails": "%SiemensSeq%_ep2d_bold",
    "PulseSequenceType": "EPI",
    "ReceiveCoilName": "HeadMatrix",
    "ReconMatrixPE": 64,
    "RepetitionTime": 2,
    "SAR": 0.114176,
    "ScanOptions": "FS",
    "ScanningSequence": "EP",
    "SequenceName": "_epfid2d1_64",
    "SequenceVariant": "SK",
    "SeriesDescription": "CBU_DWEPI_BOLD210",
    "SliceThickness": 3,
    "SliceTiming": [
      0,
      1.0325,
      0.06,
      1.095,
      0.12,
      1.155,
      0.1825,
      1.215,
      0.2425,
      1.2775,
      0.3025,
      1.3375,
      0.365,
      1.3975,
      0.425,
      1.46,
      0.485,
      1.52,
      0.5475,
      1.58,
      0.6075,
      1.6425,
      0.6675,
      1.7025,
      0.73,
      1.7625,
      0.79,
      1.825,
      0.85,
      1.885,
      0.9125,
      1.945,
      0.9725
    ],
    "SoftwareVersions": "syngo_MR_B15",
    "SpacingBetweenSlices": 3.75,
    "StationName": "MRC35119",
    "TaskName": "facerecognition",
    "TotalReadoutTime": 0.0321303,
    "TxRefAmp": 295.172,
    "dataset": "ds000117",
    "modality": "bold",
    "run_id": 5,
    "session_id": "mri",
    "subject_id": "10",
    "task_id": "facerecognition"
  },
  "dummy_trs": 0,
  "dvars_nstd": 26.671295073574864,
  "dvars_std": 1.0494780708695652,
  "dvars_vstd": 0.9457683824154586,
  "efc": 0.5875666507559432,
  "fber": 677.2012329101562,
  "fd_mean": 0.124673970302373,
  "fd_num": 25,
  "fd_perc": 12.01923076923077,
  "fwhm_avg": 1.9933119443126748,
  "fwhm_x": 1.935583025680697,
  "fwhm_y": 2.215516842740126,
  "fwhm_z": 1.8288359645172008,
  "gcor": 0.0205957,
  "gsr_x": -0.007256579119712114,
  "gsr_y": 0.04849487170577049,
  "provenance": {
    "md5sum": "fa1c2c566b7fd5d462f08976756330d9",
    "settings": {
      "fd_thres": 0.2,
      "testing": false
    },
    "software": "mriqc",
    "version": "0.16.1",
    "webapi_port": null,
    "webapi_url": "https://mriqc.nimh.nih.gov/api/v1"
  },
  "size_t": 208,
  "size_x": 64,
  "size_y": 64,
  "size_z": 33,
  "snr": 4.851758590729798,
  "spacing_tr": 2.0,
  "spacing_x": 3.000000476837158,
  "spacing_y": 2.999999761581421,
  "spacing_z": 3.8999998569488525,
  "summary_bg_k": 51.45629582398871,
  "summary_bg_mad": 13.015540481555398,
  "summary_bg_mean": 62.636966705322266,
  "summary_bg_median": 32.00481033325195,
  "summary_bg_n": 71240.0,
  "summary_bg_p05": 21.89423179626465,
  "summary_bg_p95": 210.87814025878924,
  "summary_bg_stdv": 88.5460205078125,
  "summary_fg_k": 1.4838525077151985,
  "summary_fg_mad": 154.3617489371799,
  "summary_fg_mean": 870.0802612304688,
  "summary_fg_median": 851.0000610351562,
  "summary_fg_n": 31225.0,
  "summary_fg_p05": 619.590380859375,
  "summary_fg_p95": 1181.51259765625,
  "summary_fg_stdv": 175.39752197265625,
  "tsnr": 46.996313225477934
}