{
  "aor": 0.0028171980676328498,
  "aqi": 0.012213701884057971,
  "bids_meta": {
    "AcquisitionMatrixPE": 64,
    "AcquisitionNumber": 1,
    "BandwidthPerPixelPhaseEncode": 30.637,
    "BaseResolution": 64,
    "ConversionSoftware": "dcm2niix",
    "ConversionSoftwareVersion": "v1.0.20171215 GCC4.4.7",
    "DerivedVendorReportedEchoSpacing": 0.000510004,
    "DeviceSerialNumber": "35119",
    "DwellTime": 3.5e-06,
    "EchoTime": 0.03,
    "EffectiveEchoSpacing": 0.000510004,
    "FlipAngle": 78,
    "ImageComments": "V",
    "ImageOrientationPatientDICOM": [
      0.999864,
      0.005398,
      0.015583,
      0,
      0.94491,
      -0.32733
    ],
    "ImageType": [
      "ORIGINAL",
      "PRIMARY",
      "M",
      "ND",
      "MOSAIC"
    ],
    "InPlanePhaseEncodingDirectionDICOM": "COL",
    "InstitutionAddress": "15 Chaucer Road, Cambridge CB2 7EF, UK",
    "InstitutionName": "MRC Cognition and Brain Sciences Unit",
    "MRAcquisitionType": "2D",
    "MagneticFieldStrength": 3,
    "Manufacturer": "Siemens",
    "ManufacturersModelName": "TrioTim",
    "Modality": "MR",
    "NumberOfVolumesDiscardedByScanner": 3,
    "NumberOfVolumesDiscardedByuser": 2,
    "PartialFourier": 1,
    "PatientPosition": "HFS",
    "PercentPhaseFOV": 100,
    "PhaseEncodingDirection": "j-",
    "PhaseEncodingSteps": 64,
    "PhaseResolution": 1,
    "PixelBandwidth": 2230,
    "ProcedureStepDescription": "CBU_Neuroimaging",
    "ProtocolName": "CBU_DWEPI_BOLD210",
    "PulseSequenceDetails": "%SiemensSeq%_ep2d_bold",
    "PulseSequenceType": "EPI",
    "ReceiveCoilName": "HeadMatrix",
    "ReconMatrixPE": 64,
    "RepetitionTime": 2,
    "SAR": 0.114176,
    "ScanOptions": "FS",
    "ScanningSequence": "EP",
    "SequenceName": "_epfid2d1_64",
    "SequenceVariant": "SK",
    "SeriesDescription": "CBU_DWEPI_BOLD210",
    "SliceThickness": 3,
    "SliceTiming": [
      0,
      1.0325,
      0.06,
      1.095,
      0.12,
      1.155,
      0.1825,
      1.215,
      0.2425,
      1.2775,
      0.3025,
      1.3375,
      0.365,
      1.3975,
      0.425,
      1.46,
      0.485,
      1.52,
      0.5475,
      1.58,
      0.6075,
      1.6425,
      0.6675,
      1.7025,
      0.73,
      1.7625,
      0.79,
      1.825,
      0.85,
      1.885,
      0.9125,
      1.945,
      0.9725
    ],
    "SoftwareVersions": "syngo_MR_B15",
    "SpacingBetweenSlices": 3.75,
    "StationName": "MRC35119",
    "TaskName": "facerecognition",
    "TotalReadoutTime": 0.0321303,
    "TxRefAmp": 295.172,
    "dataset": "ds000117",
    "modality": "bold",
    "run_id": 7,
    "session_id": "mri",
    "subject_id": "10",
    "task_id": "facerecognition"
  },
  "dummy_trs": 1,
  "dvars_nstd": 26.51761932723302,
  "dvars_std": 1.0778011456310674,
  "dvars_vstd": 0.9605073231553399,
  "efc": 0.5873725092418115,
  "fber": 662.4580688476562,
  "fd_mean": 0.14734966682040654,
  "fd_num": 35,
  "fd_perc": 16.908212560386474,
  "fwhm_avg": 1.9982559539245879,
  "fwhm_x": 1.9489731784428612,
  "fwhm_y": 2.1933766666666665,
  "fwhm_z": 1.8524180166642366,
  "gcor": 0.0170783,
  "gsr_x": -0.005969161167740822,
  "gsr_y": 0.04848098009824753,
  "provenance": {
    "md5sum": "f4f7100dfbe5ea33cbdbee55401b52a2",
    "settings": {
      "fd_thres": 0.2,
      "testing": false
    },
    "software": "mriqc",
    "version": "0.16.1",
    "webapi_port": null,
    "webapi_url": "https://mriqc.nimh.nih.gov/api/v1"
  },
  "size_t": 207,
  "size_x": 64,
  "size_y": 64,
  "size_z": 33,
  "snr": 4.870849027779276,
  "spacing_tr": 2.0,
  "spacing_x": 3.000000238418579,
  "spacing_y": 3.0,
  "spacing_z": 3.8999998569488525,
  "summary_bg_k": 54.786299579862,
  "summary_bg_mad": 13.44369232080226,
  "summary_bg_mean": 62.272430419921875,
  "summary_bg_median": 32.38164138793945,
  "summary_bg_n": 71293.0,
  "summary_bg_p05": 21.864734649658203,
  "summary_bg_p95": 204.08115844726512,
  "summary_bg_stdv": 86.6193618774414,
  "summary_fg_k": 1.3479957637152449,
  "summary_fg_mad": 155.53713469256132,
  "summary_fg_mean": 875.4176025390625,
  "summary_fg_median": 856.3526611328125,
  "summary_fg_n": 31119.0,
  "summary_fg_p05": 624.539141845703,
  "summary_fg_p95": 1189.563293457031,
  "summary_fg_stdv": 175.8089599609375,
  "tsnr": 43.78756778337993
}