{
  "aor": 0.0012551923076923076,
  "aqi": 0.005297998173076924,
  "bids_meta": {
    "AcquisitionMatrixPE": 64,
    "AcquisitionNumber": 1,
    "BandwidthPerPixelPhaseEncode": 30.637,
    "BaseResolution": 64,
    "ConversionSoftware": "dcm2niix",
    "ConversionSoftwareVersion": "v1.0.20171215 GCC4.4.7",
    "DerivedVendorReportedEchoSpacing": 0.000510004,
    "DeviceSerialNumber": "35119",
    "DwellTime": 3.5e-06,
    "EchoTime": 0.03,
    "EffectiveEchoSpacing": 0.000510004,
    "FlipAngle": 78,
    "ImageComments": "V",
    "ImageOrientationPatientDICOM": [
      0.999864,
      0.005398,
      0.015583,
      0,
      0.94491,
      -0.32733
    ],
    "ImageType": [
      "ORIGINAL",
      "PRIMARY",
      "M",
      "ND",
      "MOSAIC"
    ],
    "InPlanePhaseEncodingDirectionDICOM": "COL",
    "InstitutionAddress": "15 Chaucer Road, Cambridge CB2 7EF, UK",
    "InstitutionName": "MRC Cognition and Brain Sciences Unit",
    "MRAcquisitionType": "2D",
    "MagneticFieldStrength": 3,
    "Manufacturer": "Siemens",
    "ManufacturersModelName": "TrioTim",
    "Modality": "MR",
    "NumberOfVolumesDiscardedByScanner": 3,
    "NumberOfVolumesDiscardedByuser": 2,
    "PartialFourier": 1,
    "PatientPosition": "HFS",
    "PercentPhaseFOV": 100,
    "PhaseEncodingDirection": "j-",
    "PhaseEncodingSteps": 64,
    "PhaseResolution": 1,
    "PixelBandwidth": 2230,
    "ProcedureStepDescription": "CBU_Neuroimaging",
    "ProtocolName": "CBU_DWEPI_BOLD210",
    "PulseSequenceDetails": "%SiemensSeq%_ep2d_bold",
    "PulseSequenceType": "EPI",
    "ReceiveCoilName": "HeadMatrix",
    "ReconMatrixPE": 64,
    "RepetitionTime": 2,
    "SAR": 0.114176,
    "ScanOptions": "FS",
    "ScanningSequence": "EP",
    "SequenceName": "_epfid2d1_64",
    "SequenceVariant": "SK",
    "SeriesDescription": "CBU_DWEPI_BOLD210",
    "SliceThickness": 3,
    "SliceTiming": [
      0,
      1.0325,
      0.06,
      1.095,
      0.12,
      1.155,
      0.1825,
      1.215,
      0.2425,
      1.2775,
      0.3025,
      1.3375,
      0.365,
      1.3975,
      0.425,
      1.46,
      0.485,
      1.52,
      0.5475,
      1.58,
      0.6075,
      1.6425,
      0.6675,
      1.7025,
      0.73,
      1.7625,
      0.79,
      1.825,
      0.85,
      1.885,
      0.9125,
      1.945,
      0.9725
    ],
    "SoftwareVersions": "syngo_MR_B15",
    "SpacingBetweenSlices": 3.75,
    "StationName": "MRC35119",
    "TaskName": "facerecognition",
    "TotalReadoutTime": 0.0321303,
    "TxRefAmp": 295.172,
    "dataset": "ds000117",
    "modality": "bold",
    "run_id": 2,
    "session_id": "mri",
    "subject_id": "10",
    "task_id": "facerecognition"
  },
  "dummy_trs": 0,
  "dvars_nstd": 25.572651075458932,
  "dvars_std": 1.1427840664251212,
  "dvars_vstd": 0.986126791884058,
  "efc": 0.5875056091565375,
  "fber": 681.6526489257812,
  "fd_mean": 0.07143694035459197,
  "fd_num": 7,
  "fd_perc": 3.3653846153846154,
  "fwhm_avg": 2.0211674026255007,
  "fwhm_x": 1.9526263563050656,
  "fwhm_y": 2.2352733333333332,
  "fwhm_z": 1.8756025182381038,
  "gcor": 0.0440455,
  "gsr_x": -0.007739684544503689,
  "gsr_y": 0.047046225517988205,
  "provenance": {
    "md5sum": "42223f6a8264cf22ed588a729cd7bd22",
    "settings": {
      "fd_thres": 0.2,
      "testing": false
    },
    "software": "mriqc",
    "version": "0.16.1",
    "webapi_port": null,
    "webapi_url": "https://mriqc.nimh.nih.gov/api/v1"
  },
  "size_t": 208,
  "size_x": 64,
  "size_y": 64,
  "size_z": 33,
  "snr": 4.823843483055056,
  "spacing_tr": 2.0,
  "spacing_x": 3.000000476837158,
  "spacing_y": 3.0,
  "spacing_z": 3.9000000953674316,
  "summary_bg_k": 50.68755938689218,
  "summary_bg_mad": 11.33335501991303,
  "summary_bg_mean": 61.05548858642578,
  "summary_bg_median": 31.14904022216797,
  "summary_bg_n": 70917.0,
  "summary_bg_p05": 22.70673179626465,
  "summary_bg_p95": 207.2942352294922,
  "summary_bg_stdv": 86.33224487304688,
  "summary_fg_k": 1.4733873031278977,
  "summary_fg_mad": 152.4194079142848,
  "summary_fg_mean": 854.5096435546875,
  "summary_fg_median": 836.9927978515625,
  "summary_fg_n": 31382.0,
  "summary_fg_p05": 603.6786376953125,
  "summary_fg_p95": 1159.6685302734372,
  "summary_fg_stdv": 173.5088348388672,
  "tsnr": 60.01093975268304
}