{
  "bids_meta": {
    "AcquisitionMatrixPE": 246,
    "AcquisitionNumber": 1,
    "AnatomicalLandmarkCoordinates": {
      "LPA": [
        144,
        92,
        23
      ],
      "Nasion": [
        53,
        100,
        88
      ],
      "RPA": [
        140,
        85,
        158
      ]
    },
    "BaseResolution": 256,
    "ConversionSoftware": "dcm2niix",
    "ConversionSoftwareVersion": "v1.0.20171215 GCC4.4.7",
    "DeviceSerialNumber": "35119",
    "DwellTime": 8.5e-06,
    "EchoTime": 0.00298,
    "FlipAngle": 9,
    "ImageComments": "V",
    "ImageType": [
      "ORIGINAL",
      "PRIMARY",
      "M",
      "ND",
      "NORM"
    ],
    "InPlanePhaseEncodingDirectionDICOM": "ROW",
    "InstitutionAddress": "15 Chaucer Road, Cambridge CB2 7EF, UK",
    "InstitutionName": "MRC Cognition and Brain Sciences Unit",
    "InversionTime": 0.9,
    "MRAcquisitionType": "3D",
    "MagneticFieldStrength": 3,
    "Manufacturer": "Siemens",
    "ManufacturersModelName": "TrioTim",
    "Modality": "MR",
    "ParallelReductionFactorInPlane": 2,
    "PartialFourier": 0.875,
    "PatientPosition": "HFS",
    "PercentPhaseFOV": 100,
    "PhaseEncodingSteps": 215,
    "PhaseResolution": 0.96,
    "PixelBandwidth": 230,
    "ProcedureStepDescription": "CBU_Neuroimaging",
    "ProtocolName": "CBU_MPRAGE",
    "PulseSequenceDetails": "%SiemensSeq%_tfl",
    "PulseSequenceType": "MPRAGE",
    "ReceiveCoilName": "HeadMatrix",
    "ReconMatrixPE": 256,
    "RepetitionTime": 2.25,
    "ScanOptions": "IR_PFP",
    "ScanningSequence": "GR_IR",
    "SequenceName": "_tfl3d1_ns",
    "SequenceVariant": "SP_MP_OSP",
    "SeriesDescription": "CBU_MPRAGE",
    "SliceThickness": 1,
    "SoftwareVersions": "syngo_MR_B15",
    "StationName": "MRC35119",
    "acq_id": "mprage",
    "dataset": "ds000117",
    "modality": "T1w",
    "session_id": "mri",
    "subject_id": "13"
  },
  "cjv": 0.3837053173911153,
  "cnr": 3.5148173268113707,
  "efc": 0.4694477115582932,
  "fber": 3182.810791015625,
  "fwhm_avg": 3.7519761733764185,
  "fwhm_x": 3.64985,
  "fwhm_y": 4.138018520129256,
  "fwhm_z": 3.46806,
  "icvs_csf": 0.19023934313532564,
  "icvs_gm": 0.4218104305773082,
  "icvs_wm": 0.38795022628736614,
  "inu_med": 1.6751642227172852,
  "inu_range": 0.5116503477096555,
  "provenance": {
    "md5sum": "78a420a0268b071895a2b84c4605727e",
    "settings": {
      "testing": false
    },
    "software": "mriqc",
    "version": "0.16.1",
    "warnings": {
      "large_rot_frame": true,
      "small_air_mask": false
    },
    "webapi_port": null,
    "webapi_url": "https://mriqc.nimh.nih.gov/api/v1"
  },
  "qi_1": 0.0003355587923860467,
  "qi_2": 0.01628561136578585,
  "rpve_csf": 29.83990132490185,
  "rpve_gm": 14.545544104451562,
  "rpve_wm": 19.003139913067265,
  "size_x": 192,
  "size_y": 256,
  "size_z": 256,
  "snr_csf": 3.404633345651583,
  "snr_gm": 11.697637071741868,
  "snr_total": 12.11164905257239,
  "snr_wm": 21.232676740323726,
  "snrd_csf": 35.69430409159386,
  "snrd_gm": 67.1532512937221,
  "snrd_total": 65.15922194754623,
  "snrd_wm": 92.63011045732273,
  "spacing_x": 1.0,
  "spacing_y": 1.0000003576278687,
  "spacing_z": 1.0,
  "summary_bg_k": 4.9128103931183285,
  "summary_bg_mad": 7.072607107209196,
  "summary_bg_mean": 10.331584930419922,
  "summary_bg_median": 9.596111297607422,
  "summary_bg_n": 4177514.0,
  "summary_bg_p05": 0.0,
  "summary_bg_p95": 25.177311706542966,
  "summary_bg_stdv": 8.025699615478516,
  "summary_csf_k": 0.9969070683470131,
  "summary_csf_mad": 124.46483630514915,
  "summary_csf_mean": 398.47967529296875,
  "summary_csf_median": 385.34234619140625,
  "summary_csf_n": 13922.0,
  "summary_csf_p05": 240.78889083862305,
  "summary_csf_p95": 585.4342254638672,
  "summary_csf_stdv": 113.17768096923828,
  "summary_gm_k": -0.009170396562705907,
  "summary_gm_mad": 61.06495034727367,
  "summary_gm_mean": 724.1923828125,
  "summary_gm_median": 724.9613647460938,
  "summary_gm_n": 18705.0,
  "summary_gm_p05": 617.9163330078125,
  "summary_gm_p95": 824.4658935546875,
  "summary_gm_stdv": 61.97336959838867,
  "summary_wm_k": 0.49843469697984855,
  "summary_wm_mad": 44.468836487645625,
  "summary_wm_mean": 998.2423706054688,
  "summary_wm_median": 1000.0,
  "summary_wm_n": 228198.0,
  "summary_wm_p05": 917.9003997802735,
  "summary_wm_p95": 1072.4548583984374,
  "summary_wm_stdv": 47.09711456298828,
  "tpm_overlap_csf": 0.15824685990810394,
  "tpm_overlap_gm": 0.4451013207435608,
  "tpm_overlap_wm": 0.5132756233215332,
  "wm2max": 0.5983182451119463
}