{
  "bids_meta": {
    "AcquisitionMatrixPE": 246,
    "AcquisitionNumber": 1,
    "AnatomicalLandmarkCoordinates": {
      "LPA": [
        139,
        76,
        22
      ],
      "Nasion": [
        46,
        119,
        91
      ],
      "RPA": [
        138,
        77,
        166
      ]
    },
    "BaseResolution": 256,
    "ConversionSoftware": "dcm2niix",
    "ConversionSoftwareVersion": "v1.0.20171215 GCC4.4.7",
    "DeviceSerialNumber": "35119",
    "DwellTime": 8.5e-06,
    "EchoTime": 0.00298,
    "FlipAngle": 9,
    "ImageComments": "V",
    "ImageType": [
      "ORIGINAL",
      "PRIMARY",
      "M",
      "ND",
      "NORM"
    ],
    "InPlanePhaseEncodingDirectionDICOM": "ROW",
    "InstitutionAddress": "15 Chaucer Road, Cambridge CB2 7EF, UK",
    "InstitutionName": "MRC Cognition and Brain Sciences Unit",
    "InversionTime": 0.9,
    "MRAcquisitionType": "3D",
    "MagneticFieldStrength": 3,
    "Manufacturer": "Siemens",
    "ManufacturersModelName": "TrioTim",
    "Modality": "MR",
    "ParallelReductionFactorInPlane": 2,
    "PartialFourier": 0.875,
    "PatientPosition": "HFS",
    "PercentPhaseFOV": 100,
    "PhaseEncodingSteps": 215,
    "PhaseResolution": 0.96,
    "PixelBandwidth": 230,
    "ProcedureStepDescription": "CBU_Neuroimaging",
    "ProtocolName": "CBU_MPRAGE",
    "PulseSequenceDetails": "%SiemensSeq%_tfl",
    "PulseSequenceType": "MPRAGE",
    "ReceiveCoilName": "HeadMatrix",
    "ReconMatrixPE": 256,
    "RepetitionTime": 2.25,
    "ScanOptions": "IR_PFP",
    "ScanningSequence": "GR_IR",
    "SequenceName": "_tfl3d1_ns",
    "SequenceVariant": "SP_MP_OSP",
    "SeriesDescription": "CBU_MPRAGE",
    "SliceThickness": 1,
    "SoftwareVersions": "syngo_MR_B15",
    "StationName": "MRC35119",
    "acq_id": "mprage",
    "dataset": "ds000117",
    "modality": "T1w",
    "session_id": "mri",
    "subject_id": "09"
  },
  "cjv": 0.3951417973285095,
  "cnr": 3.3905156231732065,
  "efc": 0.5001907396602285,
  "fber": 2864.033935546875,
  "fwhm_avg": 3.618786666666667,
  "fwhm_x": 3.59879,
  "fwhm_y": 3.97746,
  "fwhm_z": 3.28011,
  "icvs_csf": 0.1987619703827221,
  "icvs_gm": 0.4284206852828615,
  "icvs_wm": 0.37281734433441643,
  "inu_med": 1.6495201587677002,
  "inu_range": 0.5717517137527466,
  "provenance": {
    "md5sum": "86557cb9656a523473191f44b9b6282e",
    "settings": {
      "testing": false
    },
    "software": "mriqc",
    "version": "0.16.1",
    "warnings": {
      "large_rot_frame": true,
      "small_air_mask": false
    },
    "webapi_port": null,
    "webapi_url": "https://mriqc.nimh.nih.gov/api/v1"
  },
  "qi_1": 0.00029708984972574615,
  "qi_2": 0.006516662635813662,
  "rpve_csf": 27.623729832604262,
  "rpve_gm": 13.569208531463792,
  "rpve_wm": 18.093145304937917,
  "size_x": 192,
  "size_y": 256,
  "size_z": 256,
  "snr_csf": 3.005759050681436,
  "snr_gm": 12.28705868667995,
  "snr_total": 11.221959242203049,
  "snr_wm": 18.37305998924776,
  "snrd_csf": 24.451206167902154,
  "snrd_gm": 49.44381648394783,
  "snrd_total": 47.343977123337005,
  "snrd_wm": 68.13690871816104,
  "spacing_x": 1.0,
  "spacing_y": 1.0,
  "spacing_z": 1.0,
  "summary_bg_k": 4.873718915734436,
  "summary_bg_mad": 9.615041083188975,
  "summary_bg_mean": 12.546088218688965,
  "summary_bg_median": 9.831031799316406,
  "summary_bg_n": 4247527.0,
  "summary_bg_p05": 0.0,
  "summary_bg_p95": 30.67010040283194,
  "summary_bg_stdv": 9.865705490112305,
  "summary_csf_k": 88.90384860139395,
  "summary_csf_mad": 89.02714581120112,
  "summary_csf_mean": 370.60595703125,
  "summary_csf_median": 358.8555908203125,
  "summary_csf_n": 22188.0,
  "summary_csf_p05": 227.01281051635743,
  "summary_csf_p95": 551.6169738769529,
  "summary_csf_stdv": 119.38665008544922,
  "summary_gm_k": 0.21822008563509332,
  "summary_gm_mad": 56.50393962831994,
  "summary_gm_mean": 725.228759765625,
  "summary_gm_median": 725.6570434570312,
  "summary_gm_n": 16627.0,
  "summary_gm_p05": 626.55830078125,
  "summary_gm_p95": 821.4240722656248,
  "summary_gm_stdv": 59.05686950683594,
  "summary_wm_k": 0.31369454327056134,
  "summary_wm_mad": 51.90211753237976,
  "summary_wm_mean": 999.7774047851562,
  "summary_wm_median": 1000.0042724609375,
  "summary_wm_n": 213099.0,
  "summary_wm_p05": 909.2718627929687,
  "summary_wm_p95": 1089.1715942382812,
  "summary_wm_stdv": 54.42761993408203,
  "tpm_overlap_csf": 0.1683526635169983,
  "tpm_overlap_gm": 0.44686320424079895,
  "tpm_overlap_wm": 0.5124179720878601,
  "wm2max": 0.5364289432051912
}