{
  "aor": 0.002906057692307692,
  "aqi": 0.00693169673076923,
  "bids_meta": {
    "AcquisitionMatrixPE": 64,
    "AcquisitionNumber": 1,
    "BandwidthPerPixelPhaseEncode": 30.637,
    "BaseResolution": 64,
    "ConversionSoftware": "dcm2niix",
    "ConversionSoftwareVersion": "v1.0.20171215 GCC4.4.7",
    "DerivedVendorReportedEchoSpacing": 0.000510004,
    "DeviceSerialNumber": "35119",
    "DwellTime": 3.5e-06,
    "EchoTime": 0.03,
    "EffectiveEchoSpacing": 0.000510004,
    "FlipAngle": 78,
    "ImageComments": "V",
    "ImageOrientationPatientDICOM": [
      0.999864,
      0.005398,
      0.015583,
      0,
      0.94491,
      -0.32733
    ],
    "ImageType": [
      "ORIGINAL",
      "PRIMARY",
      "M",
      "ND",
      "MOSAIC"
    ],
    "InPlanePhaseEncodingDirectionDICOM": "COL",
    "InstitutionAddress": "15 Chaucer Road, Cambridge CB2 7EF, UK",
    "InstitutionName": "MRC Cognition and Brain Sciences Unit",
    "MRAcquisitionType": "2D",
    "MagneticFieldStrength": 3,
    "Manufacturer": "Siemens",
    "ManufacturersModelName": "TrioTim",
    "Modality": "MR",
    "NumberOfVolumesDiscardedByScanner": 3,
    "NumberOfVolumesDiscardedByuser": 2,
    "PartialFourier": 1,
    "PatientPosition": "HFS",
    "PercentPhaseFOV": 100,
    "PhaseEncodingDirection": "j-",
    "PhaseEncodingSteps": 64,
    "PhaseResolution": 1,
    "PixelBandwidth": 2230,
    "ProcedureStepDescription": "CBU_Neuroimaging",
    "ProtocolName": "CBU_DWEPI_BOLD210",
    "PulseSequenceDetails": "%SiemensSeq%_ep2d_bold",
    "PulseSequenceType": "EPI",
    "ReceiveCoilName": "HeadMatrix",
    "ReconMatrixPE": 64,
    "RepetitionTime": 2,
    "SAR": 0.114176,
    "ScanOptions": "FS",
    "ScanningSequence": "EP",
    "SequenceName": "_epfid2d1_64",
    "SequenceVariant": "SK",
    "SeriesDescription": "CBU_DWEPI_BOLD210",
    "SliceThickness": 3,
    "SliceTiming": [
      0,
      1.0325,
      0.06,
      1.095,
      0.12,
      1.155,
      0.1825,
      1.215,
      0.2425,
      1.2775,
      0.3025,
      1.3375,
      0.365,
      1.3975,
      0.425,
      1.46,
      0.485,
      1.52,
      0.5475,
      1.58,
      0.6075,
      1.6425,
      0.6675,
      1.7025,
      0.73,
      1.7625,
      0.79,
      1.825,
      0.85,
      1.885,
      0.9125,
      1.945,
      0.9725
    ],
    "SoftwareVersions": "syngo_MR_B15",
    "SpacingBetweenSlices": 3.75,
    "StationName": "MRC35119",
    "TaskName": "facerecognition",
    "TotalReadoutTime": 0.0321303,
    "TxRefAmp": 295.172,
    "dataset": "ds000117",
    "modality": "bold",
    "run_id": 9,
    "session_id": "mri",
    "subject_id": "02",
    "task_id": "facerecognition"
  },
  "dummy_trs": 0,
  "dvars_nstd": 25.261494843526556,
  "dvars_std": 1.1166160089371984,
  "dvars_vstd": 1.0094669986956524,
  "efc": 0.6117889241731185,
  "fber": 642.4390869140625,
  "fd_mean": 0.11626648884824414,
  "fd_num": 31,
  "fd_perc": 14.903846153846153,
  "fwhm_avg": 1.9178988361034086,
  "fwhm_x": 1.8790337813298976,
  "fwhm_y": 2.1109293289536386,
  "fwhm_z": 1.763733398026689,
  "gcor": 0.026796,
  "gsr_x": -0.015475775115191936,
  "gsr_y": 0.06797836720943451,
  "provenance": {
    "md5sum": "5444c67a839c5d03f479bb5aee1243c3",
    "settings": {
      "fd_thres": 0.2,
      "testing": false
    },
    "software": "mriqc",
    "version": "0.16.1",
    "webapi_port": null,
    "webapi_url": "https://mriqc.nimh.nih.gov/api/v1"
  },
  "size_t": 208,
  "size_x": 64,
  "size_y": 64,
  "size_z": 33,
  "snr": 4.874266384469802,
  "spacing_tr": 2.0,
  "spacing_x": 2.9999992847442627,
  "spacing_y": 3.0000009536743164,
  "spacing_z": 3.8999998569488525,
  "summary_bg_k": 37.933361093491875,
  "summary_bg_mad": 11.033982983047197,
  "summary_bg_mean": 60.74947738647461,
  "summary_bg_median": 30.82211685180664,
  "summary_bg_n": 68086.0,
  "summary_bg_p05": 22.46154022216797,
  "summary_bg_p95": 202.6406364440918,
  "summary_bg_stdv": 76.70169067382812,
  "summary_fg_k": 1.3252825023292196,
  "summary_fg_mad": 141.9378065794085,
  "summary_fg_mean": 829.429931640625,
  "summary_fg_median": 808.4471435546875,
  "summary_fg_n": 34679.0,
  "summary_fg_p05": 600.7557983398438,
  "summary_fg_p95": 1137.7605957031246,
  "summary_fg_stdv": 165.85787963867188,
  "tsnr": 57.48649278888479
}