{
  "aor": 0.0022866504854368933,
  "aqi": 0.005835062087378641,
  "bids_meta": {
    "AcquisitionMatrixPE": 64,
    "AcquisitionNumber": 1,
    "BandwidthPerPixelPhaseEncode": 30.637,
    "BaseResolution": 64,
    "ConversionSoftware": "dcm2niix",
    "ConversionSoftwareVersion": "v1.0.20171215 GCC4.4.7",
    "DerivedVendorReportedEchoSpacing": 0.000510004,
    "DeviceSerialNumber": "35119",
    "DwellTime": 3.5e-06,
    "EchoTime": 0.03,
    "EffectiveEchoSpacing": 0.000510004,
    "FlipAngle": 78,
    "ImageComments": "V",
    "ImageOrientationPatientDICOM": [
      0.999864,
      0.005398,
      0.015583,
      0,
      0.94491,
      -0.32733
    ],
    "ImageType": [
      "ORIGINAL",
      "PRIMARY",
      "M",
      "ND",
      "MOSAIC"
    ],
    "InPlanePhaseEncodingDirectionDICOM": "COL",
    "InstitutionAddress": "15 Chaucer Road, Cambridge CB2 7EF, UK",
    "InstitutionName": "MRC Cognition and Brain Sciences Unit",
    "MRAcquisitionType": "2D",
    "MagneticFieldStrength": 3,
    "Manufacturer": "Siemens",
    "ManufacturersModelName": "TrioTim",
    "Modality": "MR",
    "NumberOfVolumesDiscardedByScanner": 3,
    "NumberOfVolumesDiscardedByuser": 2,
    "PartialFourier": 1,
    "PatientPosition": "HFS",
    "PercentPhaseFOV": 100,
    "PhaseEncodingDirection": "j-",
    "PhaseEncodingSteps": 64,
    "PhaseResolution": 1,
    "PixelBandwidth": 2230,
    "ProcedureStepDescription": "CBU_Neuroimaging",
    "ProtocolName": "CBU_DWEPI_BOLD210",
    "PulseSequenceDetails": "%SiemensSeq%_ep2d_bold",
    "PulseSequenceType": "EPI",
    "ReceiveCoilName": "HeadMatrix",
    "ReconMatrixPE": 64,
    "RepetitionTime": 2,
    "SAR": 0.114176,
    "ScanOptions": "FS",
    "ScanningSequence": "EP",
    "SequenceName": "_epfid2d1_64",
    "SequenceVariant": "SK",
    "SeriesDescription": "CBU_DWEPI_BOLD210",
    "SliceThickness": 3,
    "SliceTiming": [
      0,
      1.0325,
      0.06,
      1.095,
      0.12,
      1.155,
      0.1825,
      1.215,
      0.2425,
      1.2775,
      0.3025,
      1.3375,
      0.365,
      1.3975,
      0.425,
      1.46,
      0.485,
      1.52,
      0.5475,
      1.58,
      0.6075,
      1.6425,
      0.6675,
      1.7025,
      0.73,
      1.7625,
      0.79,
      1.825,
      0.85,
      1.885,
      0.9125,
      1.945,
      0.9725
    ],
    "SoftwareVersions": "syngo_MR_B15",
    "SpacingBetweenSlices": 3.75,
    "StationName": "MRC35119",
    "TaskName": "facerecognition",
    "TotalReadoutTime": 0.0321303,
    "TxRefAmp": 295.172,
    "dataset": "ds000117",
    "modality": "bold",
    "run_id": 8,
    "session_id": "mri",
    "subject_id": "02",
    "task_id": "facerecognition"
  },
  "dummy_trs": 2,
  "dvars_nstd": 24.66804749078049,
  "dvars_std": 1.1511347541463413,
  "dvars_vstd": 1.025696035560976,
  "efc": 0.611573367512234,
  "fber": 653.6435546875,
  "fd_mean": 0.08627282927242105,
  "fd_num": 12,
  "fd_perc": 5.825242718446602,
  "fwhm_avg": 1.9243917474363066,
  "fwhm_x": 1.8798069654539373,
  "fwhm_y": 2.122519493951918,
  "fwhm_z": 1.7708487829030644,
  "gcor": 0.0153443,
  "gsr_x": -0.015948494896292686,
  "gsr_y": 0.06671199947595596,
  "provenance": {
    "md5sum": "b202ad70ef1c0c086c52a8896da17783",
    "settings": {
      "fd_thres": 0.2,
      "testing": false
    },
    "software": "mriqc",
    "version": "0.16.1",
    "webapi_port": null,
    "webapi_url": "https://mriqc.nimh.nih.gov/api/v1"
  },
  "size_t": 206,
  "size_x": 64,
  "size_y": 64,
  "size_z": 33,
  "snr": 4.8689602067021465,
  "spacing_tr": 2.0,
  "spacing_x": 2.999999523162842,
  "spacing_y": 3.0000007152557373,
  "spacing_z": 3.8999998569488525,
  "summary_bg_k": 40.425157877510536,
  "summary_bg_mad": 10.702085138386312,
  "summary_bg_mean": 60.4273567199707,
  "summary_bg_median": 30.587379455566406,
  "summary_bg_n": 67970.0,
  "summary_bg_p05": 22.606796264648438,
  "summary_bg_p95": 201.74587554931634,
  "summary_bg_stdv": 76.92274475097656,
  "summary_fg_k": 1.3446120170659857,
  "summary_fg_mad": 141.3438245870824,
  "summary_fg_mean": 827.3883056640625,
  "summary_fg_median": 806.6747436523438,
  "summary_fg_n": 34759.0,
  "summary_fg_p05": 598.2606872558594,
  "summary_fg_p95": 1135.0869506835936,
  "summary_fg_stdv": 165.67462158203125,
  "tsnr": 61.54153164778836
}