{
  "aor": 0.0009099038461538461,
  "aqi": 0.005652896490384616,
  "bids_meta": {
    "AcquisitionMatrixPE": 64,
    "AcquisitionNumber": 1,
    "BandwidthPerPixelPhaseEncode": 30.637,
    "BaseResolution": 64,
    "ConversionSoftware": "dcm2niix",
    "ConversionSoftwareVersion": "v1.0.20171215 GCC4.4.7",
    "DerivedVendorReportedEchoSpacing": 0.000510004,
    "DeviceSerialNumber": "35119",
    "DwellTime": 3.5e-06,
    "EchoTime": 0.03,
    "EffectiveEchoSpacing": 0.000510004,
    "FlipAngle": 78,
    "ImageComments": "V",
    "ImageOrientationPatientDICOM": [
      0.999864,
      0.005398,
      0.015583,
      0,
      0.94491,
      -0.32733
    ],
    "ImageType": [
      "ORIGINAL",
      "PRIMARY",
      "M",
      "ND",
      "MOSAIC"
    ],
    "InPlanePhaseEncodingDirectionDICOM": "COL",
    "InstitutionAddress": "15 Chaucer Road, Cambridge CB2 7EF, UK",
    "InstitutionName": "MRC Cognition and Brain Sciences Unit",
    "MRAcquisitionType": "2D",
    "MagneticFieldStrength": 3,
    "Manufacturer": "Siemens",
    "ManufacturersModelName": "TrioTim",
    "Modality": "MR",
    "NumberOfVolumesDiscardedByScanner": 3,
    "NumberOfVolumesDiscardedByuser": 2,
    "PartialFourier": 1,
    "PatientPosition": "HFS",
    "PercentPhaseFOV": 100,
    "PhaseEncodingDirection": "j-",
    "PhaseEncodingSteps": 64,
    "PhaseResolution": 1,
    "PixelBandwidth": 2230,
    "ProcedureStepDescription": "CBU_Neuroimaging",
    "ProtocolName": "CBU_DWEPI_BOLD210",
    "PulseSequenceDetails": "%SiemensSeq%_ep2d_bold",
    "PulseSequenceType": "EPI",
    "ReceiveCoilName": "HeadMatrix",
    "ReconMatrixPE": 64,
    "RepetitionTime": 2,
    "SAR": 0.114176,
    "ScanOptions": "FS",
    "ScanningSequence": "EP",
    "SequenceName": "_epfid2d1_64",
    "SequenceVariant": "SK",
    "SeriesDescription": "CBU_DWEPI_BOLD210",
    "SliceThickness": 3,
    "SliceTiming": [
      0,
      1.0325,
      0.06,
      1.095,
      0.12,
      1.155,
      0.1825,
      1.215,
      0.2425,
      1.2775,
      0.3025,
      1.3375,
      0.365,
      1.3975,
      0.425,
      1.46,
      0.485,
      1.52,
      0.5475,
      1.58,
      0.6075,
      1.6425,
      0.6675,
      1.7025,
      0.73,
      1.7625,
      0.79,
      1.825,
      0.85,
      1.885,
      0.9125,
      1.945,
      0.9725
    ],
    "SoftwareVersions": "syngo_MR_B15",
    "SpacingBetweenSlices": 3.75,
    "StationName": "MRC35119",
    "TaskName": "facerecognition",
    "TotalReadoutTime": 0.0321303,
    "TxRefAmp": 295.172,
    "dataset": "ds000117",
    "modality": "bold",
    "run_id": 4,
    "session_id": "mri",
    "subject_id": "09",
    "task_id": "facerecognition"
  },
  "dummy_trs": 0,
  "dvars_nstd": 24.270410860338167,
  "dvars_std": 1.0865397295652182,
  "dvars_vstd": 1.0007575477294688,
  "efc": 0.6018413917793745,
  "fber": 670.0963745117188,
  "fd_mean": 0.1603573277839215,
  "fd_num": 54,
  "fd_perc": 25.96153846153846,
  "fwhm_avg": 1.9747156245341542,
  "fwhm_x": 1.8920599999999999,
  "fwhm_y": 2.132569661037181,
  "fwhm_z": 1.8995172125652815,
  "gcor": 0.0337962,
  "gsr_x": -0.01688286103308201,
  "gsr_y": 0.04394648224115372,
  "provenance": {
    "md5sum": "f59da1833a41dd823ffc696e9fbbfdf5",
    "settings": {
      "fd_thres": 0.2,
      "testing": false
    },
    "software": "mriqc",
    "version": "0.16.1",
    "webapi_port": null,
    "webapi_url": "https://mriqc.nimh.nih.gov/api/v1"
  },
  "size_t": 208,
  "size_x": 64,
  "size_y": 64,
  "size_z": 33,
  "snr": 5.028162046223742,
  "spacing_tr": 2.0,
  "spacing_x": 3.0,
  "spacing_y": 3.000000476837158,
  "spacing_z": 3.750000238418579,
  "summary_bg_k": 41.64857420815793,
  "summary_bg_mad": 9.415949884092928,
  "summary_bg_mean": 54.40760803222656,
  "summary_bg_median": 29.14904022216797,
  "summary_bg_n": 68288.0,
  "summary_bg_p05": 22.153846740722656,
  "summary_bg_p95": 173.5519302368155,
  "summary_bg_stdv": 68.84548950195312,
  "summary_fg_k": 1.3684117314202586,
  "summary_fg_mad": 136.5704318242546,
  "summary_fg_mean": 793.5650024414062,
  "summary_fg_median": 782.144287109375,
  "summary_fg_n": 33731.0,
  "summary_fg_p05": 561.2933044433594,
  "summary_fg_p95": 1064.7716674804688,
  "summary_fg_stdv": 155.5504150390625,
  "tsnr": 61.363752126693726
}