{
  "aor": 0.0013816826923076923,
  "aqi": 0.005493317211538461,
  "bids_meta": {
    "AcquisitionMatrixPE": 64,
    "AcquisitionNumber": 1,
    "BandwidthPerPixelPhaseEncode": 30.637,
    "BaseResolution": 64,
    "ConversionSoftware": "dcm2niix",
    "ConversionSoftwareVersion": "v1.0.20171215 GCC4.4.7",
    "DerivedVendorReportedEchoSpacing": 0.000510004,
    "DeviceSerialNumber": "35119",
    "DwellTime": 3.5e-06,
    "EchoTime": 0.03,
    "EffectiveEchoSpacing": 0.000510004,
    "FlipAngle": 78,
    "ImageComments": "V",
    "ImageOrientationPatientDICOM": [
      0.999864,
      0.005398,
      0.015583,
      0,
      0.94491,
      -0.32733
    ],
    "ImageType": [
      "ORIGINAL",
      "PRIMARY",
      "M",
      "ND",
      "MOSAIC"
    ],
    "InPlanePhaseEncodingDirectionDICOM": "COL",
    "InstitutionAddress": "15 Chaucer Road, Cambridge CB2 7EF, UK",
    "InstitutionName": "MRC Cognition and Brain Sciences Unit",
    "MRAcquisitionType": "2D",
    "MagneticFieldStrength": 3,
    "Manufacturer": "Siemens",
    "ManufacturersModelName": "TrioTim",
    "Modality": "MR",
    "NumberOfVolumesDiscardedByScanner": 3,
    "NumberOfVolumesDiscardedByuser": 2,
    "PartialFourier": 1,
    "PatientPosition": "HFS",
    "PercentPhaseFOV": 100,
    "PhaseEncodingDirection": "j-",
    "PhaseEncodingSteps": 64,
    "PhaseResolution": 1,
    "PixelBandwidth": 2230,
    "ProcedureStepDescription": "CBU_Neuroimaging",
    "ProtocolName": "CBU_DWEPI_BOLD210",
    "PulseSequenceDetails": "%SiemensSeq%_ep2d_bold",
    "PulseSequenceType": "EPI",
    "ReceiveCoilName": "HeadMatrix",
    "ReconMatrixPE": 64,
    "RepetitionTime": 2,
    "SAR": 0.114176,
    "ScanOptions": "FS",
    "ScanningSequence": "EP",
    "SequenceName": "_epfid2d1_64",
    "SequenceVariant": "SK",
    "SeriesDescription": "CBU_DWEPI_BOLD210",
    "SliceThickness": 3,
    "SliceTiming": [
      0,
      1.0325,
      0.06,
      1.095,
      0.12,
      1.155,
      0.1825,
      1.215,
      0.2425,
      1.2775,
      0.3025,
      1.3375,
      0.365,
      1.3975,
      0.425,
      1.46,
      0.485,
      1.52,
      0.5475,
      1.58,
      0.6075,
      1.6425,
      0.6675,
      1.7025,
      0.73,
      1.7625,
      0.79,
      1.825,
      0.85,
      1.885,
      0.9125,
      1.945,
      0.9725
    ],
    "SoftwareVersions": "syngo_MR_B15",
    "SpacingBetweenSlices": 3.75,
    "StationName": "MRC35119",
    "TaskName": "facerecognition",
    "TotalReadoutTime": 0.0321303,
    "TxRefAmp": 295.172,
    "dataset": "ds000117",
    "modality": "bold",
    "run_id": 1,
    "session_id": "mri",
    "subject_id": "09",
    "task_id": "facerecognition"
  },
  "dummy_trs": 0,
  "dvars_nstd": 26.4599112726087,
  "dvars_std": 1.1254572021256037,
  "dvars_vstd": 1.0083743208695646,
  "efc": 0.6008370157758948,
  "fber": 669.96630859375,
  "fd_mean": 0.15349690165310187,
  "fd_num": 48,
  "fd_perc": 23.076923076923077,
  "fwhm_avg": 1.9780861091876387,
  "fwhm_x": 1.8943033333333332,
  "fwhm_y": 2.1334563275629157,
  "fwhm_z": 1.9064986666666668,
  "gcor": 0.0237902,
  "gsr_x": -0.016304560005664825,
  "gsr_y": 0.042650140821933746,
  "provenance": {
    "md5sum": "2eec8642793ddd3cb03f5e0b134df4ab",
    "settings": {
      "fd_thres": 0.2,
      "testing": false
    },
    "software": "mriqc",
    "version": "0.16.1",
    "webapi_port": null,
    "webapi_url": "https://mriqc.nimh.nih.gov/api/v1"
  },
  "size_t": 208,
  "size_x": 64,
  "size_y": 64,
  "size_z": 33,
  "snr": 5.060163720052709,
  "spacing_tr": 2.0,
  "spacing_x": 3.0,
  "spacing_y": 3.000000476837158,
  "spacing_z": 3.75,
  "summary_bg_k": 47.438171862775,
  "summary_bg_mad": 9.045296501627213,
  "summary_bg_mean": 52.702884674072266,
  "summary_bg_median": 28.75961685180664,
  "summary_bg_n": 68257.0,
  "summary_bg_p05": 22.051923751831055,
  "summary_bg_p95": 165.70481872558588,
  "summary_bg_stdv": 67.31501007080078,
  "summary_fg_k": 1.3560973057306427,
  "summary_fg_mad": 133.55536692445065,
  "summary_fg_mean": 781.8301391601562,
  "summary_fg_median": 771.7932739257812,
  "summary_fg_n": 33717.0,
  "summary_fg_p05": 552.9269653320313,
  "summary_fg_p95": 1046.4201904296874,
  "summary_fg_stdv": 152.5211181640625,
  "tsnr": 60.653142711147666
}