{
  "aor": 0.001503028846153846,
  "aqi": 0.0069033749038461545,
  "bids_meta": {
    "AcquisitionMatrixPE": 64,
    "AcquisitionNumber": 1,
    "BandwidthPerPixelPhaseEncode": 30.637,
    "BaseResolution": 64,
    "ConversionSoftware": "dcm2niix",
    "ConversionSoftwareVersion": "v1.0.20171215 GCC4.4.7",
    "DerivedVendorReportedEchoSpacing": 0.000510004,
    "DeviceSerialNumber": "35119",
    "DwellTime": 3.5e-06,
    "EchoTime": 0.03,
    "EffectiveEchoSpacing": 0.000510004,
    "FlipAngle": 78,
    "ImageComments": "V",
    "ImageOrientationPatientDICOM": [
      0.999864,
      0.005398,
      0.015583,
      0,
      0.94491,
      -0.32733
    ],
    "ImageType": [
      "ORIGINAL",
      "PRIMARY",
      "M",
      "ND",
      "MOSAIC"
    ],
    "InPlanePhaseEncodingDirectionDICOM": "COL",
    "InstitutionAddress": "15 Chaucer Road, Cambridge CB2 7EF, UK",
    "InstitutionName": "MRC Cognition and Brain Sciences Unit",
    "MRAcquisitionType": "2D",
    "MagneticFieldStrength": 3,
    "Manufacturer": "Siemens",
    "ManufacturersModelName": "TrioTim",
    "Modality": "MR",
    "NumberOfVolumesDiscardedByScanner": 3,
    "NumberOfVolumesDiscardedByuser": 2,
    "PartialFourier": 1,
    "PatientPosition": "HFS",
    "PercentPhaseFOV": 100,
    "PhaseEncodingDirection": "j-",
    "PhaseEncodingSteps": 64,
    "PhaseResolution": 1,
    "PixelBandwidth": 2230,
    "ProcedureStepDescription": "CBU_Neuroimaging",
    "ProtocolName": "CBU_DWEPI_BOLD210",
    "PulseSequenceDetails": "%SiemensSeq%_ep2d_bold",
    "PulseSequenceType": "EPI",
    "ReceiveCoilName": "HeadMatrix",
    "ReconMatrixPE": 64,
    "RepetitionTime": 2,
    "SAR": 0.114176,
    "ScanOptions": "FS",
    "ScanningSequence": "EP",
    "SequenceName": "_epfid2d1_64",
    "SequenceVariant": "SK",
    "SeriesDescription": "CBU_DWEPI_BOLD210",
    "SliceThickness": 3,
    "SliceTiming": [
      0,
      1.0325,
      0.06,
      1.095,
      0.12,
      1.155,
      0.1825,
      1.215,
      0.2425,
      1.2775,
      0.3025,
      1.3375,
      0.365,
      1.3975,
      0.425,
      1.46,
      0.485,
      1.52,
      0.5475,
      1.58,
      0.6075,
      1.6425,
      0.6675,
      1.7025,
      0.73,
      1.7625,
      0.79,
      1.825,
      0.85,
      1.885,
      0.9125,
      1.945,
      0.9725
    ],
    "SoftwareVersions": "syngo_MR_B15",
    "SpacingBetweenSlices": 3.75,
    "StationName": "MRC35119",
    "TaskName": "facerecognition",
    "TotalReadoutTime": 0.0321303,
    "TxRefAmp": 295.172,
    "dataset": "ds000117",
    "modality": "bold",
    "run_id": 9,
    "session_id": "mri",
    "subject_id": "06",
    "task_id": "facerecognition"
  },
  "dummy_trs": 0,
  "dvars_nstd": 28.894303777874377,
  "dvars_std": 1.0460460879227054,
  "dvars_vstd": 1.0089131910628015,
  "efc": 0.6134795966119042,
  "fber": 371.4606018066406,
  "fd_mean": 0.0800985721423861,
  "fd_num": 8,
  "fd_perc": 3.8461538461538463,
  "fwhm_avg": 1.9888773519460567,
  "fwhm_x": 1.9502266666666666,
  "fwhm_y": 2.195432635424094,
  "fwhm_z": 1.82097275374741,
  "gcor": 0.00858079,
  "gsr_x": -0.009412689134478569,
  "gsr_y": 0.039819154888391495,
  "provenance": {
    "md5sum": "82563d9b6c44c87add86e535bb9a57e0",
    "settings": {
      "fd_thres": 0.2,
      "testing": false
    },
    "software": "mriqc",
    "version": "0.16.1",
    "webapi_port": null,
    "webapi_url": "https://mriqc.nimh.nih.gov/api/v1"
  },
  "size_t": 208,
  "size_x": 64,
  "size_y": 64,
  "size_z": 33,
  "snr": 5.250240901624535,
  "spacing_tr": 2.0,
  "spacing_x": 3.0,
  "spacing_y": 3.0000009536743164,
  "spacing_z": 4.050000190734863,
  "summary_bg_k": 48.879444544228896,
  "summary_bg_mad": 8.596241274167777,
  "summary_bg_mean": 71.23780059814453,
  "summary_bg_median": 42.39423370361328,
  "summary_bg_n": 69757.0,
  "summary_bg_p05": 35.855770111083984,
  "summary_bg_p95": 213.8105834960935,
  "summary_bg_stdv": 81.56918334960938,
  "summary_fg_k": 1.5178725537632092,
  "summary_fg_mad": 138.81578148537398,
  "summary_fg_mean": 847.5393676757812,
  "summary_fg_median": 839.1682739257812,
  "summary_fg_n": 32157.0,
  "summary_fg_p05": 606.4894653320313,
  "summary_fg_p95": 1122.0798828124996,
  "summary_fg_stdv": 159.83175659179688,
  "tsnr": 49.51855049119331
}