{
  "aor": 0.0007083653846153847,
  "aqi": 0.007496671105769231,
  "bids_meta": {
    "AcquisitionMatrixPE": 64,
    "AcquisitionNumber": 1,
    "BandwidthPerPixelPhaseEncode": 30.637,
    "BaseResolution": 64,
    "ConversionSoftware": "dcm2niix",
    "ConversionSoftwareVersion": "v1.0.20171215 GCC4.4.7",
    "DerivedVendorReportedEchoSpacing": 0.000510004,
    "DeviceSerialNumber": "35119",
    "DwellTime": 3.5e-06,
    "EchoTime": 0.03,
    "EffectiveEchoSpacing": 0.000510004,
    "FlipAngle": 78,
    "ImageComments": "V",
    "ImageOrientationPatientDICOM": [
      0.999864,
      0.005398,
      0.015583,
      0,
      0.94491,
      -0.32733
    ],
    "ImageType": [
      "ORIGINAL",
      "PRIMARY",
      "M",
      "ND",
      "MOSAIC"
    ],
    "InPlanePhaseEncodingDirectionDICOM": "COL",
    "InstitutionAddress": "15 Chaucer Road, Cambridge CB2 7EF, UK",
    "InstitutionName": "MRC Cognition and Brain Sciences Unit",
    "MRAcquisitionType": "2D",
    "MagneticFieldStrength": 3,
    "Manufacturer": "Siemens",
    "ManufacturersModelName": "TrioTim",
    "Modality": "MR",
    "NumberOfVolumesDiscardedByScanner": 3,
    "NumberOfVolumesDiscardedByuser": 2,
    "PartialFourier": 1,
    "PatientPosition": "HFS",
    "PercentPhaseFOV": 100,
    "PhaseEncodingDirection": "j-",
    "PhaseEncodingSteps": 64,
    "PhaseResolution": 1,
    "PixelBandwidth": 2230,
    "ProcedureStepDescription": "CBU_Neuroimaging",
    "ProtocolName": "CBU_DWEPI_BOLD210",
    "PulseSequenceDetails": "%SiemensSeq%_ep2d_bold",
    "PulseSequenceType": "EPI",
    "ReceiveCoilName": "HeadMatrix",
    "ReconMatrixPE": 64,
    "RepetitionTime": 2,
    "SAR": 0.114176,
    "ScanOptions": "FS",
    "ScanningSequence": "EP",
    "SequenceName": "_epfid2d1_64",
    "SequenceVariant": "SK",
    "SeriesDescription": "CBU_DWEPI_BOLD210",
    "SliceThickness": 3,
    "SliceTiming": [
      0,
      1.0325,
      0.06,
      1.095,
      0.12,
      1.155,
      0.1825,
      1.215,
      0.2425,
      1.2775,
      0.3025,
      1.3375,
      0.365,
      1.3975,
      0.425,
      1.46,
      0.485,
      1.52,
      0.5475,
      1.58,
      0.6075,
      1.6425,
      0.6675,
      1.7025,
      0.73,
      1.7625,
      0.79,
      1.825,
      0.85,
      1.885,
      0.9125,
      1.945,
      0.9725
    ],
    "SoftwareVersions": "syngo_MR_B15",
    "SpacingBetweenSlices": 3.75,
    "StationName": "MRC35119",
    "TaskName": "facerecognition",
    "TotalReadoutTime": 0.0321303,
    "TxRefAmp": 295.172,
    "dataset": "ds000117",
    "modality": "bold",
    "run_id": 5,
    "session_id": "mri",
    "subject_id": "06",
    "task_id": "facerecognition"
  },
  "dummy_trs": 0,
  "dvars_nstd": 28.996644338067643,
  "dvars_std": 1.0441861739130434,
  "dvars_vstd": 1.0028097621739134,
  "efc": 0.6126396282311332,
  "fber": 377.2389831542969,
  "fd_mean": 0.08338886895206425,
  "fd_num": 9,
  "fd_perc": 4.326923076923077,
  "fwhm_avg": 1.9872456066666786,
  "fwhm_x": 1.9493666666666665,
  "fwhm_y": 2.1949257944815184,
  "fwhm_z": 1.8174443588518514,
  "gcor": 0.0116298,
  "gsr_x": -0.008568946272134781,
  "gsr_y": 0.03944944217801094,
  "provenance": {
    "md5sum": "6187613a7042cafefbf82a449f47dd88",
    "settings": {
      "fd_thres": 0.2,
      "testing": false
    },
    "software": "mriqc",
    "version": "0.16.1",
    "webapi_port": null,
    "webapi_url": "https://mriqc.nimh.nih.gov/api/v1"
  },
  "size_t": 208,
  "size_x": 64,
  "size_y": 64,
  "size_z": 33,
  "snr": 5.276356416941781,
  "spacing_tr": 2.0,
  "spacing_x": 3.0,
  "spacing_y": 3.0000011920928955,
  "spacing_z": 4.050000190734863,
  "summary_bg_k": 48.1940233144171,
  "summary_bg_mad": 8.296869237301944,
  "summary_bg_mean": 70.12718963623047,
  "summary_bg_median": 41.82692337036133,
  "summary_bg_n": 69701.0,
  "summary_bg_p05": 35.44711685180664,
  "summary_bg_p95": 211.42788696289062,
  "summary_bg_stdv": 80.5101318359375,
  "summary_fg_k": 1.4126690770763242,
  "summary_fg_mad": 137.6289938818766,
  "summary_fg_mean": 841.71923828125,
  "summary_fg_median": 833.545654296875,
  "summary_fg_n": 32120.0,
  "summary_fg_p05": 601.6779174804688,
  "summary_fg_p95": 1114.3151489257812,
  "summary_fg_stdv": 157.9750518798828,
  "tsnr": 48.52942304033786
}