{
  "aor": 0.0007428365384615385,
  "aqi": 0.007768072451923077,
  "bids_meta": {
    "AcquisitionMatrixPE": 64,
    "AcquisitionNumber": 1,
    "BandwidthPerPixelPhaseEncode": 30.637,
    "BaseResolution": 64,
    "ConversionSoftware": "dcm2niix",
    "ConversionSoftwareVersion": "v1.0.20171215 GCC4.4.7",
    "DerivedVendorReportedEchoSpacing": 0.000510004,
    "DeviceSerialNumber": "35119",
    "DwellTime": 3.5e-06,
    "EchoTime": 0.03,
    "EffectiveEchoSpacing": 0.000510004,
    "FlipAngle": 78,
    "ImageComments": "V",
    "ImageOrientationPatientDICOM": [
      0.999864,
      0.005398,
      0.015583,
      0,
      0.94491,
      -0.32733
    ],
    "ImageType": [
      "ORIGINAL",
      "PRIMARY",
      "M",
      "ND",
      "MOSAIC"
    ],
    "InPlanePhaseEncodingDirectionDICOM": "COL",
    "InstitutionAddress": "15 Chaucer Road, Cambridge CB2 7EF, UK",
    "InstitutionName": "MRC Cognition and Brain Sciences Unit",
    "MRAcquisitionType": "2D",
    "MagneticFieldStrength": 3,
    "Manufacturer": "Siemens",
    "ManufacturersModelName": "TrioTim",
    "Modality": "MR",
    "NumberOfVolumesDiscardedByScanner": 3,
    "NumberOfVolumesDiscardedByuser": 2,
    "PartialFourier": 1,
    "PatientPosition": "HFS",
    "PercentPhaseFOV": 100,
    "PhaseEncodingDirection": "j-",
    "PhaseEncodingSteps": 64,
    "PhaseResolution": 1,
    "PixelBandwidth": 2230,
    "ProcedureStepDescription": "CBU_Neuroimaging",
    "ProtocolName": "CBU_DWEPI_BOLD210",
    "PulseSequenceDetails": "%SiemensSeq%_ep2d_bold",
    "PulseSequenceType": "EPI",
    "ReceiveCoilName": "HeadMatrix",
    "ReconMatrixPE": 64,
    "RepetitionTime": 2,
    "SAR": 0.114176,
    "ScanOptions": "FS",
    "ScanningSequence": "EP",
    "SequenceName": "_epfid2d1_64",
    "SequenceVariant": "SK",
    "SeriesDescription": "CBU_DWEPI_BOLD210",
    "SliceThickness": 3,
    "SliceTiming": [
      0,
      1.0325,
      0.06,
      1.095,
      0.12,
      1.155,
      0.1825,
      1.215,
      0.2425,
      1.2775,
      0.3025,
      1.3375,
      0.365,
      1.3975,
      0.425,
      1.46,
      0.485,
      1.52,
      0.5475,
      1.58,
      0.6075,
      1.6425,
      0.6675,
      1.7025,
      0.73,
      1.7625,
      0.79,
      1.825,
      0.85,
      1.885,
      0.9125,
      1.945,
      0.9725
    ],
    "SoftwareVersions": "syngo_MR_B15",
    "SpacingBetweenSlices": 3.75,
    "StationName": "MRC35119",
    "TaskName": "facerecognition",
    "TotalReadoutTime": 0.0321303,
    "TxRefAmp": 295.172,
    "dataset": "ds000117",
    "modality": "bold",
    "run_id": 4,
    "session_id": "mri",
    "subject_id": "06",
    "task_id": "facerecognition"
  },
  "dummy_trs": 0,
  "dvars_nstd": 29.944018580386466,
  "dvars_std": 1.052145666908212,
  "dvars_vstd": 0.9983988849275361,
  "efc": 0.6126823461091702,
  "fber": 375.5199890136719,
  "fd_mean": 0.08429178022900344,
  "fd_num": 9,
  "fd_perc": 4.326923076923077,
  "fwhm_avg": 1.995500889311434,
  "fwhm_x": 1.95081,
  "fwhm_y": 2.2112359637336847,
  "fwhm_z": 1.8244567042006172,
  "gcor": 0.0121747,
  "gsr_x": -0.007536282762885094,
  "gsr_y": 0.037958238273859024,
  "provenance": {
    "md5sum": "8173873da52be92faaf6dfc5f5084205",
    "settings": {
      "fd_thres": 0.2,
      "testing": false
    },
    "software": "mriqc",
    "version": "0.16.1",
    "webapi_port": null,
    "webapi_url": "https://mriqc.nimh.nih.gov/api/v1"
  },
  "size_t": 208,
  "size_x": 64,
  "size_y": 64,
  "size_z": 33,
  "snr": 5.274108643550263,
  "spacing_tr": 2.0,
  "spacing_x": 3.0,
  "spacing_y": 3.0000009536743164,
  "spacing_z": 4.050000190734863,
  "summary_bg_k": 45.32745157558656,
  "summary_bg_mad": 8.296869237301944,
  "summary_bg_mean": 69.90778350830078,
  "summary_bg_median": 41.75961685180664,
  "summary_bg_n": 69669.0,
  "summary_bg_p05": 35.2259635925293,
  "summary_bg_p95": 210.68847045898409,
  "summary_bg_stdv": 80.45285034179688,
  "summary_fg_k": 1.4224114681053495,
  "summary_fg_mad": 137.1407052117682,
  "summary_fg_mean": 839.1466674804688,
  "summary_fg_median": 831.1346435546875,
  "summary_fg_n": 32190.0,
  "summary_fg_p05": 598.7603698730469,
  "summary_fg_p95": 1110.7079956054686,
  "summary_fg_stdv": 157.5852508544922,
  "tsnr": 47.31681157043204
}