{
  "aor": 0.0005619711538461538,
  "aqi": 0.008733071442307692,
  "bids_meta": {
    "AcquisitionMatrixPE": 64,
    "AcquisitionNumber": 1,
    "BandwidthPerPixelPhaseEncode": 30.637,
    "BaseResolution": 64,
    "ConversionSoftware": "dcm2niix",
    "ConversionSoftwareVersion": "v1.0.20171215 GCC4.4.7",
    "DerivedVendorReportedEchoSpacing": 0.000510004,
    "DeviceSerialNumber": "35119",
    "DwellTime": 3.5e-06,
    "EchoTime": 0.03,
    "EffectiveEchoSpacing": 0.000510004,
    "FlipAngle": 78,
    "ImageComments": "V",
    "ImageOrientationPatientDICOM": [
      0.999864,
      0.005398,
      0.015583,
      0,
      0.94491,
      -0.32733
    ],
    "ImageType": [
      "ORIGINAL",
      "PRIMARY",
      "M",
      "ND",
      "MOSAIC"
    ],
    "InPlanePhaseEncodingDirectionDICOM": "COL",
    "InstitutionAddress": "15 Chaucer Road, Cambridge CB2 7EF, UK",
    "InstitutionName": "MRC Cognition and Brain Sciences Unit",
    "MRAcquisitionType": "2D",
    "MagneticFieldStrength": 3,
    "Manufacturer": "Siemens",
    "ManufacturersModelName": "TrioTim",
    "Modality": "MR",
    "NumberOfVolumesDiscardedByScanner": 3,
    "NumberOfVolumesDiscardedByuser": 2,
    "PartialFourier": 1,
    "PatientPosition": "HFS",
    "PercentPhaseFOV": 100,
    "PhaseEncodingDirection": "j-",
    "PhaseEncodingSteps": 64,
    "PhaseResolution": 1,
    "PixelBandwidth": 2230,
    "ProcedureStepDescription": "CBU_Neuroimaging",
    "ProtocolName": "CBU_DWEPI_BOLD210",
    "PulseSequenceDetails": "%SiemensSeq%_ep2d_bold",
    "PulseSequenceType": "EPI",
    "ReceiveCoilName": "HeadMatrix",
    "ReconMatrixPE": 64,
    "RepetitionTime": 2,
    "SAR": 0.114176,
    "ScanOptions": "FS",
    "ScanningSequence": "EP",
    "SequenceName": "_epfid2d1_64",
    "SequenceVariant": "SK",
    "SeriesDescription": "CBU_DWEPI_BOLD210",
    "SliceThickness": 3,
    "SliceTiming": [
      0,
      1.0325,
      0.06,
      1.095,
      0.12,
      1.155,
      0.1825,
      1.215,
      0.2425,
      1.2775,
      0.3025,
      1.3375,
      0.365,
      1.3975,
      0.425,
      1.46,
      0.485,
      1.52,
      0.5475,
      1.58,
      0.6075,
      1.6425,
      0.6675,
      1.7025,
      0.73,
      1.7625,
      0.79,
      1.825,
      0.85,
      1.885,
      0.9125,
      1.945,
      0.9725
    ],
    "SoftwareVersions": "syngo_MR_B15",
    "SpacingBetweenSlices": 3.75,
    "StationName": "MRC35119",
    "TaskName": "facerecognition",
    "TotalReadoutTime": 0.0321303,
    "TxRefAmp": 295.172,
    "dataset": "ds000117",
    "modality": "bold",
    "run_id": 2,
    "session_id": "mri",
    "subject_id": "06",
    "task_id": "facerecognition"
  },
  "dummy_trs": 0,
  "dvars_nstd": 30.274548968212564,
  "dvars_std": 1.0455507805797102,
  "dvars_vstd": 0.9939008575845408,
  "efc": 0.6118988102935954,
  "fber": 376.0331115722656,
  "fd_mean": 0.07689002296855696,
  "fd_num": 9,
  "fd_perc": 4.326923076923077,
  "fwhm_avg": 2.006398233214233,
  "fwhm_x": 1.9665031770497023,
  "fwhm_y": 2.219792627680261,
  "fwhm_z": 1.8328988949127358,
  "gcor": 0.0177888,
  "gsr_x": -0.008444529958069324,
  "gsr_y": 0.03724981099367142,
  "provenance": {
    "md5sum": "fbefb4fc4d91627e29b9f252ef3c0d5c",
    "settings": {
      "fd_thres": 0.2,
      "testing": false
    },
    "software": "mriqc",
    "version": "0.16.1",
    "webapi_port": null,
    "webapi_url": "https://mriqc.nimh.nih.gov/api/v1"
  },
  "size_t": 208,
  "size_x": 64,
  "size_y": 64,
  "size_z": 33,
  "snr": 5.292285396389927,
  "spacing_tr": 2.0,
  "spacing_x": 3.000000238418579,
  "spacing_y": 3.0000009536743164,
  "spacing_z": 4.049999713897705,
  "summary_bg_k": 49.70103208449977,
  "summary_bg_mad": 8.18995428850041,
  "summary_bg_mean": 68.42904663085938,
  "summary_bg_median": 41.40865707397461,
  "summary_bg_n": 69656.0,
  "summary_bg_p05": 34.908653259277344,
  "summary_bg_p95": 202.87139511108398,
  "summary_bg_stdv": 78.84542083740234,
  "summary_fg_k": 1.4433275063310713,
  "summary_fg_mad": 134.7243278289096,
  "summary_fg_mean": 830.4017333984375,
  "summary_fg_median": 822.6538696289062,
  "summary_fg_n": 32191.0,
  "summary_fg_p05": 591.4736022949219,
  "summary_fg_p95": 1097.90869140625,
  "summary_fg_stdv": 155.44155883789062,
  "tsnr": 45.75391130987555
}