{
  "aor": 0.0008662019230769231,
  "aqi": 0.007153137836538462,
  "bids_meta": {
    "AcquisitionMatrixPE": 64,
    "AcquisitionNumber": 1,
    "BandwidthPerPixelPhaseEncode": 30.637,
    "BaseResolution": 64,
    "ConversionSoftware": "dcm2niix",
    "ConversionSoftwareVersion": "v1.0.20171215 GCC4.4.7",
    "DerivedVendorReportedEchoSpacing": 0.000510004,
    "DeviceSerialNumber": "35119",
    "DwellTime": 3.5e-06,
    "EchoTime": 0.03,
    "EffectiveEchoSpacing": 0.000510004,
    "FlipAngle": 78,
    "ImageComments": "V",
    "ImageOrientationPatientDICOM": [
      0.999864,
      0.005398,
      0.015583,
      0,
      0.94491,
      -0.32733
    ],
    "ImageType": [
      "ORIGINAL",
      "PRIMARY",
      "M",
      "ND",
      "MOSAIC"
    ],
    "InPlanePhaseEncodingDirectionDICOM": "COL",
    "InstitutionAddress": "15 Chaucer Road, Cambridge CB2 7EF, UK",
    "InstitutionName": "MRC Cognition and Brain Sciences Unit",
    "MRAcquisitionType": "2D",
    "MagneticFieldStrength": 3,
    "Manufacturer": "Siemens",
    "ManufacturersModelName": "TrioTim",
    "Modality": "MR",
    "NumberOfVolumesDiscardedByScanner": 3,
    "NumberOfVolumesDiscardedByuser": 2,
    "PartialFourier": 1,
    "PatientPosition": "HFS",
    "PercentPhaseFOV": 100,
    "PhaseEncodingDirection": "j-",
    "PhaseEncodingSteps": 64,
    "PhaseResolution": 1,
    "PixelBandwidth": 2230,
    "ProcedureStepDescription": "CBU_Neuroimaging",
    "ProtocolName": "CBU_DWEPI_BOLD210",
    "PulseSequenceDetails": "%SiemensSeq%_ep2d_bold",
    "PulseSequenceType": "EPI",
    "ReceiveCoilName": "HeadMatrix",
    "ReconMatrixPE": 64,
    "RepetitionTime": 2,
    "SAR": 0.114176,
    "ScanOptions": "FS",
    "ScanningSequence": "EP",
    "SequenceName": "_epfid2d1_64",
    "SequenceVariant": "SK",
    "SeriesDescription": "CBU_DWEPI_BOLD210",
    "SliceThickness": 3,
    "SliceTiming": [
      0,
      1.0325,
      0.06,
      1.095,
      0.12,
      1.155,
      0.1825,
      1.215,
      0.2425,
      1.2775,
      0.3025,
      1.3375,
      0.365,
      1.3975,
      0.425,
      1.46,
      0.485,
      1.52,
      0.5475,
      1.58,
      0.6075,
      1.6425,
      0.6675,
      1.7025,
      0.73,
      1.7625,
      0.79,
      1.825,
      0.85,
      1.885,
      0.9125,
      1.945,
      0.9725
    ],
    "SoftwareVersions": "syngo_MR_B15",
    "SpacingBetweenSlices": 3.75,
    "StationName": "MRC35119",
    "TaskName": "facerecognition",
    "TotalReadoutTime": 0.0321303,
    "TxRefAmp": 295.172,
    "dataset": "ds000117",
    "modality": "bold",
    "run_id": 8,
    "session_id": "mri",
    "subject_id": "06",
    "task_id": "facerecognition"
  },
  "dummy_trs": 0,
  "dvars_nstd": 29.073293676908218,
  "dvars_std": 1.051660217342995,
  "dvars_vstd": 1.0098261216908215,
  "efc": 0.6132778108459134,
  "fber": 372.9537658691406,
  "fd_mean": 0.07885963512409987,
  "fd_num": 11,
  "fd_perc": 5.288461538461538,
  "fwhm_avg": 1.9901383390923069,
  "fwhm_x": 1.9462933333333332,
  "fwhm_y": 2.1997193007280664,
  "fwhm_z": 1.8244023832155212,
  "gcor": 0.0110685,
  "gsr_x": -0.008799218572676182,
  "gsr_y": 0.039340756833553314,
  "provenance": {
    "md5sum": "a4222db0a47309dcfe2a51b2012c4431",
    "settings": {
      "fd_thres": 0.2,
      "testing": false
    },
    "software": "mriqc",
    "version": "0.16.1",
    "webapi_port": null,
    "webapi_url": "https://mriqc.nimh.nih.gov/api/v1"
  },
  "size_t": 208,
  "size_x": 64,
  "size_y": 64,
  "size_z": 33,
  "snr": 5.251190971728885,
  "spacing_tr": 2.0,
  "spacing_x": 3.0,
  "spacing_y": 3.0000009536743164,
  "spacing_z": 4.050000190734863,
  "summary_bg_k": 46.294871858421395,
  "summary_bg_mad": 8.553473032375713,
  "summary_bg_mean": 70.85224914550781,
  "summary_bg_median": 42.278846740722656,
  "summary_bg_n": 69722.0,
  "summary_bg_p05": 35.716346740722656,
  "summary_bg_p95": 213.2805358886717,
  "summary_bg_stdv": 80.60152435302734,
  "summary_fg_k": 1.51909507559777,
  "summary_fg_mad": 138.55914941190704,
  "summary_fg_mean": 846.31689453125,
  "summary_fg_median": 838.0288696289062,
  "summary_fg_n": 32143.0,
  "summary_fg_p05": 604.761083984375,
  "summary_fg_p95": 1119.6741088867184,
  "summary_fg_stdv": 159.5858612060547,
  "tsnr": 48.930957368866075
}