{
  "aor": 0.0008420588235294119,
  "aqi": 0.006780920245098041,
  "bids_meta": {
    "AcquisitionMatrixPE": 64,
    "AcquisitionNumber": 1,
    "BandwidthPerPixelPhaseEncode": 30.637,
    "BaseResolution": 64,
    "ConversionSoftware": "dcm2niix",
    "ConversionSoftwareVersion": "v1.0.20171215 GCC4.4.7",
    "DerivedVendorReportedEchoSpacing": 0.000510004,
    "DeviceSerialNumber": "35119",
    "DwellTime": 3.5e-06,
    "EchoTime": 0.03,
    "EffectiveEchoSpacing": 0.000510004,
    "FlipAngle": 78,
    "ImageComments": "V",
    "ImageOrientationPatientDICOM": [
      0.999864,
      0.005398,
      0.015583,
      0,
      0.94491,
      -0.32733
    ],
    "ImageType": [
      "ORIGINAL",
      "PRIMARY",
      "M",
      "ND",
      "MOSAIC"
    ],
    "InPlanePhaseEncodingDirectionDICOM": "COL",
    "InstitutionAddress": "15 Chaucer Road, Cambridge CB2 7EF, UK",
    "InstitutionName": "MRC Cognition and Brain Sciences Unit",
    "MRAcquisitionType": "2D",
    "MagneticFieldStrength": 3,
    "Manufacturer": "Siemens",
    "ManufacturersModelName": "TrioTim",
    "Modality": "MR",
    "NumberOfVolumesDiscardedByScanner": 3,
    "NumberOfVolumesDiscardedByuser": 2,
    "PartialFourier": 1,
    "PatientPosition": "HFS",
    "PercentPhaseFOV": 100,
    "PhaseEncodingDirection": "j-",
    "PhaseEncodingSteps": 64,
    "PhaseResolution": 1,
    "PixelBandwidth": 2230,
    "ProcedureStepDescription": "CBU_Neuroimaging",
    "ProtocolName": "CBU_DWEPI_BOLD210",
    "PulseSequenceDetails": "%SiemensSeq%_ep2d_bold",
    "PulseSequenceType": "EPI",
    "ReceiveCoilName": "HeadMatrix",
    "ReconMatrixPE": 64,
    "RepetitionTime": 2,
    "SAR": 0.114176,
    "ScanOptions": "FS",
    "ScanningSequence": "EP",
    "SequenceName": "_epfid2d1_64",
    "SequenceVariant": "SK",
    "SeriesDescription": "CBU_DWEPI_BOLD210",
    "SliceThickness": 3,
    "SliceTiming": [
      0,
      1.0325,
      0.06,
      1.095,
      0.12,
      1.155,
      0.1825,
      1.215,
      0.2425,
      1.2775,
      0.3025,
      1.3375,
      0.365,
      1.3975,
      0.425,
      1.46,
      0.485,
      1.52,
      0.5475,
      1.58,
      0.6075,
      1.6425,
      0.6675,
      1.7025,
      0.73,
      1.7625,
      0.79,
      1.825,
      0.85,
      1.885,
      0.9125,
      1.945,
      0.9725
    ],
    "SoftwareVersions": "syngo_MR_B15",
    "SpacingBetweenSlices": 3.75,
    "StationName": "MRC35119",
    "TaskName": "facerecognition",
    "TotalReadoutTime": 0.0321303,
    "TxRefAmp": 295.172,
    "dataset": "ds000117",
    "modality": "bold",
    "run_id": 6,
    "session_id": "mri",
    "subject_id": "06",
    "task_id": "facerecognition"
  },
  "dummy_trs": 4,
  "dvars_nstd": 29.119676721231542,
  "dvars_std": 1.0513489873399018,
  "dvars_vstd": 1.0098368290640396,
  "efc": 0.6130974964344095,
  "fber": 372.9255065917969,
  "fd_mean": 0.07897113831845955,
  "fd_num": 8,
  "fd_perc": 3.9215686274509802,
  "fwhm_avg": 1.9894692578647837,
  "fwhm_x": 1.9495665117290408,
  "fwhm_y": 2.201419125234634,
  "fwhm_z": 1.817422136630676,
  "gcor": 0.0173,
  "gsr_x": -0.008686109445989132,
  "gsr_y": 0.039423394948244095,
  "provenance": {
    "md5sum": "98ed5fc6f9319b8865ad24039e4e346c",
    "settings": {
      "fd_thres": 0.2,
      "testing": false
    },
    "software": "mriqc",
    "version": "0.16.1",
    "webapi_port": null,
    "webapi_url": "https://mriqc.nimh.nih.gov/api/v1"
  },
  "size_t": 204,
  "size_x": 64,
  "size_y": 64,
  "size_z": 33,
  "snr": 5.271020423036488,
  "spacing_tr": 2.0,
  "spacing_x": 3.000000238418579,
  "spacing_y": 3.0000011920928955,
  "spacing_z": 4.050000190734863,
  "summary_bg_k": 45.83627896191053,
  "summary_bg_mad": 8.299668798223271,
  "summary_bg_mean": 70.38162231445312,
  "summary_bg_median": 42.11274719238281,
  "summary_bg_n": 69664.0,
  "summary_bg_p05": 35.735294342041016,
  "summary_bg_p95": 212.0600601196287,
  "summary_bg_stdv": 79.97471618652344,
  "summary_fg_k": 1.4362800706993193,
  "summary_fg_mad": 137.8311052133605,
  "summary_fg_mean": 842.4910888671875,
  "summary_fg_median": 834.4755249023438,
  "summary_fg_n": 32156.0,
  "summary_fg_p05": 601.9804229736328,
  "summary_fg_p95": 1115.9424438476562,
  "summary_fg_stdv": 158.31138610839844,
  "tsnr": 49.971755877137184
}