{
  "aor": 0.0005905288461538461,
  "aqi": 0.006825928125,
  "bids_meta": {
    "AcquisitionMatrixPE": 64,
    "AcquisitionNumber": 1,
    "BandwidthPerPixelPhaseEncode": 30.637,
    "BaseResolution": 64,
    "ConversionSoftware": "dcm2niix",
    "ConversionSoftwareVersion": "v1.0.20171215 GCC4.4.7",
    "DerivedVendorReportedEchoSpacing": 0.000510004,
    "DeviceSerialNumber": "35119",
    "DwellTime": 3.5e-06,
    "EchoTime": 0.03,
    "EffectiveEchoSpacing": 0.000510004,
    "FlipAngle": 78,
    "ImageComments": "V",
    "ImageOrientationPatientDICOM": [
      0.999864,
      0.005398,
      0.015583,
      0,
      0.94491,
      -0.32733
    ],
    "ImageType": [
      "ORIGINAL",
      "PRIMARY",
      "M",
      "ND",
      "MOSAIC"
    ],
    "InPlanePhaseEncodingDirectionDICOM": "COL",
    "InstitutionAddress": "15 Chaucer Road, Cambridge CB2 7EF, UK",
    "InstitutionName": "MRC Cognition and Brain Sciences Unit",
    "MRAcquisitionType": "2D",
    "MagneticFieldStrength": 3,
    "Manufacturer": "Siemens",
    "ManufacturersModelName": "TrioTim",
    "Modality": "MR",
    "NumberOfVolumesDiscardedByScanner": 3,
    "NumberOfVolumesDiscardedByuser": 2,
    "PartialFourier": 1,
    "PatientPosition": "HFS",
    "PercentPhaseFOV": 100,
    "PhaseEncodingDirection": "j-",
    "PhaseEncodingSteps": 64,
    "PhaseResolution": 1,
    "PixelBandwidth": 2230,
    "ProcedureStepDescription": "CBU_Neuroimaging",
    "ProtocolName": "CBU_DWEPI_BOLD210",
    "PulseSequenceDetails": "%SiemensSeq%_ep2d_bold",
    "PulseSequenceType": "EPI",
    "ReceiveCoilName": "HeadMatrix",
    "ReconMatrixPE": 64,
    "RepetitionTime": 2,
    "SAR": 0.114176,
    "ScanOptions": "FS",
    "ScanningSequence": "EP",
    "SequenceName": "_epfid2d1_64",
    "SequenceVariant": "SK",
    "SeriesDescription": "CBU_DWEPI_BOLD210",
    "SliceThickness": 3,
    "SliceTiming": [
      0,
      1.0325,
      0.06,
      1.095,
      0.12,
      1.155,
      0.1825,
      1.215,
      0.2425,
      1.2775,
      0.3025,
      1.3375,
      0.365,
      1.3975,
      0.425,
      1.46,
      0.485,
      1.52,
      0.5475,
      1.58,
      0.6075,
      1.6425,
      0.6675,
      1.7025,
      0.73,
      1.7625,
      0.79,
      1.825,
      0.85,
      1.885,
      0.9125,
      1.945,
      0.9725
    ],
    "SoftwareVersions": "syngo_MR_B15",
    "SpacingBetweenSlices": 3.75,
    "StationName": "MRC35119",
    "TaskName": "facerecognition",
    "TotalReadoutTime": 0.0321303,
    "TxRefAmp": 295.172,
    "dataset": "ds000117",
    "modality": "bold",
    "run_id": 7,
    "session_id": "mri",
    "subject_id": "06",
    "task_id": "facerecognition"
  },
  "dummy_trs": 0,
  "dvars_nstd": 28.47092857009664,
  "dvars_std": 1.0401045054589373,
  "dvars_vstd": 1.0049318249275363,
  "efc": 0.6130985643813603,
  "fber": 375.05950927734375,
  "fd_mean": 0.06971701333367149,
  "fd_num": 5,
  "fd_perc": 2.4038461538461537,
  "fwhm_avg": 1.990858516485093,
  "fwhm_x": 1.948183178505645,
  "fwhm_y": 2.206459123231918,
  "fwhm_z": 1.8179332477177161,
  "gcor": 0.01214,
  "gsr_x": -0.00935089960694313,
  "gsr_y": 0.03985225781798363,
  "provenance": {
    "md5sum": "a04c46ee237a233ed90f6e8772771f83",
    "settings": {
      "fd_thres": 0.2,
      "testing": false
    },
    "software": "mriqc",
    "version": "0.16.1",
    "webapi_port": null,
    "webapi_url": "https://mriqc.nimh.nih.gov/api/v1"
  },
  "size_t": 208,
  "size_x": 64,
  "size_y": 64,
  "size_z": 33,
  "snr": 5.261586081207354,
  "spacing_tr": 2.0,
  "spacing_x": 3.000000238418579,
  "spacing_y": 3.0000011920928955,
  "spacing_z": 4.050000190734863,
  "summary_bg_k": 49.07510003814451,
  "summary_bg_mad": 8.439426272823079,
  "summary_bg_mean": 70.55353546142578,
  "summary_bg_median": 42.17307662963867,
  "summary_bg_n": 69711.0,
  "summary_bg_p05": 35.7259635925293,
  "summary_bg_p95": 211.97596740722656,
  "summary_bg_stdv": 80.02295684814453,
  "summary_fg_k": 1.492952242027613,
  "summary_fg_mad": 138.10289450555297,
  "summary_fg_mean": 844.4461669921875,
  "summary_fg_median": 836.8557739257812,
  "summary_fg_n": 32147.0,
  "summary_fg_p05": 602.4163818359375,
  "summary_fg_p95": 1118.4658813476562,
  "summary_fg_stdv": 159.04762268066406,
  "tsnr": 49.82861699676141
}