{
  "aor": 0.00041812500000000004,
  "aqi": 0.008479102451923078,
  "bids_meta": {
    "AcquisitionMatrixPE": 64,
    "AcquisitionNumber": 1,
    "BandwidthPerPixelPhaseEncode": 30.637,
    "BaseResolution": 64,
    "ConversionSoftware": "dcm2niix",
    "ConversionSoftwareVersion": "v1.0.20171215 GCC4.4.7",
    "DerivedVendorReportedEchoSpacing": 0.000510004,
    "DeviceSerialNumber": "35119",
    "DwellTime": 3.5e-06,
    "EchoTime": 0.03,
    "EffectiveEchoSpacing": 0.000510004,
    "FlipAngle": 78,
    "ImageComments": "V",
    "ImageOrientationPatientDICOM": [
      0.999864,
      0.005398,
      0.015583,
      0,
      0.94491,
      -0.32733
    ],
    "ImageType": [
      "ORIGINAL",
      "PRIMARY",
      "M",
      "ND",
      "MOSAIC"
    ],
    "InPlanePhaseEncodingDirectionDICOM": "COL",
    "InstitutionAddress": "15 Chaucer Road, Cambridge CB2 7EF, UK",
    "InstitutionName": "MRC Cognition and Brain Sciences Unit",
    "MRAcquisitionType": "2D",
    "MagneticFieldStrength": 3,
    "Manufacturer": "Siemens",
    "ManufacturersModelName": "TrioTim",
    "Modality": "MR",
    "NumberOfVolumesDiscardedByScanner": 3,
    "NumberOfVolumesDiscardedByuser": 2,
    "PartialFourier": 1,
    "PatientPosition": "HFS",
    "PercentPhaseFOV": 100,
    "PhaseEncodingDirection": "j-",
    "PhaseEncodingSteps": 64,
    "PhaseResolution": 1,
    "PixelBandwidth": 2230,
    "ProcedureStepDescription": "CBU_Neuroimaging",
    "ProtocolName": "CBU_DWEPI_BOLD210",
    "PulseSequenceDetails": "%SiemensSeq%_ep2d_bold",
    "PulseSequenceType": "EPI",
    "ReceiveCoilName": "HeadMatrix",
    "ReconMatrixPE": 64,
    "RepetitionTime": 2,
    "SAR": 0.114176,
    "ScanOptions": "FS",
    "ScanningSequence": "EP",
    "SequenceName": "_epfid2d1_64",
    "SequenceVariant": "SK",
    "SeriesDescription": "CBU_DWEPI_BOLD210",
    "SliceThickness": 3,
    "SliceTiming": [
      0,
      1.0325,
      0.06,
      1.095,
      0.12,
      1.155,
      0.1825,
      1.215,
      0.2425,
      1.2775,
      0.3025,
      1.3375,
      0.365,
      1.3975,
      0.425,
      1.46,
      0.485,
      1.52,
      0.5475,
      1.58,
      0.6075,
      1.6425,
      0.6675,
      1.7025,
      0.73,
      1.7625,
      0.79,
      1.825,
      0.85,
      1.885,
      0.9125,
      1.945,
      0.9725
    ],
    "SoftwareVersions": "syngo_MR_B15",
    "SpacingBetweenSlices": 3.75,
    "StationName": "MRC35119",
    "TaskName": "facerecognition",
    "TotalReadoutTime": 0.0321303,
    "TxRefAmp": 295.172,
    "dataset": "ds000117",
    "modality": "bold",
    "run_id": 1,
    "session_id": "mri",
    "subject_id": "06",
    "task_id": "facerecognition"
  },
  "dummy_trs": 0,
  "dvars_nstd": 30.22269095077297,
  "dvars_std": 1.0352034352657005,
  "dvars_vstd": 0.9851311015942028,
  "efc": 0.6115769085994923,
  "fber": 374.67578125,
  "fd_mean": 0.07433510134655927,
  "fd_num": 5,
  "fd_perc": 2.4038461538461537,
  "fwhm_avg": 2.020410432731322,
  "fwhm_x": 1.97394,
  "fwhm_y": 2.245525952833191,
  "fwhm_z": 1.841765345360775,
  "gcor": 0.00715666,
  "gsr_x": -0.00802913960069418,
  "gsr_y": 0.03802679479122162,
  "provenance": {
    "md5sum": "684cc207a2eb9bfdc042ba28d8918b04",
    "settings": {
      "fd_thres": 0.2,
      "testing": false
    },
    "software": "mriqc",
    "version": "0.16.1",
    "webapi_port": null,
    "webapi_url": "https://mriqc.nimh.nih.gov/api/v1"
  },
  "size_t": 208,
  "size_x": 64,
  "size_y": 64,
  "size_z": 33,
  "snr": 5.2749935725077615,
  "spacing_tr": 2.0,
  "spacing_x": 3.0,
  "spacing_y": 3.0000009536743164,
  "spacing_z": 4.050000190734863,
  "summary_bg_k": 47.13599990558754,
  "summary_bg_mad": 7.990371045363643,
  "summary_bg_mean": 67.31693267822266,
  "summary_bg_median": 41.26923370361328,
  "summary_bg_n": 69464.0,
  "summary_bg_p05": 34.9759635925293,
  "summary_bg_p95": 196.22716903686504,
  "summary_bg_stdv": 76.03009033203125,
  "summary_fg_k": 1.4172523538992046,
  "summary_fg_mad": 134.91680188400977,
  "summary_fg_mean": 827.0185546875,
  "summary_fg_median": 819.1082153320312,
  "summary_fg_n": 32266.0,
  "summary_fg_p05": 586.4423522949219,
  "summary_fg_p95": 1096.2885131835938,
  "summary_fg_stdv": 155.27896118164062,
  "tsnr": 45.92483511567116
}