{
  "aor": 0.0010770192307692308,
  "aqi": 0.007938968269230769,
  "bids_meta": {
    "AcquisitionMatrixPE": 64,
    "AcquisitionNumber": 1,
    "BandwidthPerPixelPhaseEncode": 30.637,
    "BaseResolution": 64,
    "ConversionSoftware": "dcm2niix",
    "ConversionSoftwareVersion": "v1.0.20171215 GCC4.4.7",
    "DerivedVendorReportedEchoSpacing": 0.000510004,
    "DeviceSerialNumber": "35119",
    "DwellTime": 3.5e-06,
    "EchoTime": 0.03,
    "EffectiveEchoSpacing": 0.000510004,
    "FlipAngle": 78,
    "ImageComments": "V",
    "ImageOrientationPatientDICOM": [
      0.999864,
      0.005398,
      0.015583,
      0,
      0.94491,
      -0.32733
    ],
    "ImageType": [
      "ORIGINAL",
      "PRIMARY",
      "M",
      "ND",
      "MOSAIC"
    ],
    "InPlanePhaseEncodingDirectionDICOM": "COL",
    "InstitutionAddress": "15 Chaucer Road, Cambridge CB2 7EF, UK",
    "InstitutionName": "MRC Cognition and Brain Sciences Unit",
    "MRAcquisitionType": "2D",
    "MagneticFieldStrength": 3,
    "Manufacturer": "Siemens",
    "ManufacturersModelName": "TrioTim",
    "Modality": "MR",
    "NumberOfVolumesDiscardedByScanner": 3,
    "NumberOfVolumesDiscardedByuser": 2,
    "PartialFourier": 1,
    "PatientPosition": "HFS",
    "PercentPhaseFOV": 100,
    "PhaseEncodingDirection": "j-",
    "PhaseEncodingSteps": 64,
    "PhaseResolution": 1,
    "PixelBandwidth": 2230,
    "ProcedureStepDescription": "CBU_Neuroimaging",
    "ProtocolName": "CBU_DWEPI_BOLD210",
    "PulseSequenceDetails": "%SiemensSeq%_ep2d_bold",
    "PulseSequenceType": "EPI",
    "ReceiveCoilName": "HeadMatrix",
    "ReconMatrixPE": 64,
    "RepetitionTime": 2,
    "SAR": 0.114176,
    "ScanOptions": "FS",
    "ScanningSequence": "EP",
    "SequenceName": "_epfid2d1_64",
    "SequenceVariant": "SK",
    "SeriesDescription": "CBU_DWEPI_BOLD210",
    "SliceThickness": 3,
    "SliceTiming": [
      0,
      1.0325,
      0.06,
      1.095,
      0.12,
      1.155,
      0.1825,
      1.215,
      0.2425,
      1.2775,
      0.3025,
      1.3375,
      0.365,
      1.3975,
      0.425,
      1.46,
      0.485,
      1.52,
      0.5475,
      1.58,
      0.6075,
      1.6425,
      0.6675,
      1.7025,
      0.73,
      1.7625,
      0.79,
      1.825,
      0.85,
      1.885,
      0.9125,
      1.945,
      0.9725
    ],
    "SoftwareVersions": "syngo_MR_B15",
    "SpacingBetweenSlices": 3.75,
    "StationName": "MRC35119",
    "TaskName": "facerecognition",
    "TotalReadoutTime": 0.0321303,
    "TxRefAmp": 295.172,
    "dataset": "ds000117",
    "modality": "bold",
    "run_id": 3,
    "session_id": "mri",
    "subject_id": "06",
    "task_id": "facerecognition"
  },
  "dummy_trs": 0,
  "dvars_nstd": 30.616939314154603,
  "dvars_std": 1.0714936014009666,
  "dvars_vstd": 1.0099216815942027,
  "efc": 0.6123377364904263,
  "fber": 377.11279296875,
  "fd_mean": 0.08376177394020844,
  "fd_num": 5,
  "fd_perc": 2.4038461538461537,
  "fwhm_avg": 2.0055454563724617,
  "fwhm_x": 1.96242,
  "fwhm_y": 2.217322628465453,
  "fwhm_z": 1.8368937406519317,
  "gcor": 0.0172029,
  "gsr_x": -0.007979577407240868,
  "gsr_y": 0.03827836364507675,
  "provenance": {
    "md5sum": "51618f46a201c9b51e9c2e59e22db67e",
    "settings": {
      "fd_thres": 0.2,
      "testing": false
    },
    "software": "mriqc",
    "version": "0.16.1",
    "webapi_port": null,
    "webapi_url": "https://mriqc.nimh.nih.gov/api/v1"
  },
  "size_t": 208,
  "size_x": 64,
  "size_y": 64,
  "size_z": 33,
  "snr": 5.2764104148067705,
  "spacing_tr": 2.0,
  "spacing_x": 3.0,
  "spacing_y": 3.0000009536743164,
  "spacing_z": 4.050000190734863,
  "summary_bg_k": 48.01202344981027,
  "summary_bg_mad": 8.047391597300646,
  "summary_bg_mean": 69.32813262939453,
  "summary_bg_median": 41.51442337036133,
  "summary_bg_n": 69690.0,
  "summary_bg_p05": 35.2884635925293,
  "summary_bg_p95": 207.90986404418965,
  "summary_bg_stdv": 80.09164428710938,
  "summary_fg_k": 1.42082781119041,
  "summary_fg_mad": 136.39225532472838,
  "summary_fg_mean": 835.39599609375,
  "summary_fg_median": 827.673095703125,
  "summary_fg_n": 32183.0,
  "summary_fg_p05": 594.5745361328125,
  "summary_fg_p95": 1106.9850952148433,
  "summary_fg_stdv": 156.8604736328125,
  "tsnr": 47.41967449756339
}