{
  "bids_meta": {
    "AcquisitionMatrixPE": 246,
    "AcquisitionNumber": 1,
    "AnatomicalLandmarkCoordinates": {
      "LPA": [
        126,
        82,
        26
      ],
      "Nasion": [
        36,
        111,
        94
      ],
      "RPA": [
        127,
        85,
        160
      ]
    },
    "BaseResolution": 256,
    "ConversionSoftware": "dcm2niix",
    "ConversionSoftwareVersion": "v1.0.20171215 GCC4.4.7",
    "DeviceSerialNumber": "35119",
    "DwellTime": 8.5e-06,
    "EchoTime": 0.00298,
    "FlipAngle": 9,
    "ImageComments": "V",
    "ImageType": [
      "ORIGINAL",
      "PRIMARY",
      "M",
      "ND",
      "NORM"
    ],
    "InPlanePhaseEncodingDirectionDICOM": "ROW",
    "InstitutionAddress": "15 Chaucer Road, Cambridge CB2 7EF, UK",
    "InstitutionName": "MRC Cognition and Brain Sciences Unit",
    "InversionTime": 0.9,
    "MRAcquisitionType": "3D",
    "MagneticFieldStrength": 3,
    "Manufacturer": "Siemens",
    "ManufacturersModelName": "TrioTim",
    "Modality": "MR",
    "ParallelReductionFactorInPlane": 2,
    "PartialFourier": 0.875,
    "PatientPosition": "HFS",
    "PercentPhaseFOV": 100,
    "PhaseEncodingSteps": 215,
    "PhaseResolution": 0.96,
    "PixelBandwidth": 230,
    "ProcedureStepDescription": "CBU_Neuroimaging",
    "ProtocolName": "CBU_MPRAGE",
    "PulseSequenceDetails": "%SiemensSeq%_tfl",
    "PulseSequenceType": "MPRAGE",
    "ReceiveCoilName": "HeadMatrix",
    "ReconMatrixPE": 256,
    "RepetitionTime": 2.25,
    "ScanOptions": "IR_PFP",
    "ScanningSequence": "GR_IR",
    "SequenceName": "_tfl3d1_ns",
    "SequenceVariant": "SP_MP_OSP",
    "SeriesDescription": "CBU_MPRAGE",
    "SliceThickness": 1,
    "SoftwareVersions": "syngo_MR_B15",
    "StationName": "MRC35119",
    "acq_id": "mprage",
    "dataset": "ds000117",
    "modality": "T1w",
    "session_id": "mri",
    "subject_id": "05"
  },
  "cjv": 0.42591515349344905,
  "cnr": 3.191040109603367,
  "efc": 0.47353703615368614,
  "fber": 2575.136962890625,
  "fwhm_avg": 3.8117733333333335,
  "fwhm_x": 3.75853,
  "fwhm_y": 4.24784,
  "fwhm_z": 3.42895,
  "icvs_csf": 0.1937067055809788,
  "icvs_gm": 0.4145825240168639,
  "icvs_wm": 0.3917107704021573,
  "inu_med": 1.677565097808838,
  "inu_range": 0.5550891399383546,
  "provenance": {
    "md5sum": "7b0d0fde752aa03fd4d1b16ec3119f5c",
    "settings": {
      "testing": false
    },
    "software": "mriqc",
    "version": "0.16.1",
    "warnings": {
      "large_rot_frame": true,
      "small_air_mask": false
    },
    "webapi_port": null,
    "webapi_url": "https://mriqc.nimh.nih.gov/api/v1"
  },
  "qi_1": 0.0003103278370825299,
  "qi_2": 0.014795059961293999,
  "rpve_csf": 30.27760081968603,
  "rpve_gm": 15.045696974248589,
  "rpve_wm": 19.048877404256356,
  "size_x": 192,
  "size_y": 256,
  "size_z": 256,
  "snr_csf": 3.096946909048613,
  "snr_gm": 11.170500882525044,
  "snr_total": 11.266704640017599,
  "snr_wm": 19.532666128479136,
  "snrd_csf": 28.56684119605171,
  "snrd_gm": 59.4254677628313,
  "snrd_total": 56.37329268125725,
  "snrd_wm": 81.12756908488872,
  "spacing_x": 1.0,
  "spacing_y": 1.0,
  "spacing_z": 1.0,
  "summary_bg_k": 63.975013346913244,
  "summary_bg_mad": 8.07543457282243,
  "summary_bg_mean": 11.878006935119629,
  "summary_bg_median": 10.987672805786133,
  "summary_bg_n": 4478261.0,
  "summary_bg_p05": 0.0,
  "summary_bg_p95": 28.87089729309082,
  "summary_bg_stdv": 10.332130432128906,
  "summary_csf_k": 0.24768333807226028,
  "summary_csf_mad": 107.9570641457052,
  "summary_csf_mean": 376.3352966308594,
  "summary_csf_median": 352.1246337890625,
  "summary_csf_n": 16294.0,
  "summary_csf_p05": 229.63347854614256,
  "summary_csf_p95": 585.7370086669922,
  "summary_csf_stdv": 113.69708251953125,
  "summary_gm_k": 0.0048458203016181756,
  "summary_gm_mad": 65.1942291824084,
  "summary_gm_mean": 733.5570678710938,
  "summary_gm_median": 732.4985961914062,
  "summary_gm_n": 19077.0,
  "summary_gm_p05": 628.1675170898437,
  "summary_gm_p95": 844.4019653320313,
  "summary_gm_stdv": 65.5726547241211,
  "summary_wm_k": 0.35880051922183087,
  "summary_wm_mad": 48.74127186023617,
  "summary_wm_mean": 998.89404296875,
  "summary_wm_median": 1000.006103515625,
  "summary_wm_n": 226486.0,
  "summary_wm_p05": 912.1560211181641,
  "summary_wm_p95": 1081.0663757324219,
  "summary_wm_stdv": 51.19648742675781,
  "tpm_overlap_csf": 0.1688685417175293,
  "tpm_overlap_gm": 0.44671201705932617,
  "tpm_overlap_wm": 0.5130061507225037,
  "wm2max": 0.5579289736133206
}