{
  "aor": 0.002206538461538461,
  "aqi": 0.006299758798076922,
  "bids_meta": {
    "AcquisitionMatrixPE": 64,
    "AcquisitionNumber": 1,
    "BandwidthPerPixelPhaseEncode": 30.637,
    "BaseResolution": 64,
    "ConversionSoftware": "dcm2niix",
    "ConversionSoftwareVersion": "v1.0.20171215 GCC4.4.7",
    "DerivedVendorReportedEchoSpacing": 0.000510004,
    "DeviceSerialNumber": "35119",
    "DwellTime": 3.5e-06,
    "EchoTime": 0.03,
    "EffectiveEchoSpacing": 0.000510004,
    "FlipAngle": 78,
    "ImageComments": "V",
    "ImageOrientationPatientDICOM": [
      0.999864,
      0.005398,
      0.015583,
      0,
      0.94491,
      -0.32733
    ],
    "ImageType": [
      "ORIGINAL",
      "PRIMARY",
      "M",
      "ND",
      "MOSAIC"
    ],
    "InPlanePhaseEncodingDirectionDICOM": "COL",
    "InstitutionAddress": "15 Chaucer Road, Cambridge CB2 7EF, UK",
    "InstitutionName": "MRC Cognition and Brain Sciences Unit",
    "MRAcquisitionType": "2D",
    "MagneticFieldStrength": 3,
    "Manufacturer": "Siemens",
    "ManufacturersModelName": "TrioTim",
    "Modality": "MR",
    "NumberOfVolumesDiscardedByScanner": 3,
    "NumberOfVolumesDiscardedByuser": 2,
    "PartialFourier": 1,
    "PatientPosition": "HFS",
    "PercentPhaseFOV": 100,
    "PhaseEncodingDirection": "j-",
    "PhaseEncodingSteps": 64,
    "PhaseResolution": 1,
    "PixelBandwidth": 2230,
    "ProcedureStepDescription": "CBU_Neuroimaging",
    "ProtocolName": "CBU_DWEPI_BOLD210",
    "PulseSequenceDetails": "%SiemensSeq%_ep2d_bold",
    "PulseSequenceType": "EPI",
    "ReceiveCoilName": "HeadMatrix",
    "ReconMatrixPE": 64,
    "RepetitionTime": 2,
    "SAR": 0.114176,
    "ScanOptions": "FS",
    "ScanningSequence": "EP",
    "SequenceName": "_epfid2d1_64",
    "SequenceVariant": "SK",
    "SeriesDescription": "CBU_DWEPI_BOLD210",
    "SliceThickness": 3,
    "SliceTiming": [
      0,
      1.0325,
      0.06,
      1.095,
      0.12,
      1.155,
      0.1825,
      1.215,
      0.2425,
      1.2775,
      0.3025,
      1.3375,
      0.365,
      1.3975,
      0.425,
      1.46,
      0.485,
      1.52,
      0.5475,
      1.58,
      0.6075,
      1.6425,
      0.6675,
      1.7025,
      0.73,
      1.7625,
      0.79,
      1.825,
      0.85,
      1.885,
      0.9125,
      1.945,
      0.9725
    ],
    "SoftwareVersions": "syngo_MR_B15",
    "SpacingBetweenSlices": 3.75,
    "StationName": "MRC35119",
    "TaskName": "facerecognition",
    "TotalReadoutTime": 0.0321303,
    "TxRefAmp": 295.172,
    "dataset": "ds000117",
    "modality": "bold",
    "run_id": 5,
    "session_id": "mri",
    "subject_id": "03",
    "task_id": "facerecognition"
  },
  "dummy_trs": 0,
  "dvars_nstd": 25.743325827729485,
  "dvars_std": 1.134034211690821,
  "dvars_vstd": 1.0155450001932365,
  "efc": 0.5892850336077188,
  "fber": 604.7506103515625,
  "fd_mean": 0.15129213705770023,
  "fd_num": 33,
  "fd_perc": 15.865384615384615,
  "fwhm_avg": 1.8952273744238157,
  "fwhm_x": 1.880093632166168,
  "fwhm_y": 1.9966371427020573,
  "fwhm_z": 1.808951348403222,
  "gcor": 0.0424665,
  "gsr_x": 0.0014597204281017184,
  "gsr_y": 0.045053087174892426,
  "provenance": {
    "md5sum": "3ebcffaf1b275012821ee4bd32146319",
    "settings": {
      "fd_thres": 0.2,
      "testing": false
    },
    "software": "mriqc",
    "version": "0.16.1",
    "webapi_port": null,
    "webapi_url": "https://mriqc.nimh.nih.gov/api/v1"
  },
  "size_t": 208,
  "size_x": 64,
  "size_y": 64,
  "size_z": 33,
  "snr": 5.3536225526958,
  "spacing_tr": 2.0,
  "spacing_x": 2.999999523162842,
  "spacing_y": 2.9999992847442627,
  "spacing_z": 3.8999998569488525,
  "summary_bg_k": 10.616432072402276,
  "summary_bg_mad": 13.236502189909567,
  "summary_bg_mean": 64.93079376220703,
  "summary_bg_median": 33.52404022216797,
  "summary_bg_n": 73129.0,
  "summary_bg_p05": 23.846155166625977,
  "summary_bg_p95": 227.690393066406,
  "summary_bg_stdv": 74.09754943847656,
  "summary_fg_k": 1.6735172594311702,
  "summary_fg_mad": 140.33394661109836,
  "summary_fg_mean": 863.9129028320312,
  "summary_fg_median": 852.673095703125,
  "summary_fg_n": 29705.0,
  "summary_fg_p05": 632.92119140625,
  "summary_fg_p95": 1139.65869140625,
  "summary_fg_stdv": 159.2676239013672,
  "tsnr": 60.26671496860217
}