{
  "aor": 0.0006606730769230768,
  "aqi": 0.006019821442307693,
  "bids_meta": {
    "AcquisitionMatrixPE": 64,
    "AcquisitionNumber": 1,
    "BandwidthPerPixelPhaseEncode": 30.637,
    "BaseResolution": 64,
    "ConversionSoftware": "dcm2niix",
    "ConversionSoftwareVersion": "v1.0.20171215 GCC4.4.7",
    "DerivedVendorReportedEchoSpacing": 0.000510004,
    "DeviceSerialNumber": "35119",
    "DwellTime": 3.5e-06,
    "EchoTime": 0.03,
    "EffectiveEchoSpacing": 0.000510004,
    "FlipAngle": 78,
    "ImageComments": "V",
    "ImageOrientationPatientDICOM": [
      0.999864,
      0.005398,
      0.015583,
      0,
      0.94491,
      -0.32733
    ],
    "ImageType": [
      "ORIGINAL",
      "PRIMARY",
      "M",
      "ND",
      "MOSAIC"
    ],
    "InPlanePhaseEncodingDirectionDICOM": "COL",
    "InstitutionAddress": "15 Chaucer Road, Cambridge CB2 7EF, UK",
    "InstitutionName": "MRC Cognition and Brain Sciences Unit",
    "MRAcquisitionType": "2D",
    "MagneticFieldStrength": 3,
    "Manufacturer": "Siemens",
    "ManufacturersModelName": "TrioTim",
    "Modality": "MR",
    "NumberOfVolumesDiscardedByScanner": 3,
    "NumberOfVolumesDiscardedByuser": 2,
    "PartialFourier": 1,
    "PatientPosition": "HFS",
    "PercentPhaseFOV": 100,
    "PhaseEncodingDirection": "j-",
    "PhaseEncodingSteps": 64,
    "PhaseResolution": 1,
    "PixelBandwidth": 2230,
    "ProcedureStepDescription": "CBU_Neuroimaging",
    "ProtocolName": "CBU_DWEPI_BOLD210",
    "PulseSequenceDetails": "%SiemensSeq%_ep2d_bold",
    "PulseSequenceType": "EPI",
    "ReceiveCoilName": "HeadMatrix",
    "ReconMatrixPE": 64,
    "RepetitionTime": 2,
    "SAR": 0.114176,
    "ScanOptions": "FS",
    "ScanningSequence": "EP",
    "SequenceName": "_epfid2d1_64",
    "SequenceVariant": "SK",
    "SeriesDescription": "CBU_DWEPI_BOLD210",
    "SliceThickness": 3,
    "SliceTiming": [
      0,
      1.0325,
      0.06,
      1.095,
      0.12,
      1.155,
      0.1825,
      1.215,
      0.2425,
      1.2775,
      0.3025,
      1.3375,
      0.365,
      1.3975,
      0.425,
      1.46,
      0.485,
      1.52,
      0.5475,
      1.58,
      0.6075,
      1.6425,
      0.6675,
      1.7025,
      0.73,
      1.7625,
      0.79,
      1.825,
      0.85,
      1.885,
      0.9125,
      1.945,
      0.9725
    ],
    "SoftwareVersions": "syngo_MR_B15",
    "SpacingBetweenSlices": 3.75,
    "StationName": "MRC35119",
    "TaskName": "facerecognition",
    "TotalReadoutTime": 0.0321303,
    "TxRefAmp": 295.172,
    "dataset": "ds000117",
    "modality": "bold",
    "run_id": 1,
    "session_id": "mri",
    "subject_id": "03",
    "task_id": "facerecognition"
  },
  "dummy_trs": 0,
  "dvars_nstd": 25.45077998376811,
  "dvars_std": 1.1258062381159426,
  "dvars_vstd": 0.996827550724638,
  "efc": 0.5884673796974486,
  "fber": 593.488525390625,
  "fd_mean": 0.14084759136838024,
  "fd_num": 24,
  "fd_perc": 11.538461538461538,
  "fwhm_avg": 1.9446607306192263,
  "fwhm_x": 1.9096666666666666,
  "fwhm_y": 2.0696103289557026,
  "fwhm_z": 1.8547051962353094,
  "gcor": 0.0407171,
  "gsr_x": -0.0014747768873348832,
  "gsr_y": 0.04221593961119652,
  "provenance": {
    "md5sum": "f0a22615bc0b539ef5c659f4c1fc2d48",
    "settings": {
      "fd_thres": 0.2,
      "testing": false
    },
    "software": "mriqc",
    "version": "0.16.1",
    "webapi_port": null,
    "webapi_url": "https://mriqc.nimh.nih.gov/api/v1"
  },
  "size_t": 208,
  "size_x": 64,
  "size_y": 64,
  "size_z": 33,
  "snr": 5.329689853210785,
  "spacing_tr": 2.0,
  "spacing_x": 3.0,
  "spacing_y": 2.999999523162842,
  "spacing_z": 3.8999998569488525,
  "summary_bg_k": 11.471716973044902,
  "summary_bg_mad": 13.001279687892518,
  "summary_bg_mean": 63.08952713012695,
  "summary_bg_median": 33.403846740722656,
  "summary_bg_n": 72817.0,
  "summary_bg_p05": 23.845193481445314,
  "summary_bg_p95": 218.88751220703122,
  "summary_bg_stdv": 71.3704605102539,
  "summary_fg_k": 1.5905317392339917,
  "summary_fg_mad": 141.19641497929763,
  "summary_fg_mean": 856.4786376953125,
  "summary_fg_median": 844.2740478515625,
  "summary_fg_n": 29889.0,
  "summary_fg_p05": 625.880810546875,
  "summary_fg_p95": 1132.2048583984374,
  "summary_fg_stdv": 158.40695190429688,
  "tsnr": 61.97078127739951
}