{
  "aor": 0.0007373076923076923,
  "aqi": 0.00923060668269231,
  "bids_meta": {
    "AcquisitionMatrixPE": 64,
    "AcquisitionNumber": 1,
    "BandwidthPerPixelPhaseEncode": 30.637,
    "BaseResolution": 64,
    "ConversionSoftware": "dcm2niix",
    "ConversionSoftwareVersion": "v1.0.20171215 GCC4.4.7",
    "DerivedVendorReportedEchoSpacing": 0.000510004,
    "DeviceSerialNumber": "35119",
    "DwellTime": 3.5e-06,
    "EchoTime": 0.03,
    "EffectiveEchoSpacing": 0.000510004,
    "FlipAngle": 78,
    "ImageComments": "V",
    "ImageOrientationPatientDICOM": [
      0.999864,
      0.005398,
      0.015583,
      0,
      0.94491,
      -0.32733
    ],
    "ImageType": [
      "ORIGINAL",
      "PRIMARY",
      "M",
      "ND",
      "MOSAIC"
    ],
    "InPlanePhaseEncodingDirectionDICOM": "COL",
    "InstitutionAddress": "15 Chaucer Road, Cambridge CB2 7EF, UK",
    "InstitutionName": "MRC Cognition and Brain Sciences Unit",
    "MRAcquisitionType": "2D",
    "MagneticFieldStrength": 3,
    "Manufacturer": "Siemens",
    "ManufacturersModelName": "TrioTim",
    "Modality": "MR",
    "NumberOfVolumesDiscardedByScanner": 3,
    "NumberOfVolumesDiscardedByuser": 2,
    "PartialFourier": 1,
    "PatientPosition": "HFS",
    "PercentPhaseFOV": 100,
    "PhaseEncodingDirection": "j-",
    "PhaseEncodingSteps": 64,
    "PhaseResolution": 1,
    "PixelBandwidth": 2230,
    "ProcedureStepDescription": "CBU_Neuroimaging",
    "ProtocolName": "CBU_DWEPI_BOLD210",
    "PulseSequenceDetails": "%SiemensSeq%_ep2d_bold",
    "PulseSequenceType": "EPI",
    "ReceiveCoilName": "HeadMatrix",
    "ReconMatrixPE": 64,
    "RepetitionTime": 2,
    "SAR": 0.114176,
    "ScanOptions": "FS",
    "ScanningSequence": "EP",
    "SequenceName": "_epfid2d1_64",
    "SequenceVariant": "SK",
    "SeriesDescription": "CBU_DWEPI_BOLD210",
    "SliceThickness": 3,
    "SliceTiming": [
      0,
      1.0325,
      0.06,
      1.095,
      0.12,
      1.155,
      0.1825,
      1.215,
      0.2425,
      1.2775,
      0.3025,
      1.3375,
      0.365,
      1.3975,
      0.425,
      1.46,
      0.485,
      1.52,
      0.5475,
      1.58,
      0.6075,
      1.6425,
      0.6675,
      1.7025,
      0.73,
      1.7625,
      0.79,
      1.825,
      0.85,
      1.885,
      0.9125,
      1.945,
      0.9725
    ],
    "SoftwareVersions": "syngo_MR_B15",
    "SpacingBetweenSlices": 3.75,
    "StationName": "MRC35119",
    "TaskName": "facerecognition",
    "TotalReadoutTime": 0.0321303,
    "TxRefAmp": 295.172,
    "dataset": "ds000117",
    "modality": "bold",
    "run_id": 2,
    "session_id": "mri",
    "subject_id": "03",
    "task_id": "facerecognition"
  },
  "dummy_trs": 0,
  "dvars_nstd": 28.108878739613527,
  "dvars_std": 1.1370346230434787,
  "dvars_vstd": 0.9797003198067632,
  "efc": 0.5886718634346839,
  "fber": 588.0760498046875,
  "fd_mean": 0.15607293860476135,
  "fd_num": 51,
  "fd_perc": 24.51923076923077,
  "fwhm_avg": 1.9480921110724732,
  "fwhm_x": 1.9073001515785972,
  "fwhm_y": 2.0745736630779366,
  "fwhm_z": 1.862402518560886,
  "gcor": 0.0422916,
  "gsr_x": -0.001723892753943801,
  "gsr_y": 0.04366961866617203,
  "provenance": {
    "md5sum": "42c6678d38c2e3e161c229cd86b051e8",
    "settings": {
      "fd_thres": 0.2,
      "testing": false
    },
    "software": "mriqc",
    "version": "0.16.1",
    "webapi_port": null,
    "webapi_url": "https://mriqc.nimh.nih.gov/api/v1"
  },
  "size_t": 208,
  "size_x": 64,
  "size_y": 64,
  "size_z": 33,
  "snr": 5.3463665498784385,
  "spacing_tr": 2.0,
  "spacing_x": 2.999999761581421,
  "spacing_y": 2.999999523162842,
  "spacing_z": 3.9000000953674316,
  "summary_bg_k": 11.157290014492496,
  "summary_bg_mad": 13.49310315714402,
  "summary_bg_mean": 63.792171478271484,
  "summary_bg_median": 33.846153259277344,
  "summary_bg_n": 73015.0,
  "summary_bg_p05": 23.826923370361328,
  "summary_bg_p95": 221.17452239990234,
  "summary_bg_stdv": 71.7892074584961,
  "summary_fg_k": 1.5651699245343753,
  "summary_fg_mad": 141.5029075155573,
  "summary_fg_mean": 861.5455932617188,
  "summary_fg_median": 849.4615478515625,
  "summary_fg_n": 29819.0,
  "summary_fg_p05": 630.364453125,
  "summary_fg_p95": 1137.836633300781,
  "summary_fg_stdv": 158.8831024169922,
  "tsnr": 53.49705191049725
}