{
  "aor": 0.002334326923076923,
  "aqi": 0.015915706586538462,
  "bids_meta": {
    "AcquisitionMatrixPE": 64,
    "AcquisitionNumber": 1,
    "BandwidthPerPixelPhaseEncode": 30.637,
    "BaseResolution": 64,
    "ConversionSoftware": "dcm2niix",
    "ConversionSoftwareVersion": "v1.0.20171215 GCC4.4.7",
    "DerivedVendorReportedEchoSpacing": 0.000510004,
    "DeviceSerialNumber": "35119",
    "DwellTime": 3.5e-06,
    "EchoTime": 0.03,
    "EffectiveEchoSpacing": 0.000510004,
    "FlipAngle": 78,
    "ImageComments": "V",
    "ImageOrientationPatientDICOM": [
      0.999864,
      0.005398,
      0.015583,
      0,
      0.94491,
      -0.32733
    ],
    "ImageType": [
      "ORIGINAL",
      "PRIMARY",
      "M",
      "ND",
      "MOSAIC"
    ],
    "InPlanePhaseEncodingDirectionDICOM": "COL",
    "InstitutionAddress": "15 Chaucer Road, Cambridge CB2 7EF, UK",
    "InstitutionName": "MRC Cognition and Brain Sciences Unit",
    "MRAcquisitionType": "2D",
    "MagneticFieldStrength": 3,
    "Manufacturer": "Siemens",
    "ManufacturersModelName": "TrioTim",
    "Modality": "MR",
    "NumberOfVolumesDiscardedByScanner": 3,
    "NumberOfVolumesDiscardedByuser": 2,
    "PartialFourier": 1,
    "PatientPosition": "HFS",
    "PercentPhaseFOV": 100,
    "PhaseEncodingDirection": "j-",
    "PhaseEncodingSteps": 64,
    "PhaseResolution": 1,
    "PixelBandwidth": 2230,
    "ProcedureStepDescription": "CBU_Neuroimaging",
    "ProtocolName": "CBU_DWEPI_BOLD210",
    "PulseSequenceDetails": "%SiemensSeq%_ep2d_bold",
    "PulseSequenceType": "EPI",
    "ReceiveCoilName": "HeadMatrix",
    "ReconMatrixPE": 64,
    "RepetitionTime": 2,
    "SAR": 0.114176,
    "ScanOptions": "FS",
    "ScanningSequence": "EP",
    "SequenceName": "_epfid2d1_64",
    "SequenceVariant": "SK",
    "SeriesDescription": "CBU_DWEPI_BOLD210",
    "SliceThickness": 3,
    "SliceTiming": [
      0,
      1.0325,
      0.06,
      1.095,
      0.12,
      1.155,
      0.1825,
      1.215,
      0.2425,
      1.2775,
      0.3025,
      1.3375,
      0.365,
      1.3975,
      0.425,
      1.46,
      0.485,
      1.52,
      0.5475,
      1.58,
      0.6075,
      1.6425,
      0.6675,
      1.7025,
      0.73,
      1.7625,
      0.79,
      1.825,
      0.85,
      1.885,
      0.9125,
      1.945,
      0.9725
    ],
    "SoftwareVersions": "syngo_MR_B15",
    "SpacingBetweenSlices": 3.75,
    "StationName": "MRC35119",
    "TaskName": "facerecognition",
    "TotalReadoutTime": 0.0321303,
    "TxRefAmp": 295.172,
    "dataset": "ds000117",
    "modality": "bold",
    "run_id": 6,
    "session_id": "mri",
    "subject_id": "12",
    "task_id": "facerecognition"
  },
  "dummy_trs": 0,
  "dvars_nstd": 31.57062878826089,
  "dvars_std": 1.1420371556521736,
  "dvars_vstd": 0.9591916803381639,
  "efc": 0.5875392775893589,
  "fber": 760.8969116210938,
  "fd_mean": 0.1963848221515454,
  "fd_num": 65,
  "fd_perc": 31.25,
  "fwhm_avg": 1.8172004009489677,
  "fwhm_x": 1.7994930473116164,
  "fwhm_y": 1.9570868222019533,
  "fwhm_z": 1.6950213333333333,
  "gcor": 0.0258933,
  "gsr_x": 0.0011032145703211427,
  "gsr_y": 0.029193682596087456,
  "provenance": {
    "md5sum": "ff349a882550567b09fad6547d7c93fa",
    "settings": {
      "fd_thres": 0.2,
      "testing": false
    },
    "software": "mriqc",
    "version": "0.16.1",
    "webapi_port": null,
    "webapi_url": "https://mriqc.nimh.nih.gov/api/v1"
  },
  "size_t": 208,
  "size_x": 64,
  "size_y": 64,
  "size_z": 33,
  "snr": 5.373852528105591,
  "spacing_tr": 2.0,
  "spacing_x": 3.000000476837158,
  "spacing_y": 2.999999761581421,
  "spacing_z": 3.75,
  "summary_bg_k": 47.63059205366723,
  "summary_bg_mad": 9.90777335334443,
  "summary_bg_mean": 52.63404846191406,
  "summary_bg_median": 29.163461685180664,
  "summary_bg_n": 70123.0,
  "summary_bg_p05": 21.605770111083984,
  "summary_bg_p95": 150.523567199707,
  "summary_bg_stdv": 74.53607177734375,
  "summary_fg_k": 1.5478221186073666,
  "summary_fg_mad": 135.20546772123103,
  "summary_fg_mean": 842.3345336914062,
  "summary_fg_median": 828.6971435546875,
  "summary_fg_n": 32024.0,
  "summary_fg_p05": 624.4904174804688,
  "summary_fg_p95": 1117.0892211914058,
  "summary_fg_stdv": 154.20672607421875,
  "tsnr": 43.35740883136168
}