{
  "aor": 0.0016416346153846153,
  "aqi": 0.00904458326923077,
  "bids_meta": {
    "AcquisitionMatrixPE": 64,
    "AcquisitionNumber": 1,
    "BandwidthPerPixelPhaseEncode": 30.637,
    "BaseResolution": 64,
    "ConversionSoftware": "dcm2niix",
    "ConversionSoftwareVersion": "v1.0.20171215 GCC4.4.7",
    "DerivedVendorReportedEchoSpacing": 0.000510004,
    "DeviceSerialNumber": "35119",
    "DwellTime": 3.5e-06,
    "EchoTime": 0.03,
    "EffectiveEchoSpacing": 0.000510004,
    "FlipAngle": 78,
    "ImageComments": "V",
    "ImageOrientationPatientDICOM": [
      0.999864,
      0.005398,
      0.015583,
      0,
      0.94491,
      -0.32733
    ],
    "ImageType": [
      "ORIGINAL",
      "PRIMARY",
      "M",
      "ND",
      "MOSAIC"
    ],
    "InPlanePhaseEncodingDirectionDICOM": "COL",
    "InstitutionAddress": "15 Chaucer Road, Cambridge CB2 7EF, UK",
    "InstitutionName": "MRC Cognition and Brain Sciences Unit",
    "MRAcquisitionType": "2D",
    "MagneticFieldStrength": 3,
    "Manufacturer": "Siemens",
    "ManufacturersModelName": "TrioTim",
    "Modality": "MR",
    "NumberOfVolumesDiscardedByScanner": 3,
    "NumberOfVolumesDiscardedByuser": 2,
    "PartialFourier": 1,
    "PatientPosition": "HFS",
    "PercentPhaseFOV": 100,
    "PhaseEncodingDirection": "j-",
    "PhaseEncodingSteps": 64,
    "PhaseResolution": 1,
    "PixelBandwidth": 2230,
    "ProcedureStepDescription": "CBU_Neuroimaging",
    "ProtocolName": "CBU_DWEPI_BOLD210",
    "PulseSequenceDetails": "%SiemensSeq%_ep2d_bold",
    "PulseSequenceType": "EPI",
    "ReceiveCoilName": "HeadMatrix",
    "ReconMatrixPE": 64,
    "RepetitionTime": 2,
    "SAR": 0.114176,
    "ScanOptions": "FS",
    "ScanningSequence": "EP",
    "SequenceName": "_epfid2d1_64",
    "SequenceVariant": "SK",
    "SeriesDescription": "CBU_DWEPI_BOLD210",
    "SliceThickness": 3,
    "SliceTiming": [
      0,
      1.0325,
      0.06,
      1.095,
      0.12,
      1.155,
      0.1825,
      1.215,
      0.2425,
      1.2775,
      0.3025,
      1.3375,
      0.365,
      1.3975,
      0.425,
      1.46,
      0.485,
      1.52,
      0.5475,
      1.58,
      0.6075,
      1.6425,
      0.6675,
      1.7025,
      0.73,
      1.7625,
      0.79,
      1.825,
      0.85,
      1.885,
      0.9125,
      1.945,
      0.9725
    ],
    "SoftwareVersions": "syngo_MR_B15",
    "SpacingBetweenSlices": 3.75,
    "StationName": "MRC35119",
    "TaskName": "facerecognition",
    "TotalReadoutTime": 0.0321303,
    "TxRefAmp": 295.172,
    "dataset": "ds000117",
    "modality": "bold",
    "run_id": 4,
    "session_id": "mri",
    "subject_id": "12",
    "task_id": "facerecognition"
  },
  "dummy_trs": 0,
  "dvars_nstd": 31.04214537434783,
  "dvars_std": 1.1967716323188407,
  "dvars_vstd": 0.9965409388888888,
  "efc": 0.5871947241783493,
  "fber": 775.281005859375,
  "fd_mean": 0.17656243076276162,
  "fd_num": 60,
  "fd_perc": 28.846153846153847,
  "fwhm_avg": 1.807919956726782,
  "fwhm_x": 1.7885697157144997,
  "fwhm_y": 1.9436301544658465,
  "fwhm_z": 1.69156,
  "gcor": 0.0412851,
  "gsr_x": 0.0005041772965341806,
  "gsr_y": 0.028121044859290123,
  "provenance": {
    "md5sum": "4aa001f2b8eae610af0c2dd34e0a6714",
    "settings": {
      "fd_thres": 0.2,
      "testing": false
    },
    "software": "mriqc",
    "version": "0.16.1",
    "webapi_port": null,
    "webapi_url": "https://mriqc.nimh.nih.gov/api/v1"
  },
  "size_t": 208,
  "size_x": 64,
  "size_y": 64,
  "size_z": 33,
  "snr": 5.375387252158251,
  "spacing_tr": 2.0,
  "spacing_x": 3.000000476837158,
  "spacing_y": 2.999999761581421,
  "spacing_z": 3.75,
  "summary_bg_k": 47.9723207004348,
  "summary_bg_mad": 9.465847108796778,
  "summary_bg_mean": 51.42550277709961,
  "summary_bg_median": 28.750001907348633,
  "summary_bg_n": 69919.0,
  "summary_bg_p05": 21.495193481445312,
  "summary_bg_p95": 147.41202545165987,
  "summary_bg_stdv": 72.20829772949219,
  "summary_fg_k": 1.5340725968121012,
  "summary_fg_mad": 133.60531787810146,
  "summary_fg_mean": 837.795166015625,
  "summary_fg_median": 824.4519653320312,
  "summary_fg_n": 32069.0,
  "summary_fg_p05": 620.6384765625,
  "summary_fg_p95": 1109.1490966796873,
  "summary_fg_stdv": 153.3729705810547,
  "tsnr": 54.36408096109517
}