{
  "aor": 0.0020372115384615385,
  "aqi": 0.009472001394230769,
  "bids_meta": {
    "AcquisitionMatrixPE": 64,
    "AcquisitionNumber": 1,
    "BandwidthPerPixelPhaseEncode": 30.637,
    "BaseResolution": 64,
    "ConversionSoftware": "dcm2niix",
    "ConversionSoftwareVersion": "v1.0.20171215 GCC4.4.7",
    "DerivedVendorReportedEchoSpacing": 0.000510004,
    "DeviceSerialNumber": "35119",
    "DwellTime": 3.5e-06,
    "EchoTime": 0.03,
    "EffectiveEchoSpacing": 0.000510004,
    "FlipAngle": 78,
    "ImageComments": "V",
    "ImageOrientationPatientDICOM": [
      0.999864,
      0.005398,
      0.015583,
      0,
      0.94491,
      -0.32733
    ],
    "ImageType": [
      "ORIGINAL",
      "PRIMARY",
      "M",
      "ND",
      "MOSAIC"
    ],
    "InPlanePhaseEncodingDirectionDICOM": "COL",
    "InstitutionAddress": "15 Chaucer Road, Cambridge CB2 7EF, UK",
    "InstitutionName": "MRC Cognition and Brain Sciences Unit",
    "MRAcquisitionType": "2D",
    "MagneticFieldStrength": 3,
    "Manufacturer": "Siemens",
    "ManufacturersModelName": "TrioTim",
    "Modality": "MR",
    "NumberOfVolumesDiscardedByScanner": 3,
    "NumberOfVolumesDiscardedByuser": 2,
    "PartialFourier": 1,
    "PatientPosition": "HFS",
    "PercentPhaseFOV": 100,
    "PhaseEncodingDirection": "j-",
    "PhaseEncodingSteps": 64,
    "PhaseResolution": 1,
    "PixelBandwidth": 2230,
    "ProcedureStepDescription": "CBU_Neuroimaging",
    "ProtocolName": "CBU_DWEPI_BOLD210",
    "PulseSequenceDetails": "%SiemensSeq%_ep2d_bold",
    "PulseSequenceType": "EPI",
    "ReceiveCoilName": "HeadMatrix",
    "ReconMatrixPE": 64,
    "RepetitionTime": 2,
    "SAR": 0.114176,
    "ScanOptions": "FS",
    "ScanningSequence": "EP",
    "SequenceName": "_epfid2d1_64",
    "SequenceVariant": "SK",
    "SeriesDescription": "CBU_DWEPI_BOLD210",
    "SliceThickness": 3,
    "SliceTiming": [
      0,
      1.0325,
      0.06,
      1.095,
      0.12,
      1.155,
      0.1825,
      1.215,
      0.2425,
      1.2775,
      0.3025,
      1.3375,
      0.365,
      1.3975,
      0.425,
      1.46,
      0.485,
      1.52,
      0.5475,
      1.58,
      0.6075,
      1.6425,
      0.6675,
      1.7025,
      0.73,
      1.7625,
      0.79,
      1.825,
      0.85,
      1.885,
      0.9125,
      1.945,
      0.9725
    ],
    "SoftwareVersions": "syngo_MR_B15",
    "SpacingBetweenSlices": 3.75,
    "StationName": "MRC35119",
    "TaskName": "facerecognition",
    "TotalReadoutTime": 0.0321303,
    "TxRefAmp": 295.172,
    "dataset": "ds000117",
    "modality": "bold",
    "run_id": 7,
    "session_id": "mri",
    "subject_id": "12",
    "task_id": "facerecognition"
  },
  "dummy_trs": 0,
  "dvars_nstd": 30.823905198357494,
  "dvars_std": 1.2061080807729474,
  "dvars_vstd": 0.996007850386474,
  "efc": 0.5857990299289564,
  "fber": 781.9842529296875,
  "fd_mean": 0.18137193724019054,
  "fd_num": 60,
  "fd_perc": 28.846153846153847,
  "fwhm_avg": 1.8049751506479221,
  "fwhm_x": 1.792443190882747,
  "fwhm_y": 1.9346101537490012,
  "fwhm_z": 1.6878721073120184,
  "gcor": 0.0295796,
  "gsr_x": 0.0017625823384150863,
  "gsr_y": 0.02835249900817871,
  "provenance": {
    "md5sum": "a4f5961298eb52be04e951015ef560d5",
    "settings": {
      "fd_thres": 0.2,
      "testing": false
    },
    "software": "mriqc",
    "version": "0.16.1",
    "webapi_port": null,
    "webapi_url": "https://mriqc.nimh.nih.gov/api/v1"
  },
  "size_t": 208,
  "size_x": 64,
  "size_y": 64,
  "size_z": 33,
  "snr": 5.38559680856712,
  "spacing_tr": 2.0,
  "spacing_x": 3.000000238418579,
  "spacing_y": 2.999999761581421,
  "spacing_z": 3.749999761581421,
  "summary_bg_k": 44.86155597859514,
  "summary_bg_mad": 9.487228401853496,
  "summary_bg_mean": 51.31842041015625,
  "summary_bg_median": 28.75480842590332,
  "summary_bg_n": 70400.0,
  "summary_bg_p05": 21.548078536987305,
  "summary_bg_p95": 147.21851806640638,
  "summary_bg_stdv": 71.00263977050781,
  "summary_fg_k": 1.5374674365707417,
  "summary_fg_mad": 134.46063746851377,
  "summary_fg_mean": 841.5933837890625,
  "summary_fg_median": 829.0913696289062,
  "summary_fg_n": 31826.0,
  "summary_fg_p05": 622.9867858886719,
  "summary_fg_p95": 1115.6719665527344,
  "summary_fg_stdv": 153.94363403320312,
  "tsnr": 53.888096027076244
}