{
  "bids_meta": {
    "AcquisitionMatrixPE": 246,
    "AcquisitionNumber": 1,
    "AnatomicalLandmarkCoordinates": {
      "LPA": [
        140,
        75,
        25
      ],
      "Nasion": [
        56,
        116,
        95
      ],
      "RPA": [
        142,
        74,
        166
      ]
    },
    "BaseResolution": 256,
    "ConversionSoftware": "dcm2niix",
    "ConversionSoftwareVersion": "v1.0.20171215 GCC4.4.7",
    "DeviceSerialNumber": "35119",
    "DwellTime": 8.5e-06,
    "EchoTime": 0.00298,
    "FlipAngle": 9,
    "ImageComments": "V",
    "ImageType": [
      "ORIGINAL",
      "PRIMARY",
      "M",
      "ND",
      "NORM"
    ],
    "InPlanePhaseEncodingDirectionDICOM": "ROW",
    "InstitutionAddress": "15 Chaucer Road, Cambridge CB2 7EF, UK",
    "InstitutionName": "MRC Cognition and Brain Sciences Unit",
    "InversionTime": 0.9,
    "MRAcquisitionType": "3D",
    "MagneticFieldStrength": 3,
    "Manufacturer": "Siemens",
    "ManufacturersModelName": "TrioTim",
    "Modality": "MR",
    "ParallelReductionFactorInPlane": 2,
    "PartialFourier": 0.875,
    "PatientPosition": "HFS",
    "PercentPhaseFOV": 100,
    "PhaseEncodingSteps": 215,
    "PhaseResolution": 0.96,
    "PixelBandwidth": 230,
    "ProcedureStepDescription": "CBU_Neuroimaging",
    "ProtocolName": "CBU_MPRAGE",
    "PulseSequenceDetails": "%SiemensSeq%_tfl",
    "PulseSequenceType": "MPRAGE",
    "ReceiveCoilName": "HeadMatrix",
    "ReconMatrixPE": 256,
    "RepetitionTime": 2.25,
    "ScanOptions": "IR_PFP",
    "ScanningSequence": "GR_IR",
    "SequenceName": "_tfl3d1_ns",
    "SequenceVariant": "SP_MP_OSP",
    "SeriesDescription": "CBU_MPRAGE",
    "SliceThickness": 1,
    "SoftwareVersions": "syngo_MR_B15",
    "StationName": "MRC35119",
    "acq_id": "mprage",
    "dataset": "ds000117",
    "modality": "T1w",
    "session_id": "mri",
    "subject_id": "14"
  },
  "cjv": 0.3768800258989182,
  "cnr": 3.5926295335669503,
  "efc": 0.45954532595709696,
  "fber": 4494.4111328125,
  "fwhm_avg": 3.7490566666666667,
  "fwhm_x": 3.72068,
  "fwhm_y": 4.11442,
  "fwhm_z": 3.41207,
  "icvs_csf": 0.19969373445695401,
  "icvs_gm": 0.419599804585515,
  "icvs_wm": 0.38070646095753097,
  "inu_med": 1.6707420349121094,
  "inu_range": 0.49650418758392334,
  "provenance": {
    "md5sum": "e5e52ba62ea66b113ad6c5918655ab6c",
    "settings": {
      "testing": false
    },
    "software": "mriqc",
    "version": "0.16.1",
    "warnings": {
      "large_rot_frame": true,
      "small_air_mask": false
    },
    "webapi_port": null,
    "webapi_url": "https://mriqc.nimh.nih.gov/api/v1"
  },
  "qi_1": 0.00025722395354998756,
  "qi_2": 0.004835035559608967,
  "rpve_csf": 30.682622485602202,
  "rpve_gm": 15.484830770227925,
  "rpve_wm": 20.44120392088277,
  "size_x": 192,
  "size_y": 256,
  "size_z": 256,
  "snr_csf": 3.1222433264502287,
  "snr_gm": 12.26209770627346,
  "snr_total": 11.970448679282741,
  "snr_wm": 20.52700500512454,
  "snrd_csf": 29.260937817747607,
  "snrd_gm": 63.45442255182791,
  "snrd_total": 60.14101823227241,
  "snrd_wm": 87.70769432724171,
  "spacing_x": 1.0,
  "spacing_y": 1.0,
  "spacing_z": 1.0,
  "summary_bg_k": 7.517359511442102,
  "summary_bg_mad": 7.469582018014011,
  "summary_bg_mean": 10.306182861328125,
  "summary_bg_median": 7.636533260345459,
  "summary_bg_n": 4781706.0,
  "summary_bg_p05": 0.0,
  "summary_bg_p95": 25.438613891601562,
  "summary_bg_stdv": 8.376995086669922,
  "summary_csf_k": 0.5908582406287493,
  "summary_csf_mad": 90.84345569152887,
  "summary_csf_mean": 361.70196533203125,
  "summary_csf_median": 333.6205749511719,
  "summary_csf_n": 13395.0,
  "summary_csf_p05": 230.258805847168,
  "summary_csf_p95": 567.190869140625,
  "summary_csf_stdv": 106.8488540649414,
  "summary_gm_k": 0.028837062625199028,
  "summary_gm_mad": 59.049809429066805,
  "summary_gm_mean": 724.0805053710938,
  "summary_gm_median": 723.4799194335938,
  "summary_gm_n": 16303.0,
  "summary_gm_p05": 628.4783935546875,
  "summary_gm_p95": 822.7348876953124,
  "summary_gm_stdv": 58.999507904052734,
  "summary_wm_k": 0.5607067713749538,
  "summary_wm_mad": 45.167063948460395,
  "summary_wm_mean": 997.3499145507812,
  "summary_wm_median": 1000.0052490234375,
  "summary_wm_n": 198435.0,
  "summary_wm_p05": 911.3490722656251,
  "summary_wm_p95": 1072.4214233398438,
  "summary_wm_stdv": 48.71644592285156,
  "tpm_overlap_csf": 0.16589295864105225,
  "tpm_overlap_gm": 0.44139328598976135,
  "tpm_overlap_wm": 0.5024804472923279,
  "wm2max": 0.584230921813316
}