{
  "bids_meta": {
    "AcquisitionMatrixPE": 246,
    "AcquisitionNumber": 1,
    "AnatomicalLandmarkCoordinates": {
      "LPA": [
        116,
        88,
        20
      ],
      "Nasion": [
        32,
        117,
        94
      ],
      "RPA": [
        120,
        93,
        171
      ]
    },
    "BaseResolution": 256,
    "ConversionSoftware": "dcm2niix",
    "ConversionSoftwareVersion": "v1.0.20171215 GCC4.4.7",
    "DeviceSerialNumber": "35119",
    "DwellTime": 8.5e-06,
    "EchoTime": 0.00298,
    "FlipAngle": 9,
    "ImageComments": "V",
    "ImageType": [
      "ORIGINAL",
      "PRIMARY",
      "M",
      "ND",
      "NORM"
    ],
    "InPlanePhaseEncodingDirectionDICOM": "ROW",
    "InstitutionAddress": "15 Chaucer Road, Cambridge CB2 7EF, UK",
    "InstitutionName": "MRC Cognition and Brain Sciences Unit",
    "InversionTime": 0.9,
    "MRAcquisitionType": "3D",
    "MagneticFieldStrength": 3,
    "Manufacturer": "Siemens",
    "ManufacturersModelName": "TrioTim",
    "Modality": "MR",
    "ParallelReductionFactorInPlane": 2,
    "PartialFourier": 0.875,
    "PatientPosition": "HFS",
    "PercentPhaseFOV": 100,
    "PhaseEncodingSteps": 215,
    "PhaseResolution": 0.96,
    "PixelBandwidth": 230,
    "ProcedureStepDescription": "CBU_Neuroimaging",
    "ProtocolName": "CBU_MPRAGE",
    "PulseSequenceDetails": "%SiemensSeq%_tfl",
    "PulseSequenceType": "MPRAGE",
    "ReceiveCoilName": "HeadMatrix",
    "ReconMatrixPE": 256,
    "RepetitionTime": 2.25,
    "ScanOptions": "IR_PFP",
    "ScanningSequence": "GR_IR",
    "SequenceName": "_tfl3d1_ns",
    "SequenceVariant": "SP_MP_OSP",
    "SeriesDescription": "CBU_MPRAGE",
    "SliceThickness": 1,
    "SoftwareVersions": "syngo_MR_B15",
    "StationName": "MRC35119",
    "acq_id": "mprage",
    "dataset": "ds000117",
    "modality": "T1w",
    "session_id": "mri",
    "subject_id": "04"
  },
  "cjv": 0.4184441238038314,
  "cnr": 3.2230487989350087,
  "efc": 0.4987225864007321,
  "fber": 2854.469482421875,
  "fwhm_avg": 3.7877833333333335,
  "fwhm_x": 3.82619,
  "fwhm_y": 4.17406,
  "fwhm_z": 3.3631,
  "icvs_csf": 0.19811690430210518,
  "icvs_gm": 0.41574581777561115,
  "icvs_wm": 0.3861372779222837,
  "inu_med": 1.588000774383545,
  "inu_range": 0.5631613731384277,
  "provenance": {
    "md5sum": "2082c50843b9cd35810e51c8c8b2bc55",
    "settings": {
      "testing": false
    },
    "software": "mriqc",
    "version": "0.16.1",
    "warnings": {
      "large_rot_frame": true,
      "small_air_mask": false
    },
    "webapi_port": null,
    "webapi_url": "https://mriqc.nimh.nih.gov/api/v1"
  },
  "qi_1": 0.00035365206734023157,
  "qi_2": 0.013191433465449333,
  "rpve_csf": 28.529937713482017,
  "rpve_gm": 14.115705393223411,
  "rpve_wm": 18.107303021565222,
  "size_x": 192,
  "size_y": 256,
  "size_z": 256,
  "snr_csf": 3.237382689233788,
  "snr_gm": 12.01804504104119,
  "snr_total": 11.543883033403562,
  "snr_wm": 19.37622136993571,
  "snrd_csf": 31.3994294278808,
  "snrd_gm": 61.59441962933254,
  "snrd_total": 58.761726502427585,
  "snrd_wm": 83.2913304500694,
  "spacing_x": 1.0,
  "spacing_y": 1.0,
  "spacing_z": 1.0,
  "summary_bg_k": 5.405589483156497,
  "summary_bg_mad": 7.865707163104827,
  "summary_bg_mean": 11.563494682312012,
  "summary_bg_median": 10.674580574035645,
  "summary_bg_n": 4015255.0,
  "summary_bg_p05": 0.0,
  "summary_bg_p95": 29.299972915649413,
  "summary_bg_stdv": 9.088512420654297,
  "summary_csf_k": -0.2566430295245006,
  "summary_csf_mad": 127.11203324421214,
  "summary_csf_mean": 399.60150146484375,
  "summary_csf_median": 376.9882507324219,
  "summary_csf_n": 21902.0,
  "summary_csf_p05": 245.82432098388674,
  "summary_csf_p95": 601.2465026855471,
  "summary_csf_stdv": 116.44580841064453,
  "summary_gm_k": 0.0637389422510437,
  "summary_gm_mad": 60.27849429984739,
  "summary_gm_mean": 741.5889892578125,
  "summary_gm_median": 739.5157470703125,
  "summary_gm_n": 18740.0,
  "summary_gm_p05": 643.5285491943359,
  "summary_gm_p95": 847.8688232421874,
  "summary_gm_stdv": 61.53213882446289,
  "summary_wm_k": 0.38883752821433726,
  "summary_wm_mad": 48.725254978359004,
  "summary_wm_mean": 998.4017333984375,
  "summary_wm_median": 1000.0134887695312,
  "summary_wm_n": 221519.0,
  "summary_wm_p05": 909.8324401855468,
  "summary_wm_p95": 1080.4713256835935,
  "summary_wm_stdv": 51.6102294921875,
  "tpm_overlap_csf": 0.17114372551441193,
  "tpm_overlap_gm": 0.44373956322669983,
  "tpm_overlap_wm": 0.505253791809082,
  "wm2max": 0.5296339703950236
}