{
  "aor": 0.0016086538461538462,
  "aqi": 0.0060934500961538456,
  "bids_meta": {
    "AcquisitionMatrixPE": 64,
    "AcquisitionNumber": 1,
    "BandwidthPerPixelPhaseEncode": 30.637,
    "BaseResolution": 64,
    "ConversionSoftware": "dcm2niix",
    "ConversionSoftwareVersion": "v1.0.20171215 GCC4.4.7",
    "DerivedVendorReportedEchoSpacing": 0.000510004,
    "DeviceSerialNumber": "35119",
    "DwellTime": 3.5e-06,
    "EchoTime": 0.03,
    "EffectiveEchoSpacing": 0.000510004,
    "FlipAngle": 78,
    "ImageComments": "V",
    "ImageOrientationPatientDICOM": [
      0.999864,
      0.005398,
      0.015583,
      0,
      0.94491,
      -0.32733
    ],
    "ImageType": [
      "ORIGINAL",
      "PRIMARY",
      "M",
      "ND",
      "MOSAIC"
    ],
    "InPlanePhaseEncodingDirectionDICOM": "COL",
    "InstitutionAddress": "15 Chaucer Road, Cambridge CB2 7EF, UK",
    "InstitutionName": "MRC Cognition and Brain Sciences Unit",
    "MRAcquisitionType": "2D",
    "MagneticFieldStrength": 3,
    "Manufacturer": "Siemens",
    "ManufacturersModelName": "TrioTim",
    "Modality": "MR",
    "NumberOfVolumesDiscardedByScanner": 3,
    "NumberOfVolumesDiscardedByuser": 2,
    "PartialFourier": 1,
    "PatientPosition": "HFS",
    "PercentPhaseFOV": 100,
    "PhaseEncodingDirection": "j-",
    "PhaseEncodingSteps": 64,
    "PhaseResolution": 1,
    "PixelBandwidth": 2230,
    "ProcedureStepDescription": "CBU_Neuroimaging",
    "ProtocolName": "CBU_DWEPI_BOLD210",
    "PulseSequenceDetails": "%SiemensSeq%_ep2d_bold",
    "PulseSequenceType": "EPI",
    "ReceiveCoilName": "HeadMatrix",
    "ReconMatrixPE": 64,
    "RepetitionTime": 2,
    "SAR": 0.114176,
    "ScanOptions": "FS",
    "ScanningSequence": "EP",
    "SequenceName": "_epfid2d1_64",
    "SequenceVariant": "SK",
    "SeriesDescription": "CBU_DWEPI_BOLD210",
    "SliceThickness": 3,
    "SliceTiming": [
      0,
      1.0325,
      0.06,
      1.095,
      0.12,
      1.155,
      0.1825,
      1.215,
      0.2425,
      1.2775,
      0.3025,
      1.3375,
      0.365,
      1.3975,
      0.425,
      1.46,
      0.485,
      1.52,
      0.5475,
      1.58,
      0.6075,
      1.6425,
      0.6675,
      1.7025,
      0.73,
      1.7625,
      0.79,
      1.825,
      0.85,
      1.885,
      0.9125,
      1.945,
      0.9725
    ],
    "SoftwareVersions": "syngo_MR_B15",
    "SpacingBetweenSlices": 3.75,
    "StationName": "MRC35119",
    "TaskName": "facerecognition",
    "TotalReadoutTime": 0.0321303,
    "TxRefAmp": 295.172,
    "dataset": "ds000117",
    "modality": "bold",
    "run_id": 9,
    "session_id": "mri",
    "subject_id": "13",
    "task_id": "facerecognition"
  },
  "dummy_trs": 0,
  "dvars_nstd": 24.760403813140094,
  "dvars_std": 1.1602862065217392,
  "dvars_vstd": 1.0028133993719806,
  "efc": 0.5710498394206422,
  "fber": 930.9617309570312,
  "fd_mean": 0.14181095799449614,
  "fd_num": 40,
  "fd_perc": 19.23076923076923,
  "fwhm_avg": 1.9518763766483194,
  "fwhm_x": 1.8782533333333333,
  "fwhm_y": 2.1764603459390552,
  "fwhm_z": 1.8009154506725698,
  "gcor": 0.0538534,
  "gsr_x": -0.016198372468352318,
  "gsr_y": 0.04319451004266739,
  "provenance": {
    "md5sum": "647506dffe0e7293276ee5c4c9dd1eb3",
    "settings": {
      "fd_thres": 0.2,
      "testing": false
    },
    "software": "mriqc",
    "version": "0.16.1",
    "webapi_port": null,
    "webapi_url": "https://mriqc.nimh.nih.gov/api/v1"
  },
  "size_t": 208,
  "size_x": 64,
  "size_y": 64,
  "size_z": 33,
  "snr": 5.680841604980365,
  "spacing_tr": 2.0,
  "spacing_x": 3.0,
  "spacing_y": 2.999999523162842,
  "spacing_z": 3.8999998569488525,
  "summary_bg_k": 29.583710026008767,
  "summary_bg_mad": 8.033136459316395,
  "summary_bg_mean": 49.93746566772461,
  "summary_bg_median": 27.33173179626465,
  "summary_bg_n": 72998.0,
  "summary_bg_p05": 21.33173179626465,
  "summary_bg_p95": 157.0050491333006,
  "summary_bg_stdv": 60.707855224609375,
  "summary_fg_k": 1.1173897715574208,
  "summary_fg_mad": 140.64763317057407,
  "summary_fg_mean": 868.2117919921875,
  "summary_fg_median": 863.1658935546875,
  "summary_fg_n": 29822.0,
  "summary_fg_p05": 637.9572540283203,
  "summary_fg_p95": 1128.9937499999996,
  "summary_fg_stdv": 151.94076538085938,
  "tsnr": 64.48503875161987
}