{
  "aor": 0.0006701923076923076,
  "aqi": 0.005328734711538463,
  "bids_meta": {
    "AcquisitionMatrixPE": 64,
    "AcquisitionNumber": 1,
    "BandwidthPerPixelPhaseEncode": 30.637,
    "BaseResolution": 64,
    "ConversionSoftware": "dcm2niix",
    "ConversionSoftwareVersion": "v1.0.20171215 GCC4.4.7",
    "DerivedVendorReportedEchoSpacing": 0.000510004,
    "DeviceSerialNumber": "35119",
    "DwellTime": 3.5e-06,
    "EchoTime": 0.03,
    "EffectiveEchoSpacing": 0.000510004,
    "FlipAngle": 78,
    "ImageComments": "V",
    "ImageOrientationPatientDICOM": [
      0.999864,
      0.005398,
      0.015583,
      0,
      0.94491,
      -0.32733
    ],
    "ImageType": [
      "ORIGINAL",
      "PRIMARY",
      "M",
      "ND",
      "MOSAIC"
    ],
    "InPlanePhaseEncodingDirectionDICOM": "COL",
    "InstitutionAddress": "15 Chaucer Road, Cambridge CB2 7EF, UK",
    "InstitutionName": "MRC Cognition and Brain Sciences Unit",
    "MRAcquisitionType": "2D",
    "MagneticFieldStrength": 3,
    "Manufacturer": "Siemens",
    "ManufacturersModelName": "TrioTim",
    "Modality": "MR",
    "NumberOfVolumesDiscardedByScanner": 3,
    "NumberOfVolumesDiscardedByuser": 2,
    "PartialFourier": 1,
    "PatientPosition": "HFS",
    "PercentPhaseFOV": 100,
    "PhaseEncodingDirection": "j-",
    "PhaseEncodingSteps": 64,
    "PhaseResolution": 1,
    "PixelBandwidth": 2230,
    "ProcedureStepDescription": "CBU_Neuroimaging",
    "ProtocolName": "CBU_DWEPI_BOLD210",
    "PulseSequenceDetails": "%SiemensSeq%_ep2d_bold",
    "PulseSequenceType": "EPI",
    "ReceiveCoilName": "HeadMatrix",
    "ReconMatrixPE": 64,
    "RepetitionTime": 2,
    "SAR": 0.114176,
    "ScanOptions": "FS",
    "ScanningSequence": "EP",
    "SequenceName": "_epfid2d1_64",
    "SequenceVariant": "SK",
    "SeriesDescription": "CBU_DWEPI_BOLD210",
    "SliceThickness": 3,
    "SliceTiming": [
      0,
      1.0325,
      0.06,
      1.095,
      0.12,
      1.155,
      0.1825,
      1.215,
      0.2425,
      1.2775,
      0.3025,
      1.3375,
      0.365,
      1.3975,
      0.425,
      1.46,
      0.485,
      1.52,
      0.5475,
      1.58,
      0.6075,
      1.6425,
      0.6675,
      1.7025,
      0.73,
      1.7625,
      0.79,
      1.825,
      0.85,
      1.885,
      0.9125,
      1.945,
      0.9725
    ],
    "SoftwareVersions": "syngo_MR_B15",
    "SpacingBetweenSlices": 3.75,
    "StationName": "MRC35119",
    "TaskName": "facerecognition",
    "TotalReadoutTime": 0.0321303,
    "TxRefAmp": 295.172,
    "dataset": "ds000117",
    "modality": "bold",
    "run_id": 5,
    "session_id": "mri",
    "subject_id": "13",
    "task_id": "facerecognition"
  },
  "dummy_trs": 0,
  "dvars_nstd": 23.477507263623178,
  "dvars_std": 1.1469101134299517,
  "dvars_vstd": 0.9930271783091785,
  "efc": 0.5709660336888617,
  "fber": 936.8185424804688,
  "fd_mean": 0.12053862594242255,
  "fd_num": 30,
  "fd_perc": 14.423076923076923,
  "fwhm_avg": 1.9341242795710105,
  "fwhm_x": 1.8465733333333334,
  "fwhm_y": 2.161420171774242,
  "fwhm_z": 1.7943793336054565,
  "gcor": 0.0368944,
  "gsr_x": -0.014917045831680298,
  "gsr_y": 0.041073061525821686,
  "provenance": {
    "md5sum": "7ed6a16115a6813405967336ffbd0ae8",
    "settings": {
      "fd_thres": 0.2,
      "testing": false
    },
    "software": "mriqc",
    "version": "0.16.1",
    "webapi_port": null,
    "webapi_url": "https://mriqc.nimh.nih.gov/api/v1"
  },
  "size_t": 208,
  "size_x": 64,
  "size_y": 64,
  "size_z": 33,
  "snr": 5.673872453297532,
  "spacing_tr": 2.0,
  "spacing_x": 3.0,
  "spacing_y": 2.999999761581421,
  "spacing_z": 3.9000003337860107,
  "summary_bg_k": 28.118608655209588,
  "summary_bg_mad": 7.683870025586027,
  "summary_bg_mean": 49.546348571777344,
  "summary_bg_median": 27.01923179626465,
  "summary_bg_n": 72742.0,
  "summary_bg_p05": 21.149038314819336,
  "summary_bg_p95": 156.49711532592755,
  "summary_bg_stdv": 61.295196533203125,
  "summary_fg_k": 1.0890583251938635,
  "summary_fg_mad": 138.2027964128546,
  "summary_fg_mean": 860.5000610351562,
  "summary_fg_median": 854.3269653320312,
  "summary_fg_n": 29901.0,
  "summary_fg_p05": 631.6442260742188,
  "summary_fg_p95": 1117.1058349609375,
  "summary_fg_stdv": 150.56959533691406,
  "tsnr": 68.01384927984327
}