{
  "aor": 0.0011678846153846156,
  "aqi": 0.004208882644230769,
  "bids_meta": {
    "AcquisitionMatrixPE": 64,
    "AcquisitionNumber": 1,
    "BandwidthPerPixelPhaseEncode": 30.637,
    "BaseResolution": 64,
    "ConversionSoftware": "dcm2niix",
    "ConversionSoftwareVersion": "v1.0.20171215 GCC4.4.7",
    "DerivedVendorReportedEchoSpacing": 0.000510004,
    "DeviceSerialNumber": "35119",
    "DwellTime": 3.5e-06,
    "EchoTime": 0.03,
    "EffectiveEchoSpacing": 0.000510004,
    "FlipAngle": 78,
    "ImageComments": "V",
    "ImageOrientationPatientDICOM": [
      0.999864,
      0.005398,
      0.015583,
      0,
      0.94491,
      -0.32733
    ],
    "ImageType": [
      "ORIGINAL",
      "PRIMARY",
      "M",
      "ND",
      "MOSAIC"
    ],
    "InPlanePhaseEncodingDirectionDICOM": "COL",
    "InstitutionAddress": "15 Chaucer Road, Cambridge CB2 7EF, UK",
    "InstitutionName": "MRC Cognition and Brain Sciences Unit",
    "MRAcquisitionType": "2D",
    "MagneticFieldStrength": 3,
    "Manufacturer": "Siemens",
    "ManufacturersModelName": "TrioTim",
    "Modality": "MR",
    "NumberOfVolumesDiscardedByScanner": 3,
    "NumberOfVolumesDiscardedByuser": 2,
    "PartialFourier": 1,
    "PatientPosition": "HFS",
    "PercentPhaseFOV": 100,
    "PhaseEncodingDirection": "j-",
    "PhaseEncodingSteps": 64,
    "PhaseResolution": 1,
    "PixelBandwidth": 2230,
    "ProcedureStepDescription": "CBU_Neuroimaging",
    "ProtocolName": "CBU_DWEPI_BOLD210",
    "PulseSequenceDetails": "%SiemensSeq%_ep2d_bold",
    "PulseSequenceType": "EPI",
    "ReceiveCoilName": "HeadMatrix",
    "ReconMatrixPE": 64,
    "RepetitionTime": 2,
    "SAR": 0.114176,
    "ScanOptions": "FS",
    "ScanningSequence": "EP",
    "SequenceName": "_epfid2d1_64",
    "SequenceVariant": "SK",
    "SeriesDescription": "CBU_DWEPI_BOLD210",
    "SliceThickness": 3,
    "SliceTiming": [
      0,
      1.0325,
      0.06,
      1.095,
      0.12,
      1.155,
      0.1825,
      1.215,
      0.2425,
      1.2775,
      0.3025,
      1.3375,
      0.365,
      1.3975,
      0.425,
      1.46,
      0.485,
      1.52,
      0.5475,
      1.58,
      0.6075,
      1.6425,
      0.6675,
      1.7025,
      0.73,
      1.7625,
      0.79,
      1.825,
      0.85,
      1.885,
      0.9125,
      1.945,
      0.9725
    ],
    "SoftwareVersions": "syngo_MR_B15",
    "SpacingBetweenSlices": 3.75,
    "StationName": "MRC35119",
    "TaskName": "facerecognition",
    "TotalReadoutTime": 0.0321303,
    "TxRefAmp": 295.172,
    "dataset": "ds000117",
    "modality": "bold",
    "run_id": 9,
    "session_id": "mri",
    "subject_id": "15",
    "task_id": "facerecognition"
  },
  "dummy_trs": 0,
  "dvars_nstd": 22.563891369323667,
  "dvars_std": 1.0735945909661837,
  "dvars_vstd": 1.0094943064734305,
  "efc": 0.587329903779243,
  "fber": 597.4957275390625,
  "fd_mean": 0.10429107593345377,
  "fd_num": 6,
  "fd_perc": 2.8846153846153846,
  "fwhm_avg": 1.9077991325690007,
  "fwhm_x": 1.8881927330930286,
  "fwhm_y": 2.061043169536339,
  "fwhm_z": 1.7741614950776345,
  "gcor": 0.0173312,
  "gsr_x": 0.0037979367189109325,
  "gsr_y": 0.03854461759328842,
  "provenance": {
    "md5sum": "11c7f1dc1d76a23e01e2803dd6095e14",
    "settings": {
      "fd_thres": 0.2,
      "testing": false
    },
    "software": "mriqc",
    "version": "0.16.1",
    "webapi_port": null,
    "webapi_url": "https://mriqc.nimh.nih.gov/api/v1"
  },
  "size_t": 208,
  "size_x": 64,
  "size_y": 64,
  "size_z": 33,
  "snr": 4.381900522203579,
  "spacing_tr": 2.0,
  "spacing_x": 3.0000009536743164,
  "spacing_y": 3.000000238418579,
  "spacing_z": 3.9000000953674316,
  "summary_bg_k": 12.601848115769064,
  "summary_bg_mad": 13.029792791700334,
  "summary_bg_mean": 63.45941162109375,
  "summary_bg_median": 32.716346740722656,
  "summary_bg_n": 72339.0,
  "summary_bg_p05": 22.94711685180664,
  "summary_bg_p95": 225.63462829589844,
  "summary_bg_stdv": 76.00738525390625,
  "summary_fg_k": 1.4653158309836218,
  "summary_fg_mad": 156.40385613108958,
  "summary_fg_mean": 855.1090087890625,
  "summary_fg_median": 829.8052978515625,
  "summary_fg_n": 30116.0,
  "summary_fg_p05": 603.9880218505859,
  "summary_fg_p95": 1231.6646728515625,
  "summary_fg_stdv": 189.36795043945312,
  "tsnr": 66.38859934546053
}