{
  "aor": 0.0008246376811594202,
  "aqi": 0.004152848260869565,
  "bids_meta": {
    "AcquisitionMatrixPE": 64,
    "AcquisitionNumber": 1,
    "BandwidthPerPixelPhaseEncode": 30.637,
    "BaseResolution": 64,
    "ConversionSoftware": "dcm2niix",
    "ConversionSoftwareVersion": "v1.0.20171215 GCC4.4.7",
    "DerivedVendorReportedEchoSpacing": 0.000510004,
    "DeviceSerialNumber": "35119",
    "DwellTime": 3.5e-06,
    "EchoTime": 0.03,
    "EffectiveEchoSpacing": 0.000510004,
    "FlipAngle": 78,
    "ImageComments": "V",
    "ImageOrientationPatientDICOM": [
      0.999864,
      0.005398,
      0.015583,
      0,
      0.94491,
      -0.32733
    ],
    "ImageType": [
      "ORIGINAL",
      "PRIMARY",
      "M",
      "ND",
      "MOSAIC"
    ],
    "InPlanePhaseEncodingDirectionDICOM": "COL",
    "InstitutionAddress": "15 Chaucer Road, Cambridge CB2 7EF, UK",
    "InstitutionName": "MRC Cognition and Brain Sciences Unit",
    "MRAcquisitionType": "2D",
    "MagneticFieldStrength": 3,
    "Manufacturer": "Siemens",
    "ManufacturersModelName": "TrioTim",
    "Modality": "MR",
    "NumberOfVolumesDiscardedByScanner": 3,
    "NumberOfVolumesDiscardedByuser": 2,
    "PartialFourier": 1,
    "PatientPosition": "HFS",
    "PercentPhaseFOV": 100,
    "PhaseEncodingDirection": "j-",
    "PhaseEncodingSteps": 64,
    "PhaseResolution": 1,
    "PixelBandwidth": 2230,
    "ProcedureStepDescription": "CBU_Neuroimaging",
    "ProtocolName": "CBU_DWEPI_BOLD210",
    "PulseSequenceDetails": "%SiemensSeq%_ep2d_bold",
    "PulseSequenceType": "EPI",
    "ReceiveCoilName": "HeadMatrix",
    "ReconMatrixPE": 64,
    "RepetitionTime": 2,
    "SAR": 0.114176,
    "ScanOptions": "FS",
    "ScanningSequence": "EP",
    "SequenceName": "_epfid2d1_64",
    "SequenceVariant": "SK",
    "SeriesDescription": "CBU_DWEPI_BOLD210",
    "SliceThickness": 3,
    "SliceTiming": [
      0,
      1.0325,
      0.06,
      1.095,
      0.12,
      1.155,
      0.1825,
      1.215,
      0.2425,
      1.2775,
      0.3025,
      1.3375,
      0.365,
      1.3975,
      0.425,
      1.46,
      0.485,
      1.52,
      0.5475,
      1.58,
      0.6075,
      1.6425,
      0.6675,
      1.7025,
      0.73,
      1.7625,
      0.79,
      1.825,
      0.85,
      1.885,
      0.9125,
      1.945,
      0.9725
    ],
    "SoftwareVersions": "syngo_MR_B15",
    "SpacingBetweenSlices": 3.75,
    "StationName": "MRC35119",
    "TaskName": "facerecognition",
    "TotalReadoutTime": 0.0321303,
    "TxRefAmp": 295.172,
    "dataset": "ds000117",
    "modality": "bold",
    "run_id": 3,
    "session_id": "mri",
    "subject_id": "15",
    "task_id": "facerecognition"
  },
  "dummy_trs": 1,
  "dvars_nstd": 22.680872954320396,
  "dvars_std": 1.0793324037864085,
  "dvars_vstd": 1.0079327873300967,
  "efc": 0.587358963177855,
  "fber": 604.437255859375,
  "fd_mean": 0.11360547686600486,
  "fd_num": 9,
  "fd_perc": 4.3478260869565215,
  "fwhm_avg": 1.965405449328964,
  "fwhm_x": 1.9446027151607783,
  "fwhm_y": 2.1210264981026254,
  "fwhm_z": 1.8305871347234888,
  "gcor": 0.0275654,
  "gsr_x": -0.001391668920405209,
  "gsr_y": 0.036108050495386124,
  "provenance": {
    "md5sum": "ce8c8f2c48a0b86dc84b3153147a9f0e",
    "settings": {
      "fd_thres": 0.2,
      "testing": false
    },
    "software": "mriqc",
    "version": "0.16.1",
    "webapi_port": null,
    "webapi_url": "https://mriqc.nimh.nih.gov/api/v1"
  },
  "size_t": 207,
  "size_x": 64,
  "size_y": 64,
  "size_z": 33,
  "snr": 4.399996635085454,
  "spacing_tr": 2.0,
  "spacing_x": 3.0000009536743164,
  "spacing_y": 3.000000238418579,
  "spacing_z": 3.9000000953674316,
  "summary_bg_k": 26.796076201390242,
  "summary_bg_mad": 12.312044756097766,
  "summary_bg_mean": 62.196292877197266,
  "summary_bg_median": 32.31884002685547,
  "summary_bg_n": 72004.0,
  "summary_bg_p05": 23.1932373046875,
  "summary_bg_p95": 220.01763153076132,
  "summary_bg_stdv": 76.89048767089844,
  "summary_fg_k": 1.4674746525209628,
  "summary_fg_mad": 154.75647006005107,
  "summary_fg_mean": 849.3275756835938,
  "summary_fg_median": 824.7439575195312,
  "summary_fg_n": 30293.0,
  "summary_fg_p05": 600.1623168945313,
  "summary_fg_p95": 1219.2753662109371,
  "summary_fg_stdv": 187.43885803222656,
  "tsnr": 66.99438628181815
}