{
  "aor": 0.004978985507246376,
  "aqi": 0.00561792309178744,
  "bids_meta": {
    "AcquisitionMatrixPE": 64,
    "AcquisitionNumber": 1,
    "BandwidthPerPixelPhaseEncode": 30.637,
    "BaseResolution": 64,
    "ConversionSoftware": "dcm2niix",
    "ConversionSoftwareVersion": "v1.0.20171215 GCC4.4.7",
    "DerivedVendorReportedEchoSpacing": 0.000510004,
    "DeviceSerialNumber": "35119",
    "DwellTime": 3.5e-06,
    "EchoTime": 0.03,
    "EffectiveEchoSpacing": 0.000510004,
    "FlipAngle": 78,
    "ImageComments": "V",
    "ImageOrientationPatientDICOM": [
      0.999864,
      0.005398,
      0.015583,
      0,
      0.94491,
      -0.32733
    ],
    "ImageType": [
      "ORIGINAL",
      "PRIMARY",
      "M",
      "ND",
      "MOSAIC"
    ],
    "InPlanePhaseEncodingDirectionDICOM": "COL",
    "InstitutionAddress": "15 Chaucer Road, Cambridge CB2 7EF, UK",
    "InstitutionName": "MRC Cognition and Brain Sciences Unit",
    "MRAcquisitionType": "2D",
    "MagneticFieldStrength": 3,
    "Manufacturer": "Siemens",
    "ManufacturersModelName": "TrioTim",
    "Modality": "MR",
    "NumberOfVolumesDiscardedByScanner": 3,
    "NumberOfVolumesDiscardedByuser": 2,
    "PartialFourier": 1,
    "PatientPosition": "HFS",
    "PercentPhaseFOV": 100,
    "PhaseEncodingDirection": "j-",
    "PhaseEncodingSteps": 64,
    "PhaseResolution": 1,
    "PixelBandwidth": 2230,
    "ProcedureStepDescription": "CBU_Neuroimaging",
    "ProtocolName": "CBU_DWEPI_BOLD210",
    "PulseSequenceDetails": "%SiemensSeq%_ep2d_bold",
    "PulseSequenceType": "EPI",
    "ReceiveCoilName": "HeadMatrix",
    "ReconMatrixPE": 64,
    "RepetitionTime": 2,
    "SAR": 0.114176,
    "ScanOptions": "FS",
    "ScanningSequence": "EP",
    "SequenceName": "_epfid2d1_64",
    "SequenceVariant": "SK",
    "SeriesDescription": "CBU_DWEPI_BOLD210",
    "SliceThickness": 3,
    "SliceTiming": [
      0,
      1.0325,
      0.06,
      1.095,
      0.12,
      1.155,
      0.1825,
      1.215,
      0.2425,
      1.2775,
      0.3025,
      1.3375,
      0.365,
      1.3975,
      0.425,
      1.46,
      0.485,
      1.52,
      0.5475,
      1.58,
      0.6075,
      1.6425,
      0.6675,
      1.7025,
      0.73,
      1.7625,
      0.79,
      1.825,
      0.85,
      1.885,
      0.9125,
      1.945,
      0.9725
    ],
    "SoftwareVersions": "syngo_MR_B15",
    "SpacingBetweenSlices": 3.75,
    "StationName": "MRC35119",
    "TaskName": "facerecognition",
    "TotalReadoutTime": 0.0321303,
    "TxRefAmp": 295.172,
    "dataset": "ds000117",
    "modality": "bold",
    "run_id": 6,
    "session_id": "mri",
    "subject_id": "15",
    "task_id": "facerecognition"
  },
  "dummy_trs": 1,
  "dvars_nstd": 23.541456148689324,
  "dvars_std": 1.0584996592718445,
  "dvars_vstd": 1.0073224422815539,
  "efc": 0.5888631945621027,
  "fber": 586.636474609375,
  "fd_mean": 0.12195801128399318,
  "fd_num": 13,
  "fd_perc": 6.280193236714976,
  "fwhm_avg": 1.9381018129538594,
  "fwhm_x": 1.914979239055618,
  "fwhm_y": 2.091969833745175,
  "fwhm_z": 1.8073563660607859,
  "gcor": 0.0143698,
  "gsr_x": -8.210768282879144e-05,
  "gsr_y": 0.03730618953704834,
  "provenance": {
    "md5sum": "b35d27def50d91025de8e7cb2168c876",
    "settings": {
      "fd_thres": 0.2,
      "testing": false
    },
    "software": "mriqc",
    "version": "0.16.1",
    "webapi_port": null,
    "webapi_url": "https://mriqc.nimh.nih.gov/api/v1"
  },
  "size_t": 207,
  "size_x": 64,
  "size_y": 64,
  "size_z": 33,
  "snr": 4.3428858749264165,
  "spacing_tr": 2.0,
  "spacing_x": 3.0000011920928955,
  "spacing_y": 3.000000238418579,
  "spacing_z": 3.9000000953674316,
  "summary_bg_k": 23.79567828953996,
  "summary_bg_mad": 13.300445292488394,
  "summary_bg_mean": 64.54867553710938,
  "summary_bg_median": 33.10144805908203,
  "summary_bg_n": 72040.0,
  "summary_bg_p05": 23.033815383911133,
  "summary_bg_p95": 229.27076492309573,
  "summary_bg_stdv": 79.08553314208984,
  "summary_fg_k": 1.4801241770098477,
  "summary_fg_mad": 157.77895521021622,
  "summary_fg_mean": 861.2296752929688,
  "summary_fg_median": 834.7608642578125,
  "summary_fg_n": 30216.0,
  "summary_fg_p05": 607.4891052246094,
  "summary_fg_p95": 1240.047119140625,
  "summary_fg_stdv": 192.21022033691406,
  "tsnr": 57.68500556680374
}