{
  "aor": 0.0012810047846889953,
  "aqi": 0.0049259649282296656,
  "bids_meta": {
    "AcquisitionMatrixPE": 64,
    "AcquisitionNumber": 1,
    "BandwidthPerPixelPhaseEncode": 30.637,
    "BaseResolution": 64,
    "ConversionSoftware": "dcm2niix",
    "ConversionSoftwareVersion": "v1.0.20171215 GCC4.4.7",
    "DerivedVendorReportedEchoSpacing": 0.000510004,
    "DeviceSerialNumber": "35119",
    "DwellTime": 3.5e-06,
    "EchoTime": 0.03,
    "EffectiveEchoSpacing": 0.000510004,
    "FlipAngle": 78,
    "ImageComments": "V",
    "ImageOrientationPatientDICOM": [
      0.999864,
      0.005398,
      0.015583,
      0,
      0.94491,
      -0.32733
    ],
    "ImageType": [
      "ORIGINAL",
      "PRIMARY",
      "M",
      "ND",
      "MOSAIC"
    ],
    "InPlanePhaseEncodingDirectionDICOM": "COL",
    "InstitutionAddress": "15 Chaucer Road, Cambridge CB2 7EF, UK",
    "InstitutionName": "MRC Cognition and Brain Sciences Unit",
    "MRAcquisitionType": "2D",
    "MagneticFieldStrength": 3,
    "Manufacturer": "Siemens",
    "ManufacturersModelName": "TrioTim",
    "Modality": "MR",
    "NumberOfVolumesDiscardedByScanner": 3,
    "NumberOfVolumesDiscardedByuser": 2,
    "PartialFourier": 1,
    "PatientPosition": "HFS",
    "PercentPhaseFOV": 100,
    "PhaseEncodingDirection": "j-",
    "PhaseEncodingSteps": 64,
    "PhaseResolution": 1,
    "PixelBandwidth": 2230,
    "ProcedureStepDescription": "CBU_Neuroimaging",
    "ProtocolName": "CBU_DWEPI_BOLD210",
    "PulseSequenceDetails": "%SiemensSeq%_ep2d_bold",
    "PulseSequenceType": "EPI",
    "ReceiveCoilName": "HeadMatrix",
    "ReconMatrixPE": 64,
    "RepetitionTime": 2,
    "SAR": 0.114176,
    "ScanOptions": "FS",
    "ScanningSequence": "EP",
    "SequenceName": "_epfid2d1_64",
    "SequenceVariant": "SK",
    "SeriesDescription": "CBU_DWEPI_BOLD210",
    "SliceThickness": 3,
    "SliceTiming": [
      0,
      1.0325,
      0.06,
      1.095,
      0.12,
      1.155,
      0.1825,
      1.215,
      0.2425,
      1.2775,
      0.3025,
      1.3375,
      0.365,
      1.3975,
      0.425,
      1.46,
      0.485,
      1.52,
      0.5475,
      1.58,
      0.6075,
      1.6425,
      0.6675,
      1.7025,
      0.73,
      1.7625,
      0.79,
      1.825,
      0.85,
      1.885,
      0.9125,
      1.945,
      0.9725
    ],
    "SoftwareVersions": "syngo_MR_B15",
    "SpacingBetweenSlices": 3.75,
    "StationName": "MRC35119",
    "TaskName": "facerecognition",
    "TotalReadoutTime": 0.0321303,
    "TxRefAmp": 295.172,
    "dataset": "ds000117",
    "modality": "bold",
    "run_id": 1,
    "session_id": "mri",
    "subject_id": "15",
    "task_id": "facerecognition"
  },
  "dummy_trs": 0,
  "dvars_nstd": 21.772101603846167,
  "dvars_std": 1.0272325566346148,
  "dvars_vstd": 0.9827587758173072,
  "efc": 0.5871287925060631,
  "fber": 603.7850952148438,
  "fd_mean": 0.08522598351286446,
  "fd_num": 1,
  "fd_perc": 0.4784688995215311,
  "fwhm_avg": 1.97172086666475,
  "fwhm_x": 1.9503625583288835,
  "fwhm_y": 2.140923163188047,
  "fwhm_z": 1.8238768784773196,
  "gcor": 0.0217069,
  "gsr_x": -0.0012527236249297857,
  "gsr_y": 0.03714749589562416,
  "provenance": {
    "md5sum": "2b0a21db9fab95dc3f16e342871d897c",
    "settings": {
      "fd_thres": 0.2,
      "testing": false
    },
    "software": "mriqc",
    "version": "0.16.1",
    "webapi_port": null,
    "webapi_url": "https://mriqc.nimh.nih.gov/api/v1"
  },
  "size_t": 209,
  "size_x": 64,
  "size_y": 64,
  "size_z": 33,
  "snr": 4.444626033277724,
  "spacing_tr": 2.0,
  "spacing_x": 3.0000011920928955,
  "spacing_y": 3.000000238418579,
  "spacing_z": 3.9000000953674316,
  "summary_bg_k": 20.55459528116442,
  "summary_bg_mad": 11.868814877626141,
  "summary_bg_mean": 59.89897155761719,
  "summary_bg_median": 31.78680419921875,
  "summary_bg_n": 71821.0,
  "summary_bg_p05": 22.885963439941406,
  "summary_bg_p95": 208.7460479736328,
  "summary_bg_stdv": 71.79331970214844,
  "summary_fg_k": 1.412356370798264,
  "summary_fg_mad": 150.74636768498542,
  "summary_fg_mean": 835.1615600585938,
  "summary_fg_median": 810.5638427734375,
  "summary_fg_n": 30353.0,
  "summary_fg_p05": 592.9006713867187,
  "summary_fg_p95": 1195.3330810546875,
  "summary_fg_stdv": 182.3664093017578,
  "tsnr": 60.533973693847656
}