{
  "bids_meta": {
    "AcquisitionMatrixPE": 246,
    "AcquisitionNumber": 1,
    "AnatomicalLandmarkCoordinates": {
      "LPA": [
        148,
        68,
        24
      ],
      "Nasion": [
        63,
        96,
        95
      ],
      "RPA": [
        150,
        76,
        171
      ]
    },
    "BaseResolution": 256,
    "ConversionSoftware": "dcm2niix",
    "ConversionSoftwareVersion": "v1.0.20171215 GCC4.4.7",
    "DeviceSerialNumber": "35119",
    "DwellTime": 8.5e-06,
    "EchoTime": 0.00298,
    "FlipAngle": 9,
    "ImageComments": "V",
    "ImageType": [
      "ORIGINAL",
      "PRIMARY",
      "M",
      "ND",
      "NORM"
    ],
    "InPlanePhaseEncodingDirectionDICOM": "ROW",
    "InstitutionAddress": "15 Chaucer Road, Cambridge CB2 7EF, UK",
    "InstitutionName": "MRC Cognition and Brain Sciences Unit",
    "InversionTime": 0.9,
    "MRAcquisitionType": "3D",
    "MagneticFieldStrength": 3,
    "Manufacturer": "Siemens",
    "ManufacturersModelName": "TrioTim",
    "Modality": "MR",
    "ParallelReductionFactorInPlane": 2,
    "PartialFourier": 0.875,
    "PatientPosition": "HFS",
    "PercentPhaseFOV": 100,
    "PhaseEncodingSteps": 215,
    "PhaseResolution": 0.96,
    "PixelBandwidth": 230,
    "ProcedureStepDescription": "CBU_Neuroimaging",
    "ProtocolName": "CBU_MPRAGE",
    "PulseSequenceDetails": "%SiemensSeq%_tfl",
    "PulseSequenceType": "MPRAGE",
    "ReceiveCoilName": "HeadMatrix",
    "ReconMatrixPE": 256,
    "RepetitionTime": 2.25,
    "ScanOptions": "IR_PFP",
    "ScanningSequence": "GR_IR",
    "SequenceName": "_tfl3d1_ns",
    "SequenceVariant": "SP_MP_OSP",
    "SeriesDescription": "CBU_MPRAGE",
    "SliceThickness": 1,
    "SoftwareVersions": "syngo_MR_B15",
    "StationName": "MRC35119",
    "acq_id": "mprage",
    "dataset": "ds000117",
    "modality": "T1w",
    "session_id": "mri",
    "subject_id": "08"
  },
  "cjv": 0.4008228099450208,
  "cnr": 3.3637035576479857,
  "efc": 0.48503844835339677,
  "fber": 3088.6875,
  "fwhm_avg": 3.425933090268829,
  "fwhm_x": 3.4211,
  "fwhm_y": 3.79824,
  "fwhm_z": 3.0584592708064866,
  "icvs_csf": 0.19775688387110923,
  "icvs_gm": 0.4335098024979289,
  "icvs_wm": 0.36873331363096185,
  "inu_med": 1.778909683227539,
  "inu_range": 0.579717022180557,
  "provenance": {
    "md5sum": "f3a829d8440ae1360a81648013862b53",
    "settings": {
      "testing": false
    },
    "software": "mriqc",
    "version": "0.16.1",
    "warnings": {
      "large_rot_frame": true,
      "small_air_mask": false
    },
    "webapi_port": null,
    "webapi_url": "https://mriqc.nimh.nih.gov/api/v1"
  },
  "qi_1": 0.00035941897032731586,
  "qi_2": 0.006089694723356029,
  "rpve_csf": 30.157905401004893,
  "rpve_gm": 14.662136790766228,
  "rpve_wm": 20.07440263064093,
  "size_x": 192,
  "size_y": 256,
  "size_z": 256,
  "snr_csf": 3.0101030836372193,
  "snr_gm": 12.49796535243904,
  "snr_total": 11.473695643750444,
  "snr_wm": 18.91301849517507,
  "snrd_csf": 24.870779399106993,
  "snrd_gm": 49.586753573802426,
  "snrd_total": 47.380851764687186,
  "snrd_wm": 67.68502232115215,
  "spacing_x": 1.0,
  "spacing_y": 1.0,
  "spacing_z": 1.000000238418579,
  "summary_bg_k": 4.607379419456971,
  "summary_bg_mad": 9.679315042967598,
  "summary_bg_mean": 11.973552703857422,
  "summary_bg_median": 9.903913497924805,
  "summary_bg_n": 4684964.0,
  "summary_bg_p05": 0.0,
  "summary_bg_p95": 29.650476455688477,
  "summary_bg_stdv": 9.35942554473877,
  "summary_csf_k": 12.98891182506968,
  "summary_csf_mad": 104.72973031559974,
  "summary_csf_mean": 385.6646423339844,
  "summary_csf_median": 367.45343017578125,
  "summary_csf_n": 14710.0,
  "summary_csf_p05": 221.21550521850588,
  "summary_csf_p95": 599.1116485595701,
  "summary_csf_stdv": 122.06922149658203,
  "summary_gm_k": 0.23115596960071283,
  "summary_gm_mad": 56.55597187170622,
  "summary_gm_mean": 733.3389282226562,
  "summary_gm_median": 732.6196899414062,
  "summary_gm_n": 14183.0,
  "summary_gm_p05": 637.1732543945312,
  "summary_gm_p95": 830.5715576171874,
  "summary_gm_stdv": 58.61705017089844,
  "summary_wm_k": 0.3109293666618842,
  "summary_wm_mad": 50.62121943649678,
  "summary_wm_mean": 997.9444580078125,
  "summary_wm_median": 1000.0126342773438,
  "summary_wm_n": 188413.0,
  "summary_wm_p05": 906.6259521484375,
  "summary_wm_p95": 1081.1316894531249,
  "summary_wm_stdv": 52.87416076660156,
  "tpm_overlap_csf": 0.1601429581642151,
  "tpm_overlap_gm": 0.4602802097797394,
  "tpm_overlap_wm": 0.500077486038208,
  "wm2max": 0.5911625093632104
}