{
  "aor": 0.00046081730769230764,
  "aqi": 0.005487700240384615,
  "bids_meta": {
    "AcquisitionMatrixPE": 64,
    "AcquisitionNumber": 1,
    "BandwidthPerPixelPhaseEncode": 30.637,
    "BaseResolution": 64,
    "ConversionSoftware": "dcm2niix",
    "ConversionSoftwareVersion": "v1.0.20171215 GCC4.4.7",
    "DerivedVendorReportedEchoSpacing": 0.000510004,
    "DeviceSerialNumber": "35119",
    "DwellTime": 3.5e-06,
    "EchoTime": 0.03,
    "EffectiveEchoSpacing": 0.000510004,
    "FlipAngle": 78,
    "ImageComments": "V",
    "ImageOrientationPatientDICOM": [
      0.999864,
      0.005398,
      0.015583,
      0,
      0.94491,
      -0.32733
    ],
    "ImageType": [
      "ORIGINAL",
      "PRIMARY",
      "M",
      "ND",
      "MOSAIC"
    ],
    "InPlanePhaseEncodingDirectionDICOM": "COL",
    "InstitutionAddress": "15 Chaucer Road, Cambridge CB2 7EF, UK",
    "InstitutionName": "MRC Cognition and Brain Sciences Unit",
    "MRAcquisitionType": "2D",
    "MagneticFieldStrength": 3,
    "Manufacturer": "Siemens",
    "ManufacturersModelName": "TrioTim",
    "Modality": "MR",
    "NumberOfVolumesDiscardedByScanner": 3,
    "NumberOfVolumesDiscardedByuser": 2,
    "PartialFourier": 1,
    "PatientPosition": "HFS",
    "PercentPhaseFOV": 100,
    "PhaseEncodingDirection": "j-",
    "PhaseEncodingSteps": 64,
    "PhaseResolution": 1,
    "PixelBandwidth": 2230,
    "ProcedureStepDescription": "CBU_Neuroimaging",
    "ProtocolName": "CBU_DWEPI_BOLD210",
    "PulseSequenceDetails": "%SiemensSeq%_ep2d_bold",
    "PulseSequenceType": "EPI",
    "ReceiveCoilName": "HeadMatrix",
    "ReconMatrixPE": 64,
    "RepetitionTime": 2,
    "SAR": 0.114176,
    "ScanOptions": "FS",
    "ScanningSequence": "EP",
    "SequenceName": "_epfid2d1_64",
    "SequenceVariant": "SK",
    "SeriesDescription": "CBU_DWEPI_BOLD210",
    "SliceThickness": 3,
    "SliceTiming": [
      0,
      1.0325,
      0.06,
      1.095,
      0.12,
      1.155,
      0.1825,
      1.215,
      0.2425,
      1.2775,
      0.3025,
      1.3375,
      0.365,
      1.3975,
      0.425,
      1.46,
      0.485,
      1.52,
      0.5475,
      1.58,
      0.6075,
      1.6425,
      0.6675,
      1.7025,
      0.73,
      1.7625,
      0.79,
      1.825,
      0.85,
      1.885,
      0.9125,
      1.945,
      0.9725
    ],
    "SoftwareVersions": "syngo_MR_B15",
    "SpacingBetweenSlices": 3.75,
    "StationName": "MRC35119",
    "TaskName": "facerecognition",
    "TotalReadoutTime": 0.0321303,
    "TxRefAmp": 295.172,
    "dataset": "ds000117",
    "modality": "bold",
    "run_id": 1,
    "session_id": "mri",
    "subject_id": "04",
    "task_id": "facerecognition"
  },
  "dummy_trs": 0,
  "dvars_nstd": 25.523302032512078,
  "dvars_std": 1.1343769609178733,
  "dvars_vstd": 0.9966386257487926,
  "efc": 0.5877643333573331,
  "fber": 678.8637084960938,
  "fd_mean": 0.11737316916069071,
  "fd_num": 18,
  "fd_perc": 8.653846153846153,
  "fwhm_avg": 1.8891113291867532,
  "fwhm_x": 1.8614433333333331,
  "fwhm_y": 2.069616337710009,
  "fwhm_z": 1.7362743165169174,
  "gcor": 0.0473394,
  "gsr_x": -0.005163184832781553,
  "gsr_y": 0.022937525063753128,
  "provenance": {
    "md5sum": "0d0c30bf878cf76eed4929c013a66208",
    "settings": {
      "fd_thres": 0.2,
      "testing": false
    },
    "software": "mriqc",
    "version": "0.16.1",
    "webapi_port": null,
    "webapi_url": "https://mriqc.nimh.nih.gov/api/v1"
  },
  "size_t": 208,
  "size_x": 64,
  "size_y": 64,
  "size_z": 33,
  "snr": 5.554509724228597,
  "spacing_tr": 2.0,
  "spacing_x": 3.0,
  "spacing_y": 3.000000476837158,
  "spacing_z": 3.9000000953674316,
  "summary_bg_k": 36.54129815995965,
  "summary_bg_mad": 10.976956775431566,
  "summary_bg_mean": 51.925506591796875,
  "summary_bg_median": 30.927885055541992,
  "summary_bg_n": 69867.0,
  "summary_bg_p05": 22.75,
  "summary_bg_p95": 145.95817871093737,
  "summary_bg_stdv": 62.06686782836914,
  "summary_fg_k": 1.5008633319042017,
  "summary_fg_mad": 134.34299935303176,
  "summary_fg_mean": 839.5833129882812,
  "summary_fg_median": 833.9279174804688,
  "summary_fg_n": 31288.0,
  "summary_fg_p05": 610.7307739257812,
  "summary_fg_p95": 1092.9375,
  "summary_fg_stdv": 150.1328887939453,
  "tsnr": 65.98366451263428
}