{
  "aor": 0.0006487019230769231,
  "aqi": 0.008253384326923076,
  "bids_meta": {
    "AcquisitionMatrixPE": 64,
    "AcquisitionNumber": 1,
    "BandwidthPerPixelPhaseEncode": 30.637,
    "BaseResolution": 64,
    "ConversionSoftware": "dcm2niix",
    "ConversionSoftwareVersion": "v1.0.20171215 GCC4.4.7",
    "DerivedVendorReportedEchoSpacing": 0.000510004,
    "DeviceSerialNumber": "35119",
    "DwellTime": 3.5e-06,
    "EchoTime": 0.03,
    "EffectiveEchoSpacing": 0.000510004,
    "FlipAngle": 78,
    "ImageComments": "V",
    "ImageOrientationPatientDICOM": [
      0.999864,
      0.005398,
      0.015583,
      0,
      0.94491,
      -0.32733
    ],
    "ImageType": [
      "ORIGINAL",
      "PRIMARY",
      "M",
      "ND",
      "MOSAIC"
    ],
    "InPlanePhaseEncodingDirectionDICOM": "COL",
    "InstitutionAddress": "15 Chaucer Road, Cambridge CB2 7EF, UK",
    "InstitutionName": "MRC Cognition and Brain Sciences Unit",
    "MRAcquisitionType": "2D",
    "MagneticFieldStrength": 3,
    "Manufacturer": "Siemens",
    "ManufacturersModelName": "TrioTim",
    "Modality": "MR",
    "NumberOfVolumesDiscardedByScanner": 3,
    "NumberOfVolumesDiscardedByuser": 2,
    "PartialFourier": 1,
    "PatientPosition": "HFS",
    "PercentPhaseFOV": 100,
    "PhaseEncodingDirection": "j-",
    "PhaseEncodingSteps": 64,
    "PhaseResolution": 1,
    "PixelBandwidth": 2230,
    "ProcedureStepDescription": "CBU_Neuroimaging",
    "ProtocolName": "CBU_DWEPI_BOLD210",
    "PulseSequenceDetails": "%SiemensSeq%_ep2d_bold",
    "PulseSequenceType": "EPI",
    "ReceiveCoilName": "HeadMatrix",
    "ReconMatrixPE": 64,
    "RepetitionTime": 2,
    "SAR": 0.114176,
    "ScanOptions": "FS",
    "ScanningSequence": "EP",
    "SequenceName": "_epfid2d1_64",
    "SequenceVariant": "SK",
    "SeriesDescription": "CBU_DWEPI_BOLD210",
    "SliceThickness": 3,
    "SliceTiming": [
      0,
      1.0325,
      0.06,
      1.095,
      0.12,
      1.155,
      0.1825,
      1.215,
      0.2425,
      1.2775,
      0.3025,
      1.3375,
      0.365,
      1.3975,
      0.425,
      1.46,
      0.485,
      1.52,
      0.5475,
      1.58,
      0.6075,
      1.6425,
      0.6675,
      1.7025,
      0.73,
      1.7625,
      0.79,
      1.825,
      0.85,
      1.885,
      0.9125,
      1.945,
      0.9725
    ],
    "SoftwareVersions": "syngo_MR_B15",
    "SpacingBetweenSlices": 3.75,
    "StationName": "MRC35119",
    "TaskName": "facerecognition",
    "TotalReadoutTime": 0.0321303,
    "TxRefAmp": 295.172,
    "dataset": "ds000117",
    "modality": "bold",
    "run_id": 5,
    "session_id": "mri",
    "subject_id": "04",
    "task_id": "facerecognition"
  },
  "dummy_trs": 0,
  "dvars_nstd": 28.097153797584554,
  "dvars_std": 1.1466403191787435,
  "dvars_vstd": 0.9839482170048305,
  "efc": 0.5886161615700329,
  "fber": 661.6449584960938,
  "fd_mean": 0.16077575279197293,
  "fd_num": 55,
  "fd_perc": 26.442307692307693,
  "fwhm_avg": 1.9081859429594648,
  "fwhm_x": 1.8866466666666666,
  "fwhm_y": 2.0997496662537785,
  "fwhm_z": 1.7381614959579494,
  "gcor": 0.0303733,
  "gsr_x": -0.007068072445690632,
  "gsr_y": 0.02226734720170498,
  "provenance": {
    "md5sum": "0f0cb3d6852fa8888b46dfadbb70e52c",
    "settings": {
      "fd_thres": 0.2,
      "testing": false
    },
    "software": "mriqc",
    "version": "0.16.1",
    "webapi_port": null,
    "webapi_url": "https://mriqc.nimh.nih.gov/api/v1"
  },
  "size_t": 208,
  "size_x": 64,
  "size_y": 64,
  "size_z": 33,
  "snr": 5.463404492253782,
  "spacing_tr": 2.0,
  "spacing_x": 3.0,
  "spacing_y": 3.000000476837158,
  "spacing_z": 3.9000000953674316,
  "summary_bg_k": 42.29738036765946,
  "summary_bg_mad": 11.960609369613199,
  "summary_bg_mean": 55.224761962890625,
  "summary_bg_median": 32.0384635925293,
  "summary_bg_n": 70081.0,
  "summary_bg_p05": 23.048078536987305,
  "summary_bg_p95": 159.22116088867188,
  "summary_bg_stdv": 69.31791687011719,
  "summary_fg_k": 1.4540418758290095,
  "summary_fg_mad": 139.67815936271518,
  "summary_fg_mean": 863.827880859375,
  "summary_fg_median": 857.2307739257812,
  "summary_fg_n": 31235.0,
  "summary_fg_p05": 627.5264770507813,
  "summary_fg_p95": 1129.754345703125,
  "summary_fg_stdv": 156.90162658691406,
  "tsnr": 56.92931463592686
}