{
  "bids_meta": {
    "AcquisitionMatrixPE": 246,
    "AcquisitionNumber": 1,
    "AnatomicalLandmarkCoordinates": {
      "LPA": [
        138,
        105,
        18
      ],
      "Nasion": [
        42,
        141,
        97
      ],
      "RPA": [
        136,
        103,
        173
      ]
    },
    "BaseResolution": 256,
    "ConversionSoftware": "dcm2niix",
    "ConversionSoftwareVersion": "v1.0.20171215 GCC4.4.7",
    "DeviceSerialNumber": "35119",
    "DwellTime": 8.5e-06,
    "EchoTime": 0.00298,
    "FlipAngle": 9,
    "ImageComments": "V",
    "ImageType": [
      "ORIGINAL",
      "PRIMARY",
      "M",
      "ND",
      "NORM"
    ],
    "InPlanePhaseEncodingDirectionDICOM": "ROW",
    "InstitutionAddress": "15 Chaucer Road, Cambridge CB2 7EF, UK",
    "InstitutionName": "MRC Cognition and Brain Sciences Unit",
    "InversionTime": 0.9,
    "MRAcquisitionType": "3D",
    "MagneticFieldStrength": 3,
    "Manufacturer": "Siemens",
    "ManufacturersModelName": "TrioTim",
    "Modality": "MR",
    "ParallelReductionFactorInPlane": 2,
    "PartialFourier": 0.875,
    "PatientPosition": "HFS",
    "PercentPhaseFOV": 100,
    "PhaseEncodingSteps": 215,
    "PhaseResolution": 0.96,
    "PixelBandwidth": 230,
    "ProcedureStepDescription": "CBU_Neuroimaging",
    "ProtocolName": "CBU_MPRAGE",
    "PulseSequenceDetails": "%SiemensSeq%_tfl",
    "PulseSequenceType": "MPRAGE",
    "ReceiveCoilName": "HeadMatrix",
    "ReconMatrixPE": 256,
    "RepetitionTime": 2.25,
    "ScanOptions": "IR_PFP",
    "ScanningSequence": "GR_IR",
    "SequenceName": "_tfl3d1_ns",
    "SequenceVariant": "SP_MP_OSP",
    "SeriesDescription": "CBU_MPRAGE",
    "SliceThickness": 1,
    "SoftwareVersions": "syngo_MR_B15",
    "StationName": "MRC35119",
    "acq_id": "mprage",
    "dataset": "ds000117",
    "modality": "T1w",
    "session_id": "mri",
    "subject_id": "10"
  },
  "cjv": 0.3911913424070939,
  "cnr": 3.4565296987696286,
  "efc": 0.5296037611494141,
  "fber": 2461.11962890625,
  "fwhm_avg": 3.7338932004662513,
  "fwhm_x": 3.71361,
  "fwhm_y": 4.14436,
  "fwhm_z": 3.343709601398754,
  "icvs_csf": 0.2094465065177638,
  "icvs_gm": 0.42749182565173727,
  "icvs_wm": 0.3630616678304989,
  "inu_med": 1.6166822910308838,
  "inu_range": 0.5901063978672028,
  "provenance": {
    "md5sum": "bf92be4fa3b45d8aef4837b208162802",
    "settings": {
      "testing": false
    },
    "software": "mriqc",
    "version": "0.16.1",
    "warnings": {
      "large_rot_frame": true,
      "small_air_mask": false
    },
    "webapi_port": null,
    "webapi_url": "https://mriqc.nimh.nih.gov/api/v1"
  },
  "qi_1": 0.0004029018226732347,
  "qi_2": 0.005269028184553162,
  "rpve_csf": 26.9930846605197,
  "rpve_gm": 13.861260613423497,
  "rpve_wm": 18.975384265057496,
  "size_x": 192,
  "size_y": 256,
  "size_z": 256,
  "snr_csf": 3.289267604287581,
  "snr_gm": 12.189509307213259,
  "snr_total": 11.492540837551429,
  "snr_wm": 18.998845601153445,
  "snrd_csf": 26.443991067364625,
  "snrd_gm": 56.3927253909279,
  "snrd_total": 53.58885246509761,
  "snrd_wm": 77.92984093700032,
  "spacing_x": 1.0,
  "spacing_y": 1.0,
  "spacing_z": 1.0000001192092896,
  "summary_bg_k": 4.197094146903912,
  "summary_bg_mad": 8.406978937569006,
  "summary_bg_mean": 12.550198554992676,
  "summary_bg_median": 11.366113662719727,
  "summary_bg_n": 3200177.0,
  "summary_bg_p05": 0.0,
  "summary_bg_p95": 31.420519638061524,
  "summary_bg_stdv": 9.913518905639648,
  "summary_csf_k": 0.9096458277478461,
  "summary_csf_mad": 94.08520019078087,
  "summary_csf_mean": 359.3099670410156,
  "summary_csf_median": 339.34014892578125,
  "summary_csf_n": 23582.0,
  "summary_csf_p05": 225.6564956665039,
  "summary_csf_p95": 554.1409912109376,
  "summary_csf_stdv": 103.16368103027344,
  "summary_gm_k": 0.15224374233360782,
  "summary_gm_mad": 58.01504646711542,
  "summary_gm_mean": 723.3847045898438,
  "summary_gm_median": 723.6546020507812,
  "summary_gm_n": 18937.0,
  "summary_gm_p05": 624.0252319335938,
  "summary_gm_p95": 819.9184204101563,
  "summary_gm_stdv": 59.36543273925781,
  "summary_wm_k": 0.39998440196113494,
  "summary_wm_mad": 50.09972062147922,
  "summary_wm_mean": 997.9707641601562,
  "summary_wm_median": 1000.0277099609375,
  "summary_wm_n": 207178.0,
  "summary_wm_p05": 907.6954040527344,
  "summary_wm_p95": 1080.7770202636718,
  "summary_wm_stdv": 52.6361083984375,
  "tpm_overlap_csf": 0.1742548793554306,
  "tpm_overlap_gm": 0.4450514316558838,
  "tpm_overlap_wm": 0.5018900036811829,
  "wm2max": 0.5458628790323878
}