{
  "bids_meta": {
    "AcquisitionMatrixPE": 246,
    "AcquisitionNumber": 1,
    "AnatomicalLandmarkCoordinates": {
      "LPA": [
        132,
        101,
        20
      ],
      "Nasion": [
        51,
        134,
        95
      ],
      "RPA": [
        140,
        100,
        169
      ]
    },
    "BaseResolution": 256,
    "ConversionSoftware": "dcm2niix",
    "ConversionSoftwareVersion": "v1.0.20171215 GCC4.4.7",
    "DeviceSerialNumber": "35119",
    "DwellTime": 8.5e-06,
    "EchoTime": 0.00298,
    "FlipAngle": 9,
    "ImageComments": "V",
    "ImageType": [
      "ORIGINAL",
      "PRIMARY",
      "M",
      "ND",
      "NORM"
    ],
    "InPlanePhaseEncodingDirectionDICOM": "ROW",
    "InstitutionAddress": "15 Chaucer Road, Cambridge CB2 7EF, UK",
    "InstitutionName": "MRC Cognition and Brain Sciences Unit",
    "InversionTime": 0.9,
    "MRAcquisitionType": "3D",
    "MagneticFieldStrength": 3,
    "Manufacturer": "Siemens",
    "ManufacturersModelName": "TrioTim",
    "Modality": "MR",
    "ParallelReductionFactorInPlane": 2,
    "PartialFourier": 0.875,
    "PatientPosition": "HFS",
    "PercentPhaseFOV": 100,
    "PhaseEncodingSteps": 215,
    "PhaseResolution": 0.96,
    "PixelBandwidth": 230,
    "ProcedureStepDescription": "CBU_Neuroimaging",
    "ProtocolName": "CBU_MPRAGE",
    "PulseSequenceDetails": "%SiemensSeq%_tfl",
    "PulseSequenceType": "MPRAGE",
    "ReceiveCoilName": "HeadMatrix",
    "ReconMatrixPE": 256,
    "RepetitionTime": 2.25,
    "ScanOptions": "IR_PFP",
    "ScanningSequence": "GR_IR",
    "SequenceName": "_tfl3d1_ns",
    "SequenceVariant": "SP_MP_OSP",
    "SeriesDescription": "CBU_MPRAGE",
    "SliceThickness": 1,
    "SoftwareVersions": "syngo_MR_B15",
    "StationName": "MRC35119",
    "acq_id": "mprage",
    "dataset": "ds000117",
    "modality": "T1w",
    "session_id": "mri",
    "subject_id": "12"
  },
  "cjv": 0.38985599999963044,
  "cnr": 3.391106527068766,
  "efc": 0.48755255699042815,
  "fber": 2846.59765625,
  "fwhm_avg": 3.7917573173255845,
  "fwhm_x": 3.83712,
  "fwhm_y": 4.093591951976753,
  "fwhm_z": 3.44456,
  "icvs_csf": 0.21031022669423535,
  "icvs_gm": 0.41093999297159084,
  "icvs_wm": 0.3787497803341738,
  "inu_med": 1.6592416763305664,
  "inu_range": 0.5142214596271515,
  "provenance": {
    "md5sum": "2a3cfe5d73744f3f35da0cc812bb20d8",
    "settings": {
      "testing": false
    },
    "software": "mriqc",
    "version": "0.16.1",
    "warnings": {
      "large_rot_frame": true,
      "small_air_mask": false
    },
    "webapi_port": null,
    "webapi_url": "https://mriqc.nimh.nih.gov/api/v1"
  },
  "qi_1": 0.00036913840146027185,
  "qi_2": 0.005391627658239138,
  "rpve_csf": 28.755502442974265,
  "rpve_gm": 15.161796688691611,
  "rpve_wm": 19.551865896279153,
  "size_x": 192,
  "size_y": 256,
  "size_z": 256,
  "snr_csf": 3.7070934381301464,
  "snr_gm": 12.001548851278477,
  "snr_total": 11.673578545551782,
  "snr_wm": 19.31209334724672,
  "snrd_csf": 31.211226825482104,
  "snrd_gm": 63.086567777381426,
  "snrd_total": 60.32255543639035,
  "snrd_wm": 86.66987170630752,
  "spacing_x": 1.0,
  "spacing_y": 0.9999995231628418,
  "spacing_z": 1.0,
  "summary_bg_k": 4.24321863261662,
  "summary_bg_mad": 7.559011729374341,
  "summary_bg_mean": 11.750826835632324,
  "summary_bg_median": 10.200185775756836,
  "summary_bg_n": 3688589.0,
  "summary_bg_p05": 0.0,
  "summary_bg_p95": 28.21287078857421,
  "summary_bg_stdv": 8.897507667541504,
  "summary_csf_k": 0.8818757325201765,
  "summary_csf_mad": 85.12076858219028,
  "summary_csf_mean": 376.3143310546875,
  "summary_csf_median": 360.117431640625,
  "summary_csf_n": 25889.0,
  "summary_csf_p05": 246.4404357910156,
  "summary_csf_p95": 565.5469604492183,
  "summary_csf_stdv": 97.14092254638672,
  "summary_gm_k": 0.08715003799835142,
  "summary_gm_mad": 58.823356056763934,
  "summary_gm_mean": 726.6898193359375,
  "summary_gm_median": 727.8974609375,
  "summary_gm_n": 13128.0,
  "summary_gm_p05": 624.1291320800781,
  "summary_gm_p95": 824.7167816162109,
  "summary_gm_stdv": 60.64798355102539,
  "summary_wm_k": 0.6278663706487397,
  "summary_wm_mad": 47.25876013258863,
  "summary_wm_mean": 997.079833984375,
  "summary_wm_median": 1000.0033569335938,
  "summary_wm_n": 213819.0,
  "summary_wm_p05": 904.5034057617188,
  "summary_wm_p95": 1076.6843627929688,
  "summary_wm_stdv": 51.78107833862305,
  "tpm_overlap_csf": 0.17487415671348572,
  "tpm_overlap_gm": 0.43200770020484924,
  "tpm_overlap_wm": 0.512435257434845,
  "wm2max": 0.5528170921415484
}