{
  "aor": 0.0004488942307692308,
  "aqi": 0.004733398894230769,
  "bids_meta": {
    "AcquisitionMatrixPE": 64,
    "AcquisitionNumber": 1,
    "BandwidthPerPixelPhaseEncode": 30.637,
    "BaseResolution": 64,
    "ConversionSoftware": "dcm2niix",
    "ConversionSoftwareVersion": "v1.0.20171215 GCC4.4.7",
    "DerivedVendorReportedEchoSpacing": 0.000510004,
    "DeviceSerialNumber": "35119",
    "DwellTime": 3.5e-06,
    "EchoTime": 0.03,
    "EffectiveEchoSpacing": 0.000510004,
    "FlipAngle": 78,
    "ImageComments": "V",
    "ImageOrientationPatientDICOM": [
      0.999864,
      0.005398,
      0.015583,
      0,
      0.94491,
      -0.32733
    ],
    "ImageType": [
      "ORIGINAL",
      "PRIMARY",
      "M",
      "ND",
      "MOSAIC"
    ],
    "InPlanePhaseEncodingDirectionDICOM": "COL",
    "InstitutionAddress": "15 Chaucer Road, Cambridge CB2 7EF, UK",
    "InstitutionName": "MRC Cognition and Brain Sciences Unit",
    "MRAcquisitionType": "2D",
    "MagneticFieldStrength": 3,
    "Manufacturer": "Siemens",
    "ManufacturersModelName": "TrioTim",
    "Modality": "MR",
    "NumberOfVolumesDiscardedByScanner": 3,
    "NumberOfVolumesDiscardedByuser": 2,
    "PartialFourier": 1,
    "PatientPosition": "HFS",
    "PercentPhaseFOV": 100,
    "PhaseEncodingDirection": "j-",
    "PhaseEncodingSteps": 64,
    "PhaseResolution": 1,
    "PixelBandwidth": 2230,
    "ProcedureStepDescription": "CBU_Neuroimaging",
    "ProtocolName": "CBU_DWEPI_BOLD210",
    "PulseSequenceDetails": "%SiemensSeq%_ep2d_bold",
    "PulseSequenceType": "EPI",
    "ReceiveCoilName": "HeadMatrix",
    "ReconMatrixPE": 64,
    "RepetitionTime": 2,
    "SAR": 0.114176,
    "ScanOptions": "FS",
    "ScanningSequence": "EP",
    "SequenceName": "_epfid2d1_64",
    "SequenceVariant": "SK",
    "SeriesDescription": "CBU_DWEPI_BOLD210",
    "SliceThickness": 3,
    "SliceTiming": [
      0,
      1.0325,
      0.06,
      1.095,
      0.12,
      1.155,
      0.1825,
      1.215,
      0.2425,
      1.2775,
      0.3025,
      1.3375,
      0.365,
      1.3975,
      0.425,
      1.46,
      0.485,
      1.52,
      0.5475,
      1.58,
      0.6075,
      1.6425,
      0.6675,
      1.7025,
      0.73,
      1.7625,
      0.79,
      1.825,
      0.85,
      1.885,
      0.9125,
      1.945,
      0.9725
    ],
    "SoftwareVersions": "syngo_MR_B15",
    "SpacingBetweenSlices": 3.75,
    "StationName": "MRC35119",
    "TaskName": "facerecognition",
    "TotalReadoutTime": 0.0321303,
    "TxRefAmp": 295.172,
    "dataset": "ds000117",
    "modality": "bold",
    "run_id": 8,
    "session_id": "mri",
    "subject_id": "05",
    "task_id": "facerecognition"
  },
  "dummy_trs": 0,
  "dvars_nstd": 25.35335641178743,
  "dvars_std": 1.1588623473429946,
  "dvars_vstd": 1.0009190146859903,
  "efc": 0.5813437238728922,
  "fber": 787.5779418945312,
  "fd_mean": 0.07398180071226042,
  "fd_num": 3,
  "fd_perc": 1.4423076923076923,
  "fwhm_avg": 1.9190627851630404,
  "fwhm_x": 1.8571331857416482,
  "fwhm_y": 2.110073836414139,
  "fwhm_z": 1.7899813333333334,
  "gcor": 0.0176921,
  "gsr_x": -0.01660788245499134,
  "gsr_y": 0.03516177460551262,
  "provenance": {
    "md5sum": "d23f95a4ed7322ba32eecd589cf86568",
    "settings": {
      "fd_thres": 0.2,
      "testing": false
    },
    "software": "mriqc",
    "version": "0.16.1",
    "webapi_port": null,
    "webapi_url": "https://mriqc.nimh.nih.gov/api/v1"
  },
  "size_t": 208,
  "size_x": 64,
  "size_y": 64,
  "size_z": 33,
  "snr": 5.4535617807127466,
  "spacing_tr": 2.0,
  "spacing_x": 3.000000238418579,
  "spacing_y": 2.9999992847442627,
  "spacing_z": 3.75,
  "summary_bg_k": 46.962732718826835,
  "summary_bg_mad": 8.21846456446891,
  "summary_bg_mean": 52.18898010253906,
  "summary_bg_median": 28.596155166625977,
  "summary_bg_n": 71463.0,
  "summary_bg_p05": 22.481250953674316,
  "summary_bg_p95": 154.59808349609358,
  "summary_bg_stdv": 70.55169677734375,
  "summary_fg_k": 1.2988281026885398,
  "summary_fg_mad": 137.33675365576187,
  "summary_fg_mean": 840.6718139648438,
  "summary_fg_median": 829.331787109375,
  "summary_fg_n": 30868.0,
  "summary_fg_p05": 618.1930633544922,
  "summary_fg_p95": 1106.667852783203,
  "summary_fg_stdv": 152.06912231445312,
  "tsnr": 72.18586364993826
}