{
  "aor": 0.0005052403846153846,
  "aqi": 0.004252977692307693,
  "bids_meta": {
    "AcquisitionMatrixPE": 64,
    "AcquisitionNumber": 1,
    "BandwidthPerPixelPhaseEncode": 30.637,
    "BaseResolution": 64,
    "ConversionSoftware": "dcm2niix",
    "ConversionSoftwareVersion": "v1.0.20171215 GCC4.4.7",
    "DerivedVendorReportedEchoSpacing": 0.000510004,
    "DeviceSerialNumber": "35119",
    "DwellTime": 3.5e-06,
    "EchoTime": 0.03,
    "EffectiveEchoSpacing": 0.000510004,
    "FlipAngle": 78,
    "ImageComments": "V",
    "ImageOrientationPatientDICOM": [
      0.999864,
      0.005398,
      0.015583,
      0,
      0.94491,
      -0.32733
    ],
    "ImageType": [
      "ORIGINAL",
      "PRIMARY",
      "M",
      "ND",
      "MOSAIC"
    ],
    "InPlanePhaseEncodingDirectionDICOM": "COL",
    "InstitutionAddress": "15 Chaucer Road, Cambridge CB2 7EF, UK",
    "InstitutionName": "MRC Cognition and Brain Sciences Unit",
    "MRAcquisitionType": "2D",
    "MagneticFieldStrength": 3,
    "Manufacturer": "Siemens",
    "ManufacturersModelName": "TrioTim",
    "Modality": "MR",
    "NumberOfVolumesDiscardedByScanner": 3,
    "NumberOfVolumesDiscardedByuser": 2,
    "PartialFourier": 1,
    "PatientPosition": "HFS",
    "PercentPhaseFOV": 100,
    "PhaseEncodingDirection": "j-",
    "PhaseEncodingSteps": 64,
    "PhaseResolution": 1,
    "PixelBandwidth": 2230,
    "ProcedureStepDescription": "CBU_Neuroimaging",
    "ProtocolName": "CBU_DWEPI_BOLD210",
    "PulseSequenceDetails": "%SiemensSeq%_ep2d_bold",
    "PulseSequenceType": "EPI",
    "ReceiveCoilName": "HeadMatrix",
    "ReconMatrixPE": 64,
    "RepetitionTime": 2,
    "SAR": 0.114176,
    "ScanOptions": "FS",
    "ScanningSequence": "EP",
    "SequenceName": "_epfid2d1_64",
    "SequenceVariant": "SK",
    "SeriesDescription": "CBU_DWEPI_BOLD210",
    "SliceThickness": 3,
    "SliceTiming": [
      0,
      1.0325,
      0.06,
      1.095,
      0.12,
      1.155,
      0.1825,
      1.215,
      0.2425,
      1.2775,
      0.3025,
      1.3375,
      0.365,
      1.3975,
      0.425,
      1.46,
      0.485,
      1.52,
      0.5475,
      1.58,
      0.6075,
      1.6425,
      0.6675,
      1.7025,
      0.73,
      1.7625,
      0.79,
      1.825,
      0.85,
      1.885,
      0.9125,
      1.945,
      0.9725
    ],
    "SoftwareVersions": "syngo_MR_B15",
    "SpacingBetweenSlices": 3.75,
    "StationName": "MRC35119",
    "TaskName": "facerecognition",
    "TotalReadoutTime": 0.0321303,
    "TxRefAmp": 295.172,
    "dataset": "ds000117",
    "modality": "bold",
    "run_id": 3,
    "session_id": "mri",
    "subject_id": "05",
    "task_id": "facerecognition"
  },
  "dummy_trs": 0,
  "dvars_nstd": 22.33397609159419,
  "dvars_std": 1.0952743481159415,
  "dvars_vstd": 1.002226596086957,
  "efc": 0.5797398361758028,
  "fber": 819.7428588867188,
  "fd_mean": 0.06577633918238246,
  "fd_num": 0,
  "fd_perc": 0.0,
  "fwhm_avg": 1.9406178522857236,
  "fwhm_x": 1.87531,
  "fwhm_y": 2.13207700555118,
  "fwhm_z": 1.81446655130599,
  "gcor": 0.0293104,
  "gsr_x": -0.016329580917954445,
  "gsr_y": 0.034546300768852234,
  "provenance": {
    "md5sum": "1322c2cd65d8e5fc96134089956f080c",
    "settings": {
      "fd_thres": 0.2,
      "testing": false
    },
    "software": "mriqc",
    "version": "0.16.1",
    "webapi_port": null,
    "webapi_url": "https://mriqc.nimh.nih.gov/api/v1"
  },
  "size_t": 208,
  "size_x": 64,
  "size_y": 64,
  "size_z": 33,
  "snr": 5.498927774220822,
  "spacing_tr": 2.0,
  "spacing_x": 3.0,
  "spacing_y": 2.999999523162842,
  "spacing_z": 3.750000238418579,
  "summary_bg_k": 50.49562597031754,
  "summary_bg_mad": 7.291835350063594,
  "summary_bg_mean": 49.680362701416016,
  "summary_bg_median": 27.591346740722656,
  "summary_bg_n": 71228.0,
  "summary_bg_p05": 22.100961685180664,
  "summary_bg_p95": 144.5028938293456,
  "summary_bg_stdv": 67.5019302368164,
  "summary_fg_k": 1.3334776214176065,
  "summary_fg_mad": 133.705084049116,
  "summary_fg_mean": 824.2607421875,
  "summary_fg_median": 813.875,
  "summary_fg_n": 30988.0,
  "summary_fg_p05": 606.3622833251953,
  "summary_fg_p95": 1081.921173095703,
  "summary_fg_stdv": 148.0037384033203,
  "tsnr": 70.63090760540217
}