{
  "aor": 0.0003442788461538462,
  "aqi": 0.0067042094230769225,
  "bids_meta": {
    "AcquisitionMatrixPE": 64,
    "AcquisitionNumber": 1,
    "BandwidthPerPixelPhaseEncode": 30.637,
    "BaseResolution": 64,
    "ConversionSoftware": "dcm2niix",
    "ConversionSoftwareVersion": "v1.0.20171215 GCC4.4.7",
    "DerivedVendorReportedEchoSpacing": 0.000510004,
    "DeviceSerialNumber": "35119",
    "DwellTime": 3.5e-06,
    "EchoTime": 0.03,
    "EffectiveEchoSpacing": 0.000510004,
    "FlipAngle": 78,
    "ImageComments": "V",
    "ImageOrientationPatientDICOM": [
      0.999864,
      0.005398,
      0.015583,
      0,
      0.94491,
      -0.32733
    ],
    "ImageType": [
      "ORIGINAL",
      "PRIMARY",
      "M",
      "ND",
      "MOSAIC"
    ],
    "InPlanePhaseEncodingDirectionDICOM": "COL",
    "InstitutionAddress": "15 Chaucer Road, Cambridge CB2 7EF, UK",
    "InstitutionName": "MRC Cognition and Brain Sciences Unit",
    "MRAcquisitionType": "2D",
    "MagneticFieldStrength": 3,
    "Manufacturer": "Siemens",
    "ManufacturersModelName": "TrioTim",
    "Modality": "MR",
    "NumberOfVolumesDiscardedByScanner": 3,
    "NumberOfVolumesDiscardedByuser": 2,
    "PartialFourier": 1,
    "PatientPosition": "HFS",
    "PercentPhaseFOV": 100,
    "PhaseEncodingDirection": "j-",
    "PhaseEncodingSteps": 64,
    "PhaseResolution": 1,
    "PixelBandwidth": 2230,
    "ProcedureStepDescription": "CBU_Neuroimaging",
    "ProtocolName": "CBU_DWEPI_BOLD210",
    "PulseSequenceDetails": "%SiemensSeq%_ep2d_bold",
    "PulseSequenceType": "EPI",
    "ReceiveCoilName": "HeadMatrix",
    "ReconMatrixPE": 64,
    "RepetitionTime": 2,
    "SAR": 0.114176,
    "ScanOptions": "FS",
    "ScanningSequence": "EP",
    "SequenceName": "_epfid2d1_64",
    "SequenceVariant": "SK",
    "SeriesDescription": "CBU_DWEPI_BOLD210",
    "SliceThickness": 3,
    "SliceTiming": [
      0,
      1.0325,
      0.06,
      1.095,
      0.12,
      1.155,
      0.1825,
      1.215,
      0.2425,
      1.2775,
      0.3025,
      1.3375,
      0.365,
      1.3975,
      0.425,
      1.46,
      0.485,
      1.52,
      0.5475,
      1.58,
      0.6075,
      1.6425,
      0.6675,
      1.7025,
      0.73,
      1.7625,
      0.79,
      1.825,
      0.85,
      1.885,
      0.9125,
      1.945,
      0.9725
    ],
    "SoftwareVersions": "syngo_MR_B15",
    "SpacingBetweenSlices": 3.75,
    "StationName": "MRC35119",
    "TaskName": "facerecognition",
    "TotalReadoutTime": 0.0321303,
    "TxRefAmp": 295.172,
    "dataset": "ds000117",
    "modality": "bold",
    "run_id": 2,
    "session_id": "mri",
    "subject_id": "14",
    "task_id": "facerecognition"
  },
  "dummy_trs": 0,
  "dvars_nstd": 23.881631961400956,
  "dvars_std": 1.1011768412077296,
  "dvars_vstd": 0.9537427977777776,
  "efc": 0.5691496245485378,
  "fber": 823.607177734375,
  "fd_mean": 0.10249856801239587,
  "fd_num": 3,
  "fd_perc": 1.4423076923076923,
  "fwhm_avg": 1.9027256682396463,
  "fwhm_x": 1.86477,
  "fwhm_y": 2.0674630047189386,
  "fwhm_z": 1.775944,
  "gcor": 0.0155262,
  "gsr_x": -0.007642074953764677,
  "gsr_y": 0.03818448632955551,
  "provenance": {
    "md5sum": "2ef6affbe9d17fbc921673907c609d2b",
    "settings": {
      "fd_thres": 0.2,
      "testing": false
    },
    "software": "mriqc",
    "version": "0.16.1",
    "webapi_port": null,
    "webapi_url": "https://mriqc.nimh.nih.gov/api/v1"
  },
  "size_t": 208,
  "size_x": 64,
  "size_y": 64,
  "size_z": 33,
  "snr": 5.642357146939397,
  "spacing_tr": 2.0,
  "spacing_x": 3.0,
  "spacing_y": 3.000000476837158,
  "spacing_z": 3.75,
  "summary_bg_k": 45.43381068072061,
  "summary_bg_mad": 8.32538234110976,
  "summary_bg_mean": 50.03663635253906,
  "summary_bg_median": 27.33654022216797,
  "summary_bg_n": 73854.0,
  "summary_bg_p05": 21.096155166625977,
  "summary_bg_p95": 151.4295692443847,
  "summary_bg_stdv": 65.00698852539062,
  "summary_fg_k": 1.0662375440885885,
  "summary_fg_mad": 129.10398588004034,
  "summary_fg_mean": 815.9644165039062,
  "summary_fg_median": 806.4495849609375,
  "summary_fg_n": 28904.0,
  "summary_fg_p05": 602.5565399169922,
  "summary_fg_p95": 1067.50576171875,
  "summary_fg_stdv": 142.92530822753906,
  "tsnr": 61.3780619148165
}