{
  "aor": 0.0007358173076923078,
  "aqi": 0.006240097644230769,
  "bids_meta": {
    "AcquisitionMatrixPE": 64,
    "AcquisitionNumber": 1,
    "BandwidthPerPixelPhaseEncode": 30.637,
    "BaseResolution": 64,
    "ConversionSoftware": "dcm2niix",
    "ConversionSoftwareVersion": "v1.0.20171215 GCC4.4.7",
    "DerivedVendorReportedEchoSpacing": 0.000510004,
    "DeviceSerialNumber": "35119",
    "DwellTime": 3.5e-06,
    "EchoTime": 0.03,
    "EffectiveEchoSpacing": 0.000510004,
    "FlipAngle": 78,
    "ImageComments": "V",
    "ImageOrientationPatientDICOM": [
      0.999864,
      0.005398,
      0.015583,
      0,
      0.94491,
      -0.32733
    ],
    "ImageType": [
      "ORIGINAL",
      "PRIMARY",
      "M",
      "ND",
      "MOSAIC"
    ],
    "InPlanePhaseEncodingDirectionDICOM": "COL",
    "InstitutionAddress": "15 Chaucer Road, Cambridge CB2 7EF, UK",
    "InstitutionName": "MRC Cognition and Brain Sciences Unit",
    "MRAcquisitionType": "2D",
    "MagneticFieldStrength": 3,
    "Manufacturer": "Siemens",
    "ManufacturersModelName": "TrioTim",
    "Modality": "MR",
    "NumberOfVolumesDiscardedByScanner": 3,
    "NumberOfVolumesDiscardedByuser": 2,
    "PartialFourier": 1,
    "PatientPosition": "HFS",
    "PercentPhaseFOV": 100,
    "PhaseEncodingDirection": "j-",
    "PhaseEncodingSteps": 64,
    "PhaseResolution": 1,
    "PixelBandwidth": 2230,
    "ProcedureStepDescription": "CBU_Neuroimaging",
    "ProtocolName": "CBU_DWEPI_BOLD210",
    "PulseSequenceDetails": "%SiemensSeq%_ep2d_bold",
    "PulseSequenceType": "EPI",
    "ReceiveCoilName": "HeadMatrix",
    "ReconMatrixPE": 64,
    "RepetitionTime": 2,
    "SAR": 0.114176,
    "ScanOptions": "FS",
    "ScanningSequence": "EP",
    "SequenceName": "_epfid2d1_64",
    "SequenceVariant": "SK",
    "SeriesDescription": "CBU_DWEPI_BOLD210",
    "SliceThickness": 3,
    "SliceTiming": [
      0,
      1.0325,
      0.06,
      1.095,
      0.12,
      1.155,
      0.1825,
      1.215,
      0.2425,
      1.2775,
      0.3025,
      1.3375,
      0.365,
      1.3975,
      0.425,
      1.46,
      0.485,
      1.52,
      0.5475,
      1.58,
      0.6075,
      1.6425,
      0.6675,
      1.7025,
      0.73,
      1.7625,
      0.79,
      1.825,
      0.85,
      1.885,
      0.9125,
      1.945,
      0.9725
    ],
    "SoftwareVersions": "syngo_MR_B15",
    "SpacingBetweenSlices": 3.75,
    "StationName": "MRC35119",
    "TaskName": "facerecognition",
    "TotalReadoutTime": 0.0321303,
    "TxRefAmp": 295.172,
    "dataset": "ds000117",
    "modality": "bold",
    "run_id": 8,
    "session_id": "mri",
    "subject_id": "14",
    "task_id": "facerecognition"
  },
  "dummy_trs": 0,
  "dvars_nstd": 24.8203051657488,
  "dvars_std": 1.1697540112077287,
  "dvars_vstd": 0.9968989837681168,
  "efc": 0.5688476203923626,
  "fber": 823.1799926757812,
  "fd_mean": 0.13601597730263032,
  "fd_num": 34,
  "fd_perc": 16.346153846153847,
  "fwhm_avg": 1.884684900778195,
  "fwhm_x": 1.8510931862216642,
  "fwhm_y": 2.02956951611292,
  "fwhm_z": 1.773392,
  "gcor": 0.0223303,
  "gsr_x": -0.006788267754018307,
  "gsr_y": 0.036665529012680054,
  "provenance": {
    "md5sum": "7776a05821e380892d74f0144439fc67",
    "settings": {
      "fd_thres": 0.2,
      "testing": false
    },
    "software": "mriqc",
    "version": "0.16.1",
    "webapi_port": null,
    "webapi_url": "https://mriqc.nimh.nih.gov/api/v1"
  },
  "size_t": 208,
  "size_x": 64,
  "size_y": 64,
  "size_z": 33,
  "snr": 5.584679045940352,
  "spacing_tr": 2.0,
  "spacing_x": 3.000000238418579,
  "spacing_y": 3.0000007152557373,
  "spacing_z": 3.75,
  "summary_bg_k": 46.437862939844365,
  "summary_bg_mad": 8.988275949690212,
  "summary_bg_mean": 50.272884368896484,
  "summary_bg_median": 27.87980842590332,
  "summary_bg_n": 74138.0,
  "summary_bg_p05": 21.105770111083984,
  "summary_bg_p95": 152.07019271850575,
  "summary_bg_stdv": 62.223960876464844,
  "summary_fg_k": 1.0227967592300429,
  "summary_fg_mad": 134.31806912163535,
  "summary_fg_mean": 833.2758178710938,
  "summary_fg_median": 823.1635131835938,
  "summary_fg_n": 28908.0,
  "summary_fg_p05": 614.6221466064453,
  "summary_fg_p95": 1094.0404663085935,
  "summary_fg_stdv": 147.39419555664062,
  "tsnr": 65.47028602450155
}