{
  "aor": 0.003105192307692307,
  "aqi": 0.008077868269230768,
  "bids_meta": {
    "AcquisitionMatrixPE": 64,
    "AcquisitionNumber": 1,
    "BandwidthPerPixelPhaseEncode": 30.637,
    "BaseResolution": 64,
    "ConversionSoftware": "dcm2niix",
    "ConversionSoftwareVersion": "v1.0.20171215 GCC4.4.7",
    "DerivedVendorReportedEchoSpacing": 0.000510004,
    "DeviceSerialNumber": "35119",
    "DwellTime": 3.5e-06,
    "EchoTime": 0.03,
    "EffectiveEchoSpacing": 0.000510004,
    "FlipAngle": 78,
    "ImageComments": "V",
    "ImageOrientationPatientDICOM": [
      0.999864,
      0.005398,
      0.015583,
      0,
      0.94491,
      -0.32733
    ],
    "ImageType": [
      "ORIGINAL",
      "PRIMARY",
      "M",
      "ND",
      "MOSAIC"
    ],
    "InPlanePhaseEncodingDirectionDICOM": "COL",
    "InstitutionAddress": "15 Chaucer Road, Cambridge CB2 7EF, UK",
    "InstitutionName": "MRC Cognition and Brain Sciences Unit",
    "MRAcquisitionType": "2D",
    "MagneticFieldStrength": 3,
    "Manufacturer": "Siemens",
    "ManufacturersModelName": "TrioTim",
    "Modality": "MR",
    "NumberOfVolumesDiscardedByScanner": 3,
    "NumberOfVolumesDiscardedByuser": 2,
    "PartialFourier": 1,
    "PatientPosition": "HFS",
    "PercentPhaseFOV": 100,
    "PhaseEncodingDirection": "j-",
    "PhaseEncodingSteps": 64,
    "PhaseResolution": 1,
    "PixelBandwidth": 2230,
    "ProcedureStepDescription": "CBU_Neuroimaging",
    "ProtocolName": "CBU_DWEPI_BOLD210",
    "PulseSequenceDetails": "%SiemensSeq%_ep2d_bold",
    "PulseSequenceType": "EPI",
    "ReceiveCoilName": "HeadMatrix",
    "ReconMatrixPE": 64,
    "RepetitionTime": 2,
    "SAR": 0.114176,
    "ScanOptions": "FS",
    "ScanningSequence": "EP",
    "SequenceName": "_epfid2d1_64",
    "SequenceVariant": "SK",
    "SeriesDescription": "CBU_DWEPI_BOLD210",
    "SliceThickness": 3,
    "SliceTiming": [
      0,
      1.0325,
      0.06,
      1.095,
      0.12,
      1.155,
      0.1825,
      1.215,
      0.2425,
      1.2775,
      0.3025,
      1.3375,
      0.365,
      1.3975,
      0.425,
      1.46,
      0.485,
      1.52,
      0.5475,
      1.58,
      0.6075,
      1.6425,
      0.6675,
      1.7025,
      0.73,
      1.7625,
      0.79,
      1.825,
      0.85,
      1.885,
      0.9125,
      1.945,
      0.9725
    ],
    "SoftwareVersions": "syngo_MR_B15",
    "SpacingBetweenSlices": 3.75,
    "StationName": "MRC35119",
    "TaskName": "facerecognition",
    "TotalReadoutTime": 0.0321303,
    "TxRefAmp": 295.172,
    "dataset": "ds000117",
    "modality": "bold",
    "run_id": 6,
    "session_id": "mri",
    "subject_id": "14",
    "task_id": "facerecognition"
  },
  "dummy_trs": 0,
  "dvars_nstd": 24.613882939855095,
  "dvars_std": 1.1782405652657004,
  "dvars_vstd": 1.0070037641062806,
  "efc": 0.5683351744791204,
  "fber": 829.9324340820312,
  "fd_mean": 0.12323862565117275,
  "fd_num": 22,
  "fd_perc": 10.576923076923077,
  "fwhm_avg": 1.8781716168956077,
  "fwhm_x": 1.8485433333333334,
  "fwhm_y": 2.0243661840201574,
  "fwhm_z": 1.7616053333333332,
  "gcor": 0.014446,
  "gsr_x": -0.00696917437016964,
  "gsr_y": 0.035332344472408295,
  "provenance": {
    "md5sum": "2a28349e76d040b3a1b6f29845b8cd5d",
    "settings": {
      "fd_thres": 0.2,
      "testing": false
    },
    "software": "mriqc",
    "version": "0.16.1",
    "webapi_port": null,
    "webapi_url": "https://mriqc.nimh.nih.gov/api/v1"
  },
  "size_t": 208,
  "size_x": 64,
  "size_y": 64,
  "size_z": 33,
  "snr": 5.599247384658659,
  "spacing_tr": 2.0,
  "spacing_x": 3.0,
  "spacing_y": 3.0000007152557373,
  "spacing_z": 3.75,
  "summary_bg_k": 49.554597572261166,
  "summary_bg_mad": 8.945507707898146,
  "summary_bg_mean": 50.069156646728516,
  "summary_bg_median": 27.764423370361328,
  "summary_bg_n": 73933.0,
  "summary_bg_p05": 20.95673179626465,
  "summary_bg_p95": 152.50192260742185,
  "summary_bg_stdv": 62.670494079589844,
  "summary_fg_k": 1.0772946736611475,
  "summary_fg_mad": 133.1063512867416,
  "summary_fg_mean": 830.9826049804688,
  "summary_fg_median": 820.40869140625,
  "summary_fg_n": 28882.0,
  "summary_fg_p05": 614.4567260742188,
  "summary_fg_p95": 1087.9211975097649,
  "summary_fg_stdv": 146.51870727539062,
  "tsnr": 59.222003342583776
}