{
  "aor": 0.001397149758454106,
  "aqi": 0.01028421415458937,
  "bids_meta": {
    "AcquisitionMatrixPE": 64,
    "AcquisitionNumber": 1,
    "BandwidthPerPixelPhaseEncode": 30.637,
    "BaseResolution": 64,
    "ConversionSoftware": "dcm2niix",
    "ConversionSoftwareVersion": "v1.0.20171215 GCC4.4.7",
    "DerivedVendorReportedEchoSpacing": 0.000510004,
    "DeviceSerialNumber": "35119",
    "DwellTime": 3.5e-06,
    "EchoTime": 0.03,
    "EffectiveEchoSpacing": 0.000510004,
    "FlipAngle": 78,
    "ImageComments": "V",
    "ImageOrientationPatientDICOM": [
      0.999864,
      0.005398,
      0.015583,
      0,
      0.94491,
      -0.32733
    ],
    "ImageType": [
      "ORIGINAL",
      "PRIMARY",
      "M",
      "ND",
      "MOSAIC"
    ],
    "InPlanePhaseEncodingDirectionDICOM": "COL",
    "InstitutionAddress": "15 Chaucer Road, Cambridge CB2 7EF, UK",
    "InstitutionName": "MRC Cognition and Brain Sciences Unit",
    "MRAcquisitionType": "2D",
    "MagneticFieldStrength": 3,
    "Manufacturer": "Siemens",
    "ManufacturersModelName": "TrioTim",
    "Modality": "MR",
    "NumberOfVolumesDiscardedByScanner": 3,
    "NumberOfVolumesDiscardedByuser": 2,
    "PartialFourier": 1,
    "PatientPosition": "HFS",
    "PercentPhaseFOV": 100,
    "PhaseEncodingDirection": "j-",
    "PhaseEncodingSteps": 64,
    "PhaseResolution": 1,
    "PixelBandwidth": 2230,
    "ProcedureStepDescription": "CBU_Neuroimaging",
    "ProtocolName": "CBU_DWEPI_BOLD210",
    "PulseSequenceDetails": "%SiemensSeq%_ep2d_bold",
    "PulseSequenceType": "EPI",
    "ReceiveCoilName": "HeadMatrix",
    "ReconMatrixPE": 64,
    "RepetitionTime": 2,
    "SAR": 0.114176,
    "ScanOptions": "FS",
    "ScanningSequence": "EP",
    "SequenceName": "_epfid2d1_64",
    "SequenceVariant": "SK",
    "SeriesDescription": "CBU_DWEPI_BOLD210",
    "SliceThickness": 3,
    "SliceTiming": [
      0,
      1.0325,
      0.06,
      1.095,
      0.12,
      1.155,
      0.1825,
      1.215,
      0.2425,
      1.2775,
      0.3025,
      1.3375,
      0.365,
      1.3975,
      0.425,
      1.46,
      0.485,
      1.52,
      0.5475,
      1.58,
      0.6075,
      1.6425,
      0.6675,
      1.7025,
      0.73,
      1.7625,
      0.79,
      1.825,
      0.85,
      1.885,
      0.9125,
      1.945,
      0.9725
    ],
    "SoftwareVersions": "syngo_MR_B15",
    "SpacingBetweenSlices": 3.75,
    "StationName": "MRC35119",
    "TaskName": "facerecognition",
    "TotalReadoutTime": 0.0321303,
    "TxRefAmp": 295.172,
    "dataset": "ds000117",
    "modality": "bold",
    "run_id": 9,
    "session_id": "mri",
    "subject_id": "14",
    "task_id": "facerecognition"
  },
  "dummy_trs": 1,
  "dvars_nstd": 25.749224987038854,
  "dvars_std": 1.1511990233495148,
  "dvars_vstd": 0.9760596166504861,
  "efc": 0.5693032964940028,
  "fber": 806.4461059570312,
  "fd_mean": 0.14728812712566797,
  "fd_num": 37,
  "fd_perc": 17.8743961352657,
  "fwhm_avg": 1.8913631716241166,
  "fwhm_x": 1.86241,
  "fwhm_y": 2.0347728482056824,
  "fwhm_z": 1.7769066666666666,
  "gcor": 0.0133358,
  "gsr_x": -0.007768657989799976,
  "gsr_y": 0.03661496937274933,
  "provenance": {
    "md5sum": "b72080558fbf7dbd21e4025d8ee885c8",
    "settings": {
      "fd_thres": 0.2,
      "testing": false
    },
    "software": "mriqc",
    "version": "0.16.1",
    "webapi_port": null,
    "webapi_url": "https://mriqc.nimh.nih.gov/api/v1"
  },
  "size_t": 207,
  "size_x": 64,
  "size_y": 64,
  "size_z": 33,
  "snr": 5.596803754121158,
  "spacing_tr": 2.0,
  "spacing_x": 3.0,
  "spacing_y": 3.0000007152557373,
  "spacing_z": 3.75,
  "summary_bg_k": 49.560112658357426,
  "summary_bg_mad": 9.59035970165227,
  "summary_bg_mean": 50.9930419921875,
  "summary_bg_median": 28.285024642944336,
  "summary_bg_n": 74103.0,
  "summary_bg_p05": 21.033815383911133,
  "summary_bg_p95": 154.06569519042958,
  "summary_bg_stdv": 64.05169677734375,
  "summary_fg_k": 0.9741055220424193,
  "summary_fg_mad": 134.2506986778074,
  "summary_fg_mean": 837.1375122070312,
  "summary_fg_median": 826.3719482421875,
  "summary_fg_n": 28840.0,
  "summary_fg_p05": 617.41064453125,
  "summary_fg_p95": 1098.3005249023438,
  "summary_fg_stdv": 147.64813232421875,
  "tsnr": 54.571315796347335
}