{
  "aor": 0.0006647115384615384,
  "aqi": 0.007231766057692308,
  "bids_meta": {
    "AcquisitionMatrixPE": 64,
    "AcquisitionNumber": 1,
    "BandwidthPerPixelPhaseEncode": 30.637,
    "BaseResolution": 64,
    "ConversionSoftware": "dcm2niix",
    "ConversionSoftwareVersion": "v1.0.20171215 GCC4.4.7",
    "DerivedVendorReportedEchoSpacing": 0.000510004,
    "DeviceSerialNumber": "35119",
    "DwellTime": 3.5e-06,
    "EchoTime": 0.03,
    "EffectiveEchoSpacing": 0.000510004,
    "FlipAngle": 78,
    "ImageComments": "V",
    "ImageOrientationPatientDICOM": [
      0.999864,
      0.005398,
      0.015583,
      0,
      0.94491,
      -0.32733
    ],
    "ImageType": [
      "ORIGINAL",
      "PRIMARY",
      "M",
      "ND",
      "MOSAIC"
    ],
    "InPlanePhaseEncodingDirectionDICOM": "COL",
    "InstitutionAddress": "15 Chaucer Road, Cambridge CB2 7EF, UK",
    "InstitutionName": "MRC Cognition and Brain Sciences Unit",
    "MRAcquisitionType": "2D",
    "MagneticFieldStrength": 3,
    "Manufacturer": "Siemens",
    "ManufacturersModelName": "TrioTim",
    "Modality": "MR",
    "NumberOfVolumesDiscardedByScanner": 3,
    "NumberOfVolumesDiscardedByuser": 2,
    "PartialFourier": 1,
    "PatientPosition": "HFS",
    "PercentPhaseFOV": 100,
    "PhaseEncodingDirection": "j-",
    "PhaseEncodingSteps": 64,
    "PhaseResolution": 1,
    "PixelBandwidth": 2230,
    "ProcedureStepDescription": "CBU_Neuroimaging",
    "ProtocolName": "CBU_DWEPI_BOLD210",
    "PulseSequenceDetails": "%SiemensSeq%_ep2d_bold",
    "PulseSequenceType": "EPI",
    "ReceiveCoilName": "HeadMatrix",
    "ReconMatrixPE": 64,
    "RepetitionTime": 2,
    "SAR": 0.114176,
    "ScanOptions": "FS",
    "ScanningSequence": "EP",
    "SequenceName": "_epfid2d1_64",
    "SequenceVariant": "SK",
    "SeriesDescription": "CBU_DWEPI_BOLD210",
    "SliceThickness": 3,
    "SliceTiming": [
      0,
      1.0325,
      0.06,
      1.095,
      0.12,
      1.155,
      0.1825,
      1.215,
      0.2425,
      1.2775,
      0.3025,
      1.3375,
      0.365,
      1.3975,
      0.425,
      1.46,
      0.485,
      1.52,
      0.5475,
      1.58,
      0.6075,
      1.6425,
      0.6675,
      1.7025,
      0.73,
      1.7625,
      0.79,
      1.825,
      0.85,
      1.885,
      0.9125,
      1.945,
      0.9725
    ],
    "SoftwareVersions": "syngo_MR_B15",
    "SpacingBetweenSlices": 3.75,
    "StationName": "MRC35119",
    "TaskName": "facerecognition",
    "TotalReadoutTime": 0.0321303,
    "TxRefAmp": 295.172,
    "dataset": "ds000117",
    "modality": "bold",
    "run_id": 5,
    "session_id": "mri",
    "subject_id": "08",
    "task_id": "facerecognition"
  },
  "dummy_trs": 0,
  "dvars_nstd": 25.489312084202886,
  "dvars_std": 1.1804154327536234,
  "dvars_vstd": 0.9853751336231881,
  "efc": 0.5936589508645754,
  "fber": 698.0184326171875,
  "fd_mean": 0.08390148237745397,
  "fd_num": 2,
  "fd_perc": 0.9615384615384616,
  "fwhm_avg": 1.753883287736537,
  "fwhm_x": 1.7031636040438978,
  "fwhm_y": 1.900633031235849,
  "fwhm_z": 1.6578532279298637,
  "gcor": 0.0104368,
  "gsr_x": 0.0031113848090171814,
  "gsr_y": 0.02189229242503643,
  "provenance": {
    "md5sum": "bb5e29a041bed6aedb0ffa39c1e4da08",
    "settings": {
      "fd_thres": 0.2,
      "testing": false
    },
    "software": "mriqc",
    "version": "0.16.1",
    "webapi_port": null,
    "webapi_url": "https://mriqc.nimh.nih.gov/api/v1"
  },
  "size_t": 208,
  "size_x": 64,
  "size_y": 64,
  "size_z": 33,
  "snr": 5.771265890861306,
  "spacing_tr": 2.0,
  "spacing_x": 2.999999523162842,
  "spacing_y": 3.000000476837158,
  "spacing_z": 3.750000238418579,
  "summary_bg_k": 18.265328868633812,
  "summary_bg_mad": 9.209240485883695,
  "summary_bg_mean": 58.876468658447266,
  "summary_bg_median": 28.01923179626465,
  "summary_bg_n": 72245.0,
  "summary_bg_p05": 21.19711685180664,
  "summary_bg_p95": 219.25674133300788,
  "summary_bg_stdv": 79.95330810546875,
  "summary_fg_k": 1.7327219182404363,
  "summary_fg_mad": 118.04505287072158,
  "summary_fg_mean": 768.8512573242188,
  "summary_fg_median": 762.3894653320312,
  "summary_fg_n": 30459.0,
  "summary_fg_p05": 577.5860656738281,
  "summary_fg_p95": 996.8120666503906,
  "summary_fg_stdv": 132.09873962402344,
  "tsnr": 64.5997006429825
}