{
  "aor": 0.0015423557692307692,
  "aqi": 0.0055692942788461534,
  "bids_meta": {
    "AcquisitionMatrixPE": 64,
    "AcquisitionNumber": 1,
    "BandwidthPerPixelPhaseEncode": 30.637,
    "BaseResolution": 64,
    "ConversionSoftware": "dcm2niix",
    "ConversionSoftwareVersion": "v1.0.20171215 GCC4.4.7",
    "DerivedVendorReportedEchoSpacing": 0.000510004,
    "DeviceSerialNumber": "35119",
    "DwellTime": 3.5e-06,
    "EchoTime": 0.03,
    "EffectiveEchoSpacing": 0.000510004,
    "FlipAngle": 78,
    "ImageComments": "V",
    "ImageOrientationPatientDICOM": [
      0.999864,
      0.005398,
      0.015583,
      0,
      0.94491,
      -0.32733
    ],
    "ImageType": [
      "ORIGINAL",
      "PRIMARY",
      "M",
      "ND",
      "MOSAIC"
    ],
    "InPlanePhaseEncodingDirectionDICOM": "COL",
    "InstitutionAddress": "15 Chaucer Road, Cambridge CB2 7EF, UK",
    "InstitutionName": "MRC Cognition and Brain Sciences Unit",
    "MRAcquisitionType": "2D",
    "MagneticFieldStrength": 3,
    "Manufacturer": "Siemens",
    "ManufacturersModelName": "TrioTim",
    "Modality": "MR",
    "NumberOfVolumesDiscardedByScanner": 3,
    "NumberOfVolumesDiscardedByuser": 2,
    "PartialFourier": 1,
    "PatientPosition": "HFS",
    "PercentPhaseFOV": 100,
    "PhaseEncodingDirection": "j-",
    "PhaseEncodingSteps": 64,
    "PhaseResolution": 1,
    "PixelBandwidth": 2230,
    "ProcedureStepDescription": "CBU_Neuroimaging",
    "ProtocolName": "CBU_DWEPI_BOLD210",
    "PulseSequenceDetails": "%SiemensSeq%_ep2d_bold",
    "PulseSequenceType": "EPI",
    "ReceiveCoilName": "HeadMatrix",
    "ReconMatrixPE": 64,
    "RepetitionTime": 2,
    "SAR": 0.114176,
    "ScanOptions": "FS",
    "ScanningSequence": "EP",
    "SequenceName": "_epfid2d1_64",
    "SequenceVariant": "SK",
    "SeriesDescription": "CBU_DWEPI_BOLD210",
    "SliceThickness": 3,
    "SliceTiming": [
      0,
      1.0325,
      0.06,
      1.095,
      0.12,
      1.155,
      0.1825,
      1.215,
      0.2425,
      1.2775,
      0.3025,
      1.3375,
      0.365,
      1.3975,
      0.425,
      1.46,
      0.485,
      1.52,
      0.5475,
      1.58,
      0.6075,
      1.6425,
      0.6675,
      1.7025,
      0.73,
      1.7625,
      0.79,
      1.825,
      0.85,
      1.885,
      0.9125,
      1.945,
      0.9725
    ],
    "SoftwareVersions": "syngo_MR_B15",
    "SpacingBetweenSlices": 3.75,
    "StationName": "MRC35119",
    "TaskName": "facerecognition",
    "TotalReadoutTime": 0.0321303,
    "TxRefAmp": 295.172,
    "dataset": "ds000117",
    "modality": "bold",
    "run_id": 9,
    "session_id": "mri",
    "subject_id": "08",
    "task_id": "facerecognition"
  },
  "dummy_trs": 0,
  "dvars_nstd": 23.87199088560386,
  "dvars_std": 1.1715231003864734,
  "dvars_vstd": 1.011679212753623,
  "efc": 0.594722063950356,
  "fber": 679.9020385742188,
  "fd_mean": 0.09088993678473267,
  "fd_num": 7,
  "fd_perc": 3.3653846153846154,
  "fwhm_avg": 1.7638668685241283,
  "fwhm_x": 1.7204001367251187,
  "fwhm_y": 1.9093230298546109,
  "fwhm_z": 1.6618774389926552,
  "gcor": 0.0201352,
  "gsr_x": 0.0016721166903153062,
  "gsr_y": 0.0234272088855505,
  "provenance": {
    "md5sum": "f5c19b5cf19c84e2da03f8d78bb41f25",
    "settings": {
      "fd_thres": 0.2,
      "testing": false
    },
    "software": "mriqc",
    "version": "0.16.1",
    "webapi_port": null,
    "webapi_url": "https://mriqc.nimh.nih.gov/api/v1"
  },
  "size_t": 208,
  "size_x": 64,
  "size_y": 64,
  "size_z": 33,
  "snr": 5.761357567163175,
  "spacing_tr": 2.0,
  "spacing_x": 2.999999761581421,
  "spacing_y": 3.000000476837158,
  "spacing_z": 3.749999761581421,
  "summary_bg_k": 17.63560400243379,
  "summary_bg_mad": 9.872136922303461,
  "summary_bg_mean": 60.2874755859375,
  "summary_bg_median": 28.533655166625977,
  "summary_bg_n": 72321.0,
  "summary_bg_p05": 21.25480842590332,
  "summary_bg_p95": 226.1826934814453,
  "summary_bg_stdv": 80.57959747314453,
  "summary_fg_k": 1.6730411774509335,
  "summary_fg_mad": 119.28889496022772,
  "summary_fg_mean": 777.9591674804688,
  "summary_fg_median": 771.2884521484375,
  "summary_fg_n": 30506.0,
  "summary_fg_p05": 582.5697326660156,
  "summary_fg_p95": 1006.4615631103516,
  "summary_fg_stdv": 133.87049865722656,
  "tsnr": 69.7112084372202
}