{
  "aor": 0.0011215384615384616,
  "aqi": 0.005950161298076923,
  "bids_meta": {
    "AcquisitionMatrixPE": 64,
    "AcquisitionNumber": 1,
    "BandwidthPerPixelPhaseEncode": 30.637,
    "BaseResolution": 64,
    "ConversionSoftware": "dcm2niix",
    "ConversionSoftwareVersion": "v1.0.20171215 GCC4.4.7",
    "DerivedVendorReportedEchoSpacing": 0.000510004,
    "DeviceSerialNumber": "35119",
    "DwellTime": 3.5e-06,
    "EchoTime": 0.03,
    "EffectiveEchoSpacing": 0.000510004,
    "FlipAngle": 78,
    "ImageComments": "V",
    "ImageOrientationPatientDICOM": [
      0.999864,
      0.005398,
      0.015583,
      0,
      0.94491,
      -0.32733
    ],
    "ImageType": [
      "ORIGINAL",
      "PRIMARY",
      "M",
      "ND",
      "MOSAIC"
    ],
    "InPlanePhaseEncodingDirectionDICOM": "COL",
    "InstitutionAddress": "15 Chaucer Road, Cambridge CB2 7EF, UK",
    "InstitutionName": "MRC Cognition and Brain Sciences Unit",
    "MRAcquisitionType": "2D",
    "MagneticFieldStrength": 3,
    "Manufacturer": "Siemens",
    "ManufacturersModelName": "TrioTim",
    "Modality": "MR",
    "NumberOfVolumesDiscardedByScanner": 3,
    "NumberOfVolumesDiscardedByuser": 2,
    "PartialFourier": 1,
    "PatientPosition": "HFS",
    "PercentPhaseFOV": 100,
    "PhaseEncodingDirection": "j-",
    "PhaseEncodingSteps": 64,
    "PhaseResolution": 1,
    "PixelBandwidth": 2230,
    "ProcedureStepDescription": "CBU_Neuroimaging",
    "ProtocolName": "CBU_DWEPI_BOLD210",
    "PulseSequenceDetails": "%SiemensSeq%_ep2d_bold",
    "PulseSequenceType": "EPI",
    "ReceiveCoilName": "HeadMatrix",
    "ReconMatrixPE": 64,
    "RepetitionTime": 2,
    "SAR": 0.114176,
    "ScanOptions": "FS",
    "ScanningSequence": "EP",
    "SequenceName": "_epfid2d1_64",
    "SequenceVariant": "SK",
    "SeriesDescription": "CBU_DWEPI_BOLD210",
    "SliceThickness": 3,
    "SliceTiming": [
      0,
      1.0325,
      0.06,
      1.095,
      0.12,
      1.155,
      0.1825,
      1.215,
      0.2425,
      1.2775,
      0.3025,
      1.3375,
      0.365,
      1.3975,
      0.425,
      1.46,
      0.485,
      1.52,
      0.5475,
      1.58,
      0.6075,
      1.6425,
      0.6675,
      1.7025,
      0.73,
      1.7625,
      0.79,
      1.825,
      0.85,
      1.885,
      0.9125,
      1.945,
      0.9725
    ],
    "SoftwareVersions": "syngo_MR_B15",
    "SpacingBetweenSlices": 3.75,
    "StationName": "MRC35119",
    "TaskName": "facerecognition",
    "TotalReadoutTime": 0.0321303,
    "TxRefAmp": 295.172,
    "dataset": "ds000117",
    "modality": "bold",
    "run_id": 3,
    "session_id": "mri",
    "subject_id": "08",
    "task_id": "facerecognition"
  },
  "dummy_trs": 0,
  "dvars_nstd": 25.596970526038657,
  "dvars_std": 1.1893078718840573,
  "dvars_vstd": 1.0059630712077292,
  "efc": 0.5928846893251535,
  "fber": 709.1516723632812,
  "fd_mean": 0.10299096437751183,
  "fd_num": 6,
  "fd_perc": 2.8846153846153846,
  "fwhm_avg": 1.7497518123966451,
  "fwhm_x": 1.6987970716914509,
  "fwhm_y": 1.8947863654984847,
  "fwhm_z": 1.655672,
  "gcor": 0.0335565,
  "gsr_x": 0.003368217032402754,
  "gsr_y": 0.020735133439302444,
  "provenance": {
    "md5sum": "a43a4fbc3e6b3791c571468dfa02cb8d",
    "settings": {
      "fd_thres": 0.2,
      "testing": false
    },
    "software": "mriqc",
    "version": "0.16.1",
    "webapi_port": null,
    "webapi_url": "https://mriqc.nimh.nih.gov/api/v1"
  },
  "size_t": 208,
  "size_x": 64,
  "size_y": 64,
  "size_z": 33,
  "snr": 5.810254332944526,
  "spacing_tr": 2.0,
  "spacing_x": 2.9999992847442627,
  "spacing_y": 3.000000476837158,
  "spacing_z": 3.75,
  "summary_bg_k": 18.124122377846255,
  "summary_bg_mad": 8.631880533048061,
  "summary_bg_mean": 57.70819091796875,
  "summary_bg_median": 27.56730842590332,
  "summary_bg_n": 72152.0,
  "summary_bg_p05": 21.163461685180664,
  "summary_bg_p95": 215.17259979248044,
  "summary_bg_stdv": 78.82355499267578,
  "summary_fg_k": 1.613651378154212,
  "summary_fg_mad": 117.13987281751652,
  "summary_fg_mean": 763.1692504882812,
  "summary_fg_median": 756.6635131835938,
  "summary_fg_n": 30561.0,
  "summary_fg_p05": 574.8173217773438,
  "summary_fg_p95": 986.0385131835938,
  "summary_fg_stdv": 130.2268524169922,
  "tsnr": 66.44908872083761
}