{
  "bids_meta": {
    "AcquisitionMatrixPE": 246,
    "AcquisitionNumber": 1,
    "AnatomicalLandmarkCoordinates": {
      "LPA": [
        141,
        107,
        16
      ],
      "Nasion": [
        53,
        144,
        95
      ],
      "RPA": [
        140,
        94,
        169
      ]
    },
    "BaseResolution": 256,
    "ConversionSoftware": "dcm2niix",
    "ConversionSoftwareVersion": "v1.0.20171215 GCC4.4.7",
    "DeviceSerialNumber": "35119",
    "DwellTime": 8.5e-06,
    "EchoTime": 0.00298,
    "FlipAngle": 9,
    "ImageComments": "V",
    "ImageType": [
      "ORIGINAL",
      "PRIMARY",
      "M",
      "ND",
      "NORM"
    ],
    "InPlanePhaseEncodingDirectionDICOM": "ROW",
    "InstitutionAddress": "15 Chaucer Road, Cambridge CB2 7EF, UK",
    "InstitutionName": "MRC Cognition and Brain Sciences Unit",
    "InversionTime": 0.9,
    "MRAcquisitionType": "3D",
    "MagneticFieldStrength": 3,
    "Manufacturer": "Siemens",
    "ManufacturersModelName": "TrioTim",
    "Modality": "MR",
    "ParallelReductionFactorInPlane": 2,
    "PartialFourier": 0.875,
    "PatientPosition": "HFS",
    "PercentPhaseFOV": 100,
    "PhaseEncodingSteps": 215,
    "PhaseResolution": 0.96,
    "PixelBandwidth": 230,
    "ProcedureStepDescription": "CBU_Neuroimaging",
    "ProtocolName": "CBU_MPRAGE",
    "PulseSequenceDetails": "%SiemensSeq%_tfl",
    "PulseSequenceType": "MPRAGE",
    "ReceiveCoilName": "HeadMatrix",
    "ReconMatrixPE": 256,
    "RepetitionTime": 2.25,
    "ScanOptions": "IR_PFP",
    "ScanningSequence": "GR_IR",
    "SequenceName": "_tfl3d1_ns",
    "SequenceVariant": "SP_MP_OSP",
    "SeriesDescription": "CBU_MPRAGE",
    "SliceThickness": 1,
    "SoftwareVersions": "syngo_MR_B15",
    "StationName": "MRC35119",
    "acq_id": "mprage",
    "dataset": "ds000117",
    "modality": "T1w",
    "session_id": "mri",
    "subject_id": "03"
  },
  "cjv": 0.44475639247715626,
  "cnr": 3.0531937223458887,
  "efc": 0.5320946416222669,
  "fber": 2142.355224609375,
  "fwhm_avg": 3.8115061870494196,
  "fwhm_x": 3.8141402273404736,
  "fwhm_y": 4.12612,
  "fwhm_z": 3.494258333807786,
  "icvs_csf": 0.20697002944002246,
  "icvs_gm": 0.3975432688778068,
  "icvs_wm": 0.39548670168217076,
  "inu_med": 1.6137899160385132,
  "inu_range": 0.6334409713745117,
  "provenance": {
    "md5sum": "a990fa5fdefd6bd411b3f9a74ebdfa64",
    "settings": {
      "testing": false
    },
    "software": "mriqc",
    "version": "0.16.1",
    "warnings": {
      "large_rot_frame": true,
      "small_air_mask": false
    },
    "webapi_port": null,
    "webapi_url": "https://mriqc.nimh.nih.gov/api/v1"
  },
  "qi_1": 0.0004173856556565345,
  "qi_2": 0.018934760847825034,
  "rpve_csf": 28.3704860646043,
  "rpve_gm": 14.81165629824775,
  "rpve_wm": 18.142545260297517,
  "size_x": 192,
  "size_y": 256,
  "size_z": 256,
  "snr_csf": 3.453945974051739,
  "snr_gm": 11.759470378247384,
  "snr_total": 11.226218654588019,
  "snr_wm": 18.465239611464934,
  "snrd_csf": 28.856674021076085,
  "snrd_gm": 52.88729865100053,
  "snrd_total": 50.94652880667163,
  "snrd_wm": 71.09561374793827,
  "spacing_x": 0.9999999403953552,
  "spacing_y": 1.0,
  "spacing_z": 1.0000004768371582,
  "summary_bg_k": 3.7755972658669084,
  "summary_bg_mad": 9.215069369670651,
  "summary_bg_mean": 12.980727195739746,
  "summary_bg_median": 9.538920402526855,
  "summary_bg_n": 3100038.0,
  "summary_bg_p05": 0.0,
  "summary_bg_p95": 31.79838066101074,
  "summary_bg_stdv": 10.107949256896973,
  "summary_csf_k": -0.36285053869774986,
  "summary_csf_mad": 127.93117911411372,
  "summary_csf_mean": 413.21923828125,
  "summary_csf_median": 405.8945007324219,
  "summary_csf_n": 19236.0,
  "summary_csf_p05": 236.21685409545898,
  "summary_csf_p95": 612.3023529052734,
  "summary_csf_stdv": 117.51311492919922,
  "summary_gm_k": 0.11778301084795251,
  "summary_gm_mad": 62.23721416805192,
  "summary_gm_mean": 745.570556640625,
  "summary_gm_median": 743.9063720703125,
  "summary_gm_n": 10980.0,
  "summary_gm_p05": 642.7756561279298,
  "summary_gm_p95": 852.1325897216797,
  "summary_gm_stdv": 63.2573127746582,
  "summary_wm_k": 0.2741992977097887,
  "summary_wm_mad": 51.67199928032534,
  "summary_wm_mean": 998.3306884765625,
  "summary_wm_median": 1000.0223388671875,
  "summary_wm_n": 224072.0,
  "summary_wm_p05": 905.7225646972656,
  "summary_wm_p95": 1084.8045043945312,
  "summary_wm_stdv": 54.156898498535156,
  "tpm_overlap_csf": 0.16656115651130676,
  "tpm_overlap_gm": 0.44215327501296997,
  "tpm_overlap_wm": 0.5141658782958984,
  "wm2max": 0.5097039998471242
}