{
  "bids_meta": {
    "AcquisitionMatrixPE": 246,
    "AcquisitionNumber": 1,
    "AnatomicalLandmarkCoordinates": {
      "LPA": [
        144,
        83,
        25
      ],
      "Nasion": [
        55,
        106,
        97
      ],
      "RPA": [
        147,
        80,
        164
      ]
    },
    "BaseResolution": 256,
    "ConversionSoftware": "dcm2niix",
    "ConversionSoftwareVersion": "v1.0.20171215 GCC4.4.7",
    "DeviceSerialNumber": "35119",
    "DwellTime": 8.5e-06,
    "EchoTime": 0.00298,
    "FlipAngle": 9,
    "ImageComments": "V",
    "ImageType": [
      "ORIGINAL",
      "PRIMARY",
      "M",
      "ND",
      "NORM"
    ],
    "InPlanePhaseEncodingDirectionDICOM": "ROW",
    "InstitutionAddress": "15 Chaucer Road, Cambridge CB2 7EF, UK",
    "InstitutionName": "MRC Cognition and Brain Sciences Unit",
    "InversionTime": 0.9,
    "MRAcquisitionType": "3D",
    "MagneticFieldStrength": 3,
    "Manufacturer": "Siemens",
    "ManufacturersModelName": "TrioTim",
    "Modality": "MR",
    "ParallelReductionFactorInPlane": 2,
    "PartialFourier": 0.875,
    "PatientPosition": "HFS",
    "PercentPhaseFOV": 100,
    "PhaseEncodingSteps": 215,
    "PhaseResolution": 0.96,
    "PixelBandwidth": 230,
    "ProcedureStepDescription": "CBU_Neuroimaging",
    "ProtocolName": "CBU_MPRAGE",
    "PulseSequenceDetails": "%SiemensSeq%_tfl",
    "PulseSequenceType": "MPRAGE",
    "ReceiveCoilName": "HeadMatrix",
    "ReconMatrixPE": 256,
    "RepetitionTime": 2.25,
    "ScanOptions": "IR_PFP",
    "ScanningSequence": "GR_IR",
    "SequenceName": "_tfl3d1_ns",
    "SequenceVariant": "SP_MP_OSP",
    "SeriesDescription": "CBU_MPRAGE",
    "SliceThickness": 1,
    "SoftwareVersions": "syngo_MR_B15",
    "StationName": "MRC35119",
    "acq_id": "mprage",
    "dataset": "ds000117",
    "modality": "T1w",
    "session_id": "mri",
    "subject_id": "11"
  },
  "cjv": 0.42839295973302105,
  "cnr": 3.143114078317436,
  "efc": 0.4681094980968149,
  "fber": 3634.042724609375,
  "fwhm_avg": 3.543803333333333,
  "fwhm_x": 3.50196,
  "fwhm_y": 3.90721,
  "fwhm_z": 3.22224,
  "icvs_csf": 0.20152480482628124,
  "icvs_gm": 0.42101301976896705,
  "icvs_wm": 0.37746217540475174,
  "inu_med": 1.6332712173461914,
  "inu_range": 0.5103929221630097,
  "provenance": {
    "md5sum": "07757899a4ec1a2bfe64c3e1479c8cd0",
    "settings": {
      "testing": false
    },
    "software": "mriqc",
    "version": "0.16.1",
    "warnings": {
      "large_rot_frame": true,
      "small_air_mask": false
    },
    "webapi_port": null,
    "webapi_url": "https://mriqc.nimh.nih.gov/api/v1"
  },
  "qi_1": 0.00035823326210468936,
  "qi_2": 0.006521792529859674,
  "rpve_csf": 30.99105244112209,
  "rpve_gm": 15.568259133449567,
  "rpve_wm": 20.550261177046654,
  "size_x": 192,
  "size_y": 256,
  "size_z": 256,
  "snr_csf": 3.376671557224492,
  "snr_gm": 11.657235512564325,
  "snr_total": 11.493007375477156,
  "snr_wm": 19.445115056642653,
  "snrd_csf": 29.82855829335682,
  "snrd_gm": 55.76770226820324,
  "snrd_total": 53.60267892583092,
  "snrd_wm": 75.21177621593272,
  "spacing_x": 1.0,
  "spacing_y": 1.0,
  "spacing_z": 1.0,
  "summary_bg_k": 4.805744193491741,
  "summary_bg_mad": 8.710534055740771,
  "summary_bg_mean": 10.980528831481934,
  "summary_bg_median": 8.89194393157959,
  "summary_bg_n": 4526437.0,
  "summary_bg_p05": 0.0,
  "summary_bg_p95": 26.754396438598633,
  "summary_bg_stdv": 8.661490440368652,
  "summary_csf_k": 1.0626588844516185,
  "summary_csf_mad": 130.34778272411748,
  "summary_csf_mean": 413.5630798339844,
  "summary_csf_median": 396.59326171875,
  "summary_csf_n": 17025.0,
  "summary_csf_p05": 250.0384460449219,
  "summary_csf_p95": 609.5991088867188,
  "summary_csf_stdv": 117.44749450683594,
  "summary_gm_k": 0.1405611138021996,
  "summary_gm_mad": 61.68707499645738,
  "summary_gm_mean": 742.3540649414062,
  "summary_gm_median": 741.4738159179688,
  "summary_gm_n": 14567.0,
  "summary_gm_p05": 638.4956665039062,
  "summary_gm_p95": 850.4776733398437,
  "summary_gm_stdv": 63.60413360595703,
  "summary_wm_k": 0.3199782131239939,
  "summary_wm_mad": 49.06265014264722,
  "summary_wm_mean": 1000.1334228515625,
  "summary_wm_median": 999.9974975585938,
  "summary_wm_n": 194010.0,
  "summary_wm_p05": 915.4842224121094,
  "summary_wm_p95": 1085.231945800781,
  "summary_wm_stdv": 51.426536560058594,
  "tpm_overlap_csf": 0.17040953040122986,
  "tpm_overlap_gm": 0.4576266407966614,
  "tpm_overlap_wm": 0.5129736065864563,
  "wm2max": 0.5470842572494322
}