{
  "aor": 0.0015268750000000002,
  "aqi": 0.008915745048076924,
  "bids_meta": {
    "AcquisitionMatrixPE": 64,
    "AcquisitionNumber": 1,
    "BandwidthPerPixelPhaseEncode": 30.637,
    "BaseResolution": 64,
    "ConversionSoftware": "dcm2niix",
    "ConversionSoftwareVersion": "v1.0.20171215 GCC4.4.7",
    "DerivedVendorReportedEchoSpacing": 0.000510004,
    "DeviceSerialNumber": "35119",
    "DwellTime": 3.5e-06,
    "EchoTime": 0.03,
    "EffectiveEchoSpacing": 0.000510004,
    "FlipAngle": 78,
    "ImageComments": "V",
    "ImageOrientationPatientDICOM": [
      0.999864,
      0.005398,
      0.015583,
      0,
      0.94491,
      -0.32733
    ],
    "ImageType": [
      "ORIGINAL",
      "PRIMARY",
      "M",
      "ND",
      "MOSAIC"
    ],
    "InPlanePhaseEncodingDirectionDICOM": "COL",
    "InstitutionAddress": "15 Chaucer Road, Cambridge CB2 7EF, UK",
    "InstitutionName": "MRC Cognition and Brain Sciences Unit",
    "MRAcquisitionType": "2D",
    "MagneticFieldStrength": 3,
    "Manufacturer": "Siemens",
    "ManufacturersModelName": "TrioTim",
    "Modality": "MR",
    "NumberOfVolumesDiscardedByScanner": 3,
    "NumberOfVolumesDiscardedByuser": 2,
    "PartialFourier": 1,
    "PatientPosition": "HFS",
    "PercentPhaseFOV": 100,
    "PhaseEncodingDirection": "j-",
    "PhaseEncodingSteps": 64,
    "PhaseResolution": 1,
    "PixelBandwidth": 2230,
    "ProcedureStepDescription": "CBU_Neuroimaging",
    "ProtocolName": "CBU_DWEPI_BOLD210",
    "PulseSequenceDetails": "%SiemensSeq%_ep2d_bold",
    "PulseSequenceType": "EPI",
    "ReceiveCoilName": "HeadMatrix",
    "ReconMatrixPE": 64,
    "RepetitionTime": 2,
    "SAR": 0.114176,
    "ScanOptions": "FS",
    "ScanningSequence": "EP",
    "SequenceName": "_epfid2d1_64",
    "SequenceVariant": "SK",
    "SeriesDescription": "CBU_DWEPI_BOLD210",
    "SliceThickness": 3,
    "SliceTiming": [
      0,
      1.0325,
      0.06,
      1.095,
      0.12,
      1.155,
      0.1825,
      1.215,
      0.2425,
      1.2775,
      0.3025,
      1.3375,
      0.365,
      1.3975,
      0.425,
      1.46,
      0.485,
      1.52,
      0.5475,
      1.58,
      0.6075,
      1.6425,
      0.6675,
      1.7025,
      0.73,
      1.7625,
      0.79,
      1.825,
      0.85,
      1.885,
      0.9125,
      1.945,
      0.9725
    ],
    "SoftwareVersions": "syngo_MR_B15",
    "SpacingBetweenSlices": 3.75,
    "StationName": "MRC35119",
    "TaskName": "facerecognition",
    "TotalReadoutTime": 0.0321303,
    "TxRefAmp": 295.172,
    "dataset": "ds000117",
    "modality": "bold",
    "run_id": 5,
    "session_id": "mri",
    "subject_id": "11",
    "task_id": "facerecognition"
  },
  "dummy_trs": 0,
  "dvars_nstd": 24.300600319275354,
  "dvars_std": 1.1231794458937199,
  "dvars_vstd": 0.9969868209178744,
  "efc": 0.5700509717751201,
  "fber": 901.2532958984375,
  "fd_mean": 0.14114671453706,
  "fd_num": 32,
  "fd_perc": 15.384615384615385,
  "fwhm_avg": 1.7951669773814336,
  "fwhm_x": 1.7632798598671071,
  "fwhm_y": 1.9455757389438604,
  "fwhm_z": 1.6766453333333333,
  "gcor": 0.0441052,
  "gsr_x": -0.013077850453555584,
  "gsr_y": 0.03182657063007355,
  "provenance": {
    "md5sum": "3e8f83c11378abefc177806762755ba7",
    "settings": {
      "fd_thres": 0.2,
      "testing": false
    },
    "software": "mriqc",
    "version": "0.16.1",
    "webapi_port": null,
    "webapi_url": "https://mriqc.nimh.nih.gov/api/v1"
  },
  "size_t": 208,
  "size_x": 64,
  "size_y": 64,
  "size_z": 33,
  "snr": 6.26412397124697,
  "spacing_tr": 2.0,
  "spacing_x": 3.000000238418579,
  "spacing_y": 3.0000014305114746,
  "spacing_z": 3.75,
  "summary_bg_k": 26.979464266665833,
  "summary_bg_mad": 7.641104611633276,
  "summary_bg_mean": 50.13337707519531,
  "summary_bg_median": 26.75961685180664,
  "summary_bg_n": 73892.0,
  "summary_bg_p05": 20.918270111083984,
  "summary_bg_p95": 162.70890426635742,
  "summary_bg_stdv": 66.59478759765625,
  "summary_fg_k": 1.6854442755483054,
  "summary_fg_mad": 116.58747137447041,
  "summary_fg_mean": 832.5245971679688,
  "summary_fg_median": 826.4927978515625,
  "summary_fg_n": 29286.0,
  "summary_fg_p05": 635.5817565917969,
  "summary_fg_p95": 1059.79931640625,
  "summary_fg_stdv": 131.9384307861328,
  "tsnr": 60.723612070432864
}