{
  "aor": 0.0008028155339805825,
  "aqi": 0.008459604174757282,
  "bids_meta": {
    "AcquisitionMatrixPE": 64,
    "AcquisitionNumber": 1,
    "BandwidthPerPixelPhaseEncode": 30.637,
    "BaseResolution": 64,
    "ConversionSoftware": "dcm2niix",
    "ConversionSoftwareVersion": "v1.0.20171215 GCC4.4.7",
    "DerivedVendorReportedEchoSpacing": 0.000510004,
    "DeviceSerialNumber": "35119",
    "DwellTime": 3.5e-06,
    "EchoTime": 0.03,
    "EffectiveEchoSpacing": 0.000510004,
    "FlipAngle": 78,
    "ImageComments": "V",
    "ImageOrientationPatientDICOM": [
      0.999864,
      0.005398,
      0.015583,
      0,
      0.94491,
      -0.32733
    ],
    "ImageType": [
      "ORIGINAL",
      "PRIMARY",
      "M",
      "ND",
      "MOSAIC"
    ],
    "InPlanePhaseEncodingDirectionDICOM": "COL",
    "InstitutionAddress": "15 Chaucer Road, Cambridge CB2 7EF, UK",
    "InstitutionName": "MRC Cognition and Brain Sciences Unit",
    "MRAcquisitionType": "2D",
    "MagneticFieldStrength": 3,
    "Manufacturer": "Siemens",
    "ManufacturersModelName": "TrioTim",
    "Modality": "MR",
    "NumberOfVolumesDiscardedByScanner": 3,
    "NumberOfVolumesDiscardedByuser": 2,
    "PartialFourier": 1,
    "PatientPosition": "HFS",
    "PercentPhaseFOV": 100,
    "PhaseEncodingDirection": "j-",
    "PhaseEncodingSteps": 64,
    "PhaseResolution": 1,
    "PixelBandwidth": 2230,
    "ProcedureStepDescription": "CBU_Neuroimaging",
    "ProtocolName": "CBU_DWEPI_BOLD210",
    "PulseSequenceDetails": "%SiemensSeq%_ep2d_bold",
    "PulseSequenceType": "EPI",
    "ReceiveCoilName": "HeadMatrix",
    "ReconMatrixPE": 64,
    "RepetitionTime": 2,
    "SAR": 0.114176,
    "ScanOptions": "FS",
    "ScanningSequence": "EP",
    "SequenceName": "_epfid2d1_64",
    "SequenceVariant": "SK",
    "SeriesDescription": "CBU_DWEPI_BOLD210",
    "SliceThickness": 3,
    "SliceTiming": [
      0,
      1.0325,
      0.06,
      1.095,
      0.12,
      1.155,
      0.1825,
      1.215,
      0.2425,
      1.2775,
      0.3025,
      1.3375,
      0.365,
      1.3975,
      0.425,
      1.46,
      0.485,
      1.52,
      0.5475,
      1.58,
      0.6075,
      1.6425,
      0.6675,
      1.7025,
      0.73,
      1.7625,
      0.79,
      1.825,
      0.85,
      1.885,
      0.9125,
      1.945,
      0.9725
    ],
    "SoftwareVersions": "syngo_MR_B15",
    "SpacingBetweenSlices": 3.75,
    "StationName": "MRC35119",
    "TaskName": "facerecognition",
    "TotalReadoutTime": 0.0321303,
    "TxRefAmp": 295.172,
    "dataset": "ds000117",
    "modality": "bold",
    "run_id": 7,
    "session_id": "mri",
    "subject_id": "11",
    "task_id": "facerecognition"
  },
  "dummy_trs": 2,
  "dvars_nstd": 21.90559414214635,
  "dvars_std": 1.098443332634146,
  "dvars_vstd": 0.9937805162926827,
  "efc": 0.5696377887205799,
  "fber": 897.8330078125,
  "fd_mean": 0.11633078616598991,
  "fd_num": 17,
  "fd_perc": 8.25242718446602,
  "fwhm_avg": 1.7975875052917347,
  "fwhm_x": 1.7691999999999999,
  "fwhm_y": 1.9389490754370329,
  "fwhm_z": 1.6846134404381714,
  "gcor": 0.0176907,
  "gsr_x": -0.01227123849093914,
  "gsr_y": 0.029923127964138985,
  "provenance": {
    "md5sum": "d925f3a4872de74ef3523615249e3d93",
    "settings": {
      "fd_thres": 0.2,
      "testing": false
    },
    "software": "mriqc",
    "version": "0.16.1",
    "webapi_port": null,
    "webapi_url": "https://mriqc.nimh.nih.gov/api/v1"
  },
  "size_t": 206,
  "size_x": 64,
  "size_y": 64,
  "size_z": 33,
  "snr": 6.2588197623619966,
  "spacing_tr": 2.0,
  "spacing_x": 3.0,
  "spacing_y": 3.0000014305114746,
  "spacing_z": 3.749999761581421,
  "summary_bg_k": 23.844136822129414,
  "summary_bg_mad": 7.708090469314476,
  "summary_bg_mean": 50.093223571777344,
  "summary_bg_median": 26.89805793762207,
  "summary_bg_n": 73889.0,
  "summary_bg_p05": 21.058252334594727,
  "summary_bg_p95": 159.87572937011703,
  "summary_bg_stdv": 65.38422393798828,
  "summary_fg_k": 1.4930861928604848,
  "summary_fg_mad": 118.47859457170182,
  "summary_fg_mean": 838.7559204101562,
  "summary_fg_median": 832.7815551757812,
  "summary_fg_n": 29237.0,
  "summary_fg_p05": 638.9067749023437,
  "summary_fg_p95": 1069.99130859375,
  "summary_fg_stdv": 133.0550079345703,
  "tsnr": 63.13355865050107
}