{
  "aor": 0.0009564903846153847,
  "aqi": 0.007860585,
  "bids_meta": {
    "AcquisitionMatrixPE": 64,
    "AcquisitionNumber": 1,
    "BandwidthPerPixelPhaseEncode": 30.637,
    "BaseResolution": 64,
    "ConversionSoftware": "dcm2niix",
    "ConversionSoftwareVersion": "v1.0.20171215 GCC4.4.7",
    "DerivedVendorReportedEchoSpacing": 0.000510004,
    "DeviceSerialNumber": "35119",
    "DwellTime": 3.5e-06,
    "EchoTime": 0.03,
    "EffectiveEchoSpacing": 0.000510004,
    "FlipAngle": 78,
    "ImageComments": "V",
    "ImageOrientationPatientDICOM": [
      0.999864,
      0.005398,
      0.015583,
      0,
      0.94491,
      -0.32733
    ],
    "ImageType": [
      "ORIGINAL",
      "PRIMARY",
      "M",
      "ND",
      "MOSAIC"
    ],
    "InPlanePhaseEncodingDirectionDICOM": "COL",
    "InstitutionAddress": "15 Chaucer Road, Cambridge CB2 7EF, UK",
    "InstitutionName": "MRC Cognition and Brain Sciences Unit",
    "MRAcquisitionType": "2D",
    "MagneticFieldStrength": 3,
    "Manufacturer": "Siemens",
    "ManufacturersModelName": "TrioTim",
    "Modality": "MR",
    "NumberOfVolumesDiscardedByScanner": 3,
    "NumberOfVolumesDiscardedByuser": 2,
    "PartialFourier": 1,
    "PatientPosition": "HFS",
    "PercentPhaseFOV": 100,
    "PhaseEncodingDirection": "j-",
    "PhaseEncodingSteps": 64,
    "PhaseResolution": 1,
    "PixelBandwidth": 2230,
    "ProcedureStepDescription": "CBU_Neuroimaging",
    "ProtocolName": "CBU_DWEPI_BOLD210",
    "PulseSequenceDetails": "%SiemensSeq%_ep2d_bold",
    "PulseSequenceType": "EPI",
    "ReceiveCoilName": "HeadMatrix",
    "ReconMatrixPE": 64,
    "RepetitionTime": 2,
    "SAR": 0.114176,
    "ScanOptions": "FS",
    "ScanningSequence": "EP",
    "SequenceName": "_epfid2d1_64",
    "SequenceVariant": "SK",
    "SeriesDescription": "CBU_DWEPI_BOLD210",
    "SliceThickness": 3,
    "SliceTiming": [
      0,
      1.0325,
      0.06,
      1.095,
      0.12,
      1.155,
      0.1825,
      1.215,
      0.2425,
      1.2775,
      0.3025,
      1.3375,
      0.365,
      1.3975,
      0.425,
      1.46,
      0.485,
      1.52,
      0.5475,
      1.58,
      0.6075,
      1.6425,
      0.6675,
      1.7025,
      0.73,
      1.7625,
      0.79,
      1.825,
      0.85,
      1.885,
      0.9125,
      1.945,
      0.9725
    ],
    "SoftwareVersions": "syngo_MR_B15",
    "SpacingBetweenSlices": 3.75,
    "StationName": "MRC35119",
    "TaskName": "facerecognition",
    "TotalReadoutTime": 0.0321303,
    "TxRefAmp": 295.172,
    "dataset": "ds000117",
    "modality": "bold",
    "run_id": 8,
    "session_id": "mri",
    "subject_id": "11",
    "task_id": "facerecognition"
  },
  "dummy_trs": 0,
  "dvars_nstd": 22.52636375975845,
  "dvars_std": 1.1265566989855078,
  "dvars_vstd": 0.9919242592270524,
  "efc": 0.5699201201697645,
  "fber": 899.706298828125,
  "fd_mean": 0.10819024520669152,
  "fd_num": 7,
  "fd_perc": 3.3653846153846154,
  "fwhm_avg": 1.7957734595622703,
  "fwhm_x": 1.772866525771894,
  "fwhm_y": 1.9310190792183497,
  "fwhm_z": 1.6834347736965671,
  "gcor": 0.022389,
  "gsr_x": -0.013212507590651512,
  "gsr_y": 0.030035872012376785,
  "provenance": {
    "md5sum": "3b05bf83a2d01d47717f024a8c8f1cc4",
    "settings": {
      "fd_thres": 0.2,
      "testing": false
    },
    "software": "mriqc",
    "version": "0.16.1",
    "webapi_port": null,
    "webapi_url": "https://mriqc.nimh.nih.gov/api/v1"
  },
  "size_t": 208,
  "size_x": 64,
  "size_y": 64,
  "size_z": 33,
  "snr": 6.240138191025337,
  "spacing_tr": 2.0,
  "spacing_x": 3.000000238418579,
  "spacing_y": 3.0000014305114746,
  "spacing_z": 3.749999761581421,
  "summary_bg_k": 24.837489399264296,
  "summary_bg_mad": 7.869195302899228,
  "summary_bg_mean": 50.45782470703125,
  "summary_bg_median": 27.01923179626465,
  "summary_bg_n": 73908.0,
  "summary_bg_p05": 21.110578536987305,
  "summary_bg_p95": 160.99158859252915,
  "summary_bg_stdv": 66.08810424804688,
  "summary_fg_k": 1.4681778666730816,
  "summary_fg_mad": 118.59387992487419,
  "summary_fg_mean": 842.1993408203125,
  "summary_fg_median": 835.8654174804688,
  "summary_fg_n": 29317.0,
  "summary_fg_p05": 642.6769287109375,
  "summary_fg_p95": 1075.2250244140623,
  "summary_fg_stdv": 133.94754028320312,
  "tsnr": 65.40761105460115
}