{
  "aor": 0.0007747087378640777,
  "aqi": 0.006199559223300971,
  "bids_meta": {
    "AcquisitionMatrixPE": 64,
    "AcquisitionNumber": 1,
    "BandwidthPerPixelPhaseEncode": 30.637,
    "BaseResolution": 64,
    "ConversionSoftware": "dcm2niix",
    "ConversionSoftwareVersion": "v1.0.20171215 GCC4.4.7",
    "DerivedVendorReportedEchoSpacing": 0.000510004,
    "DeviceSerialNumber": "35119",
    "DwellTime": 3.5e-06,
    "EchoTime": 0.03,
    "EffectiveEchoSpacing": 0.000510004,
    "FlipAngle": 78,
    "ImageComments": "V",
    "ImageOrientationPatientDICOM": [
      0.999864,
      0.005398,
      0.015583,
      0,
      0.94491,
      -0.32733
    ],
    "ImageType": [
      "ORIGINAL",
      "PRIMARY",
      "M",
      "ND",
      "MOSAIC"
    ],
    "InPlanePhaseEncodingDirectionDICOM": "COL",
    "InstitutionAddress": "15 Chaucer Road, Cambridge CB2 7EF, UK",
    "InstitutionName": "MRC Cognition and Brain Sciences Unit",
    "MRAcquisitionType": "2D",
    "MagneticFieldStrength": 3,
    "Manufacturer": "Siemens",
    "ManufacturersModelName": "TrioTim",
    "Modality": "MR",
    "NumberOfVolumesDiscardedByScanner": 3,
    "NumberOfVolumesDiscardedByuser": 2,
    "PartialFourier": 1,
    "PatientPosition": "HFS",
    "PercentPhaseFOV": 100,
    "PhaseEncodingDirection": "j-",
    "PhaseEncodingSteps": 64,
    "PhaseResolution": 1,
    "PixelBandwidth": 2230,
    "ProcedureStepDescription": "CBU_Neuroimaging",
    "ProtocolName": "CBU_DWEPI_BOLD210",
    "PulseSequenceDetails": "%SiemensSeq%_ep2d_bold",
    "PulseSequenceType": "EPI",
    "ReceiveCoilName": "HeadMatrix",
    "ReconMatrixPE": 64,
    "RepetitionTime": 2,
    "SAR": 0.114176,
    "ScanOptions": "FS",
    "ScanningSequence": "EP",
    "SequenceName": "_epfid2d1_64",
    "SequenceVariant": "SK",
    "SeriesDescription": "CBU_DWEPI_BOLD210",
    "SliceThickness": 3,
    "SliceTiming": [
      0,
      1.0325,
      0.06,
      1.095,
      0.12,
      1.155,
      0.1825,
      1.215,
      0.2425,
      1.2775,
      0.3025,
      1.3375,
      0.365,
      1.3975,
      0.425,
      1.46,
      0.485,
      1.52,
      0.5475,
      1.58,
      0.6075,
      1.6425,
      0.6675,
      1.7025,
      0.73,
      1.7625,
      0.79,
      1.825,
      0.85,
      1.885,
      0.9125,
      1.945,
      0.9725
    ],
    "SoftwareVersions": "syngo_MR_B15",
    "SpacingBetweenSlices": 3.75,
    "StationName": "MRC35119",
    "TaskName": "facerecognition",
    "TotalReadoutTime": 0.0321303,
    "TxRefAmp": 295.172,
    "dataset": "ds000117",
    "modality": "bold",
    "run_id": 9,
    "session_id": "mri",
    "subject_id": "11",
    "task_id": "facerecognition"
  },
  "dummy_trs": 2,
  "dvars_nstd": 22.03153515360976,
  "dvars_std": 1.1389527718536587,
  "dvars_vstd": 1.0124120752682924,
  "efc": 0.5699314179243505,
  "fber": 905.6524658203125,
  "fd_mean": 0.0997781349050252,
  "fd_num": 8,
  "fd_perc": 3.883495145631068,
  "fwhm_avg": 1.801793897317457,
  "fwhm_x": 1.77111,
  "fwhm_y": 1.9451489178941705,
  "fwhm_z": 1.6891227740582004,
  "gcor": 0.014962,
  "gsr_x": -0.012161722406744957,
  "gsr_y": 0.03175744786858559,
  "provenance": {
    "md5sum": "49880b1bb29977dde697f246d0c4ba3f",
    "settings": {
      "fd_thres": 0.2,
      "testing": false
    },
    "software": "mriqc",
    "version": "0.16.1",
    "webapi_port": null,
    "webapi_url": "https://mriqc.nimh.nih.gov/api/v1"
  },
  "size_t": 206,
  "size_x": 64,
  "size_y": 64,
  "size_z": 33,
  "snr": 6.21947120322633,
  "spacing_tr": 2.0,
  "spacing_x": 3.0,
  "spacing_y": 3.0000016689300537,
  "spacing_z": 3.749999761581421,
  "summary_bg_k": 27.295149010141945,
  "summary_bg_mad": 7.859229997155031,
  "summary_bg_mean": 50.7691535949707,
  "summary_bg_median": 26.995145797729492,
  "summary_bg_n": 73975.0,
  "summary_bg_p05": 21.17475700378418,
  "summary_bg_p95": 161.98204650878907,
  "summary_bg_stdv": 67.60777282714844,
  "summary_fg_k": 1.509313506494638,
  "summary_fg_mad": 119.81365144613555,
  "summary_fg_mean": 843.5505981445312,
  "summary_fg_median": 837.2451171875,
  "summary_fg_n": 29298.0,
  "summary_fg_p05": 642.1296081542969,
  "summary_fg_p95": 1077.6915100097656,
  "summary_fg_stdv": 134.61447143554688,
  "tsnr": 71.34766530804336
}