{
  "aor": 0.000628125,
  "aqi": 0.006837962067307692,
  "bids_meta": {
    "AcquisitionMatrixPE": 64,
    "AcquisitionNumber": 1,
    "BandwidthPerPixelPhaseEncode": 30.637,
    "BaseResolution": 64,
    "ConversionSoftware": "dcm2niix",
    "ConversionSoftwareVersion": "v1.0.20171215 GCC4.4.7",
    "DerivedVendorReportedEchoSpacing": 0.000510004,
    "DeviceSerialNumber": "35119",
    "DwellTime": 3.5e-06,
    "EchoTime": 0.03,
    "EffectiveEchoSpacing": 0.000510004,
    "FlipAngle": 78,
    "ImageComments": "V",
    "ImageOrientationPatientDICOM": [
      0.999864,
      0.005398,
      0.015583,
      0,
      0.94491,
      -0.32733
    ],
    "ImageType": [
      "ORIGINAL",
      "PRIMARY",
      "M",
      "ND",
      "MOSAIC"
    ],
    "InPlanePhaseEncodingDirectionDICOM": "COL",
    "InstitutionAddress": "15 Chaucer Road, Cambridge CB2 7EF, UK",
    "InstitutionName": "MRC Cognition and Brain Sciences Unit",
    "MRAcquisitionType": "2D",
    "MagneticFieldStrength": 3,
    "Manufacturer": "Siemens",
    "ManufacturersModelName": "TrioTim",
    "Modality": "MR",
    "NumberOfVolumesDiscardedByScanner": 3,
    "NumberOfVolumesDiscardedByuser": 2,
    "PartialFourier": 1,
    "PatientPosition": "HFS",
    "PercentPhaseFOV": 100,
    "PhaseEncodingDirection": "j-",
    "PhaseEncodingSteps": 64,
    "PhaseResolution": 1,
    "PixelBandwidth": 2230,
    "ProcedureStepDescription": "CBU_Neuroimaging",
    "ProtocolName": "CBU_DWEPI_BOLD210",
    "PulseSequenceDetails": "%SiemensSeq%_ep2d_bold",
    "PulseSequenceType": "EPI",
    "ReceiveCoilName": "HeadMatrix",
    "ReconMatrixPE": 64,
    "RepetitionTime": 2,
    "SAR": 0.114176,
    "ScanOptions": "FS",
    "ScanningSequence": "EP",
    "SequenceName": "_epfid2d1_64",
    "SequenceVariant": "SK",
    "SeriesDescription": "CBU_DWEPI_BOLD210",
    "SliceThickness": 3,
    "SliceTiming": [
      0,
      1.0325,
      0.06,
      1.095,
      0.12,
      1.155,
      0.1825,
      1.215,
      0.2425,
      1.2775,
      0.3025,
      1.3375,
      0.365,
      1.3975,
      0.425,
      1.46,
      0.485,
      1.52,
      0.5475,
      1.58,
      0.6075,
      1.6425,
      0.6675,
      1.7025,
      0.73,
      1.7625,
      0.79,
      1.825,
      0.85,
      1.885,
      0.9125,
      1.945,
      0.9725
    ],
    "SoftwareVersions": "syngo_MR_B15",
    "SpacingBetweenSlices": 3.75,
    "StationName": "MRC35119",
    "TaskName": "facerecognition",
    "TotalReadoutTime": 0.0321303,
    "TxRefAmp": 295.172,
    "dataset": "ds000117",
    "modality": "bold",
    "run_id": 2,
    "session_id": "mri",
    "subject_id": "11",
    "task_id": "facerecognition"
  },
  "dummy_trs": 0,
  "dvars_nstd": 22.857029845652175,
  "dvars_std": 1.1223951960869565,
  "dvars_vstd": 0.9961536316425127,
  "efc": 0.5697612771127476,
  "fber": 915.2347412109375,
  "fd_mean": 0.11326478937935949,
  "fd_num": 15,
  "fd_perc": 7.211538461538462,
  "fwhm_avg": 1.8112627997127533,
  "fwhm_x": 1.7816766666666668,
  "fwhm_y": 1.9591490658049269,
  "fwhm_z": 1.6929626666666666,
  "gcor": 0.0344495,
  "gsr_x": -0.013664303347468376,
  "gsr_y": 0.03147171065211296,
  "provenance": {
    "md5sum": "13b0ccf71d7e9779babbc0d9d30737c2",
    "settings": {
      "fd_thres": 0.2,
      "testing": false
    },
    "software": "mriqc",
    "version": "0.16.1",
    "webapi_port": null,
    "webapi_url": "https://mriqc.nimh.nih.gov/api/v1"
  },
  "size_t": 208,
  "size_x": 64,
  "size_y": 64,
  "size_z": 33,
  "snr": 6.290562534332235,
  "spacing_tr": 2.0,
  "spacing_x": 3.0,
  "spacing_y": 3.0000014305114746,
  "spacing_z": 3.75,
  "summary_bg_k": 28.35918981630285,
  "summary_bg_mad": 6.849909105515941,
  "summary_bg_mean": 48.98136520385742,
  "summary_bg_median": 26.230770111083984,
  "summary_bg_n": 73690.0,
  "summary_bg_p05": 21.14423179626465,
  "summary_bg_p95": 160.15721206665057,
  "summary_bg_stdv": 65.30089569091797,
  "summary_fg_k": 1.7663619303280296,
  "summary_fg_mad": 114.27086016262638,
  "summary_fg_mean": 820.9976806640625,
  "summary_fg_median": 815.59619140625,
  "summary_fg_n": 29434.0,
  "summary_fg_p05": 627.6322357177735,
  "summary_fg_p95": 1042.2904174804685,
  "summary_fg_stdv": 129.6517333984375,
  "tsnr": 68.09290566702839
}