{
  "aor": 0.012224278846153845,
  "aqi": 0.010991572451923077,
  "bids_meta": {
    "AcquisitionMatrixPE": 64,
    "AcquisitionNumber": 1,
    "BandwidthPerPixelPhaseEncode": 30.637,
    "BaseResolution": 64,
    "ConversionSoftware": "dcm2niix",
    "ConversionSoftwareVersion": "v1.0.20171215 GCC4.4.7",
    "DerivedVendorReportedEchoSpacing": 0.000510004,
    "DeviceSerialNumber": "35119",
    "DwellTime": 3.5e-06,
    "EchoTime": 0.03,
    "EffectiveEchoSpacing": 0.000510004,
    "FlipAngle": 78,
    "ImageComments": "V",
    "ImageOrientationPatientDICOM": [
      0.999864,
      0.005398,
      0.015583,
      0,
      0.94491,
      -0.32733
    ],
    "ImageType": [
      "ORIGINAL",
      "PRIMARY",
      "M",
      "ND",
      "MOSAIC"
    ],
    "InPlanePhaseEncodingDirectionDICOM": "COL",
    "InstitutionAddress": "15 Chaucer Road, Cambridge CB2 7EF, UK",
    "InstitutionName": "MRC Cognition and Brain Sciences Unit",
    "MRAcquisitionType": "2D",
    "MagneticFieldStrength": 3,
    "Manufacturer": "Siemens",
    "ManufacturersModelName": "TrioTim",
    "Modality": "MR",
    "NumberOfVolumesDiscardedByScanner": 3,
    "NumberOfVolumesDiscardedByuser": 2,
    "PartialFourier": 1,
    "PatientPosition": "HFS",
    "PercentPhaseFOV": 100,
    "PhaseEncodingDirection": "j-",
    "PhaseEncodingSteps": 64,
    "PhaseResolution": 1,
    "PixelBandwidth": 2230,
    "ProcedureStepDescription": "CBU_Neuroimaging",
    "ProtocolName": "CBU_DWEPI_BOLD210",
    "PulseSequenceDetails": "%SiemensSeq%_ep2d_bold",
    "PulseSequenceType": "EPI",
    "ReceiveCoilName": "HeadMatrix",
    "ReconMatrixPE": 64,
    "RepetitionTime": 2,
    "SAR": 0.114176,
    "ScanOptions": "FS",
    "ScanningSequence": "EP",
    "SequenceName": "_epfid2d1_64",
    "SequenceVariant": "SK",
    "SeriesDescription": "CBU_DWEPI_BOLD210",
    "SliceThickness": 3,
    "SliceTiming": [
      0,
      1.0325,
      0.06,
      1.095,
      0.12,
      1.155,
      0.1825,
      1.215,
      0.2425,
      1.2775,
      0.3025,
      1.3375,
      0.365,
      1.3975,
      0.425,
      1.46,
      0.485,
      1.52,
      0.5475,
      1.58,
      0.6075,
      1.6425,
      0.6675,
      1.7025,
      0.73,
      1.7625,
      0.79,
      1.825,
      0.85,
      1.885,
      0.9125,
      1.945,
      0.9725
    ],
    "SoftwareVersions": "syngo_MR_B15",
    "SpacingBetweenSlices": 3.75,
    "StationName": "MRC35119",
    "TaskName": "facerecognition",
    "TotalReadoutTime": 0.0321303,
    "TxRefAmp": 295.172,
    "dataset": "ds000117",
    "modality": "bold",
    "run_id": 6,
    "session_id": "mri",
    "subject_id": "11",
    "task_id": "facerecognition"
  },
  "dummy_trs": 0,
  "dvars_nstd": 24.648432948212555,
  "dvars_std": 1.2222573067149762,
  "dvars_vstd": 1.122953973816425,
  "efc": 0.5700590656888535,
  "fber": 895.243896484375,
  "fd_mean": 0.14484112440925465,
  "fd_num": 32,
  "fd_perc": 15.384615384615385,
  "fwhm_avg": 1.806579466768307,
  "fwhm_x": 1.77878,
  "fwhm_y": 1.9567024003049214,
  "fwhm_z": 1.684256,
  "gcor": 0.0352369,
  "gsr_x": -0.012178944423794746,
  "gsr_y": 0.03163686767220497,
  "provenance": {
    "md5sum": "518be7dcfcbe663fabe1af9bbfe3d94b",
    "settings": {
      "fd_thres": 0.2,
      "testing": false
    },
    "software": "mriqc",
    "version": "0.16.1",
    "webapi_port": null,
    "webapi_url": "https://mriqc.nimh.nih.gov/api/v1"
  },
  "size_t": 208,
  "size_x": 64,
  "size_y": 64,
  "size_z": 33,
  "snr": 6.249642666669336,
  "spacing_tr": 2.0,
  "spacing_x": 3.0,
  "spacing_y": 3.0000014305114746,
  "spacing_z": 3.75,
  "summary_bg_k": 26.757637894643608,
  "summary_bg_mad": 7.648230766705744,
  "summary_bg_mean": 50.12973403930664,
  "summary_bg_median": 26.889423370361328,
  "summary_bg_n": 73881.0,
  "summary_bg_p05": 21.158655166625977,
  "summary_bg_p95": 159.7163543701172,
  "summary_bg_stdv": 66.11840057373047,
  "summary_fg_k": 1.7636588023923974,
  "summary_fg_mad": 117.40713756680586,
  "summary_fg_mean": 834.1071166992188,
  "summary_fg_median": 828.3413696289062,
  "summary_fg_n": 29262.0,
  "summary_fg_p05": 637.2992980957031,
  "summary_fg_p95": 1061.5089233398437,
  "summary_fg_stdv": 132.53993225097656,
  "tsnr": 55.51731619890779
}