{
  "aor": 0.0005726442307692308,
  "aqi": 0.006467016586538462,
  "bids_meta": {
    "AcquisitionMatrixPE": 64,
    "AcquisitionNumber": 1,
    "BandwidthPerPixelPhaseEncode": 30.637,
    "BaseResolution": 64,
    "ConversionSoftware": "dcm2niix",
    "ConversionSoftwareVersion": "v1.0.20171215 GCC4.4.7",
    "DerivedVendorReportedEchoSpacing": 0.000510004,
    "DeviceSerialNumber": "35119",
    "DwellTime": 3.5e-06,
    "EchoTime": 0.03,
    "EffectiveEchoSpacing": 0.000510004,
    "FlipAngle": 78,
    "ImageComments": "V",
    "ImageOrientationPatientDICOM": [
      0.999864,
      0.005398,
      0.015583,
      0,
      0.94491,
      -0.32733
    ],
    "ImageType": [
      "ORIGINAL",
      "PRIMARY",
      "M",
      "ND",
      "MOSAIC"
    ],
    "InPlanePhaseEncodingDirectionDICOM": "COL",
    "InstitutionAddress": "15 Chaucer Road, Cambridge CB2 7EF, UK",
    "InstitutionName": "MRC Cognition and Brain Sciences Unit",
    "MRAcquisitionType": "2D",
    "MagneticFieldStrength": 3,
    "Manufacturer": "Siemens",
    "ManufacturersModelName": "TrioTim",
    "Modality": "MR",
    "NumberOfVolumesDiscardedByScanner": 3,
    "NumberOfVolumesDiscardedByuser": 2,
    "PartialFourier": 1,
    "PatientPosition": "HFS",
    "PercentPhaseFOV": 100,
    "PhaseEncodingDirection": "j-",
    "PhaseEncodingSteps": 64,
    "PhaseResolution": 1,
    "PixelBandwidth": 2230,
    "ProcedureStepDescription": "CBU_Neuroimaging",
    "ProtocolName": "CBU_DWEPI_BOLD210",
    "PulseSequenceDetails": "%SiemensSeq%_ep2d_bold",
    "PulseSequenceType": "EPI",
    "ReceiveCoilName": "HeadMatrix",
    "ReconMatrixPE": 64,
    "RepetitionTime": 2,
    "SAR": 0.114176,
    "ScanOptions": "FS",
    "ScanningSequence": "EP",
    "SequenceName": "_epfid2d1_64",
    "SequenceVariant": "SK",
    "SeriesDescription": "CBU_DWEPI_BOLD210",
    "SliceThickness": 3,
    "SliceTiming": [
      0,
      1.0325,
      0.06,
      1.095,
      0.12,
      1.155,
      0.1825,
      1.215,
      0.2425,
      1.2775,
      0.3025,
      1.3375,
      0.365,
      1.3975,
      0.425,
      1.46,
      0.485,
      1.52,
      0.5475,
      1.58,
      0.6075,
      1.6425,
      0.6675,
      1.7025,
      0.73,
      1.7625,
      0.79,
      1.825,
      0.85,
      1.885,
      0.9125,
      1.945,
      0.9725
    ],
    "SoftwareVersions": "syngo_MR_B15",
    "SpacingBetweenSlices": 3.75,
    "StationName": "MRC35119",
    "TaskName": "facerecognition",
    "TotalReadoutTime": 0.0321303,
    "TxRefAmp": 295.172,
    "dataset": "ds000117",
    "modality": "bold",
    "run_id": 1,
    "session_id": "mri",
    "subject_id": "11",
    "task_id": "facerecognition"
  },
  "dummy_trs": 0,
  "dvars_nstd": 22.90651498304348,
  "dvars_std": 1.1207924842512076,
  "dvars_vstd": 0.9943709583574875,
  "efc": 0.5689994936903312,
  "fber": 915.486572265625,
  "fd_mean": 0.10275650675573,
  "fd_num": 8,
  "fd_perc": 3.8461538461538463,
  "fwhm_avg": 1.8076681689014247,
  "fwhm_x": 1.7759266666666667,
  "fwhm_y": 1.958685732692528,
  "fwhm_z": 1.6883921073450794,
  "gcor": 0.0560285,
  "gsr_x": -0.013628427870571613,
  "gsr_y": 0.03288852795958519,
  "provenance": {
    "md5sum": "41f7dd4da4ea16a2e1b3a6bbb81fdbda",
    "settings": {
      "fd_thres": 0.2,
      "testing": false
    },
    "software": "mriqc",
    "version": "0.16.1",
    "webapi_port": null,
    "webapi_url": "https://mriqc.nimh.nih.gov/api/v1"
  },
  "size_t": 208,
  "size_x": 64,
  "size_y": 64,
  "size_z": 33,
  "snr": 6.308171386358689,
  "spacing_tr": 2.0,
  "spacing_x": 3.0,
  "spacing_y": 3.0000014305114746,
  "spacing_z": 3.749999761581421,
  "summary_bg_k": 29.388599982831806,
  "summary_bg_mad": 6.714478225067275,
  "summary_bg_mean": 48.00971984863281,
  "summary_bg_median": 26.033655166625977,
  "summary_bg_n": 73704.0,
  "summary_bg_p05": 21.01923179626465,
  "summary_bg_p95": 153.41683197021476,
  "summary_bg_stdv": 63.18018341064453,
  "summary_fg_k": 1.697090832933526,
  "summary_fg_mad": 112.67061982863876,
  "summary_fg_mean": 815.125,
  "summary_fg_median": 809.6154174804688,
  "summary_fg_n": 29437.0,
  "summary_fg_p05": 624.4134765625,
  "summary_fg_p95": 1034.804833984375,
  "summary_fg_stdv": 128.34173583984375,
  "tsnr": 68.3953617354855
}