{
  "aor": 0.0031740865384615384,
  "aqi": 0.008020384423076924,
  "bids_meta": {
    "AcquisitionMatrixPE": 64,
    "AcquisitionNumber": 1,
    "BandwidthPerPixelPhaseEncode": 30.637,
    "BaseResolution": 64,
    "ConversionSoftware": "dcm2niix",
    "ConversionSoftwareVersion": "v1.0.20171215 GCC4.4.7",
    "DerivedVendorReportedEchoSpacing": 0.000510004,
    "DeviceSerialNumber": "35119",
    "DwellTime": 3.5e-06,
    "EchoTime": 0.03,
    "EffectiveEchoSpacing": 0.000510004,
    "FlipAngle": 78,
    "ImageComments": "V",
    "ImageOrientationPatientDICOM": [
      0.999864,
      0.005398,
      0.015583,
      0,
      0.94491,
      -0.32733
    ],
    "ImageType": [
      "ORIGINAL",
      "PRIMARY",
      "M",
      "ND",
      "MOSAIC"
    ],
    "InPlanePhaseEncodingDirectionDICOM": "COL",
    "InstitutionAddress": "15 Chaucer Road, Cambridge CB2 7EF, UK",
    "InstitutionName": "MRC Cognition and Brain Sciences Unit",
    "MRAcquisitionType": "2D",
    "MagneticFieldStrength": 3,
    "Manufacturer": "Siemens",
    "ManufacturersModelName": "TrioTim",
    "Modality": "MR",
    "NumberOfVolumesDiscardedByScanner": 3,
    "NumberOfVolumesDiscardedByuser": 2,
    "PartialFourier": 1,
    "PatientPosition": "HFS",
    "PercentPhaseFOV": 100,
    "PhaseEncodingDirection": "j-",
    "PhaseEncodingSteps": 64,
    "PhaseResolution": 1,
    "PixelBandwidth": 2230,
    "ProcedureStepDescription": "CBU_Neuroimaging",
    "ProtocolName": "CBU_DWEPI_BOLD210",
    "PulseSequenceDetails": "%SiemensSeq%_ep2d_bold",
    "PulseSequenceType": "EPI",
    "ReceiveCoilName": "HeadMatrix",
    "ReconMatrixPE": 64,
    "RepetitionTime": 2,
    "SAR": 0.114176,
    "ScanOptions": "FS",
    "ScanningSequence": "EP",
    "SequenceName": "_epfid2d1_64",
    "SequenceVariant": "SK",
    "SeriesDescription": "CBU_DWEPI_BOLD210",
    "SliceThickness": 3,
    "SliceTiming": [
      0,
      1.0325,
      0.06,
      1.095,
      0.12,
      1.155,
      0.1825,
      1.215,
      0.2425,
      1.2775,
      0.3025,
      1.3375,
      0.365,
      1.3975,
      0.425,
      1.46,
      0.485,
      1.52,
      0.5475,
      1.58,
      0.6075,
      1.6425,
      0.6675,
      1.7025,
      0.73,
      1.7625,
      0.79,
      1.825,
      0.85,
      1.885,
      0.9125,
      1.945,
      0.9725
    ],
    "SoftwareVersions": "syngo_MR_B15",
    "SpacingBetweenSlices": 3.75,
    "StationName": "MRC35119",
    "TaskName": "facerecognition",
    "TotalReadoutTime": 0.0321303,
    "TxRefAmp": 295.172,
    "dataset": "ds000117",
    "modality": "bold",
    "run_id": 4,
    "session_id": "mri",
    "subject_id": "11",
    "task_id": "facerecognition"
  },
  "dummy_trs": 0,
  "dvars_nstd": 24.941046848550716,
  "dvars_std": 1.15744612594203,
  "dvars_vstd": 1.0152688916425123,
  "efc": 0.5705383490388826,
  "fber": 900.297607421875,
  "fd_mean": 0.16058472091682952,
  "fd_num": 37,
  "fd_perc": 17.78846153846154,
  "fwhm_avg": 1.7968745808013693,
  "fwhm_x": 1.7692166666666667,
  "fwhm_y": 1.9383190757374402,
  "fwhm_z": 1.6830880000000001,
  "gcor": 0.0536263,
  "gsr_x": -0.01380484364926815,
  "gsr_y": 0.029706083238124847,
  "provenance": {
    "md5sum": "5e892602c3ae67b10f9c2c6dc75ec03e",
    "settings": {
      "fd_thres": 0.2,
      "testing": false
    },
    "software": "mriqc",
    "version": "0.16.1",
    "webapi_port": null,
    "webapi_url": "https://mriqc.nimh.nih.gov/api/v1"
  },
  "size_t": 208,
  "size_x": 64,
  "size_y": 64,
  "size_z": 33,
  "snr": 6.262867560602738,
  "spacing_tr": 2.0,
  "spacing_x": 3.0,
  "spacing_y": 3.0000014305114746,
  "spacing_z": 3.75,
  "summary_bg_k": 25.542574971774435,
  "summary_bg_mad": 7.384500816559509,
  "summary_bg_mean": 50.204498291015625,
  "summary_bg_median": 26.687501907348633,
  "summary_bg_n": 73761.0,
  "summary_bg_p05": 21.1875,
  "summary_bg_p95": 164.84616088867188,
  "summary_bg_stdv": 66.54093933105469,
  "summary_fg_k": 1.523986975015017,
  "summary_fg_mad": 116.69076668894942,
  "summary_fg_mean": 831.625,
  "summary_fg_median": 825.1779174804688,
  "summary_fg_n": 29349.0,
  "summary_fg_p05": 634.8731079101562,
  "summary_fg_p95": 1058.1202148437496,
  "summary_fg_stdv": 131.7549591064453,
  "tsnr": 61.99999280960765
}