{
  "aor": 0.0007411057692307693,
  "aqi": 0.005649268557692308,
  "bids_meta": {
    "AcquisitionMatrixPE": 64,
    "AcquisitionNumber": 1,
    "BandwidthPerPixelPhaseEncode": 30.637,
    "BaseResolution": 64,
    "ConversionSoftware": "dcm2niix",
    "ConversionSoftwareVersion": "v1.0.20171215 GCC4.4.7",
    "DerivedVendorReportedEchoSpacing": 0.000510004,
    "DeviceSerialNumber": "35119",
    "DwellTime": 3.5e-06,
    "EchoTime": 0.03,
    "EffectiveEchoSpacing": 0.000510004,
    "FlipAngle": 78,
    "ImageComments": "V",
    "ImageOrientationPatientDICOM": [
      0.999864,
      0.005398,
      0.015583,
      0,
      0.94491,
      -0.32733
    ],
    "ImageType": [
      "ORIGINAL",
      "PRIMARY",
      "M",
      "ND",
      "MOSAIC"
    ],
    "InPlanePhaseEncodingDirectionDICOM": "COL",
    "InstitutionAddress": "15 Chaucer Road, Cambridge CB2 7EF, UK",
    "InstitutionName": "MRC Cognition and Brain Sciences Unit",
    "MRAcquisitionType": "2D",
    "MagneticFieldStrength": 3,
    "Manufacturer": "Siemens",
    "ManufacturersModelName": "TrioTim",
    "Modality": "MR",
    "NumberOfVolumesDiscardedByScanner": 3,
    "NumberOfVolumesDiscardedByuser": 2,
    "PartialFourier": 1,
    "PatientPosition": "HFS",
    "PercentPhaseFOV": 100,
    "PhaseEncodingDirection": "j-",
    "PhaseEncodingSteps": 64,
    "PhaseResolution": 1,
    "PixelBandwidth": 2230,
    "ProcedureStepDescription": "CBU_Neuroimaging",
    "ProtocolName": "CBU_DWEPI_BOLD210",
    "PulseSequenceDetails": "%SiemensSeq%_ep2d_bold",
    "PulseSequenceType": "EPI",
    "ReceiveCoilName": "HeadMatrix",
    "ReconMatrixPE": 64,
    "RepetitionTime": 2,
    "SAR": 0.114176,
    "ScanOptions": "FS",
    "ScanningSequence": "EP",
    "SequenceName": "_epfid2d1_64",
    "SequenceVariant": "SK",
    "SeriesDescription": "CBU_DWEPI_BOLD210",
    "SliceThickness": 3,
    "SliceTiming": [
      0,
      1.0325,
      0.06,
      1.095,
      0.12,
      1.155,
      0.1825,
      1.215,
      0.2425,
      1.2775,
      0.3025,
      1.3375,
      0.365,
      1.3975,
      0.425,
      1.46,
      0.485,
      1.52,
      0.5475,
      1.58,
      0.6075,
      1.6425,
      0.6675,
      1.7025,
      0.73,
      1.7625,
      0.79,
      1.825,
      0.85,
      1.885,
      0.9125,
      1.945,
      0.9725
    ],
    "SoftwareVersions": "syngo_MR_B15",
    "SpacingBetweenSlices": 3.75,
    "StationName": "MRC35119",
    "TaskName": "facerecognition",
    "TotalReadoutTime": 0.0321303,
    "TxRefAmp": 295.172,
    "dataset": "ds000117",
    "modality": "bold",
    "run_id": 8,
    "session_id": "mri",
    "subject_id": "08",
    "task_id": "facerecognition"
  },
  "dummy_trs": 0,
  "dvars_nstd": 23.883938757198063,
  "dvars_std": 1.1665275965217388,
  "dvars_vstd": 1.000806681400967,
  "efc": 0.5943903259027575,
  "fber": 679.635009765625,
  "fd_mean": 0.08687669037984598,
  "fd_num": 5,
  "fd_perc": 2.4038461538461537,
  "fwhm_avg": 1.7537429138565461,
  "fwhm_x": 1.7085469382328888,
  "fwhm_y": 1.8988363648547546,
  "fwhm_z": 1.6538454384819947,
  "gcor": 0.0222469,
  "gsr_x": 0.002261700574308634,
  "gsr_y": 0.02244279347360134,
  "provenance": {
    "md5sum": "8398d899130ed1c4d5795b21813fd841",
    "settings": {
      "fd_thres": 0.2,
      "testing": false
    },
    "software": "mriqc",
    "version": "0.16.1",
    "webapi_port": null,
    "webapi_url": "https://mriqc.nimh.nih.gov/api/v1"
  },
  "size_t": 208,
  "size_x": 64,
  "size_y": 64,
  "size_z": 33,
  "snr": 5.7658959583200655,
  "spacing_tr": 2.0,
  "spacing_x": 2.999999523162842,
  "spacing_y": 3.000000476837158,
  "spacing_z": 3.749999761581421,
  "summary_bg_k": 17.26796090896322,
  "summary_bg_mad": 9.701069610813827,
  "summary_bg_mean": 59.919403076171875,
  "summary_bg_median": 28.475961685180664,
  "summary_bg_n": 72268.0,
  "summary_bg_p05": 21.350961685180664,
  "summary_bg_p95": 223.3266944885253,
  "summary_bg_stdv": 80.09333801269531,
  "summary_fg_k": 1.6087196438022602,
  "summary_fg_mad": 119.93395904193044,
  "summary_fg_mean": 777.0400390625,
  "summary_fg_median": 770.0673217773438,
  "summary_fg_n": 30483.0,
  "summary_fg_p05": 583.0634643554688,
  "summary_fg_p95": 1006.2399475097656,
  "summary_fg_stdv": 133.5533447265625,
  "tsnr": 69.33622624492273
}