{
  "aor": 0.007028076923076923,
  "aqi": 0.01557294326923077,
  "bids_meta": {
    "AcquisitionMatrixPE": 64,
    "AcquisitionNumber": 1,
    "BandwidthPerPixelPhaseEncode": 30.637,
    "BaseResolution": 64,
    "ConversionSoftware": "dcm2niix",
    "ConversionSoftwareVersion": "v1.0.20171215 GCC4.4.7",
    "DerivedVendorReportedEchoSpacing": 0.000510004,
    "DeviceSerialNumber": "35119",
    "DwellTime": 3.5e-06,
    "EchoTime": 0.03,
    "EffectiveEchoSpacing": 0.000510004,
    "FlipAngle": 78,
    "ImageComments": "V",
    "ImageOrientationPatientDICOM": [
      0.999864,
      0.005398,
      0.015583,
      0,
      0.94491,
      -0.32733
    ],
    "ImageType": [
      "ORIGINAL",
      "PRIMARY",
      "M",
      "ND",
      "MOSAIC"
    ],
    "InPlanePhaseEncodingDirectionDICOM": "COL",
    "InstitutionAddress": "15 Chaucer Road, Cambridge CB2 7EF, UK",
    "InstitutionName": "MRC Cognition and Brain Sciences Unit",
    "MRAcquisitionType": "2D",
    "MagneticFieldStrength": 3,
    "Manufacturer": "Siemens",
    "ManufacturersModelName": "TrioTim",
    "Modality": "MR",
    "NumberOfVolumesDiscardedByScanner": 3,
    "NumberOfVolumesDiscardedByuser": 2,
    "PartialFourier": 1,
    "PatientPosition": "HFS",
    "PercentPhaseFOV": 100,
    "PhaseEncodingDirection": "j-",
    "PhaseEncodingSteps": 64,
    "PhaseResolution": 1,
    "PixelBandwidth": 2230,
    "ProcedureStepDescription": "CBU_Neuroimaging",
    "ProtocolName": "CBU_DWEPI_BOLD210",
    "PulseSequenceDetails": "%SiemensSeq%_ep2d_bold",
    "PulseSequenceType": "EPI",
    "ReceiveCoilName": "HeadMatrix",
    "ReconMatrixPE": 64,
    "RepetitionTime": 2,
    "SAR": 0.114176,
    "ScanOptions": "FS",
    "ScanningSequence": "EP",
    "SequenceName": "_epfid2d1_64",
    "SequenceVariant": "SK",
    "SeriesDescription": "CBU_DWEPI_BOLD210",
    "SliceThickness": 3,
    "SliceTiming": [
      0,
      1.0325,
      0.06,
      1.095,
      0.12,
      1.155,
      0.1825,
      1.215,
      0.2425,
      1.2775,
      0.3025,
      1.3375,
      0.365,
      1.3975,
      0.425,
      1.46,
      0.485,
      1.52,
      0.5475,
      1.58,
      0.6075,
      1.6425,
      0.6675,
      1.7025,
      0.73,
      1.7625,
      0.79,
      1.825,
      0.85,
      1.885,
      0.9125,
      1.945,
      0.9725
    ],
    "SoftwareVersions": "syngo_MR_B15",
    "SpacingBetweenSlices": 3.75,
    "StationName": "MRC35119",
    "TaskName": "facerecognition",
    "TotalReadoutTime": 0.0321303,
    "TxRefAmp": 295.172,
    "dataset": "ds000117",
    "modality": "bold",
    "run_id": 9,
    "session_id": "mri",
    "subject_id": "07",
    "task_id": "facerecognition"
  },
  "dummy_trs": 0,
  "dvars_nstd": 29.701774256570037,
  "dvars_std": 1.116064658647343,
  "dvars_vstd": 1.0109310969082128,
  "efc": 0.568299763606537,
  "fber": 727.7215576171875,
  "fd_mean": 0.25466115703315506,
  "fd_num": 64,
  "fd_perc": 30.76923076923077,
  "fwhm_avg": 1.8003757484103444,
  "fwhm_x": 1.7338098622091722,
  "fwhm_y": 1.9772668238057156,
  "fwhm_z": 1.6900505592161459,
  "gcor": 0.0200947,
  "gsr_x": -0.006523735821247101,
  "gsr_y": 0.033395569771528244,
  "provenance": {
    "md5sum": "33613d426c3df331f6129a7bd6590431",
    "settings": {
      "fd_thres": 0.2,
      "testing": false
    },
    "software": "mriqc",
    "version": "0.16.1",
    "webapi_port": null,
    "webapi_url": "https://mriqc.nimh.nih.gov/api/v1"
  },
  "size_t": 208,
  "size_x": 64,
  "size_y": 64,
  "size_z": 33,
  "snr": 5.707599181048234,
  "spacing_tr": 2.0,
  "spacing_x": 3.000000238418579,
  "spacing_y": 2.999999761581421,
  "spacing_z": 3.750000238418579,
  "summary_bg_k": 20.225986168825088,
  "summary_bg_mad": 7.812171923122912,
  "summary_bg_mean": 50.03190994262695,
  "summary_bg_median": 29.201923370361328,
  "summary_bg_n": 74680.0,
  "summary_bg_p05": 23.25480842590332,
  "summary_bg_p95": 150.76563644409188,
  "summary_bg_stdv": 55.3302001953125,
  "summary_fg_k": 1.5098163648427994,
  "summary_fg_mad": 125.83228890676946,
  "summary_fg_mean": 817.25048828125,
  "summary_fg_median": 805.863037109375,
  "summary_fg_n": 28654.0,
  "summary_fg_p05": 615.029135131836,
  "summary_fg_p95": 1066.8159301757812,
  "summary_fg_stdv": 141.18878173828125,
  "tsnr": 43.36549064097926
}