{
  "aor": 0.004888894230769231,
  "aqi": 0.015673616394230767,
  "bids_meta": {
    "AcquisitionMatrixPE": 64,
    "AcquisitionNumber": 1,
    "BandwidthPerPixelPhaseEncode": 30.637,
    "BaseResolution": 64,
    "ConversionSoftware": "dcm2niix",
    "ConversionSoftwareVersion": "v1.0.20171215 GCC4.4.7",
    "DerivedVendorReportedEchoSpacing": 0.000510004,
    "DeviceSerialNumber": "35119",
    "DwellTime": 3.5e-06,
    "EchoTime": 0.03,
    "EffectiveEchoSpacing": 0.000510004,
    "FlipAngle": 78,
    "ImageComments": "V",
    "ImageOrientationPatientDICOM": [
      0.999864,
      0.005398,
      0.015583,
      0,
      0.94491,
      -0.32733
    ],
    "ImageType": [
      "ORIGINAL",
      "PRIMARY",
      "M",
      "ND",
      "MOSAIC"
    ],
    "InPlanePhaseEncodingDirectionDICOM": "COL",
    "InstitutionAddress": "15 Chaucer Road, Cambridge CB2 7EF, UK",
    "InstitutionName": "MRC Cognition and Brain Sciences Unit",
    "MRAcquisitionType": "2D",
    "MagneticFieldStrength": 3,
    "Manufacturer": "Siemens",
    "ManufacturersModelName": "TrioTim",
    "Modality": "MR",
    "NumberOfVolumesDiscardedByScanner": 3,
    "NumberOfVolumesDiscardedByuser": 2,
    "PartialFourier": 1,
    "PatientPosition": "HFS",
    "PercentPhaseFOV": 100,
    "PhaseEncodingDirection": "j-",
    "PhaseEncodingSteps": 64,
    "PhaseResolution": 1,
    "PixelBandwidth": 2230,
    "ProcedureStepDescription": "CBU_Neuroimaging",
    "ProtocolName": "CBU_DWEPI_BOLD210",
    "PulseSequenceDetails": "%SiemensSeq%_ep2d_bold",
    "PulseSequenceType": "EPI",
    "ReceiveCoilName": "HeadMatrix",
    "ReconMatrixPE": 64,
    "RepetitionTime": 2,
    "SAR": 0.114176,
    "ScanOptions": "FS",
    "ScanningSequence": "EP",
    "SequenceName": "_epfid2d1_64",
    "SequenceVariant": "SK",
    "SeriesDescription": "CBU_DWEPI_BOLD210",
    "SliceThickness": 3,
    "SliceTiming": [
      0,
      1.0325,
      0.06,
      1.095,
      0.12,
      1.155,
      0.1825,
      1.215,
      0.2425,
      1.2775,
      0.3025,
      1.3375,
      0.365,
      1.3975,
      0.425,
      1.46,
      0.485,
      1.52,
      0.5475,
      1.58,
      0.6075,
      1.6425,
      0.6675,
      1.7025,
      0.73,
      1.7625,
      0.79,
      1.825,
      0.85,
      1.885,
      0.9125,
      1.945,
      0.9725
    ],
    "SoftwareVersions": "syngo_MR_B15",
    "SpacingBetweenSlices": 3.75,
    "StationName": "MRC35119",
    "TaskName": "facerecognition",
    "TotalReadoutTime": 0.0321303,
    "TxRefAmp": 295.172,
    "dataset": "ds000117",
    "modality": "bold",
    "run_id": 2,
    "session_id": "mri",
    "subject_id": "07",
    "task_id": "facerecognition"
  },
  "dummy_trs": 0,
  "dvars_nstd": 28.162016688743964,
  "dvars_std": 1.0605139361352658,
  "dvars_vstd": 0.9635944456521744,
  "efc": 0.5706957306948086,
  "fber": 710.1376953125,
  "fd_mean": 0.18093130085316755,
  "fd_num": 36,
  "fd_perc": 17.307692307692307,
  "fwhm_avg": 1.8042633752711537,
  "fwhm_x": 1.747039861157746,
  "fwhm_y": 1.9876968246346176,
  "fwhm_z": 1.6780534400210978,
  "gcor": 0.0243134,
  "gsr_x": -0.01029784232378006,
  "gsr_y": 0.0353521890938282,
  "provenance": {
    "md5sum": "9beea07d48961c6e0700e52996471c82",
    "settings": {
      "fd_thres": 0.2,
      "testing": false
    },
    "software": "mriqc",
    "version": "0.16.1",
    "webapi_port": null,
    "webapi_url": "https://mriqc.nimh.nih.gov/api/v1"
  },
  "size_t": 208,
  "size_x": 64,
  "size_y": 64,
  "size_z": 33,
  "snr": 5.727424658370895,
  "spacing_tr": 2.0,
  "spacing_x": 3.000000238418579,
  "spacing_y": 2.999999761581421,
  "spacing_z": 3.749999761581421,
  "summary_bg_k": 43.0693206333753,
  "summary_bg_mad": 8.026013132083241,
  "summary_bg_mean": 51.24138641357422,
  "summary_bg_median": 29.600963592529297,
  "summary_bg_n": 74209.0,
  "summary_bg_p05": 23.158655166625977,
  "summary_bg_p95": 151.62116394042937,
  "summary_bg_stdv": 62.43793869018555,
  "summary_fg_k": 1.4608919241320857,
  "summary_fg_mad": 124.80942549265338,
  "summary_fg_mean": 816.4510498046875,
  "summary_fg_median": 804.3052978515625,
  "summary_fg_n": 28866.0,
  "summary_fg_p05": 616.9759979248047,
  "summary_fg_p95": 1066.2548217773438,
  "summary_fg_stdv": 140.4281005859375,
  "tsnr": 43.6089541731053
}