{
  "bids_meta": {
    "AcquisitionMatrixPE": 246,
    "AcquisitionNumber": 1,
    "AnatomicalLandmarkCoordinates": {
      "LPA": [
        125,
        101,
        13
      ],
      "Nasion": [
        32,
        138,
        88
      ],
      "RPA": [
        123,
        92,
        166
      ]
    },
    "BaseResolution": 256,
    "ConversionSoftware": "dcm2niix",
    "ConversionSoftwareVersion": "v1.0.20171215 GCC4.4.7",
    "DeviceSerialNumber": "35119",
    "DwellTime": 8.5e-06,
    "EchoTime": 0.00298,
    "FlipAngle": 9,
    "ImageComments": "V",
    "ImageType": [
      "ORIGINAL",
      "PRIMARY",
      "M",
      "ND",
      "NORM"
    ],
    "InPlanePhaseEncodingDirectionDICOM": "ROW",
    "InstitutionAddress": "15 Chaucer Road, Cambridge CB2 7EF, UK",
    "InstitutionName": "MRC Cognition and Brain Sciences Unit",
    "InversionTime": 0.9,
    "MRAcquisitionType": "3D",
    "MagneticFieldStrength": 3,
    "Manufacturer": "Siemens",
    "ManufacturersModelName": "TrioTim",
    "Modality": "MR",
    "ParallelReductionFactorInPlane": 2,
    "PartialFourier": 0.875,
    "PatientPosition": "HFS",
    "PercentPhaseFOV": 100,
    "PhaseEncodingSteps": 215,
    "PhaseResolution": 0.96,
    "PixelBandwidth": 230,
    "ProcedureStepDescription": "CBU_Neuroimaging",
    "ProtocolName": "CBU_MPRAGE",
    "PulseSequenceDetails": "%SiemensSeq%_tfl",
    "PulseSequenceType": "MPRAGE",
    "ReceiveCoilName": "HeadMatrix",
    "ReconMatrixPE": 256,
    "RepetitionTime": 2.25,
    "ScanOptions": "IR_PFP",
    "ScanningSequence": "GR_IR",
    "SequenceName": "_tfl3d1_ns",
    "SequenceVariant": "SP_MP_OSP",
    "SeriesDescription": "CBU_MPRAGE",
    "SliceThickness": 1,
    "SoftwareVersions": "syngo_MR_B15",
    "StationName": "MRC35119",
    "acq_id": "mprage",
    "dataset": "ds000117",
    "modality": "T1w",
    "session_id": "mri",
    "subject_id": "16"
  },
  "cjv": 0.4294356709714385,
  "cnr": 3.118604481300835,
  "efc": 0.5872353723019478,
  "fber": 1440.9605712890625,
  "fwhm_avg": 4.006223759594911,
  "fwhm_x": 3.96065,
  "fwhm_y": 4.48228,
  "fwhm_z": 3.5757412787847325,
  "icvs_csf": 0.205362348448804,
  "icvs_gm": 0.3979446796986725,
  "icvs_wm": 0.39669297185252356,
  "inu_med": 1.5090389251708984,
  "inu_range": 0.6944335818290712,
  "provenance": {
    "md5sum": "195fa91efb332fef881b953806c60d89",
    "settings": {
      "testing": false
    },
    "software": "mriqc",
    "version": "0.16.1",
    "warnings": {
      "large_rot_frame": true,
      "small_air_mask": false
    },
    "webapi_port": null,
    "webapi_url": "https://mriqc.nimh.nih.gov/api/v1"
  },
  "qi_1": 0.0003882151206582369,
  "qi_2": 0.004044203821486747,
  "rpve_csf": 22.20491839753368,
  "rpve_gm": 11.574887624567769,
  "rpve_wm": 14.015771066111931,
  "size_x": 192,
  "size_y": 256,
  "size_z": 256,
  "snr_csf": 3.2096661684144765,
  "snr_gm": 11.101304500278964,
  "snr_total": 10.763533964346948,
  "snr_wm": 17.979631224347408,
  "snrd_csf": 25.322772036159265,
  "snrd_gm": 50.677063496007364,
  "snrd_total": 48.50808046545777,
  "snrd_wm": 69.52440586420671,
  "spacing_x": 1.0,
  "spacing_y": 1.0,
  "spacing_z": 0.9999996423721313,
  "summary_bg_k": 162.862415824148,
  "summary_bg_mad": 9.423351753498558,
  "summary_bg_mean": 14.517870903015137,
  "summary_bg_median": 12.72320556640625,
  "summary_bg_n": 3022722.0,
  "summary_bg_p05": 0.0,
  "summary_bg_p95": 36.58700466156001,
  "summary_bg_stdv": 12.323780059814453,
  "summary_csf_k": 0.24022581421661204,
  "summary_csf_mad": 111.86744559518533,
  "summary_csf_mean": 381.6679382324219,
  "summary_csf_median": 364.23773193359375,
  "summary_csf_n": 32030.0,
  "summary_csf_p05": 228.9858840942383,
  "summary_csf_p95": 587.9781372070313,
  "summary_csf_stdv": 113.47972869873047,
  "summary_gm_k": 0.22733538527076025,
  "summary_gm_mad": 62.942364179508516,
  "summary_gm_mean": 729.7015991210938,
  "summary_gm_median": 728.9288330078125,
  "summary_gm_n": 16156.0,
  "summary_gm_p05": 622.9100341796875,
  "summary_gm_p95": 840.4886016845703,
  "summary_gm_stdv": 65.65951538085938,
  "summary_wm_k": 0.3234922094055115,
  "summary_wm_mad": 53.47611551752908,
  "summary_wm_mean": 998.7120971679688,
  "summary_wm_median": 1000.0252685546875,
  "summary_wm_n": 294647.0,
  "summary_wm_p05": 904.4001098632812,
  "summary_wm_p95": 1087.3573364257813,
  "summary_wm_stdv": 55.61980438232422,
  "tpm_overlap_csf": 0.15762118995189667,
  "tpm_overlap_gm": 0.4133351147174835,
  "tpm_overlap_wm": 0.4894571602344513,
  "wm2max": 0.4975783047016397
}