{
  "bids_meta": {
    "AcquisitionMatrixPE": 246,
    "AcquisitionNumber": 1,
    "AnatomicalLandmarkCoordinates": {
      "LPA": [
        133,
        71,
        22
      ],
      "Nasion": [
        46,
        112,
        99
      ],
      "RPA": [
        141,
        72,
        173
      ]
    },
    "BaseResolution": 256,
    "ConversionSoftware": "dcm2niix",
    "ConversionSoftwareVersion": "v1.0.20171215 GCC4.4.7",
    "DeviceSerialNumber": "35119",
    "DwellTime": 8.5e-06,
    "EchoTime": 0.00298,
    "FlipAngle": 9,
    "ImageComments": "V",
    "ImageType": [
      "ORIGINAL",
      "PRIMARY",
      "M",
      "ND",
      "NORM"
    ],
    "InPlanePhaseEncodingDirectionDICOM": "ROW",
    "InstitutionAddress": "15 Chaucer Road, Cambridge CB2 7EF, UK",
    "InstitutionName": "MRC Cognition and Brain Sciences Unit",
    "InversionTime": 0.9,
    "MRAcquisitionType": "3D",
    "MagneticFieldStrength": 3,
    "Manufacturer": "Siemens",
    "ManufacturersModelName": "TrioTim",
    "Modality": "MR",
    "ParallelReductionFactorInPlane": 2,
    "PartialFourier": 0.875,
    "PatientPosition": "HFS",
    "PercentPhaseFOV": 100,
    "PhaseEncodingSteps": 215,
    "PhaseResolution": 0.96,
    "PixelBandwidth": 230,
    "ProcedureStepDescription": "CBU_Neuroimaging",
    "ProtocolName": "CBU_MPRAGE",
    "PulseSequenceDetails": "%SiemensSeq%_tfl",
    "PulseSequenceType": "MPRAGE",
    "ReceiveCoilName": "HeadMatrix",
    "ReconMatrixPE": 256,
    "RepetitionTime": 2.25,
    "ScanOptions": "IR_PFP",
    "ScanningSequence": "GR_IR",
    "SequenceName": "_tfl3d1_ns",
    "SequenceVariant": "SP_MP_OSP",
    "SeriesDescription": "CBU_MPRAGE",
    "SliceThickness": 1,
    "SoftwareVersions": "syngo_MR_B15",
    "StationName": "MRC35119",
    "acq_id": "mprage",
    "dataset": "ds000117",
    "modality": "T1w",
    "session_id": "mri",
    "subject_id": "02"
  },
  "cjv": 0.3931779046421051,
  "cnr": 3.424215551399313,
  "efc": 0.49545422426741065,
  "fber": 3586.77392578125,
  "fwhm_avg": 3.6767630117448937,
  "fwhm_x": 3.69406,
  "fwhm_y": 4.046519035234682,
  "fwhm_z": 3.28971,
  "icvs_csf": 0.19704006736430243,
  "icvs_gm": 0.41432368375431444,
  "icvs_wm": 0.3886362488813831,
  "inu_med": 1.585890769958496,
  "inu_range": 0.516465878486633,
  "provenance": {
    "md5sum": "a5f6314f971354a7c0682f756807de50",
    "settings": {
      "testing": false
    },
    "software": "mriqc",
    "version": "0.16.1",
    "warnings": {
      "large_rot_frame": true,
      "small_air_mask": false
    },
    "webapi_port": null,
    "webapi_url": "https://mriqc.nimh.nih.gov/api/v1"
  },
  "qi_1": 0.0003933873593422093,
  "qi_2": 0.006167991862084628,
  "rpve_csf": 26.935229061118896,
  "rpve_gm": 13.38790508597457,
  "rpve_wm": 16.98852353145118,
  "size_x": 192,
  "size_y": 256,
  "size_z": 256,
  "snr_csf": 3.7187017653947705,
  "snr_gm": 11.145575030654518,
  "snr_total": 11.740682718114726,
  "snr_wm": 20.357771358294894,
  "snrd_csf": 23.608314134509957,
  "snrd_gm": 55.245995805901096,
  "snrd_total": 51.84537432785461,
  "snrd_wm": 76.68181304315276,
  "spacing_x": 1.0,
  "spacing_y": 1.000000238418579,
  "spacing_z": 1.0,
  "summary_bg_k": 5.198551534138854,
  "summary_bg_mad": 8.54359998488915,
  "summary_bg_mean": 10.7389497756958,
  "summary_bg_median": 8.724498748779297,
  "summary_bg_n": 4654079.0,
  "summary_bg_p05": 0.0,
  "summary_bg_p95": 26.321805572509746,
  "summary_bg_stdv": 8.573493957519531,
  "summary_csf_k": 3.5171167518625452,
  "summary_csf_mad": 55.89937020560046,
  "summary_csf_mean": 325.4330139160156,
  "summary_csf_median": 307.87481689453125,
  "summary_csf_n": 35425.0,
  "summary_csf_p05": 229.7064025878906,
  "summary_csf_p95": 501.08182983398433,
  "summary_csf_stdv": 82.7897720336914,
  "summary_gm_k": 0.07261717263580847,
  "summary_gm_mad": 62.78364321446586,
  "summary_gm_mean": 720.9838256835938,
  "summary_gm_median": 720.460205078125,
  "summary_gm_n": 18304.0,
  "summary_gm_p05": 614.9531799316406,
  "summary_gm_p95": 829.5399444580077,
  "summary_gm_stdv": 64.63915252685547,
  "summary_wm_k": 0.319551702910545,
  "summary_wm_mad": 47.12664347981652,
  "summary_wm_mean": 999.1243286132812,
  "summary_wm_median": 1000.0036010742188,
  "summary_wm_n": 248237.0,
  "summary_wm_p05": 916.3394165039062,
  "summary_wm_p95": 1078.2500244140624,
  "summary_wm_stdv": 49.121368408203125,
  "tpm_overlap_csf": 0.1672815978527069,
  "tpm_overlap_gm": 0.43002966046333313,
  "tpm_overlap_wm": 0.4858585000038147,
  "wm2max": 0.5680717577483195
}