{
  "bids_meta": {
    "AcquisitionMatrixPE": 246,
    "AcquisitionNumber": 1,
    "AnatomicalLandmarkCoordinates": {
      "LPA": [
        140,
        74,
        16
      ],
      "Nasion": [
        43,
        111,
        95
      ],
      "RPA": [
        143,
        74,
        173
      ]
    },
    "BaseResolution": 256,
    "ConversionSoftware": "dcm2niix",
    "ConversionSoftwareVersion": "v1.0.20171215 GCC4.4.7",
    "DeviceSerialNumber": "35119",
    "DwellTime": 8.5e-06,
    "EchoTime": 0.00298,
    "FlipAngle": 9,
    "ImageComments": "V",
    "ImageType": [
      "ORIGINAL",
      "PRIMARY",
      "M",
      "ND",
      "NORM"
    ],
    "InPlanePhaseEncodingDirectionDICOM": "ROW",
    "InstitutionAddress": "15 Chaucer Road, Cambridge CB2 7EF, UK",
    "InstitutionName": "MRC Cognition and Brain Sciences Unit",
    "InversionTime": 0.9,
    "MRAcquisitionType": "3D",
    "MagneticFieldStrength": 3,
    "Manufacturer": "Siemens",
    "ManufacturersModelName": "TrioTim",
    "Modality": "MR",
    "ParallelReductionFactorInPlane": 2,
    "PartialFourier": 0.875,
    "PatientPosition": "HFS",
    "PercentPhaseFOV": 100,
    "PhaseEncodingSteps": 215,
    "PhaseResolution": 0.96,
    "PixelBandwidth": 230,
    "ProcedureStepDescription": "CBU_Neuroimaging",
    "ProtocolName": "CBU_MPRAGE",
    "PulseSequenceDetails": "%SiemensSeq%_tfl",
    "PulseSequenceType": "MPRAGE",
    "ReceiveCoilName": "HeadMatrix",
    "ReconMatrixPE": 256,
    "RepetitionTime": 2.25,
    "ScanOptions": "IR_PFP",
    "ScanningSequence": "GR_IR",
    "SequenceName": "_tfl3d1_ns",
    "SequenceVariant": "SP_MP_OSP",
    "SeriesDescription": "CBU_MPRAGE",
    "SliceThickness": 1,
    "SoftwareVersions": "syngo_MR_B15",
    "StationName": "MRC35119",
    "acq_id": "mprage",
    "dataset": "ds000117",
    "modality": "T1w",
    "session_id": "mri",
    "subject_id": "01"
  },
  "cjv": 0.49948562711660177,
  "cnr": 2.747484530966516,
  "efc": 0.5083523536467434,
  "fber": 2895.97509765625,
  "fwhm_avg": 3.799226666666667,
  "fwhm_x": 3.79362,
  "fwhm_y": 4.1991,
  "fwhm_z": 3.40496,
  "icvs_csf": 0.21790067309603656,
  "icvs_gm": 0.3864856089867235,
  "icvs_wm": 0.39561371791724,
  "inu_med": 1.6189939975738525,
  "inu_range": 0.6603025197982788,
  "provenance": {
    "md5sum": "b68e9d5b08bb672457196c773c3128d7",
    "settings": {
      "testing": false
    },
    "software": "mriqc",
    "version": "0.16.1",
    "warnings": {
      "large_rot_frame": true,
      "small_air_mask": false
    },
    "webapi_port": null,
    "webapi_url": "https://mriqc.nimh.nih.gov/api/v1"
  },
  "qi_1": 0.0003032411407355059,
  "qi_2": 0.005978841237208879,
  "rpve_csf": 27.929915083798882,
  "rpve_gm": 15.52179754273838,
  "rpve_wm": 18.715962318324234,
  "size_x": 192,
  "size_y": 256,
  "size_z": 256,
  "snr_csf": 3.124784332211156,
  "snr_gm": 11.281984374344223,
  "snr_total": 10.987254515190974,
  "snr_wm": 18.554994839017546,
  "snrd_csf": 25.637356352646158,
  "snrd_gm": 50.47840625908027,
  "snrd_total": 47.477514155520566,
  "snrd_wm": 66.31677985483526,
  "spacing_x": 1.0,
  "spacing_y": 1.0,
  "spacing_z": 1.0,
  "summary_bg_k": 143.0734247102384,
  "summary_bg_mad": 9.87910471837432,
  "summary_bg_mean": 12.251195907592773,
  "summary_bg_median": 10.085945129394531,
  "summary_bg_n": 4760546.0,
  "summary_bg_p05": 0.0,
  "summary_bg_p95": 30.396610260009766,
  "summary_bg_stdv": 10.012186050415039,
  "summary_csf_k": 0.3579087010111146,
  "summary_csf_mad": 128.66806879403595,
  "summary_csf_mean": 400.8960266113281,
  "summary_csf_median": 386.5975646972656,
  "summary_csf_n": 17242.0,
  "summary_csf_p05": 223.01527099609373,
  "summary_csf_p95": 619.7062286376954,
  "summary_csf_stdv": 123.71617126464844,
  "summary_gm_k": -0.024917629809909414,
  "summary_gm_mad": 67.48744850744313,
  "summary_gm_mean": 760.788330078125,
  "summary_gm_median": 761.187255859375,
  "summary_gm_n": 9587.0,
  "summary_gm_p05": 649.6111938476563,
  "summary_gm_p95": 871.1725952148438,
  "summary_gm_stdv": 67.46575164794922,
  "summary_wm_k": 0.24308078956694334,
  "summary_wm_mad": 51.8067854134103,
  "summary_wm_mean": 998.3786010742188,
  "summary_wm_median": 1000.0214233398438,
  "summary_wm_n": 231248.0,
  "summary_wm_p05": 906.0876586914062,
  "summary_wm_p95": 1084.239190673828,
  "summary_wm_stdv": 53.89488220214844,
  "tpm_overlap_csf": 0.15271569788455963,
  "tpm_overlap_gm": 0.41012996435165405,
  "tpm_overlap_wm": 0.48358896374702454,
  "wm2max": 0.5133177982732068
}