{
  "aor": 0.000915576923076923,
  "aqi": 0.008488355288461539,
  "bids_meta": {
    "AcquisitionMatrixPE": 64,
    "AcquisitionNumber": 1,
    "BandwidthPerPixelPhaseEncode": 30.637,
    "BaseResolution": 64,
    "ConversionSoftware": "dcm2niix",
    "ConversionSoftwareVersion": "v1.0.20171215 GCC4.4.7",
    "DerivedVendorReportedEchoSpacing": 0.000510004,
    "DeviceSerialNumber": "35119",
    "DwellTime": 3.5e-06,
    "EchoTime": 0.03,
    "EffectiveEchoSpacing": 0.000510004,
    "FlipAngle": 78,
    "ImageComments": "V",
    "ImageOrientationPatientDICOM": [
      0.999864,
      0.005398,
      0.015583,
      0,
      0.94491,
      -0.32733
    ],
    "ImageType": [
      "ORIGINAL",
      "PRIMARY",
      "M",
      "ND",
      "MOSAIC"
    ],
    "InPlanePhaseEncodingDirectionDICOM": "COL",
    "InstitutionAddress": "15 Chaucer Road, Cambridge CB2 7EF, UK",
    "InstitutionName": "MRC Cognition and Brain Sciences Unit",
    "MRAcquisitionType": "2D",
    "MagneticFieldStrength": 3,
    "Manufacturer": "Siemens",
    "ManufacturersModelName": "TrioTim",
    "Modality": "MR",
    "NumberOfVolumesDiscardedByScanner": 3,
    "NumberOfVolumesDiscardedByuser": 2,
    "PartialFourier": 1,
    "PatientPosition": "HFS",
    "PercentPhaseFOV": 100,
    "PhaseEncodingDirection": "j-",
    "PhaseEncodingSteps": 64,
    "PhaseResolution": 1,
    "PixelBandwidth": 2230,
    "ProcedureStepDescription": "CBU_Neuroimaging",
    "ProtocolName": "CBU_DWEPI_BOLD210",
    "PulseSequenceDetails": "%SiemensSeq%_ep2d_bold",
    "PulseSequenceType": "EPI",
    "ReceiveCoilName": "HeadMatrix",
    "ReconMatrixPE": 64,
    "RepetitionTime": 2,
    "SAR": 0.114176,
    "ScanOptions": "FS",
    "ScanningSequence": "EP",
    "SequenceName": "_epfid2d1_64",
    "SequenceVariant": "SK",
    "SeriesDescription": "CBU_DWEPI_BOLD210",
    "SliceThickness": 3,
    "SliceTiming": [
      0,
      1.0325,
      0.06,
      1.095,
      0.12,
      1.155,
      0.1825,
      1.215,
      0.2425,
      1.2775,
      0.3025,
      1.3375,
      0.365,
      1.3975,
      0.425,
      1.46,
      0.485,
      1.52,
      0.5475,
      1.58,
      0.6075,
      1.6425,
      0.6675,
      1.7025,
      0.73,
      1.7625,
      0.79,
      1.825,
      0.85,
      1.885,
      0.9125,
      1.945,
      0.9725
    ],
    "SoftwareVersions": "syngo_MR_B15",
    "SpacingBetweenSlices": 3.75,
    "StationName": "MRC35119",
    "TaskName": "facerecognition",
    "TotalReadoutTime": 0.0321303,
    "TxRefAmp": 295.172,
    "dataset": "ds000117",
    "modality": "bold",
    "run_id": 4,
    "session_id": "mri",
    "subject_id": "16",
    "task_id": "facerecognition"
  },
  "dummy_trs": 0,
  "dvars_nstd": 27.197183544734294,
  "dvars_std": 1.088927151932367,
  "dvars_vstd": 0.9811884271497585,
  "efc": 0.6494496799434151,
  "fber": 460.86761474609375,
  "fd_mean": 0.12424127081478703,
  "fd_num": 14,
  "fd_perc": 6.730769230769231,
  "fwhm_avg": 1.8815472764302967,
  "fwhm_x": 1.8232395653058133,
  "fwhm_y": 2.120293501839121,
  "fwhm_z": 1.7011087621459557,
  "gcor": 0.02087,
  "gsr_x": -0.008650737814605236,
  "gsr_y": 0.054073721170425415,
  "provenance": {
    "md5sum": "ba9dd7c2988a0e2d1e28056fe1b4676c",
    "settings": {
      "fd_thres": 0.2,
      "testing": false
    },
    "software": "mriqc",
    "version": "0.16.1",
    "webapi_port": null,
    "webapi_url": "https://mriqc.nimh.nih.gov/api/v1"
  },
  "size_t": 208,
  "size_x": 64,
  "size_y": 64,
  "size_z": 33,
  "snr": 4.651218533382216,
  "spacing_tr": 2.0,
  "spacing_x": 3.0000007152557373,
  "spacing_y": 2.999999761581421,
  "spacing_z": 4.049999713897705,
  "summary_bg_k": 48.20436441665461,
  "summary_bg_mad": 16.137554264232673,
  "summary_bg_mean": 68.8149185180664,
  "summary_bg_median": 36.95192337036133,
  "summary_bg_n": 59566.0,
  "summary_bg_p05": 24.783655166625977,
  "summary_bg_p95": 217.18390655517578,
  "summary_bg_stdv": 85.8926010131836,
  "summary_fg_k": 2.2402210601492314,
  "summary_fg_mad": 148.83049523807375,
  "summary_fg_mean": 845.2696533203125,
  "summary_fg_median": 823.3654174804688,
  "summary_fg_n": 40763.0,
  "summary_fg_p05": 612.1260070800781,
  "summary_fg_p95": 1164.0178466796876,
  "summary_fg_stdv": 177.01927185058594,
  "tsnr": 54.26664647227153
}