{
  "aor": 0.0010232211538461539,
  "aqi": 0.005872881442307692,
  "bids_meta": {
    "AcquisitionMatrixPE": 64,
    "AcquisitionNumber": 1,
    "BandwidthPerPixelPhaseEncode": 30.637,
    "BaseResolution": 64,
    "ConversionSoftware": "dcm2niix",
    "ConversionSoftwareVersion": "v1.0.20171215 GCC4.4.7",
    "DerivedVendorReportedEchoSpacing": 0.000510004,
    "DeviceSerialNumber": "35119",
    "DwellTime": 3.5e-06,
    "EchoTime": 0.03,
    "EffectiveEchoSpacing": 0.000510004,
    "FlipAngle": 78,
    "ImageComments": "V",
    "ImageOrientationPatientDICOM": [
      0.999864,
      0.005398,
      0.015583,
      0,
      0.94491,
      -0.32733
    ],
    "ImageType": [
      "ORIGINAL",
      "PRIMARY",
      "M",
      "ND",
      "MOSAIC"
    ],
    "InPlanePhaseEncodingDirectionDICOM": "COL",
    "InstitutionAddress": "15 Chaucer Road, Cambridge CB2 7EF, UK",
    "InstitutionName": "MRC Cognition and Brain Sciences Unit",
    "MRAcquisitionType": "2D",
    "MagneticFieldStrength": 3,
    "Manufacturer": "Siemens",
    "ManufacturersModelName": "TrioTim",
    "Modality": "MR",
    "NumberOfVolumesDiscardedByScanner": 3,
    "NumberOfVolumesDiscardedByuser": 2,
    "PartialFourier": 1,
    "PatientPosition": "HFS",
    "PercentPhaseFOV": 100,
    "PhaseEncodingDirection": "j-",
    "PhaseEncodingSteps": 64,
    "PhaseResolution": 1,
    "PixelBandwidth": 2230,
    "ProcedureStepDescription": "CBU_Neuroimaging",
    "ProtocolName": "CBU_DWEPI_BOLD210",
    "PulseSequenceDetails": "%SiemensSeq%_ep2d_bold",
    "PulseSequenceType": "EPI",
    "ReceiveCoilName": "HeadMatrix",
    "ReconMatrixPE": 64,
    "RepetitionTime": 2,
    "SAR": 0.114176,
    "ScanOptions": "FS",
    "ScanningSequence": "EP",
    "SequenceName": "_epfid2d1_64",
    "SequenceVariant": "SK",
    "SeriesDescription": "CBU_DWEPI_BOLD210",
    "SliceThickness": 3,
    "SliceTiming": [
      0,
      1.0325,
      0.06,
      1.095,
      0.12,
      1.155,
      0.1825,
      1.215,
      0.2425,
      1.2775,
      0.3025,
      1.3375,
      0.365,
      1.3975,
      0.425,
      1.46,
      0.485,
      1.52,
      0.5475,
      1.58,
      0.6075,
      1.6425,
      0.6675,
      1.7025,
      0.73,
      1.7625,
      0.79,
      1.825,
      0.85,
      1.885,
      0.9125,
      1.945,
      0.9725
    ],
    "SoftwareVersions": "syngo_MR_B15",
    "SpacingBetweenSlices": 3.75,
    "StationName": "MRC35119",
    "TaskName": "facerecognition",
    "TotalReadoutTime": 0.0321303,
    "TxRefAmp": 295.172,
    "dataset": "ds000117",
    "modality": "bold",
    "run_id": 9,
    "session_id": "mri",
    "subject_id": "16",
    "task_id": "facerecognition"
  },
  "dummy_trs": 0,
  "dvars_nstd": 24.650748736859914,
  "dvars_std": 1.0906645877777774,
  "dvars_vstd": 1.0034956016908216,
  "efc": 0.6495908175641402,
  "fber": 440.6363220214844,
  "fd_mean": 0.11048765094043647,
  "fd_num": 9,
  "fd_perc": 4.326923076923077,
  "fwhm_avg": 1.8728808786683568,
  "fwhm_x": 1.8078397126516164,
  "fwhm_y": 2.095200333023124,
  "fwhm_z": 1.7156025903303305,
  "gcor": 0.00745177,
  "gsr_x": -0.0094554228708148,
  "gsr_y": 0.05394703522324562,
  "provenance": {
    "md5sum": "7d7a76f87c367cd74ed8b20de86472a9",
    "settings": {
      "fd_thres": 0.2,
      "testing": false
    },
    "software": "mriqc",
    "version": "0.16.1",
    "webapi_port": null,
    "webapi_url": "https://mriqc.nimh.nih.gov/api/v1"
  },
  "size_t": 208,
  "size_x": 64,
  "size_y": 64,
  "size_z": 33,
  "snr": 4.594600941016857,
  "spacing_tr": 2.0,
  "spacing_x": 3.000000476837158,
  "spacing_y": 2.999999523162842,
  "spacing_z": 4.049999713897705,
  "summary_bg_k": 42.79648274394329,
  "summary_bg_mad": 17.56313451688161,
  "summary_bg_mean": 71.38626098632812,
  "summary_bg_median": 38.19711685180664,
  "summary_bg_n": 59828.0,
  "summary_bg_p05": 25.20673179626465,
  "summary_bg_p95": 227.75721969604464,
  "summary_bg_stdv": 87.14632415771484,
  "summary_fg_k": 2.4256166694731993,
  "summary_fg_mad": 152.64387048771027,
  "summary_fg_mean": 864.39404296875,
  "summary_fg_median": 841.0144653320312,
  "summary_fg_n": 40445.0,
  "summary_fg_p05": 624.0807739257813,
  "summary_fg_p95": 1195.5154541015622,
  "summary_fg_stdv": 183.04180908203125,
  "tsnr": 61.307191238272935
}