{
  "aor": 0.0028093269230769235,
  "aqi": 0.0060343361057692314,
  "bids_meta": {
    "AcquisitionMatrixPE": 64,
    "AcquisitionNumber": 1,
    "BandwidthPerPixelPhaseEncode": 30.637,
    "BaseResolution": 64,
    "ConversionSoftware": "dcm2niix",
    "ConversionSoftwareVersion": "v1.0.20171215 GCC4.4.7",
    "DerivedVendorReportedEchoSpacing": 0.000510004,
    "DeviceSerialNumber": "35119",
    "DwellTime": 3.5e-06,
    "EchoTime": 0.03,
    "EffectiveEchoSpacing": 0.000510004,
    "FlipAngle": 78,
    "ImageComments": "V",
    "ImageOrientationPatientDICOM": [
      0.999864,
      0.005398,
      0.015583,
      0,
      0.94491,
      -0.32733
    ],
    "ImageType": [
      "ORIGINAL",
      "PRIMARY",
      "M",
      "ND",
      "MOSAIC"
    ],
    "InPlanePhaseEncodingDirectionDICOM": "COL",
    "InstitutionAddress": "15 Chaucer Road, Cambridge CB2 7EF, UK",
    "InstitutionName": "MRC Cognition and Brain Sciences Unit",
    "MRAcquisitionType": "2D",
    "MagneticFieldStrength": 3,
    "Manufacturer": "Siemens",
    "ManufacturersModelName": "TrioTim",
    "Modality": "MR",
    "NumberOfVolumesDiscardedByScanner": 3,
    "NumberOfVolumesDiscardedByuser": 2,
    "PartialFourier": 1,
    "PatientPosition": "HFS",
    "PercentPhaseFOV": 100,
    "PhaseEncodingDirection": "j-",
    "PhaseEncodingSteps": 64,
    "PhaseResolution": 1,
    "PixelBandwidth": 2230,
    "ProcedureStepDescription": "CBU_Neuroimaging",
    "ProtocolName": "CBU_DWEPI_BOLD210",
    "PulseSequenceDetails": "%SiemensSeq%_ep2d_bold",
    "PulseSequenceType": "EPI",
    "ReceiveCoilName": "HeadMatrix",
    "ReconMatrixPE": 64,
    "RepetitionTime": 2,
    "SAR": 0.114176,
    "ScanOptions": "FS",
    "ScanningSequence": "EP",
    "SequenceName": "_epfid2d1_64",
    "SequenceVariant": "SK",
    "SeriesDescription": "CBU_DWEPI_BOLD210",
    "SliceThickness": 3,
    "SliceTiming": [
      0,
      1.0325,
      0.06,
      1.095,
      0.12,
      1.155,
      0.1825,
      1.215,
      0.2425,
      1.2775,
      0.3025,
      1.3375,
      0.365,
      1.3975,
      0.425,
      1.46,
      0.485,
      1.52,
      0.5475,
      1.58,
      0.6075,
      1.6425,
      0.6675,
      1.7025,
      0.73,
      1.7625,
      0.79,
      1.825,
      0.85,
      1.885,
      0.9125,
      1.945,
      0.9725
    ],
    "SoftwareVersions": "syngo_MR_B15",
    "SpacingBetweenSlices": 3.75,
    "StationName": "MRC35119",
    "TaskName": "facerecognition",
    "TotalReadoutTime": 0.0321303,
    "TxRefAmp": 295.172,
    "dataset": "ds000117",
    "modality": "bold",
    "run_id": 2,
    "session_id": "mri",
    "subject_id": "02",
    "task_id": "facerecognition"
  },
  "dummy_trs": 0,
  "dvars_nstd": 23.498302127826108,
  "dvars_std": 1.0792968490821255,
  "dvars_vstd": 1.0038617875845408,
  "efc": 0.6105571316768257,
  "fber": 667.5140991210938,
  "fd_mean": 0.07600501380220642,
  "fd_num": 9,
  "fd_perc": 4.326923076923077,
  "fwhm_avg": 1.9303996617867636,
  "fwhm_x": 1.8952137851875113,
  "fwhm_y": 2.1219928274108186,
  "fwhm_z": 1.7739923727619602,
  "gcor": 0.0304939,
  "gsr_x": -0.014304090291261673,
  "gsr_y": 0.060190338641405106,
  "provenance": {
    "md5sum": "8844156c31944740f75f6ee4201a8295",
    "settings": {
      "fd_thres": 0.2,
      "testing": false
    },
    "software": "mriqc",
    "version": "0.16.1",
    "webapi_port": null,
    "webapi_url": "https://mriqc.nimh.nih.gov/api/v1"
  },
  "size_t": 208,
  "size_x": 64,
  "size_y": 64,
  "size_z": 33,
  "snr": 4.893754814853698,
  "spacing_tr": 2.0,
  "spacing_x": 2.9999992847442627,
  "spacing_y": 3.0000007152557373,
  "spacing_z": 3.8999998569488525,
  "summary_bg_k": 44.92054480475994,
  "summary_bg_mad": 9.073815261113658,
  "summary_bg_mean": 56.289207458496094,
  "summary_bg_median": 29.413461685180664,
  "summary_bg_n": 67259.0,
  "summary_bg_p05": 22.63461685180664,
  "summary_bg_p95": 186.3567352294922,
  "summary_bg_stdv": 69.81535339355469,
  "summary_fg_k": 1.4359434279912122,
  "summary_fg_mad": 136.484917963385,
  "summary_fg_mean": 804.0687255859375,
  "summary_fg_median": 785.1346435546875,
  "summary_fg_n": 34973.0,
  "summary_fg_p05": 581.5519531250001,
  "summary_fg_p95": 1100.0384521484375,
  "summary_fg_stdv": 160.43374633789062,
  "tsnr": 58.50463421177119
}