{
  "aor": 0.0028841346153846152,
  "aqi": 0.006646898028846154,
  "bids_meta": {
    "AcquisitionMatrixPE": 64,
    "AcquisitionNumber": 1,
    "BandwidthPerPixelPhaseEncode": 30.637,
    "BaseResolution": 64,
    "ConversionSoftware": "dcm2niix",
    "ConversionSoftwareVersion": "v1.0.20171215 GCC4.4.7",
    "DerivedVendorReportedEchoSpacing": 0.000510004,
    "DeviceSerialNumber": "35119",
    "DwellTime": 3.5e-06,
    "EchoTime": 0.03,
    "EffectiveEchoSpacing": 0.000510004,
    "FlipAngle": 78,
    "ImageComments": "V",
    "ImageOrientationPatientDICOM": [
      0.999864,
      0.005398,
      0.015583,
      0,
      0.94491,
      -0.32733
    ],
    "ImageType": [
      "ORIGINAL",
      "PRIMARY",
      "M",
      "ND",
      "MOSAIC"
    ],
    "InPlanePhaseEncodingDirectionDICOM": "COL",
    "InstitutionAddress": "15 Chaucer Road, Cambridge CB2 7EF, UK",
    "InstitutionName": "MRC Cognition and Brain Sciences Unit",
    "MRAcquisitionType": "2D",
    "MagneticFieldStrength": 3,
    "Manufacturer": "Siemens",
    "ManufacturersModelName": "TrioTim",
    "Modality": "MR",
    "NumberOfVolumesDiscardedByScanner": 3,
    "NumberOfVolumesDiscardedByuser": 2,
    "PartialFourier": 1,
    "PatientPosition": "HFS",
    "PercentPhaseFOV": 100,
    "PhaseEncodingDirection": "j-",
    "PhaseEncodingSteps": 64,
    "PhaseResolution": 1,
    "PixelBandwidth": 2230,
    "ProcedureStepDescription": "CBU_Neuroimaging",
    "ProtocolName": "CBU_DWEPI_BOLD210",
    "PulseSequenceDetails": "%SiemensSeq%_ep2d_bold",
    "PulseSequenceType": "EPI",
    "ReceiveCoilName": "HeadMatrix",
    "ReconMatrixPE": 64,
    "RepetitionTime": 2,
    "SAR": 0.114176,
    "ScanOptions": "FS",
    "ScanningSequence": "EP",
    "SequenceName": "_epfid2d1_64",
    "SequenceVariant": "SK",
    "SeriesDescription": "CBU_DWEPI_BOLD210",
    "SliceThickness": 3,
    "SliceTiming": [
      0,
      1.0325,
      0.06,
      1.095,
      0.12,
      1.155,
      0.1825,
      1.215,
      0.2425,
      1.2775,
      0.3025,
      1.3375,
      0.365,
      1.3975,
      0.425,
      1.46,
      0.485,
      1.52,
      0.5475,
      1.58,
      0.6075,
      1.6425,
      0.6675,
      1.7025,
      0.73,
      1.7625,
      0.79,
      1.825,
      0.85,
      1.885,
      0.9125,
      1.945,
      0.9725
    ],
    "SoftwareVersions": "syngo_MR_B15",
    "SpacingBetweenSlices": 3.75,
    "StationName": "MRC35119",
    "TaskName": "facerecognition",
    "TotalReadoutTime": 0.0321303,
    "TxRefAmp": 295.172,
    "dataset": "ds000117",
    "modality": "bold",
    "run_id": 5,
    "session_id": "mri",
    "subject_id": "02",
    "task_id": "facerecognition"
  },
  "dummy_trs": 0,
  "dvars_nstd": 24.570275468164237,
  "dvars_std": 1.1175142290338163,
  "dvars_vstd": 1.010290938743961,
  "efc": 0.6105434169896664,
  "fber": 670.4511108398438,
  "fd_mean": 0.1003097267721244,
  "fd_num": 17,
  "fd_perc": 8.173076923076923,
  "fwhm_avg": 1.9370656235510257,
  "fwhm_x": 1.8984669684198647,
  "fwhm_y": 2.126809323905524,
  "fwhm_z": 1.7859205783276892,
  "gcor": 0.0251694,
  "gsr_x": -0.013579126447439194,
  "gsr_y": 0.06298363208770752,
  "provenance": {
    "md5sum": "89f34e2d49142a95edef06f7953b2b01",
    "settings": {
      "fd_thres": 0.2,
      "testing": false
    },
    "software": "mriqc",
    "version": "0.16.1",
    "webapi_port": null,
    "webapi_url": "https://mriqc.nimh.nih.gov/api/v1"
  },
  "size_t": 208,
  "size_x": 64,
  "size_y": 64,
  "size_z": 33,
  "snr": 4.901226375426201,
  "spacing_tr": 2.0,
  "spacing_x": 2.999999523162842,
  "spacing_y": 3.0000009536743164,
  "spacing_z": 3.8999998569488525,
  "summary_bg_k": 34.83167827667847,
  "summary_bg_mad": 9.629788265213945,
  "summary_bg_mean": 57.90812683105469,
  "summary_bg_median": 29.83654022216797,
  "summary_bg_n": 67849.0,
  "summary_bg_p05": 22.64904022216797,
  "summary_bg_p95": 193.79039306640607,
  "summary_bg_stdv": 70.64804077148438,
  "summary_fg_k": 1.3704581860369105,
  "summary_fg_mad": 139.25054481293807,
  "summary_fg_mean": 817.5222778320312,
  "summary_fg_median": 798.9375,
  "summary_fg_n": 34736.0,
  "summary_fg_p05": 590.9844207763672,
  "summary_fg_p95": 1121.6647033691406,
  "summary_fg_stdv": 163.0053253173828,
  "tsnr": 57.847893085563555
}