{
  "aor": 0.0006324038461538461,
  "aqi": 0.006992222403846154,
  "bids_meta": {
    "AcquisitionMatrixPE": 64,
    "AcquisitionNumber": 1,
    "BandwidthPerPixelPhaseEncode": 30.637,
    "BaseResolution": 64,
    "ConversionSoftware": "dcm2niix",
    "ConversionSoftwareVersion": "v1.0.20171215 GCC4.4.7",
    "DerivedVendorReportedEchoSpacing": 0.000510004,
    "DeviceSerialNumber": "35119",
    "DwellTime": 3.5e-06,
    "EchoTime": 0.03,
    "EffectiveEchoSpacing": 0.000510004,
    "FlipAngle": 78,
    "ImageComments": "V",
    "ImageOrientationPatientDICOM": [
      0.999864,
      0.005398,
      0.015583,
      0,
      0.94491,
      -0.32733
    ],
    "ImageType": [
      "ORIGINAL",
      "PRIMARY",
      "M",
      "ND",
      "MOSAIC"
    ],
    "InPlanePhaseEncodingDirectionDICOM": "COL",
    "InstitutionAddress": "15 Chaucer Road, Cambridge CB2 7EF, UK",
    "InstitutionName": "MRC Cognition and Brain Sciences Unit",
    "MRAcquisitionType": "2D",
    "MagneticFieldStrength": 3,
    "Manufacturer": "Siemens",
    "ManufacturersModelName": "TrioTim",
    "Modality": "MR",
    "NumberOfVolumesDiscardedByScanner": 3,
    "NumberOfVolumesDiscardedByuser": 2,
    "PartialFourier": 1,
    "PatientPosition": "HFS",
    "PercentPhaseFOV": 100,
    "PhaseEncodingDirection": "j-",
    "PhaseEncodingSteps": 64,
    "PhaseResolution": 1,
    "PixelBandwidth": 2230,
    "ProcedureStepDescription": "CBU_Neuroimaging",
    "ProtocolName": "CBU_DWEPI_BOLD210",
    "PulseSequenceDetails": "%SiemensSeq%_ep2d_bold",
    "PulseSequenceType": "EPI",
    "ReceiveCoilName": "HeadMatrix",
    "ReconMatrixPE": 64,
    "RepetitionTime": 2,
    "SAR": 0.114176,
    "ScanOptions": "FS",
    "ScanningSequence": "EP",
    "SequenceName": "_epfid2d1_64",
    "SequenceVariant": "SK",
    "SeriesDescription": "CBU_DWEPI_BOLD210",
    "SliceThickness": 3,
    "SliceTiming": [
      0,
      1.0325,
      0.06,
      1.095,
      0.12,
      1.155,
      0.1825,
      1.215,
      0.2425,
      1.2775,
      0.3025,
      1.3375,
      0.365,
      1.3975,
      0.425,
      1.46,
      0.485,
      1.52,
      0.5475,
      1.58,
      0.6075,
      1.6425,
      0.6675,
      1.7025,
      0.73,
      1.7625,
      0.79,
      1.825,
      0.85,
      1.885,
      0.9125,
      1.945,
      0.9725
    ],
    "SoftwareVersions": "syngo_MR_B15",
    "SpacingBetweenSlices": 3.75,
    "StationName": "MRC35119",
    "TaskName": "facerecognition",
    "TotalReadoutTime": 0.0321303,
    "TxRefAmp": 295.172,
    "dataset": "ds000117",
    "modality": "bold",
    "run_id": 1,
    "session_id": "mri",
    "subject_id": "02",
    "task_id": "facerecognition"
  },
  "dummy_trs": 0,
  "dvars_nstd": 21.823767869516907,
  "dvars_std": 1.022357013768116,
  "dvars_vstd": 0.9671088003381645,
  "efc": 0.6105089616485655,
  "fber": 661.3985595703125,
  "fd_mean": 0.059536405509354615,
  "fd_num": 5,
  "fd_perc": 2.4038461538461537,
  "fwhm_avg": 1.9347841904158394,
  "fwhm_x": 1.8957336346520797,
  "fwhm_y": 2.1265394929934756,
  "fwhm_z": 1.782079443601964,
  "gcor": 0.0193015,
  "gsr_x": -0.015133921056985855,
  "gsr_y": 0.060254860669374466,
  "provenance": {
    "md5sum": "78fa7a554416b7772e7294e0458f2375",
    "settings": {
      "fd_thres": 0.2,
      "testing": false
    },
    "software": "mriqc",
    "version": "0.16.1",
    "webapi_port": null,
    "webapi_url": "https://mriqc.nimh.nih.gov/api/v1"
  },
  "size_t": 208,
  "size_x": 64,
  "size_y": 64,
  "size_z": 33,
  "snr": 4.893216285400662,
  "spacing_tr": 2.0,
  "spacing_x": 2.999999523162842,
  "spacing_y": 3.0000007152557373,
  "spacing_z": 3.9000000953674316,
  "summary_bg_k": 52.6017039330228,
  "summary_bg_mad": 9.57989386834941,
  "summary_bg_mean": 56.32011795043945,
  "summary_bg_median": 29.500001907348633,
  "summary_bg_n": 67200.0,
  "summary_bg_p05": 21.94230842590332,
  "summary_bg_p95": 185.1930427551269,
  "summary_bg_stdv": 72.15228271484375,
  "summary_fg_k": 1.439589259508118,
  "summary_fg_mad": 135.62254008604378,
  "summary_fg_mean": 800.98828125,
  "summary_fg_median": 782.0865478515625,
  "summary_fg_n": 35003.0,
  "summary_fg_p05": 579.7125122070313,
  "summary_fg_p95": 1095.9140014648438,
  "summary_fg_stdv": 159.8284912109375,
  "tsnr": 58.946713814511895
}