{
  "aor": 0.0009758653846153846,
  "aqi": 0.006167067163461539,
  "bids_meta": {
    "AcquisitionMatrixPE": 64,
    "AcquisitionNumber": 1,
    "BandwidthPerPixelPhaseEncode": 30.637,
    "BaseResolution": 64,
    "ConversionSoftware": "dcm2niix",
    "ConversionSoftwareVersion": "v1.0.20171215 GCC4.4.7",
    "DerivedVendorReportedEchoSpacing": 0.000510004,
    "DeviceSerialNumber": "35119",
    "DwellTime": 3.5e-06,
    "EchoTime": 0.03,
    "EffectiveEchoSpacing": 0.000510004,
    "FlipAngle": 78,
    "ImageComments": "V",
    "ImageOrientationPatientDICOM": [
      0.999864,
      0.005398,
      0.015583,
      0,
      0.94491,
      -0.32733
    ],
    "ImageType": [
      "ORIGINAL",
      "PRIMARY",
      "M",
      "ND",
      "MOSAIC"
    ],
    "InPlanePhaseEncodingDirectionDICOM": "COL",
    "InstitutionAddress": "15 Chaucer Road, Cambridge CB2 7EF, UK",
    "InstitutionName": "MRC Cognition and Brain Sciences Unit",
    "MRAcquisitionType": "2D",
    "MagneticFieldStrength": 3,
    "Manufacturer": "Siemens",
    "ManufacturersModelName": "TrioTim",
    "Modality": "MR",
    "NumberOfVolumesDiscardedByScanner": 3,
    "NumberOfVolumesDiscardedByuser": 2,
    "PartialFourier": 1,
    "PatientPosition": "HFS",
    "PercentPhaseFOV": 100,
    "PhaseEncodingDirection": "j-",
    "PhaseEncodingSteps": 64,
    "PhaseResolution": 1,
    "PixelBandwidth": 2230,
    "ProcedureStepDescription": "CBU_Neuroimaging",
    "ProtocolName": "CBU_DWEPI_BOLD210",
    "PulseSequenceDetails": "%SiemensSeq%_ep2d_bold",
    "PulseSequenceType": "EPI",
    "ReceiveCoilName": "HeadMatrix",
    "ReconMatrixPE": 64,
    "RepetitionTime": 2,
    "SAR": 0.114176,
    "ScanOptions": "FS",
    "ScanningSequence": "EP",
    "SequenceName": "_epfid2d1_64",
    "SequenceVariant": "SK",
    "SeriesDescription": "CBU_DWEPI_BOLD210",
    "SliceThickness": 3,
    "SliceTiming": [
      0,
      1.0325,
      0.06,
      1.095,
      0.12,
      1.155,
      0.1825,
      1.215,
      0.2425,
      1.2775,
      0.3025,
      1.3375,
      0.365,
      1.3975,
      0.425,
      1.46,
      0.485,
      1.52,
      0.5475,
      1.58,
      0.6075,
      1.6425,
      0.6675,
      1.7025,
      0.73,
      1.7625,
      0.79,
      1.825,
      0.85,
      1.885,
      0.9125,
      1.945,
      0.9725
    ],
    "SoftwareVersions": "syngo_MR_B15",
    "SpacingBetweenSlices": 3.75,
    "StationName": "MRC35119",
    "TaskName": "facerecognition",
    "TotalReadoutTime": 0.0321303,
    "TxRefAmp": 295.172,
    "dataset": "ds000117",
    "modality": "bold",
    "run_id": 4,
    "session_id": "mri",
    "subject_id": "02",
    "task_id": "facerecognition"
  },
  "dummy_trs": 0,
  "dvars_nstd": 23.2656462205797,
  "dvars_std": 1.0759388279227053,
  "dvars_vstd": 0.9879674363768114,
  "efc": 0.6109487871691446,
  "fber": 670.088623046875,
  "fd_mean": 0.07120584411725171,
  "fd_num": 8,
  "fd_perc": 3.8461538461538463,
  "fwhm_avg": 1.9218864071921635,
  "fwhm_x": 1.8851571161231477,
  "fwhm_y": 2.1134559948170994,
  "fwhm_z": 1.7670461106362436,
  "gcor": 0.0160165,
  "gsr_x": -0.014312160201370716,
  "gsr_y": 0.062370117753744125,
  "provenance": {
    "md5sum": "fc0a66e34bc294cebb49504138d23191",
    "settings": {
      "fd_thres": 0.2,
      "testing": false
    },
    "software": "mriqc",
    "version": "0.16.1",
    "webapi_port": null,
    "webapi_url": "https://mriqc.nimh.nih.gov/api/v1"
  },
  "size_t": 208,
  "size_x": 64,
  "size_y": 64,
  "size_z": 33,
  "snr": 4.903660145103127,
  "spacing_tr": 2.0,
  "spacing_x": 2.9999992847442627,
  "spacing_y": 3.0000009536743164,
  "spacing_z": 3.9000000953674316,
  "summary_bg_k": 44.34394737959109,
  "summary_bg_mad": 9.512179842044734,
  "summary_bg_mean": 58.26909637451172,
  "summary_bg_median": 29.74279022216797,
  "summary_bg_n": 67576.0,
  "summary_bg_p05": 22.62980842590332,
  "summary_bg_p95": 194.98678970336914,
  "summary_bg_stdv": 74.05473327636719,
  "summary_fg_k": 1.3384452155007054,
  "summary_fg_mad": 139.1293775539916,
  "summary_fg_mean": 816.2889404296875,
  "summary_fg_median": 795.766845703125,
  "summary_fg_n": 34800.0,
  "summary_fg_p05": 591.6562866210937,
  "summary_fg_p95": 1120.3146667480466,
  "summary_fg_stdv": 162.27784729003906,
  "tsnr": 61.39045617217198
}