{
  "aor": 0.0015733653846153846,
  "aqi": 0.005393682019230768,
  "bids_meta": {
    "AcquisitionMatrixPE": 64,
    "AcquisitionNumber": 1,
    "BandwidthPerPixelPhaseEncode": 30.637,
    "BaseResolution": 64,
    "ConversionSoftware": "dcm2niix",
    "ConversionSoftwareVersion": "v1.0.20171215 GCC4.4.7",
    "DerivedVendorReportedEchoSpacing": 0.000510004,
    "DeviceSerialNumber": "35119",
    "DwellTime": 3.5e-06,
    "EchoTime": 0.03,
    "EffectiveEchoSpacing": 0.000510004,
    "FlipAngle": 78,
    "ImageComments": "V",
    "ImageOrientationPatientDICOM": [
      0.999864,
      0.005398,
      0.015583,
      0,
      0.94491,
      -0.32733
    ],
    "ImageType": [
      "ORIGINAL",
      "PRIMARY",
      "M",
      "ND",
      "MOSAIC"
    ],
    "InPlanePhaseEncodingDirectionDICOM": "COL",
    "InstitutionAddress": "15 Chaucer Road, Cambridge CB2 7EF, UK",
    "InstitutionName": "MRC Cognition and Brain Sciences Unit",
    "MRAcquisitionType": "2D",
    "MagneticFieldStrength": 3,
    "Manufacturer": "Siemens",
    "ManufacturersModelName": "TrioTim",
    "Modality": "MR",
    "NumberOfVolumesDiscardedByScanner": 3,
    "NumberOfVolumesDiscardedByuser": 2,
    "PartialFourier": 1,
    "PatientPosition": "HFS",
    "PercentPhaseFOV": 100,
    "PhaseEncodingDirection": "j-",
    "PhaseEncodingSteps": 64,
    "PhaseResolution": 1,
    "PixelBandwidth": 2230,
    "ProcedureStepDescription": "CBU_Neuroimaging",
    "ProtocolName": "CBU_DWEPI_BOLD210",
    "PulseSequenceDetails": "%SiemensSeq%_ep2d_bold",
    "PulseSequenceType": "EPI",
    "ReceiveCoilName": "HeadMatrix",
    "ReconMatrixPE": 64,
    "RepetitionTime": 2,
    "SAR": 0.114176,
    "ScanOptions": "FS",
    "ScanningSequence": "EP",
    "SequenceName": "_epfid2d1_64",
    "SequenceVariant": "SK",
    "SeriesDescription": "CBU_DWEPI_BOLD210",
    "SliceThickness": 3,
    "SliceTiming": [
      0,
      1.0325,
      0.06,
      1.095,
      0.12,
      1.155,
      0.1825,
      1.215,
      0.2425,
      1.2775,
      0.3025,
      1.3375,
      0.365,
      1.3975,
      0.425,
      1.46,
      0.485,
      1.52,
      0.5475,
      1.58,
      0.6075,
      1.6425,
      0.6675,
      1.7025,
      0.73,
      1.7625,
      0.79,
      1.825,
      0.85,
      1.885,
      0.9125,
      1.945,
      0.9725
    ],
    "SoftwareVersions": "syngo_MR_B15",
    "SpacingBetweenSlices": 3.75,
    "StationName": "MRC35119",
    "TaskName": "facerecognition",
    "TotalReadoutTime": 0.0321303,
    "TxRefAmp": 295.172,
    "dataset": "ds000117",
    "modality": "bold",
    "run_id": 3,
    "session_id": "mri",
    "subject_id": "02",
    "task_id": "facerecognition"
  },
  "dummy_trs": 0,
  "dvars_nstd": 23.315773913140088,
  "dvars_std": 1.0788553105314,
  "dvars_vstd": 0.9914898800483103,
  "efc": 0.61101022222269,
  "fber": 668.87060546875,
  "fd_mean": 0.067653848348715,
  "fd_num": 10,
  "fd_perc": 4.8076923076923075,
  "fwhm_avg": 1.9168095575193735,
  "fwhm_x": 1.8866802998797576,
  "fwhm_y": 2.096622666834937,
  "fwhm_z": 1.7671257058434258,
  "gcor": 0.0264255,
  "gsr_x": -0.014268913306295872,
  "gsr_y": 0.05918348953127861,
  "provenance": {
    "md5sum": "84a6771e597d30549c0908b9758458b9",
    "settings": {
      "fd_thres": 0.2,
      "testing": false
    },
    "software": "mriqc",
    "version": "0.16.1",
    "webapi_port": null,
    "webapi_url": "https://mriqc.nimh.nih.gov/api/v1"
  },
  "size_t": 208,
  "size_x": 64,
  "size_y": 64,
  "size_z": 33,
  "snr": 4.882110019511784,
  "spacing_tr": 2.0,
  "spacing_x": 2.999999523162842,
  "spacing_y": 3.0000009536743164,
  "spacing_z": 3.8999998569488525,
  "summary_bg_k": 39.26142760223511,
  "summary_bg_mad": 9.330416228348112,
  "summary_bg_mean": 57.43159866333008,
  "summary_bg_median": 29.620193481445312,
  "summary_bg_n": 67280.0,
  "summary_bg_p05": 22.605770111083984,
  "summary_bg_p95": 191.80072479248025,
  "summary_bg_stdv": 71.7079849243164,
  "summary_fg_k": 1.4343309877881492,
  "summary_fg_mad": 137.55058355336493,
  "summary_fg_mean": 811.2515869140625,
  "summary_fg_median": 791.4495849609375,
  "summary_fg_n": 34950.0,
  "summary_fg_p05": 587.8718994140625,
  "summary_fg_p95": 1112.1069946289058,
  "summary_fg_stdv": 162.10987854003906,
  "tsnr": 63.03953587822616
}