{
  "aor": 0.0023287019230769234,
  "aqi": 0.004895582884615385,
  "bids_meta": {
    "AcquisitionMatrixPE": 64,
    "AcquisitionNumber": 1,
    "BandwidthPerPixelPhaseEncode": 30.637,
    "BaseResolution": 64,
    "ConversionSoftware": "dcm2niix",
    "ConversionSoftwareVersion": "v1.0.20171215 GCC4.4.7",
    "DerivedVendorReportedEchoSpacing": 0.000510004,
    "DeviceSerialNumber": "35119",
    "DwellTime": 3.5e-06,
    "EchoTime": 0.03,
    "EffectiveEchoSpacing": 0.000510004,
    "FlipAngle": 78,
    "ImageComments": "V",
    "ImageOrientationPatientDICOM": [
      0.999864,
      0.005398,
      0.015583,
      0,
      0.94491,
      -0.32733
    ],
    "ImageType": [
      "ORIGINAL",
      "PRIMARY",
      "M",
      "ND",
      "MOSAIC"
    ],
    "InPlanePhaseEncodingDirectionDICOM": "COL",
    "InstitutionAddress": "15 Chaucer Road, Cambridge CB2 7EF, UK",
    "InstitutionName": "MRC Cognition and Brain Sciences Unit",
    "MRAcquisitionType": "2D",
    "MagneticFieldStrength": 3,
    "Manufacturer": "Siemens",
    "ManufacturersModelName": "TrioTim",
    "Modality": "MR",
    "NumberOfVolumesDiscardedByScanner": 3,
    "NumberOfVolumesDiscardedByuser": 2,
    "PartialFourier": 1,
    "PatientPosition": "HFS",
    "PercentPhaseFOV": 100,
    "PhaseEncodingDirection": "j-",
    "PhaseEncodingSteps": 64,
    "PhaseResolution": 1,
    "PixelBandwidth": 2230,
    "ProcedureStepDescription": "CBU_Neuroimaging",
    "ProtocolName": "CBU_DWEPI_BOLD210",
    "PulseSequenceDetails": "%SiemensSeq%_ep2d_bold",
    "PulseSequenceType": "EPI",
    "ReceiveCoilName": "HeadMatrix",
    "ReconMatrixPE": 64,
    "RepetitionTime": 2,
    "SAR": 0.114176,
    "ScanOptions": "FS",
    "ScanningSequence": "EP",
    "SequenceName": "_epfid2d1_64",
    "SequenceVariant": "SK",
    "SeriesDescription": "CBU_DWEPI_BOLD210",
    "SliceThickness": 3,
    "SliceTiming": [
      0,
      1.0325,
      0.06,
      1.095,
      0.12,
      1.155,
      0.1825,
      1.215,
      0.2425,
      1.2775,
      0.3025,
      1.3375,
      0.365,
      1.3975,
      0.425,
      1.46,
      0.485,
      1.52,
      0.5475,
      1.58,
      0.6075,
      1.6425,
      0.6675,
      1.7025,
      0.73,
      1.7625,
      0.79,
      1.825,
      0.85,
      1.885,
      0.9125,
      1.945,
      0.9725
    ],
    "SoftwareVersions": "syngo_MR_B15",
    "SpacingBetweenSlices": 3.75,
    "StationName": "MRC35119",
    "TaskName": "facerecognition",
    "TotalReadoutTime": 0.0321303,
    "TxRefAmp": 295.172,
    "dataset": "ds000117",
    "modality": "bold",
    "run_id": 6,
    "session_id": "mri",
    "subject_id": "02",
    "task_id": "facerecognition"
  },
  "dummy_trs": 0,
  "dvars_nstd": 24.355193861304354,
  "dvars_std": 1.1414377163768104,
  "dvars_vstd": 1.0208709444444448,
  "efc": 0.6100766117566429,
  "fber": 673.135498046875,
  "fd_mean": 0.08303939480810782,
  "fd_num": 13,
  "fd_perc": 6.25,
  "fwhm_avg": 1.9151128199206269,
  "fwhm_x": 1.8855737828891554,
  "fwhm_y": 2.090249335527631,
  "fwhm_z": 1.7695153413450941,
  "gcor": 0.0239512,
  "gsr_x": -0.013624846003949642,
  "gsr_y": 0.06421481817960739,
  "provenance": {
    "md5sum": "bd087f6c0cacac366d1477c734762137",
    "settings": {
      "fd_thres": 0.2,
      "testing": false
    },
    "software": "mriqc",
    "version": "0.16.1",
    "webapi_port": null,
    "webapi_url": "https://mriqc.nimh.nih.gov/api/v1"
  },
  "size_t": 208,
  "size_x": 64,
  "size_y": 64,
  "size_z": 33,
  "snr": 4.894077006766318,
  "spacing_tr": 2.0,
  "spacing_x": 2.9999992847442627,
  "spacing_y": 3.0000009536743164,
  "spacing_z": 3.9000000953674316,
  "summary_bg_k": 36.110814419983505,
  "summary_bg_mad": 9.750961179839045,
  "summary_bg_mean": 58.22193908691406,
  "summary_bg_median": 29.913463592529297,
  "summary_bg_n": 67926.0,
  "summary_bg_p05": 22.70673179626465,
  "summary_bg_p95": 194.42308044433594,
  "summary_bg_stdv": 71.30714416503906,
  "summary_fg_k": 1.3147742767562507,
  "summary_fg_mad": 140.7224691101922,
  "summary_fg_mean": 822.1467895507812,
  "summary_fg_median": 802.860595703125,
  "summary_fg_n": 34628.0,
  "summary_fg_p05": 594.78369140625,
  "summary_fg_p95": 1126.7271789550782,
  "summary_fg_stdv": 164.04502868652344,
  "tsnr": 64.35557857970707
}