{
  "bids_meta": {
    "AcquisitionMatrixPE": 246,
    "AcquisitionNumber": 1,
    "AnatomicalLandmarkCoordinates": {
      "LPA": [
        142,
        112,
        15
      ],
      "Nasion": [
        48,
        131,
        95
      ],
      "RPA": [
        149,
        107,
        175
      ]
    },
    "BaseResolution": 256,
    "ConversionSoftware": "dcm2niix",
    "ConversionSoftwareVersion": "v1.0.20171215 GCC4.4.7",
    "DeviceSerialNumber": "35119",
    "DwellTime": 8.5e-06,
    "EchoTime": 0.00298,
    "FlipAngle": 9,
    "ImageComments": "V",
    "ImageType": [
      "ORIGINAL",
      "PRIMARY",
      "M",
      "ND",
      "NORM"
    ],
    "InPlanePhaseEncodingDirectionDICOM": "ROW",
    "InstitutionAddress": "15 Chaucer Road, Cambridge CB2 7EF, UK",
    "InstitutionName": "MRC Cognition and Brain Sciences Unit",
    "InversionTime": 0.9,
    "MRAcquisitionType": "3D",
    "MagneticFieldStrength": 3,
    "Manufacturer": "Siemens",
    "ManufacturersModelName": "TrioTim",
    "Modality": "MR",
    "ParallelReductionFactorInPlane": 2,
    "PartialFourier": 0.875,
    "PatientPosition": "HFS",
    "PercentPhaseFOV": 100,
    "PhaseEncodingSteps": 215,
    "PhaseResolution": 0.96,
    "PixelBandwidth": 230,
    "ProcedureStepDescription": "CBU_Neuroimaging",
    "ProtocolName": "CBU_MPRAGE",
    "PulseSequenceDetails": "%SiemensSeq%_tfl",
    "PulseSequenceType": "MPRAGE",
    "ReceiveCoilName": "HeadMatrix",
    "ReconMatrixPE": 256,
    "RepetitionTime": 2.25,
    "ScanOptions": "IR_PFP",
    "ScanningSequence": "GR_IR",
    "SequenceName": "_tfl3d1_ns",
    "SequenceVariant": "SP_MP_OSP",
    "SeriesDescription": "CBU_MPRAGE",
    "SliceThickness": 1,
    "SoftwareVersions": "syngo_MR_B15",
    "StationName": "MRC35119",
    "acq_id": "mprage",
    "dataset": "ds000117",
    "modality": "T1w",
    "session_id": "mri",
    "subject_id": "15"
  },
  "cjv": 0.44757891326470783,
  "cnr": 3.010527969664108,
  "efc": 0.5141895582749034,
  "fber": 2169.186279296875,
  "fwhm_avg": 3.6448500757012536,
  "fwhm_x": 3.6713002188265453,
  "fwhm_y": 4.019709041626681,
  "fwhm_z": 3.2435409666505355,
  "icvs_csf": 0.20091697649584428,
  "icvs_gm": 0.41015795237982156,
  "icvs_wm": 0.38892507112433417,
  "inu_med": 1.6651296615600586,
  "inu_range": 0.6244103014469147,
  "provenance": {
    "md5sum": "96905da94c0458066a0e97a4f7c79b67",
    "settings": {
      "testing": false
    },
    "software": "mriqc",
    "version": "0.16.1",
    "warnings": {
      "large_rot_frame": true,
      "small_air_mask": false
    },
    "webapi_port": null,
    "webapi_url": "https://mriqc.nimh.nih.gov/api/v1"
  },
  "qi_1": 0.0003619756366333834,
  "qi_2": 0.006028031587175814,
  "rpve_csf": 30.481967732501463,
  "rpve_gm": 15.4914472561063,
  "rpve_wm": 19.207934876618598,
  "size_x": 192,
  "size_y": 256,
  "size_z": 256,
  "snr_csf": 3.6499583891455765,
  "snr_gm": 11.589403013286956,
  "snr_total": 11.249643978935717,
  "snr_wm": 18.50957053437462,
  "snrd_csf": 22.219877554461995,
  "snrd_gm": 52.60852178760379,
  "snrd_total": 48.469979570904776,
  "snrd_wm": 70.58153937064856,
  "spacing_x": 0.9999999403953552,
  "spacing_y": 1.000000238418579,
  "spacing_z": 0.9999997019767761,
  "summary_bg_k": 4.0793390993413,
  "summary_bg_mad": 9.28222843250986,
  "summary_bg_mean": 12.903253555297852,
  "summary_bg_median": 9.568168640136719,
  "summary_bg_n": 3623935.0,
  "summary_bg_p05": 0.0,
  "summary_bg_p95": 31.70156631469726,
  "summary_bg_stdv": 9.981832504272461,
  "summary_csf_k": 11.274480508941709,
  "summary_csf_mad": 63.078304071033784,
  "summary_csf_mean": 334.2898254394531,
  "summary_csf_median": 314.8199157714844,
  "summary_csf_n": 32084.0,
  "summary_csf_p05": 231.9026756286621,
  "summary_csf_p95": 505.34747314453114,
  "summary_csf_stdv": 86.25167083740234,
  "summary_gm_k": 0.18534163661768988,
  "summary_gm_mad": 62.837394784155336,
  "summary_gm_mean": 745.4957275390625,
  "summary_gm_median": 745.3781127929688,
  "summary_gm_n": 14859.0,
  "summary_gm_p05": 639.7729797363281,
  "summary_gm_p95": 850.9504577636718,
  "summary_gm_stdv": 64.31332397460938,
  "summary_wm_k": 0.3981706725364238,
  "summary_wm_mad": 51.13801272689506,
  "summary_wm_mean": 999.0804443359375,
  "summary_wm_median": 1000.02685546875,
  "summary_wm_n": 217251.0,
  "summary_wm_p05": 907.5772705078125,
  "summary_wm_p95": 1085.9198608398438,
  "summary_wm_stdv": 54.02743148803711,
  "tpm_overlap_csf": 0.16502615809440613,
  "tpm_overlap_gm": 0.4202626049518585,
  "tpm_overlap_wm": 0.4774232804775238,
  "wm2max": 0.5034216039765812
}