{
  "aor": 0.013847692307692307,
  "aqi": 0.01437972778846154,
  "bids_meta": {
    "AcquisitionMatrixPE": 64,
    "AcquisitionNumber": 1,
    "BandwidthPerPixelPhaseEncode": 30.637,
    "BaseResolution": 64,
    "ConversionSoftware": "dcm2niix",
    "ConversionSoftwareVersion": "v1.0.20171215 GCC4.4.7",
    "DerivedVendorReportedEchoSpacing": 0.000510004,
    "DeviceSerialNumber": "35119",
    "DwellTime": 3.5e-06,
    "EchoTime": 0.03,
    "EffectiveEchoSpacing": 0.000510004,
    "FlipAngle": 78,
    "ImageComments": "V",
    "ImageOrientationPatientDICOM": [
      0.999864,
      0.005398,
      0.015583,
      0,
      0.94491,
      -0.32733
    ],
    "ImageType": [
      "ORIGINAL",
      "PRIMARY",
      "M",
      "ND",
      "MOSAIC"
    ],
    "InPlanePhaseEncodingDirectionDICOM": "COL",
    "InstitutionAddress": "15 Chaucer Road, Cambridge CB2 7EF, UK",
    "InstitutionName": "MRC Cognition and Brain Sciences Unit",
    "MRAcquisitionType": "2D",
    "MagneticFieldStrength": 3,
    "Manufacturer": "Siemens",
    "ManufacturersModelName": "TrioTim",
    "Modality": "MR",
    "NumberOfVolumesDiscardedByScanner": 3,
    "NumberOfVolumesDiscardedByuser": 2,
    "PartialFourier": 1,
    "PatientPosition": "HFS",
    "PercentPhaseFOV": 100,
    "PhaseEncodingDirection": "j-",
    "PhaseEncodingSteps": 64,
    "PhaseResolution": 1,
    "PixelBandwidth": 2230,
    "ProcedureStepDescription": "CBU_Neuroimaging",
    "ProtocolName": "CBU_DWEPI_BOLD210",
    "PulseSequenceDetails": "%SiemensSeq%_ep2d_bold",
    "PulseSequenceType": "EPI",
    "ReceiveCoilName": "HeadMatrix",
    "ReconMatrixPE": 64,
    "RepetitionTime": 2,
    "SAR": 0.114176,
    "ScanOptions": "FS",
    "ScanningSequence": "EP",
    "SequenceName": "_epfid2d1_64",
    "SequenceVariant": "SK",
    "SeriesDescription": "CBU_DWEPI_BOLD210",
    "SliceThickness": 3,
    "SliceTiming": [
      0,
      1.0325,
      0.06,
      1.095,
      0.12,
      1.155,
      0.1825,
      1.215,
      0.2425,
      1.2775,
      0.3025,
      1.3375,
      0.365,
      1.3975,
      0.425,
      1.46,
      0.485,
      1.52,
      0.5475,
      1.58,
      0.6075,
      1.6425,
      0.6675,
      1.7025,
      0.73,
      1.7625,
      0.79,
      1.825,
      0.85,
      1.885,
      0.9125,
      1.945,
      0.9725
    ],
    "SoftwareVersions": "syngo_MR_B15",
    "SpacingBetweenSlices": 3.75,
    "StationName": "MRC35119",
    "TaskName": "facerecognition",
    "TotalReadoutTime": 0.0321303,
    "TxRefAmp": 295.172,
    "dataset": "ds000117",
    "modality": "bold",
    "run_id": 7,
    "session_id": "mri",
    "subject_id": "16",
    "task_id": "facerecognition"
  },
  "dummy_trs": 0,
  "dvars_nstd": 27.424998804396154,
  "dvars_std": 1.1086996124637678,
  "dvars_vstd": 1.0291405249758454,
  "efc": 0.6495390502408873,
  "fber": 446.5035705566406,
  "fd_mean": 0.1489227742245909,
  "fd_num": 24,
  "fd_perc": 11.538461538461538,
  "fwhm_avg": 1.8991329961679133,
  "fwhm_x": 1.8397428947044465,
  "fwhm_y": 2.13078683600639,
  "fwhm_z": 1.7268692577929032,
  "gcor": 0.00900119,
  "gsr_x": -0.008470911532640457,
  "gsr_y": 0.05387993901968002,
  "provenance": {
    "md5sum": "9e34f819fae7daae353c5c9b0f94fb8a",
    "settings": {
      "fd_thres": 0.2,
      "testing": false
    },
    "software": "mriqc",
    "version": "0.16.1",
    "webapi_port": null,
    "webapi_url": "https://mriqc.nimh.nih.gov/api/v1"
  },
  "size_t": 208,
  "size_x": 64,
  "size_y": 64,
  "size_z": 33,
  "snr": 4.622582012166401,
  "spacing_tr": 2.0,
  "spacing_x": 3.0000007152557373,
  "spacing_y": 2.999999761581421,
  "spacing_z": 4.049999713897705,
  "summary_bg_k": 45.16280040220813,
  "summary_bg_mad": 16.93587875326179,
  "summary_bg_mean": 69.824462890625,
  "summary_bg_median": 37.82692337036133,
  "summary_bg_n": 59725.0,
  "summary_bg_p05": 25.20673179626465,
  "summary_bg_p95": 220.04039001464838,
  "summary_bg_stdv": 84.20894622802734,
  "summary_fg_k": 2.3808387108476197,
  "summary_fg_mad": 151.6102839069137,
  "summary_fg_mean": 858.818359375,
  "summary_fg_median": 835.1250610351562,
  "summary_fg_n": 40561.0,
  "summary_fg_p05": 621.8269653320312,
  "summary_fg_p95": 1186.5433349609375,
  "summary_fg_stdv": 180.65980529785156,
  "tsnr": 45.95556042715907
}