{
  "aor": 0.0055869082125603875,
  "aqi": 0.01018291231884058,
  "bids_meta": {
    "AcquisitionMatrixPE": 64,
    "AcquisitionNumber": 1,
    "BandwidthPerPixelPhaseEncode": 30.637,
    "BaseResolution": 64,
    "ConversionSoftware": "dcm2niix",
    "ConversionSoftwareVersion": "v1.0.20171215 GCC4.4.7",
    "DerivedVendorReportedEchoSpacing": 0.000510004,
    "DeviceSerialNumber": "35119",
    "DwellTime": 3.5e-06,
    "EchoTime": 0.03,
    "EffectiveEchoSpacing": 0.000510004,
    "FlipAngle": 78,
    "ImageComments": "V",
    "ImageOrientationPatientDICOM": [
      0.999864,
      0.005398,
      0.015583,
      0,
      0.94491,
      -0.32733
    ],
    "ImageType": [
      "ORIGINAL",
      "PRIMARY",
      "M",
      "ND",
      "MOSAIC"
    ],
    "InPlanePhaseEncodingDirectionDICOM": "COL",
    "InstitutionAddress": "15 Chaucer Road, Cambridge CB2 7EF, UK",
    "InstitutionName": "MRC Cognition and Brain Sciences Unit",
    "MRAcquisitionType": "2D",
    "MagneticFieldStrength": 3,
    "Manufacturer": "Siemens",
    "ManufacturersModelName": "TrioTim",
    "Modality": "MR",
    "NumberOfVolumesDiscardedByScanner": 3,
    "NumberOfVolumesDiscardedByuser": 2,
    "PartialFourier": 1,
    "PatientPosition": "HFS",
    "PercentPhaseFOV": 100,
    "PhaseEncodingDirection": "j-",
    "PhaseEncodingSteps": 64,
    "PhaseResolution": 1,
    "PixelBandwidth": 2230,
    "ProcedureStepDescription": "CBU_Neuroimaging",
    "ProtocolName": "CBU_DWEPI_BOLD210",
    "PulseSequenceDetails": "%SiemensSeq%_ep2d_bold",
    "PulseSequenceType": "EPI",
    "ReceiveCoilName": "HeadMatrix",
    "ReconMatrixPE": 64,
    "RepetitionTime": 2,
    "SAR": 0.114176,
    "ScanOptions": "FS",
    "ScanningSequence": "EP",
    "SequenceName": "_epfid2d1_64",
    "SequenceVariant": "SK",
    "SeriesDescription": "CBU_DWEPI_BOLD210",
    "SliceThickness": 3,
    "SliceTiming": [
      0,
      1.0325,
      0.06,
      1.095,
      0.12,
      1.155,
      0.1825,
      1.215,
      0.2425,
      1.2775,
      0.3025,
      1.3375,
      0.365,
      1.3975,
      0.425,
      1.46,
      0.485,
      1.52,
      0.5475,
      1.58,
      0.6075,
      1.6425,
      0.6675,
      1.7025,
      0.73,
      1.7625,
      0.79,
      1.825,
      0.85,
      1.885,
      0.9125,
      1.945,
      0.9725
    ],
    "SoftwareVersions": "syngo_MR_B15",
    "SpacingBetweenSlices": 3.75,
    "StationName": "MRC35119",
    "TaskName": "facerecognition",
    "TotalReadoutTime": 0.0321303,
    "TxRefAmp": 295.172,
    "dataset": "ds000117",
    "modality": "bold",
    "run_id": 6,
    "session_id": "mri",
    "subject_id": "16",
    "task_id": "facerecognition"
  },
  "dummy_trs": 1,
  "dvars_nstd": 27.534525352718443,
  "dvars_std": 1.1368160543689318,
  "dvars_vstd": 1.0486037753398063,
  "efc": 0.6494750858393002,
  "fber": 455.33856201171875,
  "fd_mean": 0.1428514676805663,
  "fd_num": 27,
  "fd_perc": 13.043478260869565,
  "fwhm_avg": 1.8834905746210895,
  "fwhm_x": 1.8392663743231497,
  "fwhm_y": 2.10394350053974,
  "fwhm_z": 1.7072618490003786,
  "gcor": 0.016267,
  "gsr_x": -0.008561870083212852,
  "gsr_y": 0.05356362462043762,
  "provenance": {
    "md5sum": "5036e3d5ecca7fbe79fe44d39dda4cfb",
    "settings": {
      "fd_thres": 0.2,
      "testing": false
    },
    "software": "mriqc",
    "version": "0.16.1",
    "webapi_port": null,
    "webapi_url": "https://mriqc.nimh.nih.gov/api/v1"
  },
  "size_t": 207,
  "size_x": 64,
  "size_y": 64,
  "size_z": 33,
  "snr": 4.617184064357573,
  "spacing_tr": 2.0,
  "spacing_x": 3.000000476837158,
  "spacing_y": 2.999999761581421,
  "spacing_z": 4.049999713897705,
  "summary_bg_k": 46.60272166918135,
  "summary_bg_mad": 16.523494946032418,
  "summary_bg_mean": 69.77118682861328,
  "summary_bg_median": 37.47343063354492,
  "summary_bg_n": 59649.0,
  "summary_bg_p05": 25.19806671142578,
  "summary_bg_p95": 221.46666259765624,
  "summary_bg_stdv": 85.6745376586914,
  "summary_fg_k": 2.3801714405173264,
  "summary_fg_mad": 150.85296591578373,
  "summary_fg_mean": 856.3192749023438,
  "summary_fg_median": 833.22216796875,
  "summary_fg_n": 40670.0,
  "summary_fg_p05": 620.6487792968751,
  "summary_fg_p95": 1182.8666198730466,
  "summary_fg_stdv": 180.45889282226562,
  "tsnr": 50.02152069681324
}