{
  "bids_meta": {
    "AcquisitionMatrixPE": 246,
    "AcquisitionNumber": 1,
    "AnatomicalLandmarkCoordinates": {
      "LPA": [
        130,
        96,
        17
      ],
      "Nasion": [
        32,
        130,
        92
      ],
      "RPA": [
        120,
        89,
        171
      ]
    },
    "BaseResolution": 256,
    "ConversionSoftware": "dcm2niix",
    "ConversionSoftwareVersion": "v1.0.20171215 GCC4.4.7",
    "DeviceSerialNumber": "35119",
    "DwellTime": 8.5e-06,
    "EchoTime": 0.00298,
    "FlipAngle": 9,
    "ImageComments": "V",
    "ImageType": [
      "ORIGINAL",
      "PRIMARY",
      "M",
      "ND",
      "NORM"
    ],
    "InPlanePhaseEncodingDirectionDICOM": "ROW",
    "InstitutionAddress": "15 Chaucer Road, Cambridge CB2 7EF, UK",
    "InstitutionName": "MRC Cognition and Brain Sciences Unit",
    "InversionTime": 0.9,
    "MRAcquisitionType": "3D",
    "MagneticFieldStrength": 3,
    "Manufacturer": "Siemens",
    "ManufacturersModelName": "TrioTim",
    "Modality": "MR",
    "ParallelReductionFactorInPlane": 2,
    "PartialFourier": 0.875,
    "PatientPosition": "HFS",
    "PercentPhaseFOV": 100,
    "PhaseEncodingSteps": 215,
    "PhaseResolution": 0.96,
    "PixelBandwidth": 230,
    "ProcedureStepDescription": "CBU_Neuroimaging",
    "ProtocolName": "CBU_MPRAGE",
    "PulseSequenceDetails": "%SiemensSeq%_tfl",
    "PulseSequenceType": "MPRAGE",
    "ReceiveCoilName": "HeadMatrix",
    "ReconMatrixPE": 256,
    "RepetitionTime": 2.25,
    "ScanOptions": "IR_PFP",
    "ScanningSequence": "GR_IR",
    "SequenceName": "_tfl3d1_ns",
    "SequenceVariant": "SP_MP_OSP",
    "SeriesDescription": "CBU_MPRAGE",
    "SliceThickness": 1,
    "SoftwareVersions": "syngo_MR_B15",
    "StationName": "MRC35119",
    "acq_id": "mprage",
    "dataset": "ds000117",
    "modality": "T1w",
    "session_id": "mri",
    "subject_id": "06"
  },
  "cjv": 0.4917694817520143,
  "cnr": 2.7445381014088963,
  "efc": 0.557147974013069,
  "fber": 862.0100708007812,
  "fwhm_avg": 3.5482333333333336,
  "fwhm_x": 3.50271,
  "fwhm_y": 3.93055,
  "fwhm_z": 3.21144,
  "icvs_csf": 0.19304176618016528,
  "icvs_gm": 0.41162152006383473,
  "icvs_wm": 0.395336713756,
  "inu_med": 1.6515963077545166,
  "inu_range": 0.6212291240692136,
  "provenance": {
    "md5sum": "59d9942a3504ea4624c430553749ce68",
    "settings": {
      "testing": false
    },
    "software": "mriqc",
    "version": "0.16.1",
    "warnings": {
      "large_rot_frame": true,
      "small_air_mask": false
    },
    "webapi_port": null,
    "webapi_url": "https://mriqc.nimh.nih.gov/api/v1"
  },
  "qi_1": 0.00032925312595414485,
  "qi_2": 0.005348297744126857,
  "rpve_csf": 26.93343092256316,
  "rpve_gm": 13.288718980463745,
  "rpve_wm": 16.416524620154263,
  "size_x": 192,
  "size_y": 256,
  "size_z": 256,
  "snr_csf": 3.278637062468621,
  "snr_gm": 10.938409065120355,
  "snr_total": 10.58084044831216,
  "snr_wm": 17.525475217347502,
  "snrd_csf": 17.21527539541926,
  "snrd_gm": 34.79958393029588,
  "snrd_total": 32.776500206060895,
  "snrd_wm": 46.314641292467535,
  "spacing_x": 1.0,
  "spacing_y": 1.0,
  "spacing_z": 1.0,
  "summary_bg_k": 2.5055437091054378,
  "summary_bg_mad": 14.145770591803515,
  "summary_bg_mean": 22.23477554321289,
  "summary_bg_median": 19.12135124206543,
  "summary_bg_n": 3596392.0,
  "summary_bg_p05": 3.183054339885712,
  "summary_bg_p95": 50.947965431213376,
  "summary_bg_stdv": 15.247649192810059,
  "summary_csf_k": 0.8450647715057236,
  "summary_csf_mad": 105.00317106595188,
  "summary_csf_mean": 387.28021240234375,
  "summary_csf_median": 371.7139587402344,
  "summary_csf_n": 17848.0,
  "summary_csf_p05": 230.55899810791016,
  "summary_csf_p95": 593.5733612060545,
  "summary_csf_stdv": 113.3713607788086,
  "summary_gm_k": 0.06701989120676721,
  "summary_gm_mad": 66.89292356996866,
  "summary_gm_mean": 752.873291015625,
  "summary_gm_median": 751.3961181640625,
  "summary_gm_n": 16157.0,
  "summary_gm_p05": 641.2243041992188,
  "summary_gm_p95": 870.3244384765624,
  "summary_gm_stdv": 68.69123840332031,
  "summary_wm_k": 0.26276647592805613,
  "summary_wm_mad": 55.37782614515387,
  "summary_wm_mean": 999.9813842773438,
  "summary_wm_median": 1000.0303955078125,
  "summary_wm_n": 247604.0,
  "summary_wm_p05": 905.9287658691405,
  "summary_wm_p95": 1093.222521972656,
  "summary_wm_stdv": 57.0614128112793,
  "tpm_overlap_csf": 0.1638190746307373,
  "tpm_overlap_gm": 0.4419344663619995,
  "tpm_overlap_wm": 0.49967122077941895,
  "wm2max": 0.5022205537286588
}