{
  "aor": 0.0011842439024390243,
  "aqi": 0.00721785156097561,
  "bids_meta": {
    "AcquisitionMatrixPE": 64,
    "AcquisitionNumber": 1,
    "BandwidthPerPixelPhaseEncode": 30.637,
    "BaseResolution": 64,
    "ConversionSoftware": "dcm2niix",
    "ConversionSoftwareVersion": "v1.0.20171215 GCC4.4.7",
    "DerivedVendorReportedEchoSpacing": 0.000510004,
    "DeviceSerialNumber": "35119",
    "DwellTime": 3.5e-06,
    "EchoTime": 0.03,
    "EffectiveEchoSpacing": 0.000510004,
    "FlipAngle": 78,
    "ImageComments": "V",
    "ImageOrientationPatientDICOM": [
      0.999864,
      0.005398,
      0.015583,
      0,
      0.94491,
      -0.32733
    ],
    "ImageType": [
      "ORIGINAL",
      "PRIMARY",
      "M",
      "ND",
      "MOSAIC"
    ],
    "InPlanePhaseEncodingDirectionDICOM": "COL",
    "InstitutionAddress": "15 Chaucer Road, Cambridge CB2 7EF, UK",
    "InstitutionName": "MRC Cognition and Brain Sciences Unit",
    "MRAcquisitionType": "2D",
    "MagneticFieldStrength": 3,
    "Manufacturer": "Siemens",
    "ManufacturersModelName": "TrioTim",
    "Modality": "MR",
    "NumberOfVolumesDiscardedByScanner": 3,
    "NumberOfVolumesDiscardedByuser": 2,
    "PartialFourier": 1,
    "PatientPosition": "HFS",
    "PercentPhaseFOV": 100,
    "PhaseEncodingDirection": "j-",
    "PhaseEncodingSteps": 64,
    "PhaseResolution": 1,
    "PixelBandwidth": 2230,
    "ProcedureStepDescription": "CBU_Neuroimaging",
    "ProtocolName": "CBU_DWEPI_BOLD210",
    "PulseSequenceDetails": "%SiemensSeq%_ep2d_bold",
    "PulseSequenceType": "EPI",
    "ReceiveCoilName": "HeadMatrix",
    "ReconMatrixPE": 64,
    "RepetitionTime": 2,
    "SAR": 0.114176,
    "ScanOptions": "FS",
    "ScanningSequence": "EP",
    "SequenceName": "_epfid2d1_64",
    "SequenceVariant": "SK",
    "SeriesDescription": "CBU_DWEPI_BOLD210",
    "SliceThickness": 3,
    "SliceTiming": [
      0,
      1.0325,
      0.06,
      1.095,
      0.12,
      1.155,
      0.1825,
      1.215,
      0.2425,
      1.2775,
      0.3025,
      1.3375,
      0.365,
      1.3975,
      0.425,
      1.46,
      0.485,
      1.52,
      0.5475,
      1.58,
      0.6075,
      1.6425,
      0.6675,
      1.7025,
      0.73,
      1.7625,
      0.79,
      1.825,
      0.85,
      1.885,
      0.9125,
      1.945,
      0.9725
    ],
    "SoftwareVersions": "syngo_MR_B15",
    "SpacingBetweenSlices": 3.75,
    "StationName": "MRC35119",
    "TaskName": "facerecognition",
    "TotalReadoutTime": 0.0321303,
    "TxRefAmp": 295.172,
    "dataset": "ds000117",
    "modality": "bold",
    "run_id": 7,
    "session_id": "mri",
    "subject_id": "14",
    "task_id": "facerecognition"
  },
  "dummy_trs": 3,
  "dvars_nstd": 24.842769042990188,
  "dvars_std": 1.1952471231372546,
  "dvars_vstd": 1.0122032415196076,
  "efc": 0.5686805147984096,
  "fber": 828.4418334960938,
  "fd_mean": 0.12474776808559133,
  "fd_num": 25,
  "fd_perc": 12.195121951219512,
  "fwhm_avg": 1.8773041151179024,
  "fwhm_x": 1.8409700000000002,
  "fwhm_y": 2.0215263453537076,
  "fwhm_z": 1.7694159999999999,
  "gcor": 0.0149683,
  "gsr_x": -0.007031603250652552,
  "gsr_y": 0.03667435422539711,
  "provenance": {
    "md5sum": "78e195de024bdae75404106986411d9e",
    "settings": {
      "fd_thres": 0.2,
      "testing": false
    },
    "software": "mriqc",
    "version": "0.16.1",
    "webapi_port": null,
    "webapi_url": "https://mriqc.nimh.nih.gov/api/v1"
  },
  "size_t": 205,
  "size_x": 64,
  "size_y": 64,
  "size_z": 33,
  "snr": 5.620178971168644,
  "spacing_tr": 2.0,
  "spacing_x": 3.0,
  "spacing_y": 3.000000476837158,
  "spacing_z": 3.75,
  "summary_bg_k": 43.50594470627856,
  "summary_bg_mad": 8.920925300737446,
  "summary_bg_mean": 49.91841506958008,
  "summary_bg_median": 27.753658294677734,
  "summary_bg_n": 74064.0,
  "summary_bg_p05": 20.990243911743164,
  "summary_bg_p95": 150.24243392944328,
  "summary_bg_stdv": 61.23492431640625,
  "summary_fg_k": 1.003652024912749,
  "summary_fg_mad": 133.05811965939398,
  "summary_fg_mean": 830.75,
  "summary_fg_median": 821.0731811523438,
  "summary_fg_n": 28863.0,
  "summary_fg_p05": 613.9380493164062,
  "summary_fg_p95": 1089.535668945312,
  "summary_fg_stdv": 146.09124755859375,
  "tsnr": 60.48871139064431
}