{
  "aor": 0.002028942307692308,
  "aqi": 0.007217862692307692,
  "bids_meta": {
    "AcquisitionMatrixPE": 64,
    "AcquisitionNumber": 1,
    "BandwidthPerPixelPhaseEncode": 30.637,
    "BaseResolution": 64,
    "ConversionSoftware": "dcm2niix",
    "ConversionSoftwareVersion": "v1.0.20171215 GCC4.4.7",
    "DerivedVendorReportedEchoSpacing": 0.000510004,
    "DeviceSerialNumber": "35119",
    "DwellTime": 3.5e-06,
    "EchoTime": 0.03,
    "EffectiveEchoSpacing": 0.000510004,
    "FlipAngle": 78,
    "ImageComments": "V",
    "ImageOrientationPatientDICOM": [
      0.999864,
      0.005398,
      0.015583,
      0,
      0.94491,
      -0.32733
    ],
    "ImageType": [
      "ORIGINAL",
      "PRIMARY",
      "M",
      "ND",
      "MOSAIC"
    ],
    "InPlanePhaseEncodingDirectionDICOM": "COL",
    "InstitutionAddress": "15 Chaucer Road, Cambridge CB2 7EF, UK",
    "InstitutionName": "MRC Cognition and Brain Sciences Unit",
    "MRAcquisitionType": "2D",
    "MagneticFieldStrength": 3,
    "Manufacturer": "Siemens",
    "ManufacturersModelName": "TrioTim",
    "Modality": "MR",
    "NumberOfVolumesDiscardedByScanner": 3,
    "NumberOfVolumesDiscardedByuser": 2,
    "PartialFourier": 1,
    "PatientPosition": "HFS",
    "PercentPhaseFOV": 100,
    "PhaseEncodingDirection": "j-",
    "PhaseEncodingSteps": 64,
    "PhaseResolution": 1,
    "PixelBandwidth": 2230,
    "ProcedureStepDescription": "CBU_Neuroimaging",
    "ProtocolName": "CBU_DWEPI_BOLD210",
    "PulseSequenceDetails": "%SiemensSeq%_ep2d_bold",
    "PulseSequenceType": "EPI",
    "ReceiveCoilName": "HeadMatrix",
    "ReconMatrixPE": 64,
    "RepetitionTime": 2,
    "SAR": 0.114176,
    "ScanOptions": "FS",
    "ScanningSequence": "EP",
    "SequenceName": "_epfid2d1_64",
    "SequenceVariant": "SK",
    "SeriesDescription": "CBU_DWEPI_BOLD210",
    "SliceThickness": 3,
    "SliceTiming": [
      0,
      1.0325,
      0.06,
      1.095,
      0.12,
      1.155,
      0.1825,
      1.215,
      0.2425,
      1.2775,
      0.3025,
      1.3375,
      0.365,
      1.3975,
      0.425,
      1.46,
      0.485,
      1.52,
      0.5475,
      1.58,
      0.6075,
      1.6425,
      0.6675,
      1.7025,
      0.73,
      1.7625,
      0.79,
      1.825,
      0.85,
      1.885,
      0.9125,
      1.945,
      0.9725
    ],
    "SoftwareVersions": "syngo_MR_B15",
    "SpacingBetweenSlices": 3.75,
    "StationName": "MRC35119",
    "TaskName": "facerecognition",
    "TotalReadoutTime": 0.0321303,
    "TxRefAmp": 295.172,
    "dataset": "ds000117",
    "modality": "bold",
    "run_id": 5,
    "session_id": "mri",
    "subject_id": "14",
    "task_id": "facerecognition"
  },
  "dummy_trs": 0,
  "dvars_nstd": 24.556760042028994,
  "dvars_std": 1.172351073236715,
  "dvars_vstd": 1.0059708703864738,
  "efc": 0.568574394596128,
  "fber": 832.5230102539062,
  "fd_mean": 0.1312588306153863,
  "fd_num": 28,
  "fd_perc": 13.461538461538462,
  "fwhm_avg": 1.8806822836120778,
  "fwhm_x": 1.8514433333333333,
  "fwhm_y": 2.0237395175029,
  "fwhm_z": 1.7668640000000002,
  "gcor": 0.0141851,
  "gsr_x": -0.007238989695906639,
  "gsr_y": 0.035806361585855484,
  "provenance": {
    "md5sum": "d455373f9032f54e920f7e6f2a3aed0b",
    "settings": {
      "fd_thres": 0.2,
      "testing": false
    },
    "software": "mriqc",
    "version": "0.16.1",
    "webapi_port": null,
    "webapi_url": "https://mriqc.nimh.nih.gov/api/v1"
  },
  "size_t": 208,
  "size_x": 64,
  "size_y": 64,
  "size_z": 33,
  "snr": 5.597388873281114,
  "spacing_tr": 2.0,
  "spacing_x": 3.0,
  "spacing_y": 3.0000007152557373,
  "spacing_z": 3.75,
  "summary_bg_k": 44.192098712911935,
  "summary_bg_mad": 8.753056275512478,
  "summary_bg_mean": 49.973026275634766,
  "summary_bg_median": 27.57211685180664,
  "summary_bg_n": 73869.0,
  "summary_bg_p05": 20.860578536987305,
  "summary_bg_p95": 151.97116088867188,
  "summary_bg_stdv": 62.88861846923828,
  "summary_fg_k": 1.045223556653089,
  "summary_fg_mad": 132.7320810977927,
  "summary_fg_mean": 827.2727661132812,
  "summary_fg_median": 816.5601196289062,
  "summary_fg_n": 28928.0,
  "summary_fg_p05": 611.2274353027344,
  "summary_fg_p95": 1084.1967041015623,
  "summary_fg_stdv": 145.8798065185547,
  "tsnr": 60.23205255204812
}