{
  "aor": 0.0008228985507246376,
  "aqi": 0.005470666231884059,
  "bids_meta": {
    "AcquisitionMatrixPE": 64,
    "AcquisitionNumber": 1,
    "BandwidthPerPixelPhaseEncode": 30.637,
    "BaseResolution": 64,
    "ConversionSoftware": "dcm2niix",
    "ConversionSoftwareVersion": "v1.0.20171215 GCC4.4.7",
    "DerivedVendorReportedEchoSpacing": 0.000510004,
    "DeviceSerialNumber": "35119",
    "DwellTime": 3.5e-06,
    "EchoTime": 0.03,
    "EffectiveEchoSpacing": 0.000510004,
    "FlipAngle": 78,
    "ImageComments": "V",
    "ImageOrientationPatientDICOM": [
      0.999864,
      0.005398,
      0.015583,
      0,
      0.94491,
      -0.32733
    ],
    "ImageType": [
      "ORIGINAL",
      "PRIMARY",
      "M",
      "ND",
      "MOSAIC"
    ],
    "InPlanePhaseEncodingDirectionDICOM": "COL",
    "InstitutionAddress": "15 Chaucer Road, Cambridge CB2 7EF, UK",
    "InstitutionName": "MRC Cognition and Brain Sciences Unit",
    "MRAcquisitionType": "2D",
    "MagneticFieldStrength": 3,
    "Manufacturer": "Siemens",
    "ManufacturersModelName": "TrioTim",
    "Modality": "MR",
    "NumberOfVolumesDiscardedByScanner": 3,
    "NumberOfVolumesDiscardedByuser": 2,
    "PartialFourier": 1,
    "PatientPosition": "HFS",
    "PercentPhaseFOV": 100,
    "PhaseEncodingDirection": "j-",
    "PhaseEncodingSteps": 64,
    "PhaseResolution": 1,
    "PixelBandwidth": 2230,
    "ProcedureStepDescription": "CBU_Neuroimaging",
    "ProtocolName": "CBU_DWEPI_BOLD210",
    "PulseSequenceDetails": "%SiemensSeq%_ep2d_bold",
    "PulseSequenceType": "EPI",
    "ReceiveCoilName": "HeadMatrix",
    "ReconMatrixPE": 64,
    "RepetitionTime": 2,
    "SAR": 0.114176,
    "ScanOptions": "FS",
    "ScanningSequence": "EP",
    "SequenceName": "_epfid2d1_64",
    "SequenceVariant": "SK",
    "SeriesDescription": "CBU_DWEPI_BOLD210",
    "SliceThickness": 3,
    "SliceTiming": [
      0,
      1.0325,
      0.06,
      1.095,
      0.12,
      1.155,
      0.1825,
      1.215,
      0.2425,
      1.2775,
      0.3025,
      1.3375,
      0.365,
      1.3975,
      0.425,
      1.46,
      0.485,
      1.52,
      0.5475,
      1.58,
      0.6075,
      1.6425,
      0.6675,
      1.7025,
      0.73,
      1.7625,
      0.79,
      1.825,
      0.85,
      1.885,
      0.9125,
      1.945,
      0.9725
    ],
    "SoftwareVersions": "syngo_MR_B15",
    "SpacingBetweenSlices": 3.75,
    "StationName": "MRC35119",
    "TaskName": "facerecognition",
    "TotalReadoutTime": 0.0321303,
    "TxRefAmp": 295.172,
    "dataset": "ds000117",
    "modality": "bold",
    "run_id": 7,
    "session_id": "mri",
    "subject_id": "15",
    "task_id": "facerecognition"
  },
  "dummy_trs": 1,
  "dvars_nstd": 23.837718352427196,
  "dvars_std": 1.0741323592233007,
  "dvars_vstd": 0.9992273442718445,
  "efc": 0.5872313154133522,
  "fber": 596.3604736328125,
  "fd_mean": 0.12862977034103784,
  "fd_num": 17,
  "fd_perc": 8.21256038647343,
  "fwhm_avg": 1.9291185172728669,
  "fwhm_x": 1.9052692429140239,
  "fwhm_y": 2.0984964998931486,
  "fwhm_z": 1.783589809011428,
  "gcor": 0.00732324,
  "gsr_x": 0.003198214340955019,
  "gsr_y": 0.0367572158575058,
  "provenance": {
    "md5sum": "4411438dd803d4c259c4cc56ca4cfbcc",
    "settings": {
      "fd_thres": 0.2,
      "testing": false
    },
    "software": "mriqc",
    "version": "0.16.1",
    "webapi_port": null,
    "webapi_url": "https://mriqc.nimh.nih.gov/api/v1"
  },
  "size_t": 207,
  "size_x": 64,
  "size_y": 64,
  "size_z": 33,
  "snr": 4.346409603033418,
  "spacing_tr": 2.0,
  "spacing_x": 3.0000011920928955,
  "spacing_y": 3.000000238418579,
  "spacing_z": 3.8999998569488525,
  "summary_bg_k": 18.541528350385057,
  "summary_bg_mad": 12.863541290563242,
  "summary_bg_mean": 62.87971496582031,
  "summary_bg_median": 32.58937072753906,
  "summary_bg_n": 72187.0,
  "summary_bg_p05": 22.68115997314453,
  "summary_bg_p95": 222.6613494873046,
  "summary_bg_stdv": 75.83758544921875,
  "summary_fg_k": 1.5855049365398282,
  "summary_fg_mad": 155.902446286562,
  "summary_fg_mean": 852.32861328125,
  "summary_fg_median": 826.429931640625,
  "summary_fg_n": 30177.0,
  "summary_fg_p05": 602.0589233398438,
  "summary_fg_p95": 1228.09658203125,
  "summary_fg_stdv": 190.13768005371094,
  "tsnr": 61.33612731285393
}