{
  "aor": 0.004740048076923077,
  "aqi": 0.009124793365384616,
  "bids_meta": {
    "AcquisitionMatrixPE": 64,
    "AcquisitionNumber": 1,
    "BandwidthPerPixelPhaseEncode": 30.637,
    "BaseResolution": 64,
    "ConversionSoftware": "dcm2niix",
    "ConversionSoftwareVersion": "v1.0.20171215 GCC4.4.7",
    "DerivedVendorReportedEchoSpacing": 0.000510004,
    "DeviceSerialNumber": "35119",
    "DwellTime": 3.5e-06,
    "EchoTime": 0.03,
    "EffectiveEchoSpacing": 0.000510004,
    "FlipAngle": 78,
    "ImageComments": "V",
    "ImageOrientationPatientDICOM": [
      0.999864,
      0.005398,
      0.015583,
      0,
      0.94491,
      -0.32733
    ],
    "ImageType": [
      "ORIGINAL",
      "PRIMARY",
      "M",
      "ND",
      "MOSAIC"
    ],
    "InPlanePhaseEncodingDirectionDICOM": "COL",
    "InstitutionAddress": "15 Chaucer Road, Cambridge CB2 7EF, UK",
    "InstitutionName": "MRC Cognition and Brain Sciences Unit",
    "MRAcquisitionType": "2D",
    "MagneticFieldStrength": 3,
    "Manufacturer": "Siemens",
    "ManufacturersModelName": "TrioTim",
    "Modality": "MR",
    "NumberOfVolumesDiscardedByScanner": 3,
    "NumberOfVolumesDiscardedByuser": 2,
    "PartialFourier": 1,
    "PatientPosition": "HFS",
    "PercentPhaseFOV": 100,
    "PhaseEncodingDirection": "j-",
    "PhaseEncodingSteps": 64,
    "PhaseResolution": 1,
    "PixelBandwidth": 2230,
    "ProcedureStepDescription": "CBU_Neuroimaging",
    "ProtocolName": "CBU_DWEPI_BOLD210",
    "PulseSequenceDetails": "%SiemensSeq%_ep2d_bold",
    "PulseSequenceType": "EPI",
    "ReceiveCoilName": "HeadMatrix",
    "ReconMatrixPE": 64,
    "RepetitionTime": 2,
    "SAR": 0.114176,
    "ScanOptions": "FS",
    "ScanningSequence": "EP",
    "SequenceName": "_epfid2d1_64",
    "SequenceVariant": "SK",
    "SeriesDescription": "CBU_DWEPI_BOLD210",
    "SliceThickness": 3,
    "SliceTiming": [
      0,
      1.0325,
      0.06,
      1.095,
      0.12,
      1.155,
      0.1825,
      1.215,
      0.2425,
      1.2775,
      0.3025,
      1.3375,
      0.365,
      1.3975,
      0.425,
      1.46,
      0.485,
      1.52,
      0.5475,
      1.58,
      0.6075,
      1.6425,
      0.6675,
      1.7025,
      0.73,
      1.7625,
      0.79,
      1.825,
      0.85,
      1.885,
      0.9125,
      1.945,
      0.9725
    ],
    "SoftwareVersions": "syngo_MR_B15",
    "SpacingBetweenSlices": 3.75,
    "StationName": "MRC35119",
    "TaskName": "facerecognition",
    "TotalReadoutTime": 0.0321303,
    "TxRefAmp": 295.172,
    "dataset": "ds000117",
    "modality": "bold",
    "run_id": 7,
    "session_id": "mri",
    "subject_id": "03",
    "task_id": "facerecognition"
  },
  "dummy_trs": 0,
  "dvars_nstd": 29.13435076251208,
  "dvars_std": 1.148700731352657,
  "dvars_vstd": 1.0242856495652173,
  "efc": 0.5890988173841176,
  "fber": 598.9859008789062,
  "fd_mean": 0.20862089488619778,
  "fd_num": 62,
  "fd_perc": 29.807692307692307,
  "fwhm_avg": 1.886653815780018,
  "fwhm_x": 1.870703482003489,
  "fwhm_y": 1.9939503169298676,
  "fwhm_z": 1.7953076484066974,
  "gcor": 0.0471031,
  "gsr_x": 0.0020246177446097136,
  "gsr_y": 0.04738500341773033,
  "provenance": {
    "md5sum": "8c628684599c217fceaefe60e1c277af",
    "settings": {
      "fd_thres": 0.2,
      "testing": false
    },
    "software": "mriqc",
    "version": "0.16.1",
    "webapi_port": null,
    "webapi_url": "https://mriqc.nimh.nih.gov/api/v1"
  },
  "size_t": 208,
  "size_x": 64,
  "size_y": 64,
  "size_z": 33,
  "snr": 5.356564267665719,
  "spacing_tr": 2.0,
  "spacing_x": 2.999999761581421,
  "spacing_y": 2.999999523162842,
  "spacing_z": 3.9000000953674316,
  "summary_bg_k": 10.700759096228749,
  "summary_bg_mad": 13.671305107224066,
  "summary_bg_mean": 65.92241668701172,
  "summary_bg_median": 33.7884635925293,
  "summary_bg_n": 73428.0,
  "summary_bg_p05": 23.639423370361328,
  "summary_bg_p95": 233.87982177734375,
  "summary_bg_stdv": 76.27658081054688,
  "summary_fg_k": 1.7451372034700148,
  "summary_fg_mad": 140.22350251883236,
  "summary_fg_mean": 865.1539916992188,
  "summary_fg_median": 853.6298217773438,
  "summary_fg_n": 29560.0,
  "summary_fg_p05": 636.4163513183594,
  "summary_fg_p95": 1139.2654846191408,
  "summary_fg_stdv": 159.35874938964844,
  "tsnr": 50.717710255645216
}