{
  "aor": 0.0048204326923076924,
  "aqi": 0.008536198413461538,
  "bids_meta": {
    "AcquisitionMatrixPE": 64,
    "AcquisitionNumber": 1,
    "BandwidthPerPixelPhaseEncode": 30.637,
    "BaseResolution": 64,
    "ConversionSoftware": "dcm2niix",
    "ConversionSoftwareVersion": "v1.0.20171215 GCC4.4.7",
    "DerivedVendorReportedEchoSpacing": 0.000510004,
    "DeviceSerialNumber": "35119",
    "DwellTime": 3.5e-06,
    "EchoTime": 0.03,
    "EffectiveEchoSpacing": 0.000510004,
    "FlipAngle": 78,
    "ImageComments": "V",
    "ImageOrientationPatientDICOM": [
      0.999864,
      0.005398,
      0.015583,
      0,
      0.94491,
      -0.32733
    ],
    "ImageType": [
      "ORIGINAL",
      "PRIMARY",
      "M",
      "ND",
      "MOSAIC"
    ],
    "InPlanePhaseEncodingDirectionDICOM": "COL",
    "InstitutionAddress": "15 Chaucer Road, Cambridge CB2 7EF, UK",
    "InstitutionName": "MRC Cognition and Brain Sciences Unit",
    "MRAcquisitionType": "2D",
    "MagneticFieldStrength": 3,
    "Manufacturer": "Siemens",
    "ManufacturersModelName": "TrioTim",
    "Modality": "MR",
    "NumberOfVolumesDiscardedByScanner": 3,
    "NumberOfVolumesDiscardedByuser": 2,
    "PartialFourier": 1,
    "PatientPosition": "HFS",
    "PercentPhaseFOV": 100,
    "PhaseEncodingDirection": "j-",
    "PhaseEncodingSteps": 64,
    "PhaseResolution": 1,
    "PixelBandwidth": 2230,
    "ProcedureStepDescription": "CBU_Neuroimaging",
    "ProtocolName": "CBU_DWEPI_BOLD210",
    "PulseSequenceDetails": "%SiemensSeq%_ep2d_bold",
    "PulseSequenceType": "EPI",
    "ReceiveCoilName": "HeadMatrix",
    "ReconMatrixPE": 64,
    "RepetitionTime": 2,
    "SAR": 0.114176,
    "ScanOptions": "FS",
    "ScanningSequence": "EP",
    "SequenceName": "_epfid2d1_64",
    "SequenceVariant": "SK",
    "SeriesDescription": "CBU_DWEPI_BOLD210",
    "SliceThickness": 3,
    "SliceTiming": [
      0,
      1.0325,
      0.06,
      1.095,
      0.12,
      1.155,
      0.1825,
      1.215,
      0.2425,
      1.2775,
      0.3025,
      1.3375,
      0.365,
      1.3975,
      0.425,
      1.46,
      0.485,
      1.52,
      0.5475,
      1.58,
      0.6075,
      1.6425,
      0.6675,
      1.7025,
      0.73,
      1.7625,
      0.79,
      1.825,
      0.85,
      1.885,
      0.9125,
      1.945,
      0.9725
    ],
    "SoftwareVersions": "syngo_MR_B15",
    "SpacingBetweenSlices": 3.75,
    "StationName": "MRC35119",
    "TaskName": "facerecognition",
    "TotalReadoutTime": 0.0321303,
    "TxRefAmp": 295.172,
    "dataset": "ds000117",
    "modality": "bold",
    "run_id": 6,
    "session_id": "mri",
    "subject_id": "03",
    "task_id": "facerecognition"
  },
  "dummy_trs": 0,
  "dvars_nstd": 28.40530105270532,
  "dvars_std": 1.1423299137198062,
  "dvars_vstd": 1.0208119231400965,
  "efc": 0.5890439586354805,
  "fber": 598.3279418945312,
  "fd_mean": 0.19805760896579674,
  "fd_num": 56,
  "fd_perc": 26.923076923076923,
  "fwhm_avg": 1.8984388596129194,
  "fwhm_x": 1.878266815937902,
  "fwhm_y": 2.0123369865190166,
  "fwhm_z": 1.8047127763818405,
  "gcor": 0.0471522,
  "gsr_x": 0.0009834805969148874,
  "gsr_y": 0.04567725583910942,
  "provenance": {
    "md5sum": "304572a8457b9ae2b16c1b34f65b579d",
    "settings": {
      "fd_thres": 0.2,
      "testing": false
    },
    "software": "mriqc",
    "version": "0.16.1",
    "webapi_port": null,
    "webapi_url": "https://mriqc.nimh.nih.gov/api/v1"
  },
  "size_t": 208,
  "size_x": 64,
  "size_y": 64,
  "size_z": 33,
  "snr": 5.3826690756448965,
  "spacing_tr": 2.0,
  "spacing_x": 2.999999761581421,
  "spacing_y": 2.999999523162842,
  "spacing_z": 3.9000000953674316,
  "summary_bg_k": 10.426584941800437,
  "summary_bg_mad": 13.485982657750181,
  "summary_bg_mean": 65.26395416259766,
  "summary_bg_median": 33.75,
  "summary_bg_n": 73307.0,
  "summary_bg_p05": 23.850961685180664,
  "summary_bg_p95": 229.67115783691395,
  "summary_bg_stdv": 74.36088562011719,
  "summary_fg_k": 1.7223706673840304,
  "summary_fg_mad": 140.71536557783426,
  "summary_fg_mean": 866.038330078125,
  "summary_fg_median": 855.108154296875,
  "summary_fg_n": 29554.0,
  "summary_fg_p05": 636.105093383789,
  "summary_fg_p95": 1141.0582214355468,
  "summary_fg_stdv": 158.86053466796875,
  "tsnr": 52.02103504398838
}