{
  "aor": 0.006377740384615384,
  "aqi": 0.011216456971153844,
  "bids_meta": {
    "AcquisitionMatrixPE": 64,
    "AcquisitionNumber": 1,
    "BandwidthPerPixelPhaseEncode": 30.637,
    "BaseResolution": 64,
    "ConversionSoftware": "dcm2niix",
    "ConversionSoftwareVersion": "v1.0.20171215 GCC4.4.7",
    "DerivedVendorReportedEchoSpacing": 0.000510004,
    "DeviceSerialNumber": "35119",
    "DwellTime": 3.5e-06,
    "EchoTime": 0.03,
    "EffectiveEchoSpacing": 0.000510004,
    "FlipAngle": 78,
    "ImageComments": "V",
    "ImageOrientationPatientDICOM": [
      0.999864,
      0.005398,
      0.015583,
      0,
      0.94491,
      -0.32733
    ],
    "ImageType": [
      "ORIGINAL",
      "PRIMARY",
      "M",
      "ND",
      "MOSAIC"
    ],
    "InPlanePhaseEncodingDirectionDICOM": "COL",
    "InstitutionAddress": "15 Chaucer Road, Cambridge CB2 7EF, UK",
    "InstitutionName": "MRC Cognition and Brain Sciences Unit",
    "MRAcquisitionType": "2D",
    "MagneticFieldStrength": 3,
    "Manufacturer": "Siemens",
    "ManufacturersModelName": "TrioTim",
    "Modality": "MR",
    "NumberOfVolumesDiscardedByScanner": 3,
    "NumberOfVolumesDiscardedByuser": 2,
    "PartialFourier": 1,
    "PatientPosition": "HFS",
    "PercentPhaseFOV": 100,
    "PhaseEncodingDirection": "j-",
    "PhaseEncodingSteps": 64,
    "PhaseResolution": 1,
    "PixelBandwidth": 2230,
    "ProcedureStepDescription": "CBU_Neuroimaging",
    "ProtocolName": "CBU_DWEPI_BOLD210",
    "PulseSequenceDetails": "%SiemensSeq%_ep2d_bold",
    "PulseSequenceType": "EPI",
    "ReceiveCoilName": "HeadMatrix",
    "ReconMatrixPE": 64,
    "RepetitionTime": 2,
    "SAR": 0.114176,
    "ScanOptions": "FS",
    "ScanningSequence": "EP",
    "SequenceName": "_epfid2d1_64",
    "SequenceVariant": "SK",
    "SeriesDescription": "CBU_DWEPI_BOLD210",
    "SliceThickness": 3,
    "SliceTiming": [
      0,
      1.0325,
      0.06,
      1.095,
      0.12,
      1.155,
      0.1825,
      1.215,
      0.2425,
      1.2775,
      0.3025,
      1.3375,
      0.365,
      1.3975,
      0.425,
      1.46,
      0.485,
      1.52,
      0.5475,
      1.58,
      0.6075,
      1.6425,
      0.6675,
      1.7025,
      0.73,
      1.7625,
      0.79,
      1.825,
      0.85,
      1.885,
      0.9125,
      1.945,
      0.9725
    ],
    "SoftwareVersions": "syngo_MR_B15",
    "SpacingBetweenSlices": 3.75,
    "StationName": "MRC35119",
    "TaskName": "facerecognition",
    "TotalReadoutTime": 0.0321303,
    "TxRefAmp": 295.172,
    "dataset": "ds000117",
    "modality": "bold",
    "run_id": 9,
    "session_id": "mri",
    "subject_id": "03",
    "task_id": "facerecognition"
  },
  "dummy_trs": 0,
  "dvars_nstd": 33.56800881932367,
  "dvars_std": 1.152713618212561,
  "dvars_vstd": 1.024774102753623,
  "efc": 0.5893892989547698,
  "fber": 599.2940673828125,
  "fd_mean": 0.3032750640591797,
  "fd_num": 97,
  "fd_perc": 46.63461538461539,
  "fwhm_avg": 1.8781708245933064,
  "fwhm_x": 1.8659668149603856,
  "fwhm_y": 1.9975969841761565,
  "fwhm_z": 1.7709486746433778,
  "gcor": 0.0494332,
  "gsr_x": 0.002797149820253253,
  "gsr_y": 0.047723010182380676,
  "provenance": {
    "md5sum": "3f616801ad766921b6e1225c09c14a2b",
    "settings": {
      "fd_thres": 0.2,
      "testing": false
    },
    "software": "mriqc",
    "version": "0.16.1",
    "webapi_port": null,
    "webapi_url": "https://mriqc.nimh.nih.gov/api/v1"
  },
  "size_t": 208,
  "size_x": 64,
  "size_y": 64,
  "size_z": 33,
  "snr": 5.381607160728992,
  "spacing_tr": 2.0,
  "spacing_x": 2.999999761581421,
  "spacing_y": 2.999999523162842,
  "spacing_z": 3.9000000953674316,
  "summary_bg_k": 10.655948896247892,
  "summary_bg_mad": 14.041952834011152,
  "summary_bg_mean": 66.19650268554688,
  "summary_bg_median": 33.8125,
  "summary_bg_n": 73625.0,
  "summary_bg_p05": 23.201923370361328,
  "summary_bg_p95": 234.26635742187506,
  "summary_bg_stdv": 76.73739624023438,
  "summary_fg_k": 1.7957624796054503,
  "summary_fg_mad": 139.58201282602315,
  "summary_fg_mean": 861.8223876953125,
  "summary_fg_median": 850.8822021484375,
  "summary_fg_n": 29466.0,
  "summary_fg_p05": 635.1286315917969,
  "summary_fg_p95": 1135.813720703125,
  "summary_fg_stdv": 158.10662841796875,
  "tsnr": 44.99474051652942
}