{
  "aor": 0.010818749999999999,
  "aqi": 0.014597441105769233,
  "bids_meta": {
    "AcquisitionMatrixPE": 64,
    "AcquisitionNumber": 1,
    "BandwidthPerPixelPhaseEncode": 30.637,
    "BaseResolution": 64,
    "ConversionSoftware": "dcm2niix",
    "ConversionSoftwareVersion": "v1.0.20171215 GCC4.4.7",
    "DerivedVendorReportedEchoSpacing": 0.000510004,
    "DeviceSerialNumber": "35119",
    "DwellTime": 3.5e-06,
    "EchoTime": 0.03,
    "EffectiveEchoSpacing": 0.000510004,
    "FlipAngle": 78,
    "ImageComments": "V",
    "ImageOrientationPatientDICOM": [
      0.999864,
      0.005398,
      0.015583,
      0,
      0.94491,
      -0.32733
    ],
    "ImageType": [
      "ORIGINAL",
      "PRIMARY",
      "M",
      "ND",
      "MOSAIC"
    ],
    "InPlanePhaseEncodingDirectionDICOM": "COL",
    "InstitutionAddress": "15 Chaucer Road, Cambridge CB2 7EF, UK",
    "InstitutionName": "MRC Cognition and Brain Sciences Unit",
    "MRAcquisitionType": "2D",
    "MagneticFieldStrength": 3,
    "Manufacturer": "Siemens",
    "ManufacturersModelName": "TrioTim",
    "Modality": "MR",
    "NumberOfVolumesDiscardedByScanner": 3,
    "NumberOfVolumesDiscardedByuser": 2,
    "PartialFourier": 1,
    "PatientPosition": "HFS",
    "PercentPhaseFOV": 100,
    "PhaseEncodingDirection": "j-",
    "PhaseEncodingSteps": 64,
    "PhaseResolution": 1,
    "PixelBandwidth": 2230,
    "ProcedureStepDescription": "CBU_Neuroimaging",
    "ProtocolName": "CBU_DWEPI_BOLD210",
    "PulseSequenceDetails": "%SiemensSeq%_ep2d_bold",
    "PulseSequenceType": "EPI",
    "ReceiveCoilName": "HeadMatrix",
    "ReconMatrixPE": 64,
    "RepetitionTime": 2,
    "SAR": 0.114176,
    "ScanOptions": "FS",
    "ScanningSequence": "EP",
    "SequenceName": "_epfid2d1_64",
    "SequenceVariant": "SK",
    "SeriesDescription": "CBU_DWEPI_BOLD210",
    "SliceThickness": 3,
    "SliceTiming": [
      0,
      1.0325,
      0.06,
      1.095,
      0.12,
      1.155,
      0.1825,
      1.215,
      0.2425,
      1.2775,
      0.3025,
      1.3375,
      0.365,
      1.3975,
      0.425,
      1.46,
      0.485,
      1.52,
      0.5475,
      1.58,
      0.6075,
      1.6425,
      0.6675,
      1.7025,
      0.73,
      1.7625,
      0.79,
      1.825,
      0.85,
      1.885,
      0.9125,
      1.945,
      0.9725
    ],
    "SoftwareVersions": "syngo_MR_B15",
    "SpacingBetweenSlices": 3.75,
    "StationName": "MRC35119",
    "TaskName": "facerecognition",
    "TotalReadoutTime": 0.0321303,
    "TxRefAmp": 295.172,
    "dataset": "ds000117",
    "modality": "bold",
    "run_id": 8,
    "session_id": "mri",
    "subject_id": "03",
    "task_id": "facerecognition"
  },
  "dummy_trs": 0,
  "dvars_nstd": 37.35577916879229,
  "dvars_std": 1.1591728152657013,
  "dvars_vstd": 1.0426793396135257,
  "efc": 0.5897045681362303,
  "fber": 595.8010864257812,
  "fd_mean": 0.3641078514502704,
  "fd_num": 100,
  "fd_perc": 48.07692307692308,
  "fwhm_avg": 1.8875262464738094,
  "fwhm_x": 1.8680468151256893,
  "fwhm_y": 2.0173369873137452,
  "fwhm_z": 1.7771949369819937,
  "gcor": 0.0633173,
  "gsr_x": 0.0025102158542722464,
  "gsr_y": 0.047359880059957504,
  "provenance": {
    "md5sum": "a41c4c09ca018109c46afc9654058c40",
    "settings": {
      "fd_thres": 0.2,
      "testing": false
    },
    "software": "mriqc",
    "version": "0.16.1",
    "webapi_port": null,
    "webapi_url": "https://mriqc.nimh.nih.gov/api/v1"
  },
  "size_t": 208,
  "size_x": 64,
  "size_y": 64,
  "size_z": 33,
  "snr": 5.38872218383045,
  "spacing_tr": 2.0,
  "spacing_x": 2.999999761581421,
  "spacing_y": 2.999999523162842,
  "spacing_z": 3.8999998569488525,
  "summary_bg_k": 10.382160467156343,
  "summary_bg_mad": 14.127489317595284,
  "summary_bg_mean": 66.50538635253906,
  "summary_bg_median": 33.980770111083984,
  "summary_bg_n": 73509.0,
  "summary_bg_p05": 23.44230842590332,
  "summary_bg_p95": 236.26443481445293,
  "summary_bg_stdv": 77.32477569580078,
  "summary_fg_k": 1.7655732284351293,
  "summary_fg_mad": 139.83507051059658,
  "summary_fg_mean": 863.413818359375,
  "summary_fg_median": 852.3413696289062,
  "summary_fg_n": 29539.0,
  "summary_fg_p05": 636.542315673828,
  "summary_fg_p95": 1136.1057617187498,
  "summary_fg_stdv": 158.1686553955078,
  "tsnr": 38.58317634015111
}