{
  "bids_meta": {
    "AcquisitionMatrixPE": 246,
    "AcquisitionNumber": 1,
    "AnatomicalLandmarkCoordinates": {
      "LPA": [
        128,
        106,
        22
      ],
      "Nasion": [
        42,
        124,
        99
      ],
      "RPA": [
        136,
        101,
        166
      ]
    },
    "BaseResolution": 256,
    "ConversionSoftware": "dcm2niix",
    "ConversionSoftwareVersion": "v1.0.20171215 GCC4.4.7",
    "DeviceSerialNumber": "35119",
    "DwellTime": 8.5e-06,
    "EchoTime": 0.00298,
    "FlipAngle": 9,
    "ImageComments": "V",
    "ImageType": [
      "ORIGINAL",
      "PRIMARY",
      "M",
      "ND",
      "NORM"
    ],
    "InPlanePhaseEncodingDirectionDICOM": "ROW",
    "InstitutionAddress": "15 Chaucer Road, Cambridge CB2 7EF, UK",
    "InstitutionName": "MRC Cognition and Brain Sciences Unit",
    "InversionTime": 0.9,
    "MRAcquisitionType": "3D",
    "MagneticFieldStrength": 3,
    "Manufacturer": "Siemens",
    "ManufacturersModelName": "TrioTim",
    "Modality": "MR",
    "ParallelReductionFactorInPlane": 2,
    "PartialFourier": 0.875,
    "PatientPosition": "HFS",
    "PercentPhaseFOV": 100,
    "PhaseEncodingSteps": 215,
    "PhaseResolution": 0.96,
    "PixelBandwidth": 230,
    "ProcedureStepDescription": "CBU_Neuroimaging",
    "ProtocolName": "CBU_MPRAGE",
    "PulseSequenceDetails": "%SiemensSeq%_tfl",
    "PulseSequenceType": "MPRAGE",
    "ReceiveCoilName": "HeadMatrix",
    "ReconMatrixPE": 256,
    "RepetitionTime": 2.25,
    "ScanOptions": "IR_PFP",
    "ScanningSequence": "GR_IR",
    "SequenceName": "_tfl3d1_ns",
    "SequenceVariant": "SP_MP_OSP",
    "SeriesDescription": "CBU_MPRAGE",
    "SliceThickness": 1,
    "SoftwareVersions": "syngo_MR_B15",
    "StationName": "MRC35119",
    "acq_id": "mprage",
    "dataset": "ds000117",
    "modality": "T1w",
    "session_id": "mri",
    "subject_id": "07"
  },
  "cjv": 0.4205342962130863,
  "cnr": 3.1679391025952786,
  "efc": 0.499880357049867,
  "fber": 2249.1455078125,
  "fwhm_avg": 3.7014229350039796,
  "fwhm_x": 3.68545,
  "fwhm_y": 4.07739,
  "fwhm_z": 3.341428805011938,
  "icvs_csf": 0.20776209260671136,
  "icvs_gm": 0.40914400179210264,
  "icvs_wm": 0.383093905601186,
  "inu_med": 1.6247237920761108,
  "inu_range": 0.5140721797943115,
  "provenance": {
    "md5sum": "aa34e3b4ff8b03df7ae3a1234e7a0b25",
    "settings": {
      "testing": false
    },
    "software": "mriqc",
    "version": "0.16.1",
    "warnings": {
      "large_rot_frame": true,
      "small_air_mask": false
    },
    "webapi_port": null,
    "webapi_url": "https://mriqc.nimh.nih.gov/api/v1"
  },
  "qi_1": 0.0003590338225117898,
  "qi_2": 0.0047866372619742815,
  "rpve_csf": 31.18517400975532,
  "rpve_gm": 16.22761281699186,
  "rpve_wm": 20.631097284377457,
  "size_x": 192,
  "size_y": 256,
  "size_z": 256,
  "snr_csf": 3.2181595320300227,
  "snr_gm": 11.064453436308147,
  "snr_total": 10.974626825017273,
  "snr_wm": 18.64126750671365,
  "snrd_csf": 26.776312464003592,
  "snrd_gm": 55.94400437117233,
  "snrd_total": 53.15718468539952,
  "snrd_wm": 76.75123722102262,
  "spacing_x": 1.0,
  "spacing_y": 1.0,
  "spacing_z": 1.0000003576278687,
  "summary_bg_k": 5.4152733005423315,
  "summary_bg_mad": 8.535890234478158,
  "summary_bg_mean": 13.273310661315918,
  "summary_bg_median": 11.522599220275879,
  "summary_bg_n": 3821041.0,
  "summary_bg_p05": 0.0,
  "summary_bg_p95": 32.101558685302734,
  "summary_bg_stdv": 10.295269966125488,
  "summary_csf_k": 0.2723668031330999,
  "summary_csf_mad": 104.40998086863382,
  "summary_csf_mean": 369.9215393066406,
  "summary_csf_median": 348.8734130859375,
  "summary_csf_n": 21035.0,
  "summary_csf_p05": 228.40936431884765,
  "summary_csf_p95": 569.6306457519531,
  "summary_csf_stdv": 108.40516662597656,
  "summary_gm_k": 0.19308895580141883,
  "summary_gm_mad": 63.520329289957445,
  "summary_gm_mean": 729.4503784179688,
  "summary_gm_median": 728.904541015625,
  "summary_gm_n": 13933.0,
  "summary_gm_p05": 619.9494506835938,
  "summary_gm_p95": 838.9523071289062,
  "summary_gm_stdv": 65.87567901611328,
  "summary_wm_k": 0.37812425149998985,
  "summary_wm_mad": 50.487021493989225,
  "summary_wm_mean": 997.586669921875,
  "summary_wm_median": 1000.0057373046875,
  "summary_wm_n": 202339.0,
  "summary_wm_p05": 903.6058349609376,
  "summary_wm_p95": 1081.3547607421874,
  "summary_wm_stdv": 53.644596099853516,
  "tpm_overlap_csf": 0.16430653631687164,
  "tpm_overlap_gm": 0.43686482310295105,
  "tpm_overlap_wm": 0.49980080127716064,
  "wm2max": 0.5422747352452466
}